{
  "aor": 0.0008005000000000001,
  "aqi": 0.005967062666666667,
  "bids_meta": {
    "AcquisitionNumber": 12,
    "AcquisitionTime": "11:06:11.060000",
    "ConversionSoftware": "dcm2niix",
    "ConversionSoftwareVersion": "v1.0.20170818 (OpenJPEG build) GCC4.8.4",
    "DeviceSerialNumber": "00076",
    "EPIFactor": 55,
    "EchoTime": 0.025995,
    "EchoTrainLength": 55,
    "EffectiveEchoSpacing": 0.0008602736372914211,
    "FlipAngle": 62,
    "ImageType": [
      "ORIGINAL",
      "PRIMARY",
      "M",
      "FFE",
      "M",
      "FFE"
    ],
    "InstitutionAddress": "Amsterdam",
    "InstitutionName": "Spinoza_Centre",
    "MagneticFieldStrength": 7,
    "Manufacturer": "Philips",
    "ManufacturersModelName": "Achieva",
    "Modality": "MR",
    "MultibandAccelerationFactor": 2,
    "ParallelAcquisitionTechnique": "SENSE",
    "ParallelReductionFactorInPlane": 2.2,
    "PhaseEncodingDirection": "j",
    "PhaseEncodingLines": 110,
    "PhilipsRescaleIntercept": 0,
    "PhilipsRescaleSlope": 5.45348,
    "PhilipsScaleSlope": 0.00288518,
    "ProcedureStepDescription": "DE_CB_prf",
    "ProtocolName": "MB2",
    "RepetitionTime": 1.5,
    "ScanningSequence": "GR",
    "SequenceVariant": "SK",
    "SeriesDescription": "MB2",
    "SliceTiming": [
      0,
      0.06,
      0.12,
      0.18,
      0.24,
      0.3,
      0.36,
      0.42,
      0.48,
      0.54,
      0.6,
      0.66,
      0.72,
      0.78,
      0.84,
      0.9,
      0.96,
      1.02,
      1.08,
      1.14,
      1.2,
      1.26,
      1.32,
      1.38,
      1.44,
      0,
      0.06,
      0.12,
      0.18,
      0.24,
      0.3,
      0.36,
      0.42,
      0.48,
      0.54,
      0.6,
      0.66,
      0.72,
      0.78,
      0.84,
      0.9,
      0.96,
      1.02,
      1.08,
      1.14,
      1.2,
      1.26,
      1.32,
      1.38,
      1.44
    ],
    "SoftwareVersions": "5.1.7_5.1.7.0",
    "TaskName": "prf",
    "TotalReadoutTime": 0.01,
    "UsePhilipsFloatNotDisplayScaling": 1,
    "WaterFatShift": 47.938,
    "dataset": "ds002574",
    "modality": "bold",
    "run_id": 5,
    "session_id": "01",
    "subject_id": "01",
    "task_id": "prf"
  },
  "dummy_trs": 0,
  "dvars_nstd": 47.89210837210084,
  "dvars_std": 1.1159239555462186,
  "dvars_vstd": 0.9896514842016807,
  "efc": 0.5260203467027719,
  "fber": 4680.28369140625,
  "fd_mean": 0.11431126646347528,
  "fd_num": 10,
  "fd_perc": 8.333333333333334,
  "fwhm_avg": 2.5411975197743946,
  "fwhm_x": 2.4642304,
  "fwhm_y": 2.4295872,
  "fwhm_z": 2.729774959323183,
  "gcor": 0.0103599,
  "gsr_x": -0.02985207363963127,
  "gsr_y": 0.10217712819576263,
  "provenance": {
    "md5sum": "897613e4542e56ecdfbc6833601bcd55",
    "settings": {
      "fd_thres": 0.2,
      "testing": false
    },
    "software": "mriqc",
    "version": "22.0.6",
    "webapi_port": null,
    "webapi_url": "https://mriqc.nimh.nih.gov/api/v1"
  },
  "size_t": 120,
  "size_x": 128,
  "size_y": 128,
  "size_z": 50,
  "snr": 2.6725066280274845,
  "spacing_tr": 1.5,
  "spacing_x": 1.5625,
  "spacing_y": 1.5625,
  "spacing_z": 1.600000023841858,
  "summary_bg_k": 10.381795030623326,
  "summary_bg_mad": 1156.5879763224075,
  "summary_bg_mean": 4177.7607421875,
  "summary_bg_median": 821.2879638671875,
  "summary_bg_n": 541718.0,
  "summary_bg_p05": 21.944315338134768,
  "summary_bg_p95": 20108.527734374988,
  "summary_bg_stdv": 7378.39697265625,
  "summary_fg_k": 0.8504146993843746,
  "summary_fg_mad": 20136.761245892245,
  "summary_fg_mean": 56092.88671875,
  "summary_fg_median": 55226.86328125,
  "summary_fg_n": 177190.0,
  "summary_fg_p05": 25434.85458984375,
  "summary_fg_p95": 91716.03515624999,
  "summary_fg_stdv": 20664.759765625,
  "tsnr": 32.35204315185547
}