{
  "aor": 0.0006791666666666666,
  "aqi": 0.005335689583333333,
  "bids_meta": {
    "AcquisitionNumber": 18,
    "AcquisitionTime": "11:20:15.050000",
    "ConversionSoftware": "dcm2niix",
    "ConversionSoftwareVersion": "v1.0.20170818 (OpenJPEG build) GCC4.8.4",
    "DeviceSerialNumber": "00076",
    "EPIFactor": 55,
    "EchoTime": 0.025995,
    "EchoTrainLength": 55,
    "EffectiveEchoSpacing": 0.0008602736372914211,
    "FlipAngle": 62,
    "ImageType": [
      "ORIGINAL",
      "PRIMARY",
      "M",
      "FFE",
      "M",
      "FFE"
    ],
    "InstitutionAddress": "Amsterdam",
    "InstitutionName": "Spinoza_Centre",
    "MagneticFieldStrength": 7,
    "Manufacturer": "Philips",
    "ManufacturersModelName": "Achieva",
    "Modality": "MR",
    "MultibandAccelerationFactor": 2,
    "ParallelAcquisitionTechnique": "SENSE",
    "ParallelReductionFactorInPlane": 2.2,
    "PhaseEncodingDirection": "j",
    "PhaseEncodingLines": 110,
    "PhilipsRescaleIntercept": 0,
    "PhilipsRescaleSlope": 5.6928,
    "PhilipsScaleSlope": 0.00289635,
    "ProcedureStepDescription": "DE_CB_prf",
    "ProtocolName": "MB2",
    "RepetitionTime": 1.5,
    "ScanningSequence": "GR",
    "SequenceVariant": "SK",
    "SeriesDescription": "MB2",
    "SliceTiming": [
      0,
      0.06,
      0.12,
      0.18,
      0.24,
      0.3,
      0.36,
      0.42,
      0.48,
      0.54,
      0.6,
      0.66,
      0.72,
      0.78,
      0.84,
      0.9,
      0.96,
      1.02,
      1.08,
      1.14,
      1.2,
      1.26,
      1.32,
      1.38,
      1.44,
      0,
      0.06,
      0.12,
      0.18,
      0.24,
      0.3,
      0.36,
      0.42,
      0.48,
      0.54,
      0.6,
      0.66,
      0.72,
      0.78,
      0.84,
      0.9,
      0.96,
      1.02,
      1.08,
      1.14,
      1.2,
      1.26,
      1.32,
      1.38,
      1.44
    ],
    "SoftwareVersions": "5.1.7_5.1.7.0",
    "TaskName": "prf",
    "TotalReadoutTime": 0.01,
    "UsePhilipsFloatNotDisplayScaling": 1,
    "WaterFatShift": 47.938,
    "dataset": "ds002574",
    "modality": "bold",
    "run_id": 8,
    "session_id": "01",
    "subject_id": "01",
    "task_id": "prf"
  },
  "dummy_trs": 0,
  "dvars_nstd": 47.17433628117647,
  "dvars_std": 1.1271986373949574,
  "dvars_vstd": 0.9920185830252101,
  "efc": 0.5257656644182481,
  "fber": 4703.27490234375,
  "fd_mean": 0.10670749871839805,
  "fd_num": 2,
  "fd_perc": 1.6666666666666667,
  "fwhm_avg": 2.5524624696716693,
  "fwhm_x": 2.47184,
  "fwhm_y": 2.4350912,
  "fwhm_z": 2.7504562090150086,
  "gcor": 0.00851867,
  "gsr_x": -0.03010897897183895,
  "gsr_y": 0.10289545357227325,
  "provenance": {
    "md5sum": "9d5749b9553f7a05ff7ca771f1434aa2",
    "settings": {
      "fd_thres": 0.2,
      "testing": false
    },
    "software": "mriqc",
    "version": "22.0.6",
    "webapi_port": null,
    "webapi_url": "https://mriqc.nimh.nih.gov/api/v1"
  },
  "size_t": 120,
  "size_x": 128,
  "size_y": 128,
  "size_z": 50,
  "snr": 2.6763795772273298,
  "spacing_tr": 1.5,
  "spacing_x": 1.5625,
  "spacing_y": 1.5625,
  "spacing_z": 1.600000023841858,
  "summary_bg_k": 10.205278589346138,
  "summary_bg_mad": 1156.1451395136005,
  "summary_bg_mean": 4182.9794921875,
  "summary_bg_median": 819.8067016601562,
  "summary_bg_n": 542106.0,
  "summary_bg_p05": 20.409305572509766,
  "summary_bg_p95": 20181.23388671875,
  "summary_bg_stdv": 7395.90380859375,
  "summary_fg_k": 0.8375309814027521,
  "summary_fg_mad": 20157.894118920867,
  "summary_fg_mean": 56148.6640625,
  "summary_fg_median": 55284.59765625,
  "summary_fg_n": 176821.0,
  "summary_fg_p05": 25541.62890625,
  "summary_fg_p95": 91789.203125,
  "summary_fg_stdv": 20656.427734375,
  "tsnr": 34.111080169677734
}