{
  "aor": 0.0007065833333333333,
  "aqi": 0.005777582416666666,
  "bids_meta": {
    "AcquisitionNumber": 19,
    "AcquisitionTime": "11:24:42.040000",
    "ConversionSoftware": "dcm2niix",
    "ConversionSoftwareVersion": "v1.0.20170818 (OpenJPEG build) GCC4.8.4",
    "DeviceSerialNumber": "00076",
    "EPIFactor": 55,
    "EchoTime": 0.025995,
    "EchoTrainLength": 55,
    "EffectiveEchoSpacing": 0.0008602736372914211,
    "FlipAngle": 62,
    "ImageType": [
      "ORIGINAL",
      "PRIMARY",
      "M",
      "FFE",
      "M",
      "FFE"
    ],
    "InstitutionAddress": "Amsterdam",
    "InstitutionName": "Spinoza_Centre",
    "MagneticFieldStrength": 7,
    "Manufacturer": "Philips",
    "ManufacturersModelName": "Achieva",
    "Modality": "MR",
    "MultibandAccelerationFactor": 2,
    "ParallelAcquisitionTechnique": "SENSE",
    "ParallelReductionFactorInPlane": 2.2,
    "PhaseEncodingDirection": "j",
    "PhaseEncodingLines": 110,
    "PhilipsRescaleIntercept": 0,
    "PhilipsRescaleSlope": 5.49621,
    "PhilipsScaleSlope": 0.00287246,
    "ProcedureStepDescription": "DE_CB_prf",
    "ProtocolName": "MB2",
    "RepetitionTime": 1.5,
    "ScanningSequence": "GR",
    "SequenceVariant": "SK",
    "SeriesDescription": "MB2",
    "SliceTiming": [
      0,
      0.06,
      0.12,
      0.18,
      0.24,
      0.3,
      0.36,
      0.42,
      0.48,
      0.54,
      0.6,
      0.66,
      0.72,
      0.78,
      0.84,
      0.9,
      0.96,
      1.02,
      1.08,
      1.14,
      1.2,
      1.26,
      1.32,
      1.38,
      1.44,
      0,
      0.06,
      0.12,
      0.18,
      0.24,
      0.3,
      0.36,
      0.42,
      0.48,
      0.54,
      0.6,
      0.66,
      0.72,
      0.78,
      0.84,
      0.9,
      0.96,
      1.02,
      1.08,
      1.14,
      1.2,
      1.26,
      1.32,
      1.38,
      1.44
    ],
    "SoftwareVersions": "5.1.7_5.1.7.0",
    "TaskName": "prf",
    "TotalReadoutTime": 0.01,
    "UsePhilipsFloatNotDisplayScaling": 1,
    "WaterFatShift": 47.938,
    "dataset": "ds002574",
    "modality": "bold",
    "run_id": 9,
    "session_id": "01",
    "subject_id": "01",
    "task_id": "prf"
  },
  "dummy_trs": 0,
  "dvars_nstd": 51.61178092067225,
  "dvars_std": 1.1769907978991596,
  "dvars_vstd": 0.993354327647059,
  "efc": 0.5259402731344733,
  "fber": 4561.0537109375,
  "fd_mean": 0.10074061368572788,
  "fd_num": 0,
  "fd_perc": 0.0,
  "fwhm_avg": 2.551483719671949,
  "fwhm_x": 2.4654464,
  "fwhm_y": 2.4386048,
  "fwhm_z": 2.750399959015847,
  "gcor": 0.0110941,
  "gsr_x": -0.03020729124546051,
  "gsr_y": 0.10413059592247009,
  "provenance": {
    "md5sum": "adb0d5ccb3efa4f44b3b8759688ba63d",
    "settings": {
      "fd_thres": 0.2,
      "testing": false
    },
    "software": "mriqc",
    "version": "22.0.6",
    "webapi_port": null,
    "webapi_url": "https://mriqc.nimh.nih.gov/api/v1"
  },
  "size_t": 120,
  "size_x": 128,
  "size_y": 128,
  "size_z": 50,
  "snr": 2.6626404637548386,
  "spacing_tr": 1.5,
  "spacing_x": 1.5625,
  "spacing_y": 1.5625,
  "spacing_z": 1.600000023841858,
  "summary_bg_k": 10.222008270254001,
  "summary_bg_mad": 1177.513124758505,
  "summary_bg_mean": 4200.20703125,
  "summary_bg_median": 832.8577880859375,
  "summary_bg_n": 541840.0,
  "summary_bg_p05": 19.05834083557129,
  "summary_bg_p95": 20200.863671875,
  "summary_bg_stdv": 7411.81787109375,
  "summary_fg_k": 0.8822317110916358,
  "summary_fg_mad": 20253.81153276028,
  "summary_fg_mean": 56220.16015625,
  "summary_fg_median": 55332.9296875,
  "summary_fg_n": 177156.0,
  "summary_fg_p05": 25517.94140625,
  "summary_fg_p95": 92089.3046875,
  "summary_fg_stdv": 20781.166015625,
  "tsnr": 34.32503128051758
}