{
  "aor": 0.0007279999999999999,
  "aqi": 0.006775425416666666,
  "bids_meta": {
    "AcquisitionNumber": 14,
    "AcquisitionTime": "11:10:40.000000",
    "ConversionSoftware": "dcm2niix",
    "ConversionSoftwareVersion": "v1.0.20170818 (OpenJPEG build) GCC4.8.4",
    "DeviceSerialNumber": "00076",
    "EPIFactor": 55,
    "EchoTime": 0.025995,
    "EchoTrainLength": 55,
    "EffectiveEchoSpacing": 0.0008602736372914211,
    "FlipAngle": 62,
    "ImageType": [
      "ORIGINAL",
      "PRIMARY",
      "M",
      "FFE",
      "M",
      "FFE"
    ],
    "InstitutionAddress": "Amsterdam",
    "InstitutionName": "Spinoza_Centre",
    "MagneticFieldStrength": 7,
    "Manufacturer": "Philips",
    "ManufacturersModelName": "Achieva",
    "Modality": "MR",
    "MultibandAccelerationFactor": 2,
    "ParallelAcquisitionTechnique": "SENSE",
    "ParallelReductionFactorInPlane": 2.2,
    "PhaseEncodingDirection": "j",
    "PhaseEncodingLines": 110,
    "PhilipsRescaleIntercept": 0,
    "PhilipsRescaleSlope": 5.59683,
    "PhilipsScaleSlope": 0.00285573,
    "ProcedureStepDescription": "DE_CB_prf",
    "ProtocolName": "MB2",
    "RepetitionTime": 1.5,
    "ScanningSequence": "GR",
    "SequenceVariant": "SK",
    "SeriesDescription": "MB2",
    "SliceTiming": [
      0,
      0.06,
      0.12,
      0.18,
      0.24,
      0.3,
      0.36,
      0.42,
      0.48,
      0.54,
      0.6,
      0.66,
      0.72,
      0.78,
      0.84,
      0.9,
      0.96,
      1.02,
      1.08,
      1.14,
      1.2,
      1.26,
      1.32,
      1.38,
      1.44,
      0,
      0.06,
      0.12,
      0.18,
      0.24,
      0.3,
      0.36,
      0.42,
      0.48,
      0.54,
      0.6,
      0.66,
      0.72,
      0.78,
      0.84,
      0.9,
      0.96,
      1.02,
      1.08,
      1.14,
      1.2,
      1.26,
      1.32,
      1.38,
      1.44
    ],
    "SoftwareVersions": "5.1.7_5.1.7.0",
    "TaskName": "prf",
    "TotalReadoutTime": 0.01,
    "UsePhilipsFloatNotDisplayScaling": 1,
    "WaterFatShift": 47.938,
    "dataset": "ds002574",
    "modality": "bold",
    "run_id": 6,
    "session_id": "01",
    "subject_id": "01",
    "task_id": "prf"
  },
  "dummy_trs": 0,
  "dvars_nstd": 54.18608266369748,
  "dvars_std": 1.2057262789915966,
  "dvars_vstd": 0.9909524158823532,
  "efc": 0.5257822655192461,
  "fber": 4645.642578125,
  "fd_mean": 0.11354013162385292,
  "fd_num": 6,
  "fd_perc": 5.0,
  "fwhm_avg": 2.5377119697639947,
  "fwhm_x": 2.4619136,
  "fwhm_y": 2.4193536,
  "fwhm_z": 2.7318687092919838,
  "gcor": 0.00660151,
  "gsr_x": -0.0299540963023901,
  "gsr_y": 0.1019287258386612,
  "provenance": {
    "md5sum": "1f89c9fd2bd96a70aa21ffeb8b49f455",
    "settings": {
      "fd_thres": 0.2,
      "testing": false
    },
    "software": "mriqc",
    "version": "22.0.6",
    "webapi_port": null,
    "webapi_url": "https://mriqc.nimh.nih.gov/api/v1"
  },
  "size_t": 120,
  "size_x": 128,
  "size_y": 128,
  "size_z": 50,
  "snr": 2.680489347198085,
  "spacing_tr": 1.5,
  "spacing_x": 1.5625,
  "spacing_y": 1.5625,
  "spacing_z": 1.600000023841858,
  "summary_bg_k": 10.250889091820788,
  "summary_bg_mad": 1172.9797674802076,
  "summary_bg_mean": 4197.0888671875,
  "summary_bg_median": 831.6039428710938,
  "summary_bg_n": 542039.0,
  "summary_bg_p05": 20.65762882232666,
  "summary_bg_p95": 20194.87558593749,
  "summary_bg_stdv": 7394.5673828125,
  "summary_fg_k": 0.8474085878422297,
  "summary_fg_mad": 20254.211140389485,
  "summary_fg_mean": 56557.21484375,
  "summary_fg_median": 55708.14453125,
  "summary_fg_n": 176927.0,
  "summary_fg_p05": 25697.951953125,
  "summary_fg_p95": 92414.11249999999,
  "summary_fg_stdv": 20782.767578125,
  "tsnr": 33.23139190673828
}