{
  "aor": 0.0006751666666666666,
  "aqi": 0.00559276775,
  "bids_meta": {
    "AcquisitionNumber": 25,
    "AcquisitionTime": "11:40:41.710000",
    "ConversionSoftware": "dcm2niix",
    "ConversionSoftwareVersion": "v1.0.20170818 (OpenJPEG build) GCC4.8.4",
    "DeviceSerialNumber": "00076",
    "EPIFactor": 55,
    "EchoTime": 0.025995,
    "EchoTrainLength": 55,
    "EffectiveEchoSpacing": 0.0008602736372914211,
    "FlipAngle": 62,
    "ImageType": [
      "ORIGINAL",
      "PRIMARY",
      "M",
      "FFE",
      "M",
      "FFE"
    ],
    "InstitutionAddress": "Amsterdam",
    "InstitutionName": "Spinoza_Centre",
    "MagneticFieldStrength": 7,
    "Manufacturer": "Philips",
    "ManufacturersModelName": "Achieva",
    "Modality": "MR",
    "MultibandAccelerationFactor": 2,
    "ParallelAcquisitionTechnique": "SENSE",
    "ParallelReductionFactorInPlane": 2.2,
    "PhaseEncodingDirection": "j",
    "PhaseEncodingLines": 110,
    "PhilipsRescaleIntercept": 0,
    "PhilipsRescaleSlope": 5.27741,
    "PhilipsScaleSlope": 0.00286915,
    "ProcedureStepDescription": "DE_CB_prf",
    "ProtocolName": "MB2",
    "RepetitionTime": 1.5,
    "ScanningSequence": "GR",
    "SequenceVariant": "SK",
    "SeriesDescription": "MB2",
    "SliceTiming": [
      0,
      0.06,
      0.12,
      0.18,
      0.24,
      0.3,
      0.36,
      0.42,
      0.48,
      0.54,
      0.6,
      0.66,
      0.72,
      0.78,
      0.84,
      0.9,
      0.96,
      1.02,
      1.08,
      1.14,
      1.2,
      1.26,
      1.32,
      1.38,
      1.44,
      0,
      0.06,
      0.12,
      0.18,
      0.24,
      0.3,
      0.36,
      0.42,
      0.48,
      0.54,
      0.6,
      0.66,
      0.72,
      0.78,
      0.84,
      0.9,
      0.96,
      1.02,
      1.08,
      1.14,
      1.2,
      1.26,
      1.32,
      1.38,
      1.44
    ],
    "SoftwareVersions": "5.1.7_5.1.7.0",
    "TaskName": "prf",
    "TotalReadoutTime": 0.01,
    "UsePhilipsFloatNotDisplayScaling": 1,
    "WaterFatShift": 47.938,
    "dataset": "ds002574",
    "modality": "bold",
    "run_id": 12,
    "session_id": "01",
    "subject_id": "01",
    "task_id": "prf"
  },
  "dummy_trs": 0,
  "dvars_nstd": 51.678472117899155,
  "dvars_std": 1.181429070588235,
  "dvars_vstd": 0.9938340351260503,
  "efc": 0.5267990928605681,
  "fber": 4401.021484375,
  "fd_mean": 0.10217381114461217,
  "fd_num": 0,
  "fd_perc": 0.0,
  "fwhm_avg": 2.5416500863617744,
  "fwhm_x": 2.4650624,
  "fwhm_y": 2.4141504,
  "fwhm_z": 2.7457374590853236,
  "gcor": 0.0068864,
  "gsr_x": -0.029997894540429115,
  "gsr_y": 0.1050453633069992,
  "provenance": {
    "md5sum": "345fd4fe9a04d4becfe34c23d5a72ade",
    "settings": {
      "fd_thres": 0.2,
      "testing": false
    },
    "software": "mriqc",
    "version": "22.0.6",
    "webapi_port": null,
    "webapi_url": "https://mriqc.nimh.nih.gov/api/v1"
  },
  "size_t": 120,
  "size_x": 128,
  "size_y": 128,
  "size_z": 50,
  "snr": 2.6630326552753636,
  "spacing_tr": 1.5,
  "spacing_x": 1.5625,
  "spacing_y": 1.5625,
  "spacing_z": 1.600000023841858,
  "summary_bg_k": 10.249156961853554,
  "summary_bg_mad": 1208.6316470073516,
  "summary_bg_mean": 4290.19384765625,
  "summary_bg_median": 858.461669921875,
  "summary_bg_n": 541788.0,
  "summary_bg_p05": 21.26990900039673,
  "summary_bg_p95": 20522.2572265625,
  "summary_bg_stdv": 7557.38232421875,
  "summary_fg_k": 0.8864919455164939,
  "summary_fg_mad": 20440.99874996899,
  "summary_fg_mean": 56868.6328125,
  "summary_fg_median": 55957.16796875,
  "summary_fg_n": 177202.0,
  "summary_fg_p05": 25773.22685546875,
  "summary_fg_p95": 93130.3156249999,
  "summary_fg_stdv": 21012.513671875,
  "tsnr": 35.08955383300781
}