{
  "aor": 0.00083925,
  "aqi": 0.002939433666666666,
  "bids_meta": {
    "AcquisitionNumber": 10,
    "AcquisitionTime": "10:16:19.570000",
    "ConversionSoftware": "dcm2niix",
    "ConversionSoftwareVersion": "v1.0.20170818 (OpenJPEG build) GCC4.8.4",
    "DeviceSerialNumber": "00076",
    "EPIFactor": 55,
    "EchoTime": 0.022001,
    "EchoTrainLength": 53,
    "EffectiveEchoSpacing": 0.0008602736372914211,
    "FlipAngle": 62,
    "ImageType": [
      "ORIGINAL",
      "PRIMARY",
      "M",
      "FFE",
      "M",
      "FFE"
    ],
    "InstitutionAddress": "Amsterdam",
    "InstitutionName": "Spinoza_Centre",
    "MagneticFieldStrength": 7,
    "Manufacturer": "Philips",
    "ManufacturersModelName": "Achieva",
    "Modality": "MR",
    "MultibandAccelerationFactor": 2,
    "ParallelAcquisitionTechnique": "SENSE",
    "ParallelReductionFactorInPlane": 2.2,
    "PhaseEncodingDirection": "j",
    "PhaseEncodingLines": 110,
    "PhilipsRescaleIntercept": 0,
    "PhilipsRescaleSlope": 3.40562,
    "PhilipsScaleSlope": 0.00241594,
    "ProtocolName": "2.0_MB2_S2.0_TR1.5",
    "RepetitionTime": 1.5,
    "ScanningSequence": "GR",
    "SequenceVariant": "SK",
    "SeriesDescription": "2.0_MB2_S2.0_TR1.5",
    "SliceTiming": [
      0,
      0.06,
      0.12,
      0.18,
      0.24,
      0.3,
      0.36,
      0.42,
      0.48,
      0.54,
      0.6,
      0.66,
      0.72,
      0.78,
      0.84,
      0.9,
      0.96,
      1.02,
      1.08,
      1.14,
      1.2,
      1.26,
      1.32,
      1.38,
      1.44,
      0,
      0.06,
      0.12,
      0.18,
      0.24,
      0.3,
      0.36,
      0.42,
      0.48,
      0.54,
      0.6,
      0.66,
      0.72,
      0.78,
      0.84,
      0.9,
      0.96,
      1.02,
      1.08,
      1.14,
      1.2,
      1.26,
      1.32,
      1.38,
      1.44
    ],
    "SoftwareVersions": "5.1.7_5.1.7.0",
    "TaskName": "prf",
    "TotalReadoutTime": 0.01,
    "UsePhilipsFloatNotDisplayScaling": 1,
    "WaterFatShift": 47.938,
    "dataset": "ds002574",
    "modality": "bold",
    "run_id": 5,
    "session_id": "03",
    "subject_id": "01",
    "task_id": "prf"
  },
  "dummy_trs": 0,
  "dvars_nstd": 30.384871330840333,
  "dvars_std": 1.1451517420168065,
  "dvars_vstd": 0.9819605273109243,
  "efc": 0.48405884629413415,
  "fber": 12792.51953125,
  "fd_mean": 0.10429857171971442,
  "fd_num": 5,
  "fd_perc": 4.166666666666667,
  "fwhm_avg": 2.4214440664384846,
  "fwhm_x": 2.304865,
  "fwhm_y": 2.34904,
  "fwhm_z": 2.6104271993154535,
  "gcor": 0.0281129,
  "gsr_x": -0.010956035926938057,
  "gsr_y": 0.06356587260961533,
  "provenance": {
    "md5sum": "6920f41dda48de74a4cbf6b95613ebf3",
    "settings": {
      "fd_thres": 0.2,
      "testing": false
    },
    "software": "mriqc",
    "version": "22.0.6",
    "webapi_port": null,
    "webapi_url": "https://mriqc.nimh.nih.gov/api/v1"
  },
  "size_t": 120,
  "size_x": 112,
  "size_y": 112,
  "size_z": 60,
  "snr": 3.0953731102824644,
  "spacing_tr": 1.5,
  "spacing_x": 2.0,
  "spacing_y": 2.0,
  "spacing_z": 2.000002145767212,
  "summary_bg_k": 18.982968872756985,
  "summary_bg_mad": 1414.9057926728194,
  "summary_bg_mean": 7877.83935546875,
  "summary_bg_median": 1138.4256591796875,
  "summary_bg_n": 528956.0,
  "summary_bg_p05": 19.295332431793213,
  "summary_bg_p95": 43330.5634765625,
  "summary_bg_stdv": 17125.6171875,
  "summary_fg_k": 0.48450238774937526,
  "summary_fg_mad": 38382.057963036474,
  "summary_fg_mean": 125892.8046875,
  "summary_fg_median": 125166.953125,
  "summary_fg_n": 135151.0,
  "summary_fg_p05": 61878.669921875,
  "summary_fg_p95": 194210.3515625,
  "summary_fg_stdv": 40436.640625,
  "tsnr": 55.709808349609375
}