{
  "aor": 0.0007680833333333334,
  "aqi": 0.00284423325,
  "bids_meta": {
    "AcquisitionNumber": 9,
    "AcquisitionTime": "10:12:27.240000",
    "ConversionSoftware": "dcm2niix",
    "ConversionSoftwareVersion": "v1.0.20170818 (OpenJPEG build) GCC4.8.4",
    "DeviceSerialNumber": "00076",
    "EPIFactor": 55,
    "EchoTime": 0.022001,
    "EchoTrainLength": 53,
    "EffectiveEchoSpacing": 0.0008602736372914211,
    "FlipAngle": 62,
    "ImageType": [
      "ORIGINAL",
      "PRIMARY",
      "M",
      "FFE",
      "M",
      "FFE"
    ],
    "InstitutionAddress": "Amsterdam",
    "InstitutionName": "Spinoza_Centre",
    "MagneticFieldStrength": 7,
    "Manufacturer": "Philips",
    "ManufacturersModelName": "Achieva",
    "Modality": "MR",
    "MultibandAccelerationFactor": 2,
    "ParallelAcquisitionTechnique": "SENSE",
    "ParallelReductionFactorInPlane": 2.2,
    "PhaseEncodingDirection": "j",
    "PhaseEncodingLines": 110,
    "PhilipsRescaleIntercept": 0,
    "PhilipsRescaleSlope": 3.47473,
    "PhilipsScaleSlope": 0.00242052,
    "ProtocolName": "2.0_MB2_S2.0_TR1.5",
    "RepetitionTime": 1.5,
    "ScanningSequence": "GR",
    "SequenceVariant": "SK",
    "SeriesDescription": "2.0_MB2_S2.0_TR1.5",
    "SliceTiming": [
      0,
      0.06,
      0.12,
      0.18,
      0.24,
      0.3,
      0.36,
      0.42,
      0.48,
      0.54,
      0.6,
      0.66,
      0.72,
      0.78,
      0.84,
      0.9,
      0.96,
      1.02,
      1.08,
      1.14,
      1.2,
      1.26,
      1.32,
      1.38,
      1.44,
      0,
      0.06,
      0.12,
      0.18,
      0.24,
      0.3,
      0.36,
      0.42,
      0.48,
      0.54,
      0.6,
      0.66,
      0.72,
      0.78,
      0.84,
      0.9,
      0.96,
      1.02,
      1.08,
      1.14,
      1.2,
      1.26,
      1.32,
      1.38,
      1.44
    ],
    "SoftwareVersions": "5.1.7_5.1.7.0",
    "TaskName": "prf",
    "TotalReadoutTime": 0.01,
    "UsePhilipsFloatNotDisplayScaling": 1,
    "WaterFatShift": 47.938,
    "dataset": "ds002574",
    "modality": "bold",
    "run_id": 4,
    "session_id": "03",
    "subject_id": "01",
    "task_id": "prf"
  },
  "dummy_trs": 0,
  "dvars_nstd": 30.621034958655454,
  "dvars_std": 1.1539708704201685,
  "dvars_vstd": 0.9849794388235298,
  "efc": 0.4835326347457986,
  "fber": 13039.3779296875,
  "fd_mean": 0.08913373959108584,
  "fd_num": 3,
  "fd_perc": 2.5,
  "fwhm_avg": 2.420975732745736,
  "fwhm_x": 2.306165,
  "fwhm_y": 2.34533,
  "fwhm_z": 2.6114321982372064,
  "gcor": 0.0167724,
  "gsr_x": -0.011150003410875797,
  "gsr_y": 0.06336730718612671,
  "provenance": {
    "md5sum": "8fad627128dfd7ceda6ee1c3704cf10d",
    "settings": {
      "fd_thres": 0.2,
      "testing": false
    },
    "software": "mriqc",
    "version": "22.0.6",
    "webapi_port": null,
    "webapi_url": "https://mriqc.nimh.nih.gov/api/v1"
  },
  "size_t": 120,
  "size_x": 112,
  "size_y": 112,
  "size_z": 60,
  "snr": 3.1018935683993707,
  "spacing_tr": 1.5,
  "spacing_x": 2.0,
  "spacing_y": 2.0,
  "spacing_z": 2.000002145767212,
  "summary_bg_k": 18.686720187540242,
  "summary_bg_mad": 1396.3931616189159,
  "summary_bg_mean": 7824.98486328125,
  "summary_bg_median": 1125.032470703125,
  "summary_bg_n": 529439.0,
  "summary_bg_p05": 16.711578178405766,
  "summary_bg_p95": 43191.6113281249,
  "summary_bg_stdv": 16977.4140625,
  "summary_fg_k": 0.4836837883285776,
  "summary_fg_mad": 38213.99689358799,
  "summary_fg_mean": 125679.6875,
  "summary_fg_median": 124864.65625,
  "summary_fg_n": 134826.0,
  "summary_fg_p05": 61992.205078125,
  "summary_fg_p95": 193549.375,
  "summary_fg_stdv": 40254.18359375,
  "tsnr": 56.83441925048828
}