{
  "aor": 0.001126916666666667,
  "aqi": 0.00250321975,
  "bids_meta": {
    "AcquisitionNumber": 24,
    "AcquisitionTime": "10:52:3.260000",
    "ConversionSoftware": "dcm2niix",
    "ConversionSoftwareVersion": "v1.0.20170818 (OpenJPEG build) GCC4.8.4",
    "DeviceSerialNumber": "00076",
    "EPIFactor": 55,
    "EchoTime": 0.022001,
    "EchoTrainLength": 53,
    "EffectiveEchoSpacing": 0.0008602736372914211,
    "FlipAngle": 62,
    "ImageType": [
      "ORIGINAL",
      "PRIMARY",
      "M",
      "FFE",
      "M",
      "FFE"
    ],
    "InstitutionAddress": "Amsterdam",
    "InstitutionName": "Spinoza_Centre",
    "MagneticFieldStrength": 7,
    "Manufacturer": "Philips",
    "ManufacturersModelName": "Achieva",
    "Modality": "MR",
    "MultibandAccelerationFactor": 2,
    "ParallelAcquisitionTechnique": "SENSE",
    "ParallelReductionFactorInPlane": 2.2,
    "PhaseEncodingDirection": "j",
    "PhaseEncodingLines": 110,
    "PhilipsRescaleIntercept": 0,
    "PhilipsRescaleSlope": 3.35702,
    "PhilipsScaleSlope": 0.00242109,
    "ProtocolName": "2.0_MB2_S2.0_TR1.5",
    "RepetitionTime": 1.5,
    "ScanningSequence": "GR",
    "SequenceVariant": "SK",
    "SeriesDescription": "2.0_MB2_S2.0_TR1.5",
    "SliceTiming": [
      0,
      0.06,
      0.12,
      0.18,
      0.24,
      0.3,
      0.36,
      0.42,
      0.48,
      0.54,
      0.6,
      0.66,
      0.72,
      0.78,
      0.84,
      0.9,
      0.96,
      1.02,
      1.08,
      1.14,
      1.2,
      1.26,
      1.32,
      1.38,
      1.44,
      0,
      0.06,
      0.12,
      0.18,
      0.24,
      0.3,
      0.36,
      0.42,
      0.48,
      0.54,
      0.6,
      0.66,
      0.72,
      0.78,
      0.84,
      0.9,
      0.96,
      1.02,
      1.08,
      1.14,
      1.2,
      1.26,
      1.32,
      1.38,
      1.44
    ],
    "SoftwareVersions": "5.1.7_5.1.7.0",
    "TaskName": "prf",
    "TotalReadoutTime": 0.01,
    "UsePhilipsFloatNotDisplayScaling": 1,
    "WaterFatShift": 47.938,
    "dataset": "ds002574",
    "modality": "bold",
    "run_id": 11,
    "session_id": "03",
    "subject_id": "01",
    "task_id": "prf"
  },
  "dummy_trs": 0,
  "dvars_nstd": 28.953071257478985,
  "dvars_std": 1.171427242521008,
  "dvars_vstd": 0.9978459663025212,
  "efc": 0.48444550841992085,
  "fber": 12401.462890625,
  "fd_mean": 0.07444330043718175,
  "fd_num": 0,
  "fd_perc": 0.0,
  "fwhm_avg": 2.4128474025398545,
  "fwhm_x": 2.305315,
  "fwhm_y": 2.33054,
  "fwhm_z": 2.6026872076195633,
  "gcor": 0.0227533,
  "gsr_x": -0.011765344068408012,
  "gsr_y": 0.0640033707022667,
  "provenance": {
    "md5sum": "c0fece00229a49f9a5ecf48ab1504516",
    "settings": {
      "fd_thres": 0.2,
      "testing": false
    },
    "software": "mriqc",
    "version": "22.0.6",
    "webapi_port": null,
    "webapi_url": "https://mriqc.nimh.nih.gov/api/v1"
  },
  "size_t": 120,
  "size_x": 112,
  "size_y": 112,
  "size_z": 60,
  "snr": 3.0985707968936516,
  "spacing_tr": 1.5,
  "spacing_x": 2.0,
  "spacing_y": 2.0,
  "spacing_z": 2.000002145767212,
  "summary_bg_k": 18.12654238073474,
  "summary_bg_mad": 1448.815239621726,
  "summary_bg_mean": 7983.43505859375,
  "summary_bg_median": 1160.919921875,
  "summary_bg_n": 529290.0,
  "summary_bg_p05": 12.182970285415651,
  "summary_bg_p95": 43860.066015624994,
  "summary_bg_stdv": 17238.84375,
  "summary_fg_k": 0.528557794256721,
  "summary_fg_mad": 38446.84073028727,
  "summary_fg_mean": 126766.8203125,
  "summary_fg_median": 125758.4921875,
  "summary_fg_n": 134731.0,
  "summary_fg_p05": 62896.375,
  "summary_fg_p95": 195586.75,
  "summary_fg_stdv": 40585.81640625,
  "tsnr": 61.132415771484375
}