{
  "aor": 0.0008325833333333333,
  "aqi": 0.003174319916666667,
  "bids_meta": {
    "AcquisitionNumber": 6,
    "AcquisitionTime": "10:03:53.700000",
    "ConversionSoftware": "dcm2niix",
    "ConversionSoftwareVersion": "v1.0.20170818 (OpenJPEG build) GCC4.8.4",
    "DeviceSerialNumber": "00076",
    "EPIFactor": 55,
    "EchoTime": 0.022001,
    "EchoTrainLength": 53,
    "EffectiveEchoSpacing": 0.0008602736372914211,
    "FlipAngle": 62,
    "ImageType": [
      "ORIGINAL",
      "PRIMARY",
      "M",
      "FFE",
      "M",
      "FFE"
    ],
    "InstitutionAddress": "Amsterdam",
    "InstitutionName": "Spinoza_Centre",
    "MagneticFieldStrength": 7,
    "Manufacturer": "Philips",
    "ManufacturersModelName": "Achieva",
    "Modality": "MR",
    "MultibandAccelerationFactor": 2,
    "ParallelAcquisitionTechnique": "SENSE",
    "ParallelReductionFactorInPlane": 2.2,
    "PhaseEncodingDirection": "j",
    "PhaseEncodingLines": 110,
    "PhilipsRescaleIntercept": 0,
    "PhilipsRescaleSlope": 3.34335,
    "PhilipsScaleSlope": 0.00241529,
    "ProtocolName": "2.0_MB2_S2.0_TR1.5",
    "RepetitionTime": 1.5,
    "ScanningSequence": "GR",
    "SequenceVariant": "SK",
    "SeriesDescription": "2.0_MB2_S2.0_TR1.5",
    "SliceTiming": [
      0,
      0.06,
      0.12,
      0.18,
      0.24,
      0.3,
      0.36,
      0.42,
      0.48,
      0.54,
      0.6,
      0.66,
      0.72,
      0.78,
      0.84,
      0.9,
      0.96,
      1.02,
      1.08,
      1.14,
      1.2,
      1.26,
      1.32,
      1.38,
      1.44,
      0,
      0.06,
      0.12,
      0.18,
      0.24,
      0.3,
      0.36,
      0.42,
      0.48,
      0.54,
      0.6,
      0.66,
      0.72,
      0.78,
      0.84,
      0.9,
      0.96,
      1.02,
      1.08,
      1.14,
      1.2,
      1.26,
      1.32,
      1.38,
      1.44
    ],
    "SoftwareVersions": "5.1.7_5.1.7.0",
    "TaskName": "prf",
    "TotalReadoutTime": 0.01,
    "UsePhilipsFloatNotDisplayScaling": 1,
    "WaterFatShift": 47.938,
    "dataset": "ds002574",
    "modality": "bold",
    "run_id": 2,
    "session_id": "03",
    "subject_id": "01",
    "task_id": "prf"
  },
  "dummy_trs": 0,
  "dvars_nstd": 33.46180797252102,
  "dvars_std": 1.2057626252100837,
  "dvars_vstd": 0.9840134980672273,
  "efc": 0.4836607872855521,
  "fber": 12319.599609375,
  "fd_mean": 0.08533465520858509,
  "fd_num": 0,
  "fd_perc": 0.0,
  "fwhm_avg": 2.4347990605930634,
  "fwhm_x": 2.31314,
  "fwhm_y": 2.364485,
  "fwhm_z": 2.6267721817791894,
  "gcor": 0.0161479,
  "gsr_x": -0.011327353306114674,
  "gsr_y": 0.06392104923725128,
  "provenance": {
    "md5sum": "dc4aa71d61ca9cf047c549f8d439ba6f",
    "settings": {
      "fd_thres": 0.2,
      "testing": false
    },
    "software": "mriqc",
    "version": "22.0.6",
    "webapi_port": null,
    "webapi_url": "https://mriqc.nimh.nih.gov/api/v1"
  },
  "size_t": 120,
  "size_x": 112,
  "size_y": 112,
  "size_z": 60,
  "snr": 3.099387111329378,
  "spacing_tr": 1.5,
  "spacing_x": 2.0,
  "spacing_y": 2.0,
  "spacing_z": 2.000002145767212,
  "summary_bg_k": 19.093219922978328,
  "summary_bg_mad": 1452.6155163196581,
  "summary_bg_mean": 7935.396484375,
  "summary_bg_median": 1180.49853515625,
  "summary_bg_n": 529269.0,
  "summary_bg_p05": 20.476468658447274,
  "summary_bg_p95": 43586.890624999985,
  "summary_bg_stdv": 17164.833984375,
  "summary_fg_k": 0.48156418234338805,
  "summary_fg_mad": 38890.173542109944,
  "summary_fg_mean": 127954.8984375,
  "summary_fg_median": 127036.4296875,
  "summary_fg_n": 135157.0,
  "summary_fg_p05": 63277.18515625,
  "summary_fg_p95": 197450.709375,
  "summary_fg_stdv": 40987.4453125,
  "tsnr": 56.799583435058594
}