{
  "aor": 0.0011916666666666668,
  "aqi": 0.0037469953333333335,
  "bids_meta": {
    "AcquisitionNumber": 12,
    "AcquisitionTime": "10:20:36.460000",
    "ConversionSoftware": "dcm2niix",
    "ConversionSoftwareVersion": "v1.0.20170818 (OpenJPEG build) GCC4.8.4",
    "DeviceSerialNumber": "00076",
    "EPIFactor": 55,
    "EchoTime": 0.022001,
    "EchoTrainLength": 53,
    "EffectiveEchoSpacing": 0.0008602736372914211,
    "FlipAngle": 62,
    "ImageType": [
      "ORIGINAL",
      "PRIMARY",
      "M",
      "FFE",
      "M",
      "FFE"
    ],
    "InstitutionAddress": "Amsterdam",
    "InstitutionName": "Spinoza_Centre",
    "MagneticFieldStrength": 7,
    "Manufacturer": "Philips",
    "ManufacturersModelName": "Achieva",
    "Modality": "MR",
    "MultibandAccelerationFactor": 2,
    "ParallelAcquisitionTechnique": "SENSE",
    "ParallelReductionFactorInPlane": 2.2,
    "PhaseEncodingDirection": "j",
    "PhaseEncodingLines": 110,
    "PhilipsRescaleIntercept": 0,
    "PhilipsRescaleSlope": 3.38217,
    "PhilipsScaleSlope": 0.00241627,
    "ProtocolName": "2.0_MB2_S2.0_TR1.5",
    "RepetitionTime": 1.5,
    "ScanningSequence": "GR",
    "SequenceVariant": "SK",
    "SeriesDescription": "2.0_MB2_S2.0_TR1.5",
    "SliceTiming": [
      0,
      0.06,
      0.12,
      0.18,
      0.24,
      0.3,
      0.36,
      0.42,
      0.48,
      0.54,
      0.6,
      0.66,
      0.72,
      0.78,
      0.84,
      0.9,
      0.96,
      1.02,
      1.08,
      1.14,
      1.2,
      1.26,
      1.32,
      1.38,
      1.44,
      0,
      0.06,
      0.12,
      0.18,
      0.24,
      0.3,
      0.36,
      0.42,
      0.48,
      0.54,
      0.6,
      0.66,
      0.72,
      0.78,
      0.84,
      0.9,
      0.96,
      1.02,
      1.08,
      1.14,
      1.2,
      1.26,
      1.32,
      1.38,
      1.44
    ],
    "SoftwareVersions": "5.1.7_5.1.7.0",
    "TaskName": "prf",
    "TotalReadoutTime": 0.01,
    "UsePhilipsFloatNotDisplayScaling": 1,
    "WaterFatShift": 47.938,
    "dataset": "ds002574",
    "modality": "bold",
    "run_id": 6,
    "session_id": "03",
    "subject_id": "01",
    "task_id": "prf"
  },
  "dummy_trs": 0,
  "dvars_nstd": 31.82995914806724,
  "dvars_std": 1.153321227647059,
  "dvars_vstd": 0.9897856377310928,
  "efc": 0.48405963658892653,
  "fber": 12636.20703125,
  "fd_mean": 0.10513374210655212,
  "fd_num": 6,
  "fd_perc": 5.0,
  "fwhm_avg": 2.423764066847968,
  "fwhm_x": 2.31034,
  "fwhm_y": 2.35167,
  "fwhm_z": 2.6092822005439036,
  "gcor": 0.0307319,
  "gsr_x": -0.010897982865571976,
  "gsr_y": 0.06377247720956802,
  "provenance": {
    "md5sum": "7079fac4ec0ee8073e8fd71137ac0c41",
    "settings": {
      "fd_thres": 0.2,
      "testing": false
    },
    "software": "mriqc",
    "version": "22.0.6",
    "webapi_port": null,
    "webapi_url": "https://mriqc.nimh.nih.gov/api/v1"
  },
  "size_t": 120,
  "size_x": 112,
  "size_y": 112,
  "size_z": 60,
  "snr": 3.1044278060871946,
  "spacing_tr": 1.5,
  "spacing_x": 2.0,
  "spacing_y": 2.0,
  "spacing_z": 2.000002145767212,
  "summary_bg_k": 18.730603191569273,
  "summary_bg_mad": 1431.9618602526248,
  "summary_bg_mean": 7952.7412109375,
  "summary_bg_median": 1153.232421875,
  "summary_bg_n": 529494.0,
  "summary_bg_p05": 28.36525430679322,
  "summary_bg_p95": 43766.52558593747,
  "summary_bg_stdv": 17257.9609375,
  "summary_fg_k": 0.46453430044298827,
  "summary_fg_mad": 38493.72802544751,
  "summary_fg_mean": 126529.5703125,
  "summary_fg_median": 125760.21875,
  "summary_fg_n": 134709.0,
  "summary_fg_p05": 62401.55078125,
  "summary_fg_p95": 194837.6625,
  "summary_fg_stdv": 40509.80078125,
  "tsnr": 52.28239440917969
}