{
  "aor": 0.0008835833333333334,
  "aqi": 0.0024892470833333337,
  "bids_meta": {
    "AcquisitionNumber": 21,
    "AcquisitionTime": "10:43:19.830000",
    "ConversionSoftware": "dcm2niix",
    "ConversionSoftwareVersion": "v1.0.20170818 (OpenJPEG build) GCC4.8.4",
    "DeviceSerialNumber": "00076",
    "EPIFactor": 55,
    "EchoTime": 0.022001,
    "EchoTrainLength": 53,
    "EffectiveEchoSpacing": 0.0008602736372914211,
    "FlipAngle": 62,
    "ImageType": [
      "ORIGINAL",
      "PRIMARY",
      "M",
      "FFE",
      "M",
      "FFE"
    ],
    "InstitutionAddress": "Amsterdam",
    "InstitutionName": "Spinoza_Centre",
    "MagneticFieldStrength": 7,
    "Manufacturer": "Philips",
    "ManufacturersModelName": "Achieva",
    "Modality": "MR",
    "MultibandAccelerationFactor": 2,
    "ParallelAcquisitionTechnique": "SENSE",
    "ParallelReductionFactorInPlane": 2.2,
    "PhaseEncodingDirection": "j",
    "PhaseEncodingLines": 110,
    "PhilipsRescaleIntercept": 0,
    "PhilipsRescaleSlope": 3.31868,
    "PhilipsScaleSlope": 0.00242949,
    "ProtocolName": "2.0_MB2_S2.0_TR1.5",
    "RepetitionTime": 1.5,
    "ScanningSequence": "GR",
    "SequenceVariant": "SK",
    "SeriesDescription": "2.0_MB2_S2.0_TR1.5",
    "SliceTiming": [
      0,
      0.06,
      0.12,
      0.18,
      0.24,
      0.3,
      0.36,
      0.42,
      0.48,
      0.54,
      0.6,
      0.66,
      0.72,
      0.78,
      0.84,
      0.9,
      0.96,
      1.02,
      1.08,
      1.14,
      1.2,
      1.26,
      1.32,
      1.38,
      1.44,
      0,
      0.06,
      0.12,
      0.18,
      0.24,
      0.3,
      0.36,
      0.42,
      0.48,
      0.54,
      0.6,
      0.66,
      0.72,
      0.78,
      0.84,
      0.9,
      0.96,
      1.02,
      1.08,
      1.14,
      1.2,
      1.26,
      1.32,
      1.38,
      1.44
    ],
    "SoftwareVersions": "5.1.7_5.1.7.0",
    "TaskName": "prf",
    "TotalReadoutTime": 0.01,
    "UsePhilipsFloatNotDisplayScaling": 1,
    "WaterFatShift": 47.938,
    "dataset": "ds002574",
    "modality": "bold",
    "run_id": 9,
    "session_id": "03",
    "subject_id": "01",
    "task_id": "prf"
  },
  "dummy_trs": 0,
  "dvars_nstd": 27.98758203865545,
  "dvars_std": 1.1334557197478994,
  "dvars_vstd": 0.9883193509243697,
  "efc": 0.48392041992207974,
  "fber": 12734.4013671875,
  "fd_mean": 0.07913921921191093,
  "fd_num": 2,
  "fd_perc": 1.6666666666666667,
  "fwhm_avg": 2.4157274007999967,
  "fwhm_x": 2.305435,
  "fwhm_y": 2.334195,
  "fwhm_z": 2.6075522023999906,
  "gcor": 0.0235079,
  "gsr_x": -0.01192308310419321,
  "gsr_y": 0.06370911747217178,
  "provenance": {
    "md5sum": "266537433b02195d180cab0e915ee82b",
    "settings": {
      "fd_thres": 0.2,
      "testing": false
    },
    "software": "mriqc",
    "version": "22.0.6",
    "webapi_port": null,
    "webapi_url": "https://mriqc.nimh.nih.gov/api/v1"
  },
  "size_t": 120,
  "size_x": 112,
  "size_y": 112,
  "size_z": 60,
  "snr": 3.093529805598923,
  "spacing_tr": 1.5,
  "spacing_x": 2.0,
  "spacing_y": 2.0,
  "spacing_z": 2.000002145767212,
  "summary_bg_k": 18.022657777342065,
  "summary_bg_mad": 1420.927665181629,
  "summary_bg_mean": 7921.6240234375,
  "summary_bg_median": 1142.873046875,
  "summary_bg_n": 529410.0,
  "summary_bg_p05": 15.932426071166994,
  "summary_bg_p95": 43573.63847656249,
  "summary_bg_stdv": 17110.046875,
  "summary_fg_k": 0.5090738858958903,
  "summary_fg_mad": 38476.77076257335,
  "summary_fg_mean": 126362.140625,
  "summary_fg_median": 125436.828125,
  "summary_fg_n": 134544.0,
  "summary_fg_p05": 62363.94140625,
  "summary_fg_p95": 194861.2546874999,
  "summary_fg_stdv": 40547.97265625,
  "tsnr": 59.49554443359375
}