{
  "aor": 0.0008931666666666667,
  "aqi": 0.004060594916666666,
  "bids_meta": {
    "AcquisitionNumber": 4,
    "AcquisitionTime": "09:59:36.460000",
    "ConversionSoftware": "dcm2niix",
    "ConversionSoftwareVersion": "v1.0.20170818 (OpenJPEG build) GCC4.8.4",
    "DeviceSerialNumber": "00076",
    "EPIFactor": 55,
    "EchoTime": 0.022001,
    "EchoTrainLength": 53,
    "EffectiveEchoSpacing": 0.0008602736372914211,
    "FlipAngle": 62,
    "ImageType": [
      "ORIGINAL",
      "PRIMARY",
      "M",
      "FFE",
      "M",
      "FFE"
    ],
    "InstitutionAddress": "Amsterdam",
    "InstitutionName": "Spinoza_Centre",
    "MagneticFieldStrength": 7,
    "Manufacturer": "Philips",
    "ManufacturersModelName": "Achieva",
    "Modality": "MR",
    "MultibandAccelerationFactor": 2,
    "ParallelAcquisitionTechnique": "SENSE",
    "ParallelReductionFactorInPlane": 2.2,
    "PhaseEncodingDirection": "j",
    "PhaseEncodingLines": 110,
    "PhilipsRescaleIntercept": 0,
    "PhilipsRescaleSlope": 3.47643,
    "PhilipsScaleSlope": 0.00239306,
    "ProtocolName": "2.0_MB2_S2.0_TR1.5",
    "RepetitionTime": 1.5,
    "ScanningSequence": "GR",
    "SequenceVariant": "SK",
    "SeriesDescription": "2.0_MB2_S2.0_TR1.5",
    "SliceTiming": [
      0,
      0.06,
      0.12,
      0.18,
      0.24,
      0.3,
      0.36,
      0.42,
      0.48,
      0.54,
      0.6,
      0.66,
      0.72,
      0.78,
      0.84,
      0.9,
      0.96,
      1.02,
      1.08,
      1.14,
      1.2,
      1.26,
      1.32,
      1.38,
      1.44,
      0,
      0.06,
      0.12,
      0.18,
      0.24,
      0.3,
      0.36,
      0.42,
      0.48,
      0.54,
      0.6,
      0.66,
      0.72,
      0.78,
      0.84,
      0.9,
      0.96,
      1.02,
      1.08,
      1.14,
      1.2,
      1.26,
      1.32,
      1.38,
      1.44
    ],
    "SoftwareVersions": "5.1.7_5.1.7.0",
    "TaskName": "prf",
    "TotalReadoutTime": 0.01,
    "UsePhilipsFloatNotDisplayScaling": 1,
    "WaterFatShift": 47.938,
    "dataset": "ds002574",
    "modality": "bold",
    "run_id": 1,
    "session_id": "03",
    "subject_id": "01",
    "task_id": "prf"
  },
  "dummy_trs": 0,
  "dvars_nstd": 32.580512167394964,
  "dvars_std": 1.185056174789916,
  "dvars_vstd": 0.9720985378991597,
  "efc": 0.48321589291190603,
  "fber": 12991.0341796875,
  "fd_mean": 0.10072941862101373,
  "fd_num": 4,
  "fd_perc": 3.3333333333333335,
  "fwhm_avg": 2.445389058116493,
  "fwhm_x": 2.32169,
  "fwhm_y": 2.38078,
  "fwhm_z": 2.6336971743494786,
  "gcor": 0.0111423,
  "gsr_x": -0.01164423767477274,
  "gsr_y": 0.06385833024978638,
  "provenance": {
    "md5sum": "c7a8a4297645763838fa73e4f6cb5f07",
    "settings": {
      "fd_thres": 0.2,
      "testing": false
    },
    "software": "mriqc",
    "version": "22.0.6",
    "webapi_port": null,
    "webapi_url": "https://mriqc.nimh.nih.gov/api/v1"
  },
  "size_t": 120,
  "size_x": 112,
  "size_y": 112,
  "size_z": 60,
  "snr": 3.1141896919923173,
  "spacing_tr": 1.5,
  "spacing_x": 2.0,
  "spacing_y": 2.0,
  "spacing_z": 2.000002145767212,
  "summary_bg_k": 18.935123242078085,
  "summary_bg_mad": 1436.6313468876817,
  "summary_bg_mean": 7997.43115234375,
  "summary_bg_median": 1173.705810546875,
  "summary_bg_n": 529418.0,
  "summary_bg_p05": 40.59989719390873,
  "summary_bg_p95": 44027.38808593748,
  "summary_bg_stdv": 17300.7578125,
  "summary_fg_k": 0.4853952727283426,
  "summary_fg_mad": 39494.50189718354,
  "summary_fg_mean": 130318.15625,
  "summary_fg_median": 129399.71875,
  "summary_fg_n": 135376.0,
  "summary_fg_p05": 64536.3818359375,
  "summary_fg_p95": 200571.0078125,
  "summary_fg_stdv": 41551.49609375,
  "tsnr": 52.05143737792969
}