{
  "aor": 0.005097166666666667,
  "aqi": 0.00383568525,
  "bids_meta": {
    "AcquisitionNumber": 32,
    "AcquisitionTime": "11:15:7.910000",
    "ConversionSoftware": "dcm2niix",
    "ConversionSoftwareVersion": "v1.0.20170818 (OpenJPEG build) GCC4.8.4",
    "DeviceSerialNumber": "00076",
    "EPIFactor": 55,
    "EchoTime": 0.022001,
    "EchoTrainLength": 53,
    "EffectiveEchoSpacing": 0.0008602736372914211,
    "FlipAngle": 62,
    "ImageType": [
      "ORIGINAL",
      "PRIMARY",
      "M",
      "FFE",
      "M",
      "FFE"
    ],
    "InstitutionAddress": "Amsterdam",
    "InstitutionName": "Spinoza_Centre",
    "MagneticFieldStrength": 7,
    "Manufacturer": "Philips",
    "ManufacturersModelName": "Achieva",
    "Modality": "MR",
    "MultibandAccelerationFactor": 2,
    "ParallelAcquisitionTechnique": "SENSE",
    "ParallelReductionFactorInPlane": 2.2,
    "PhaseEncodingDirection": "j",
    "PhaseEncodingLines": 110,
    "PhilipsRescaleIntercept": 0,
    "PhilipsRescaleSlope": 3.27595,
    "PhilipsScaleSlope": 0.0024198,
    "ProtocolName": "2.0_MB2_S2.0_TR1.5",
    "RepetitionTime": 1.5,
    "ScanningSequence": "GR",
    "SequenceVariant": "SK",
    "SeriesDescription": "2.0_MB2_S2.0_TR1.5",
    "SliceTiming": [
      0,
      0.06,
      0.12,
      0.18,
      0.24,
      0.3,
      0.36,
      0.42,
      0.48,
      0.54,
      0.6,
      0.66,
      0.72,
      0.78,
      0.84,
      0.9,
      0.96,
      1.02,
      1.08,
      1.14,
      1.2,
      1.26,
      1.32,
      1.38,
      1.44,
      0,
      0.06,
      0.12,
      0.18,
      0.24,
      0.3,
      0.36,
      0.42,
      0.48,
      0.54,
      0.6,
      0.66,
      0.72,
      0.78,
      0.84,
      0.9,
      0.96,
      1.02,
      1.08,
      1.14,
      1.2,
      1.26,
      1.32,
      1.38,
      1.44
    ],
    "SoftwareVersions": "5.1.7_5.1.7.0",
    "TaskName": "prf",
    "TotalReadoutTime": 0.01,
    "UsePhilipsFloatNotDisplayScaling": 1,
    "WaterFatShift": 47.938,
    "dataset": "ds002574",
    "modality": "bold",
    "run_id": 14,
    "session_id": "03",
    "subject_id": "01",
    "task_id": "prf"
  },
  "dummy_trs": 0,
  "dvars_nstd": 33.73102628932772,
  "dvars_std": 1.26905808092437,
  "dvars_vstd": 1.0347315635294114,
  "efc": 0.4852922053037971,
  "fber": 11013.68359375,
  "fd_mean": 0.09449745045632996,
  "fd_num": 10,
  "fd_perc": 8.333333333333334,
  "fwhm_avg": 2.411805733305423,
  "fwhm_x": 2.29664,
  "fwhm_y": 2.32891,
  "fwhm_z": 2.6098671999162675,
  "gcor": 0.0168078,
  "gsr_x": -0.011309663765132427,
  "gsr_y": 0.06375891715288162,
  "provenance": {
    "md5sum": "a2ad3a16990a1c96a0462da1b9021dd4",
    "settings": {
      "fd_thres": 0.2,
      "testing": false
    },
    "software": "mriqc",
    "version": "22.0.6",
    "webapi_port": null,
    "webapi_url": "https://mriqc.nimh.nih.gov/api/v1"
  },
  "size_t": 120,
  "size_x": 112,
  "size_y": 112,
  "size_z": 60,
  "snr": 3.1336459378235544,
  "spacing_tr": 1.5,
  "spacing_x": 2.0,
  "spacing_y": 2.0,
  "spacing_z": 2.000002145767212,
  "summary_bg_k": 18.326703006394858,
  "summary_bg_mad": 1492.5092707599213,
  "summary_bg_mean": 8029.0703125,
  "summary_bg_median": 1235.797607421875,
  "summary_bg_n": 529460.0,
  "summary_bg_p05": 26.97614898681641,
  "summary_bg_p95": 43703.413281249974,
  "summary_bg_stdv": 17245.591796875,
  "summary_fg_k": 0.5799059140478331,
  "summary_fg_mad": 37996.280232649384,
  "summary_fg_mean": 127367.796875,
  "summary_fg_median": 126346.34375,
  "summary_fg_n": 134630.0,
  "summary_fg_p05": 63828.3744140625,
  "summary_fg_p95": 195297.34296874996,
  "summary_fg_stdv": 40319.12890625,
  "tsnr": 53.08095169067383
}