{
  "aor": 0.0010595833333333332,
  "aqi": 0.0024594899166666667,
  "bids_meta": {
    "AcquisitionNumber": 23,
    "AcquisitionTime": "10:47:36.920000",
    "ConversionSoftware": "dcm2niix",
    "ConversionSoftwareVersion": "v1.0.20170818 (OpenJPEG build) GCC4.8.4",
    "DeviceSerialNumber": "00076",
    "EPIFactor": 55,
    "EchoTime": 0.022001,
    "EchoTrainLength": 53,
    "EffectiveEchoSpacing": 0.0008602736372914211,
    "FlipAngle": 62,
    "ImageType": [
      "ORIGINAL",
      "PRIMARY",
      "M",
      "FFE",
      "M",
      "FFE"
    ],
    "InstitutionAddress": "Amsterdam",
    "InstitutionName": "Spinoza_Centre",
    "MagneticFieldStrength": 7,
    "Manufacturer": "Philips",
    "ManufacturersModelName": "Achieva",
    "Modality": "MR",
    "MultibandAccelerationFactor": 2,
    "ParallelAcquisitionTechnique": "SENSE",
    "ParallelReductionFactorInPlane": 2.2,
    "PhaseEncodingDirection": "j",
    "PhaseEncodingLines": 110,
    "PhilipsRescaleIntercept": 0,
    "PhilipsRescaleSlope": 3.31648,
    "PhilipsScaleSlope": 0.00240939,
    "ProtocolName": "2.0_MB2_S2.0_TR1.5",
    "RepetitionTime": 1.5,
    "ScanningSequence": "GR",
    "SequenceVariant": "SK",
    "SeriesDescription": "2.0_MB2_S2.0_TR1.5",
    "SliceTiming": [
      0,
      0.06,
      0.12,
      0.18,
      0.24,
      0.3,
      0.36,
      0.42,
      0.48,
      0.54,
      0.6,
      0.66,
      0.72,
      0.78,
      0.84,
      0.9,
      0.96,
      1.02,
      1.08,
      1.14,
      1.2,
      1.26,
      1.32,
      1.38,
      1.44,
      0,
      0.06,
      0.12,
      0.18,
      0.24,
      0.3,
      0.36,
      0.42,
      0.48,
      0.54,
      0.6,
      0.66,
      0.72,
      0.78,
      0.84,
      0.9,
      0.96,
      1.02,
      1.08,
      1.14,
      1.2,
      1.26,
      1.32,
      1.38,
      1.44
    ],
    "SoftwareVersions": "5.1.7_5.1.7.0",
    "TaskName": "prf",
    "TotalReadoutTime": 0.01,
    "UsePhilipsFloatNotDisplayScaling": 1,
    "WaterFatShift": 47.938,
    "dataset": "ds002574",
    "modality": "bold",
    "run_id": 10,
    "session_id": "03",
    "subject_id": "01",
    "task_id": "prf"
  },
  "dummy_trs": 0,
  "dvars_nstd": 27.362938119495805,
  "dvars_std": 1.1383524135294119,
  "dvars_vstd": 0.992691514705882,
  "efc": 0.4833146797609533,
  "fber": 13246.9912109375,
  "fd_mean": 0.08029348086044774,
  "fd_num": 2,
  "fd_perc": 1.6666666666666667,
  "fwhm_avg": 2.414289069127843,
  "fwhm_x": 2.3045,
  "fwhm_y": 2.33546,
  "fwhm_z": 2.6029072073835295,
  "gcor": 0.0199976,
  "gsr_x": -0.01217472180724144,
  "gsr_y": 0.06334489583969116,
  "provenance": {
    "md5sum": "5a202da249cb3d4dbc2564426241e543",
    "settings": {
      "fd_thres": 0.2,
      "testing": false
    },
    "software": "mriqc",
    "version": "22.0.6",
    "webapi_port": null,
    "webapi_url": "https://mriqc.nimh.nih.gov/api/v1"
  },
  "size_t": 120,
  "size_x": 112,
  "size_y": 112,
  "size_z": 60,
  "snr": 3.0943105424766744,
  "spacing_tr": 1.5,
  "spacing_x": 2.0,
  "spacing_y": 2.0,
  "spacing_z": 2.000002145767212,
  "summary_bg_k": 17.87953002577068,
  "summary_bg_mad": 1414.5572331989174,
  "summary_bg_mean": 7935.54296875,
  "summary_bg_median": 1129.930908203125,
  "summary_bg_n": 529758.0,
  "summary_bg_p05": 14.668395137786867,
  "summary_bg_p95": 43694.132226562455,
  "summary_bg_stdv": 17153.154296875,
  "summary_fg_k": 0.4988968242247891,
  "summary_fg_mad": 38810.28676475812,
  "summary_fg_mean": 127129.7421875,
  "summary_fg_median": 126238.078125,
  "summary_fg_n": 134301.0,
  "summary_fg_p05": 62847.23828125,
  "summary_fg_p95": 195998.109375,
  "summary_fg_stdv": 40796.68359375,
  "tsnr": 59.93438720703125
}