{
  "aor": 0.003170166666666667,
  "aqi": 0.0025683669166666665,
  "bids_meta": {
    "AcquisitionNumber": 30,
    "AcquisitionTime": "11:10:21.690000",
    "ConversionSoftware": "dcm2niix",
    "ConversionSoftwareVersion": "v1.0.20170818 (OpenJPEG build) GCC4.8.4",
    "DeviceSerialNumber": "00076",
    "EPIFactor": 55,
    "EchoTime": 0.022001,
    "EchoTrainLength": 53,
    "EffectiveEchoSpacing": 0.0008602736372914211,
    "FlipAngle": 62,
    "ImageType": [
      "ORIGINAL",
      "PRIMARY",
      "M",
      "FFE",
      "M",
      "FFE"
    ],
    "InstitutionAddress": "Amsterdam",
    "InstitutionName": "Spinoza_Centre",
    "MagneticFieldStrength": 7,
    "Manufacturer": "Philips",
    "ManufacturersModelName": "Achieva",
    "Modality": "MR",
    "MultibandAccelerationFactor": 2,
    "ParallelAcquisitionTechnique": "SENSE",
    "ParallelReductionFactorInPlane": 2.2,
    "PhaseEncodingDirection": "j",
    "PhaseEncodingLines": 110,
    "PhilipsRescaleIntercept": 0,
    "PhilipsRescaleSlope": 2.07253,
    "PhilipsScaleSlope": 0.00312934,
    "ProtocolName": "2.0_MB2_S2.0_TR1.5",
    "RepetitionTime": 1.5,
    "ScanningSequence": "GR",
    "SequenceVariant": "SK",
    "SeriesDescription": "2.0_MB2_S2.0_TR1.5",
    "SliceTiming": [
      0,
      0.06,
      0.12,
      0.18,
      0.24,
      0.3,
      0.36,
      0.42,
      0.48,
      0.54,
      0.6,
      0.66,
      0.72,
      0.78,
      0.84,
      0.9,
      0.96,
      1.02,
      1.08,
      1.14,
      1.2,
      1.26,
      1.32,
      1.38,
      1.44,
      0,
      0.06,
      0.12,
      0.18,
      0.24,
      0.3,
      0.36,
      0.42,
      0.48,
      0.54,
      0.6,
      0.66,
      0.72,
      0.78,
      0.84,
      0.9,
      0.96,
      1.02,
      1.08,
      1.14,
      1.2,
      1.26,
      1.32,
      1.38,
      1.44
    ],
    "SoftwareVersions": "5.1.7_5.1.7.0",
    "TaskName": "prf",
    "TotalReadoutTime": 0.01,
    "UsePhilipsFloatNotDisplayScaling": 1,
    "WaterFatShift": 47.938,
    "dataset": "ds002574",
    "modality": "bold",
    "run_id": 13,
    "session_id": "03",
    "subject_id": "01",
    "task_id": "prf"
  },
  "dummy_trs": 0,
  "dvars_nstd": 27.674023636470586,
  "dvars_std": 1.1772685946218493,
  "dvars_vstd": 1.0261925391596645,
  "efc": 0.4924898359226118,
  "fber": 5372.23681640625,
  "fd_mean": 0.0793190500485332,
  "fd_num": 1,
  "fd_perc": 0.8333333333333334,
  "fwhm_avg": 2.385610744688705,
  "fwhm_x": 2.27869,
  "fwhm_y": 2.300105,
  "fwhm_z": 2.578037234066116,
  "gcor": 0.0390686,
  "gsr_x": -0.012505234219133854,
  "gsr_y": 0.06472260504961014,
  "provenance": {
    "md5sum": "0893ab13d51e747d39d9dfefb8aea80b",
    "settings": {
      "fd_thres": 0.2,
      "testing": false
    },
    "software": "mriqc",
    "version": "22.0.6",
    "webapi_port": null,
    "webapi_url": "https://mriqc.nimh.nih.gov/api/v1"
  },
  "size_t": 120,
  "size_x": 112,
  "size_y": 112,
  "size_z": 60,
  "snr": 3.1423561916241542,
  "spacing_tr": 1.5,
  "spacing_x": 2.0,
  "spacing_y": 2.0,
  "spacing_z": 2.000002145767212,
  "summary_bg_k": 18.010355832603288,
  "summary_bg_mad": 2174.9510312171637,
  "summary_bg_mean": 10335.0380859375,
  "summary_bg_median": 2134.64990234375,
  "summary_bg_n": 529447.0,
  "summary_bg_p05": 320.7417297363283,
  "summary_bg_p95": 53771.73945312497,
  "summary_bg_stdv": 20935.853515625,
  "summary_fg_k": 0.6338752019752651,
  "summary_fg_mad": 45499.16829325938,
  "summary_fg_mean": 154579.78125,
  "summary_fg_median": 153054.90625,
  "summary_fg_n": 134662.0,
  "summary_fg_p05": 77665.797265625,
  "summary_fg_p95": 237244.1484375,
  "summary_fg_stdv": 48706.87109375,
  "tsnr": 58.58949279785156
}