{
  "aor": 0.0009454166666666668,
  "aqi": 0.0024741567499999995,
  "bids_meta": {
    "AcquisitionNumber": 26,
    "AcquisitionTime": "10:56:20.230000",
    "ConversionSoftware": "dcm2niix",
    "ConversionSoftwareVersion": "v1.0.20170818 (OpenJPEG build) GCC4.8.4",
    "DeviceSerialNumber": "00076",
    "EPIFactor": 55,
    "EchoTime": 0.022001,
    "EchoTrainLength": 53,
    "EffectiveEchoSpacing": 0.0008602736372914211,
    "FlipAngle": 62,
    "ImageType": [
      "ORIGINAL",
      "PRIMARY",
      "M",
      "FFE",
      "M",
      "FFE"
    ],
    "InstitutionAddress": "Amsterdam",
    "InstitutionName": "Spinoza_Centre",
    "MagneticFieldStrength": 7,
    "Manufacturer": "Philips",
    "ManufacturersModelName": "Achieva",
    "Modality": "MR",
    "MultibandAccelerationFactor": 2,
    "ParallelAcquisitionTechnique": "SENSE",
    "ParallelReductionFactorInPlane": 2.2,
    "PhaseEncodingDirection": "j",
    "PhaseEncodingLines": 110,
    "PhilipsRescaleIntercept": 0,
    "PhilipsRescaleSlope": 3.33748,
    "PhilipsScaleSlope": 0.00241987,
    "ProtocolName": "2.0_MB2_S2.0_TR1.5",
    "RepetitionTime": 1.5,
    "ScanningSequence": "GR",
    "SequenceVariant": "SK",
    "SeriesDescription": "2.0_MB2_S2.0_TR1.5",
    "SliceTiming": [
      0,
      0.06,
      0.12,
      0.18,
      0.24,
      0.3,
      0.36,
      0.42,
      0.48,
      0.54,
      0.6,
      0.66,
      0.72,
      0.78,
      0.84,
      0.9,
      0.96,
      1.02,
      1.08,
      1.14,
      1.2,
      1.26,
      1.32,
      1.38,
      1.44,
      0,
      0.06,
      0.12,
      0.18,
      0.24,
      0.3,
      0.36,
      0.42,
      0.48,
      0.54,
      0.6,
      0.66,
      0.72,
      0.78,
      0.84,
      0.9,
      0.96,
      1.02,
      1.08,
      1.14,
      1.2,
      1.26,
      1.32,
      1.38,
      1.44
    ],
    "SoftwareVersions": "5.1.7_5.1.7.0",
    "TaskName": "prf",
    "TotalReadoutTime": 0.01,
    "UsePhilipsFloatNotDisplayScaling": 1,
    "WaterFatShift": 47.938,
    "dataset": "ds002574",
    "modality": "bold",
    "run_id": 12,
    "session_id": "03",
    "subject_id": "01",
    "task_id": "prf"
  },
  "dummy_trs": 0,
  "dvars_nstd": 28.853532791092427,
  "dvars_std": 1.1552387136974793,
  "dvars_vstd": 0.9929184053781511,
  "efc": 0.4843510058005375,
  "fber": 13125.138671875,
  "fd_mean": 0.07770154783141568,
  "fd_num": 0,
  "fd_perc": 0.0,
  "fwhm_avg": 2.4172107353671453,
  "fwhm_x": 2.307705,
  "fwhm_y": 2.339825,
  "fwhm_z": 2.604102206101435,
  "gcor": 0.0213183,
  "gsr_x": -0.011495498940348625,
  "gsr_y": 0.06428913027048111,
  "provenance": {
    "md5sum": "bd25e8087f31a39cdea00c0867a873d4",
    "settings": {
      "fd_thres": 0.2,
      "testing": false
    },
    "software": "mriqc",
    "version": "22.0.6",
    "webapi_port": null,
    "webapi_url": "https://mriqc.nimh.nih.gov/api/v1"
  },
  "size_t": 120,
  "size_x": 112,
  "size_y": 112,
  "size_z": 60,
  "snr": 3.1039668659511475,
  "spacing_tr": 1.5,
  "spacing_x": 2.0,
  "spacing_y": 2.0,
  "spacing_z": 2.000002145767212,
  "summary_bg_k": 18.215235297451457,
  "summary_bg_mad": 1413.6123276590229,
  "summary_bg_mean": 7985.1708984375,
  "summary_bg_median": 1129.64892578125,
  "summary_bg_n": 529439.0,
  "summary_bg_p05": 13.516430187225346,
  "summary_bg_p95": 43963.0984375,
  "summary_bg_stdv": 17299.408203125,
  "summary_fg_k": 0.51816393267839,
  "summary_fg_mad": 38353.91747795945,
  "summary_fg_mean": 126517.6953125,
  "summary_fg_median": 125584.953125,
  "summary_fg_n": 134616.0,
  "summary_fg_p05": 62762.92578125,
  "summary_fg_p95": 194854.609375,
  "summary_fg_stdv": 40459.3515625,
  "tsnr": 60.28724670410156
}