{
  "aor": 0.0008470833333333333,
  "aqi": 0.0027084927499999994,
  "bids_meta": {
    "AcquisitionNumber": 18,
    "AcquisitionTime": "10:35:5.430000",
    "ConversionSoftware": "dcm2niix",
    "ConversionSoftwareVersion": "v1.0.20170818 (OpenJPEG build) GCC4.8.4",
    "DeviceSerialNumber": "00076",
    "EPIFactor": 55,
    "EchoTime": 0.022001,
    "EchoTrainLength": 53,
    "EffectiveEchoSpacing": 0.0008602736372914211,
    "FlipAngle": 62,
    "ImageType": [
      "ORIGINAL",
      "PRIMARY",
      "M",
      "FFE",
      "M",
      "FFE"
    ],
    "InstitutionAddress": "Amsterdam",
    "InstitutionName": "Spinoza_Centre",
    "MagneticFieldStrength": 7,
    "Manufacturer": "Philips",
    "ManufacturersModelName": "Achieva",
    "Modality": "MR",
    "MultibandAccelerationFactor": 2,
    "ParallelAcquisitionTechnique": "SENSE",
    "ParallelReductionFactorInPlane": 2.2,
    "PhaseEncodingDirection": "j",
    "PhaseEncodingLines": 110,
    "PhilipsRescaleIntercept": 0,
    "PhilipsRescaleSlope": 3.3956,
    "PhilipsScaleSlope": 0.00241054,
    "ProtocolName": "2.0_MB2_S2.0_TR1.5",
    "RepetitionTime": 1.5,
    "ScanningSequence": "GR",
    "SequenceVariant": "SK",
    "SeriesDescription": "2.0_MB2_S2.0_TR1.5",
    "SliceTiming": [
      0,
      0.06,
      0.12,
      0.18,
      0.24,
      0.3,
      0.36,
      0.42,
      0.48,
      0.54,
      0.6,
      0.66,
      0.72,
      0.78,
      0.84,
      0.9,
      0.96,
      1.02,
      1.08,
      1.14,
      1.2,
      1.26,
      1.32,
      1.38,
      1.44,
      0,
      0.06,
      0.12,
      0.18,
      0.24,
      0.3,
      0.36,
      0.42,
      0.48,
      0.54,
      0.6,
      0.66,
      0.72,
      0.78,
      0.84,
      0.9,
      0.96,
      1.02,
      1.08,
      1.14,
      1.2,
      1.26,
      1.32,
      1.38,
      1.44
    ],
    "SoftwareVersions": "5.1.7_5.1.7.0",
    "TaskName": "prf",
    "TotalReadoutTime": 0.01,
    "UsePhilipsFloatNotDisplayScaling": 1,
    "WaterFatShift": 47.938,
    "dataset": "ds002574",
    "modality": "bold",
    "run_id": 7,
    "session_id": "03",
    "subject_id": "01",
    "task_id": "prf"
  },
  "dummy_trs": 0,
  "dvars_nstd": 29.602061568403357,
  "dvars_std": 1.1501803439495801,
  "dvars_vstd": 0.9863073777310928,
  "efc": 0.48356944584533834,
  "fber": 13096.9619140625,
  "fd_mean": 0.07180326582120232,
  "fd_num": 0,
  "fd_perc": 0.0,
  "fwhm_avg": 2.413135735368933,
  "fwhm_x": 2.30176,
  "fwhm_y": 2.33355,
  "fwhm_z": 2.604097206106799,
  "gcor": 0.015367,
  "gsr_x": -0.011640409007668495,
  "gsr_y": 0.06351213157176971,
  "provenance": {
    "md5sum": "16ad52b7c794fc7abe1b48358c8333f2",
    "settings": {
      "fd_thres": 0.2,
      "testing": false
    },
    "software": "mriqc",
    "version": "22.0.6",
    "webapi_port": null,
    "webapi_url": "https://mriqc.nimh.nih.gov/api/v1"
  },
  "size_t": 120,
  "size_x": 112,
  "size_y": 112,
  "size_z": 60,
  "snr": 3.0972931888635955,
  "spacing_tr": 1.5,
  "spacing_x": 2.0,
  "spacing_y": 2.0,
  "spacing_z": 2.000002145767212,
  "summary_bg_k": 18.08217882724143,
  "summary_bg_mad": 1412.7416698681689,
  "summary_bg_mean": 7931.03125,
  "summary_bg_median": 1134.142822265625,
  "summary_bg_n": 529466.0,
  "summary_bg_p05": 15.976725816726685,
  "summary_bg_p95": 43707.7763671875,
  "summary_bg_stdv": 17164.66796875,
  "summary_fg_k": 0.49831075219737153,
  "summary_fg_mad": 38649.63291498724,
  "summary_fg_mean": 127015.109375,
  "summary_fg_median": 126194.828125,
  "summary_fg_n": 134604.0,
  "summary_fg_p05": 62453.148242187504,
  "summary_fg_p95": 195728.02734374994,
  "summary_fg_stdv": 40743.43359375,
  "tsnr": 58.21625900268555
}