{
  "aor": 0.0007945,
  "aqi": 0.0028848391666666667,
  "bids_meta": {
    "AcquisitionNumber": 20,
    "AcquisitionTime": "10:39:22.560000",
    "ConversionSoftware": "dcm2niix",
    "ConversionSoftwareVersion": "v1.0.20170818 (OpenJPEG build) GCC4.8.4",
    "DeviceSerialNumber": "00076",
    "EPIFactor": 55,
    "EchoTime": 0.022001,
    "EchoTrainLength": 53,
    "EffectiveEchoSpacing": 0.0008602736372914211,
    "FlipAngle": 62,
    "ImageType": [
      "ORIGINAL",
      "PRIMARY",
      "M",
      "FFE",
      "M",
      "FFE"
    ],
    "InstitutionAddress": "Amsterdam",
    "InstitutionName": "Spinoza_Centre",
    "MagneticFieldStrength": 7,
    "Manufacturer": "Philips",
    "ManufacturersModelName": "Achieva",
    "Modality": "MR",
    "MultibandAccelerationFactor": 2,
    "ParallelAcquisitionTechnique": "SENSE",
    "ParallelReductionFactorInPlane": 2.2,
    "PhaseEncodingDirection": "j",
    "PhaseEncodingLines": 110,
    "PhilipsRescaleIntercept": 0,
    "PhilipsRescaleSlope": 3.32186,
    "PhilipsScaleSlope": 0.00243173,
    "ProtocolName": "2.0_MB2_S2.0_TR1.5",
    "RepetitionTime": 1.5,
    "ScanningSequence": "GR",
    "SequenceVariant": "SK",
    "SeriesDescription": "2.0_MB2_S2.0_TR1.5",
    "SliceTiming": [
      0,
      0.06,
      0.12,
      0.18,
      0.24,
      0.3,
      0.36,
      0.42,
      0.48,
      0.54,
      0.6,
      0.66,
      0.72,
      0.78,
      0.84,
      0.9,
      0.96,
      1.02,
      1.08,
      1.14,
      1.2,
      1.26,
      1.32,
      1.38,
      1.44,
      0,
      0.06,
      0.12,
      0.18,
      0.24,
      0.3,
      0.36,
      0.42,
      0.48,
      0.54,
      0.6,
      0.66,
      0.72,
      0.78,
      0.84,
      0.9,
      0.96,
      1.02,
      1.08,
      1.14,
      1.2,
      1.26,
      1.32,
      1.38,
      1.44
    ],
    "SoftwareVersions": "5.1.7_5.1.7.0",
    "TaskName": "prf",
    "TotalReadoutTime": 0.01,
    "UsePhilipsFloatNotDisplayScaling": 1,
    "WaterFatShift": 47.938,
    "dataset": "ds002574",
    "modality": "bold",
    "run_id": 8,
    "session_id": "03",
    "subject_id": "01",
    "task_id": "prf"
  },
  "dummy_trs": 0,
  "dvars_nstd": 29.985647410252106,
  "dvars_std": 1.1544041994957985,
  "dvars_vstd": 0.982674653109244,
  "efc": 0.4841046002031666,
  "fber": 12314.455078125,
  "fd_mean": 0.07590718824725397,
  "fd_num": 0,
  "fd_perc": 0.0,
  "fwhm_avg": 2.412197402545219,
  "fwhm_x": 2.299535,
  "fwhm_y": 2.334385,
  "fwhm_z": 2.6026722076356568,
  "gcor": 0.016676,
  "gsr_x": -0.012072951532900333,
  "gsr_y": 0.06382640451192856,
  "provenance": {
    "md5sum": "75b3b043f0aa276536ad159bcb832f87",
    "settings": {
      "fd_thres": 0.2,
      "testing": false
    },
    "software": "mriqc",
    "version": "22.0.6",
    "webapi_port": null,
    "webapi_url": "https://mriqc.nimh.nih.gov/api/v1"
  },
  "size_t": 120,
  "size_x": 112,
  "size_y": 112,
  "size_z": 60,
  "snr": 3.1029948345999228,
  "spacing_tr": 1.5,
  "spacing_x": 2.0,
  "spacing_y": 2.0,
  "spacing_z": 2.000002145767212,
  "summary_bg_k": 18.010437082686728,
  "summary_bg_mad": 1438.0168524154856,
  "summary_bg_mean": 7910.6982421875,
  "summary_bg_median": 1160.7530517578125,
  "summary_bg_n": 529499.0,
  "summary_bg_p05": 17.25381965637207,
  "summary_bg_p95": 43489.53085937499,
  "summary_bg_stdv": 17050.599609375,
  "summary_fg_k": 0.5107888501060116,
  "summary_fg_mad": 38337.973712695595,
  "summary_fg_mean": 126216.2890625,
  "summary_fg_median": 125347.4453125,
  "summary_fg_n": 134506.0,
  "summary_fg_p05": 62484.2607421875,
  "summary_fg_p95": 194278.16015625,
  "summary_fg_stdv": 40395.484375,
  "tsnr": 57.21772766113281
}