{
  "aor": 0.0014075833333333334,
  "aqi": 0.0035846841666666665,
  "bids_meta": {
    "AcquisitionNumber": 7,
    "AcquisitionTime": "10:08:10.400000",
    "ConversionSoftware": "dcm2niix",
    "ConversionSoftwareVersion": "v1.0.20170818 (OpenJPEG build) GCC4.8.4",
    "DeviceSerialNumber": "00076",
    "EPIFactor": 55,
    "EchoTime": 0.022001,
    "EchoTrainLength": 53,
    "EffectiveEchoSpacing": 0.0008602736372914211,
    "FlipAngle": 62,
    "ImageType": [
      "ORIGINAL",
      "PRIMARY",
      "M",
      "FFE",
      "M",
      "FFE"
    ],
    "InstitutionAddress": "Amsterdam",
    "InstitutionName": "Spinoza_Centre",
    "MagneticFieldStrength": 7,
    "Manufacturer": "Philips",
    "ManufacturersModelName": "Achieva",
    "Modality": "MR",
    "MultibandAccelerationFactor": 2,
    "ParallelAcquisitionTechnique": "SENSE",
    "ParallelReductionFactorInPlane": 2.2,
    "PhaseEncodingDirection": "j",
    "PhaseEncodingLines": 110,
    "PhilipsRescaleIntercept": 0,
    "PhilipsRescaleSlope": 3.442,
    "PhilipsScaleSlope": 0.0024002,
    "ProtocolName": "2.0_MB2_S2.0_TR1.5",
    "RepetitionTime": 1.5,
    "ScanningSequence": "GR",
    "SequenceVariant": "SK",
    "SeriesDescription": "2.0_MB2_S2.0_TR1.5",
    "SliceTiming": [
      0,
      0.06,
      0.12,
      0.18,
      0.24,
      0.3,
      0.36,
      0.42,
      0.48,
      0.54,
      0.6,
      0.66,
      0.72,
      0.78,
      0.84,
      0.9,
      0.96,
      1.02,
      1.08,
      1.14,
      1.2,
      1.26,
      1.32,
      1.38,
      1.44,
      0,
      0.06,
      0.12,
      0.18,
      0.24,
      0.3,
      0.36,
      0.42,
      0.48,
      0.54,
      0.6,
      0.66,
      0.72,
      0.78,
      0.84,
      0.9,
      0.96,
      1.02,
      1.08,
      1.14,
      1.2,
      1.26,
      1.32,
      1.38,
      1.44
    ],
    "SoftwareVersions": "5.1.7_5.1.7.0",
    "TaskName": "prf",
    "TotalReadoutTime": 0.01,
    "UsePhilipsFloatNotDisplayScaling": 1,
    "WaterFatShift": 47.938,
    "dataset": "ds002574",
    "modality": "bold",
    "run_id": 3,
    "session_id": "03",
    "subject_id": "01",
    "task_id": "prf"
  },
  "dummy_trs": 0,
  "dvars_nstd": 32.03881997823529,
  "dvars_std": 1.1733816806722688,
  "dvars_vstd": 0.990745464705882,
  "efc": 0.4841943194593329,
  "fber": 12475.130859375,
  "fd_mean": 0.08962775345223044,
  "fd_num": 0,
  "fd_perc": 0.0,
  "fwhm_avg": 2.430107397030603,
  "fwhm_x": 2.31282,
  "fwhm_y": 2.35941,
  "fwhm_z": 2.6180921910918094,
  "gcor": 0.0182318,
  "gsr_x": -0.010991806164383888,
  "gsr_y": 0.06342517584562302,
  "provenance": {
    "md5sum": "67e4674bf5bce4d950e6060d6bcf8e57",
    "settings": {
      "fd_thres": 0.2,
      "testing": false
    },
    "software": "mriqc",
    "version": "22.0.6",
    "webapi_port": null,
    "webapi_url": "https://mriqc.nimh.nih.gov/api/v1"
  },
  "size_t": 120,
  "size_x": 112,
  "size_y": 112,
  "size_z": 60,
  "snr": 3.102713336475813,
  "spacing_tr": 1.5,
  "spacing_x": 2.0,
  "spacing_y": 2.0,
  "spacing_z": 2.000002145767212,
  "summary_bg_k": 19.240830232847976,
  "summary_bg_mad": 1458.2227597168228,
  "summary_bg_mean": 8007.43359375,
  "summary_bg_median": 1178.1279296875,
  "summary_bg_n": 528951.0,
  "summary_bg_p05": 35.68415641784668,
  "summary_bg_p95": 43976.806640625,
  "summary_bg_stdv": 17372.787109375,
  "summary_fg_k": 0.48197722024956713,
  "summary_fg_mad": 39123.14478993738,
  "summary_fg_mean": 128564.6171875,
  "summary_fg_median": 127717.921875,
  "summary_fg_n": 135224.0,
  "summary_fg_p05": 63487.010546875004,
  "summary_fg_p95": 198198.8765625,
  "summary_fg_stdv": 41163.1484375,
  "tsnr": 52.889137268066406
}