{
  "aor": 0.00104875,
  "aqi": 0.002631140083333333,
  "bids_meta": {
    "AcquisitionNumber": 11,
    "AcquisitionTime": "17:30:37.280000",
    "ConversionSoftware": "dcm2niix",
    "ConversionSoftwareVersion": "v1.0.20170818 (OpenJPEG build) GCC4.8.4",
    "DeviceSerialNumber": "00076",
    "EPIFactor": 55,
    "EchoTime": 0.022001,
    "EchoTrainLength": 53,
    "EffectiveEchoSpacing": 0.0008602736372914211,
    "FlipAngle": 62,
    "ImageType": [
      "ORIGINAL",
      "PRIMARY",
      "M",
      "FFE",
      "M",
      "FFE"
    ],
    "InstitutionAddress": "Amsterdam",
    "InstitutionName": "Spinoza_Centre",
    "MagneticFieldStrength": 7,
    "Manufacturer": "Philips",
    "ManufacturersModelName": "Achieva",
    "Modality": "MR",
    "MultibandAccelerationFactor": 2,
    "ParallelAcquisitionTechnique": "SENSE",
    "ParallelReductionFactorInPlane": 2.2,
    "PhaseEncodingDirection": "j",
    "PhaseEncodingLines": 110,
    "PhilipsRescaleIntercept": 0,
    "PhilipsRescaleSlope": 2.50183,
    "PhilipsScaleSlope": 0.00246594,
    "ProcedureStepDescription": "TK_PRF_CEREBELLUM",
    "ProtocolName": "2.0_MB2_S2.0_TR1.5",
    "RepetitionTime": 1.5,
    "ScanningSequence": "GR",
    "SequenceVariant": "SK",
    "SeriesDescription": "2.0_MB2_S2.0_TR1.5",
    "SliceTiming": [
      0,
      0.06,
      0.12,
      0.18,
      0.24,
      0.3,
      0.36,
      0.42,
      0.48,
      0.54,
      0.6,
      0.66,
      0.72,
      0.78,
      0.84,
      0.9,
      0.96,
      1.02,
      1.08,
      1.14,
      1.2,
      1.26,
      1.32,
      1.38,
      1.44,
      0,
      0.06,
      0.12,
      0.18,
      0.24,
      0.3,
      0.36,
      0.42,
      0.48,
      0.54,
      0.6,
      0.66,
      0.72,
      0.78,
      0.84,
      0.9,
      0.96,
      1.02,
      1.08,
      1.14,
      1.2,
      1.26,
      1.32,
      1.38,
      1.44
    ],
    "SoftwareVersions": "5.1.7_5.1.7.0",
    "TaskName": "prf",
    "TotalReadoutTime": 0.01,
    "UsePhilipsFloatNotDisplayScaling": 1,
    "WaterFatShift": 47.938,
    "dataset": "ds002574",
    "modality": "bold",
    "run_id": 4,
    "session_id": "03",
    "subject_id": "02",
    "task_id": "prf"
  },
  "dummy_trs": 0,
  "dvars_nstd": 31.593930220336137,
  "dvars_std": 1.1976081637815128,
  "dvars_vstd": 0.9873266073109238,
  "efc": 0.48805503430348807,
  "fber": 4543.931640625,
  "fd_mean": 0.0650968761073939,
  "fd_num": 0,
  "fd_perc": 0.0,
  "fwhm_avg": 2.4081324556376633,
  "fwhm_x": 2.23443,
  "fwhm_y": 2.34262,
  "fwhm_z": 2.647347366912991,
  "gcor": 0.0189866,
  "gsr_x": -0.018413806334137917,
  "gsr_y": 0.05861280858516693,
  "provenance": {
    "md5sum": "688beabcf2992631aeca9c3975498064",
    "settings": {
      "fd_thres": 0.2,
      "testing": false
    },
    "software": "mriqc",
    "version": "22.0.6",
    "webapi_port": null,
    "webapi_url": "https://mriqc.nimh.nih.gov/api/v1"
  },
  "size_t": 120,
  "size_x": 112,
  "size_y": 112,
  "size_z": 60,
  "snr": 2.678378858794158,
  "spacing_tr": 1.5,
  "spacing_x": 2.0,
  "spacing_y": 2.0,
  "spacing_z": 1.9999982118606567,
  "summary_bg_k": 18.32127179732267,
  "summary_bg_mad": 2496.1295550590394,
  "summary_bg_mean": 7758.9990234375,
  "summary_bg_median": 2039.0565185546875,
  "summary_bg_n": 512293.0,
  "summary_bg_p05": 153.11037597656252,
  "summary_bg_p95": 37551.56874999995,
  "summary_bg_stdv": 14094.5458984375,
  "summary_fg_k": 2.0686847014064424,
  "summary_fg_mad": 44070.89533808113,
  "summary_fg_mean": 141998.390625,
  "summary_fg_median": 137741.390625,
  "summary_fg_n": 142074.0,
  "summary_fg_p05": 68438.7109375,
  "summary_fg_p95": 231750.58046875003,
  "summary_fg_stdv": 51426.96875,
  "tsnr": 60.97166061401367
}