{
  "aor": 0.0008957500000000001,
  "aqi": 0.002703817333333333,
  "bids_meta": {
    "AcquisitionNumber": 10,
    "AcquisitionTime": "17:26:23.560000",
    "ConversionSoftware": "dcm2niix",
    "ConversionSoftwareVersion": "v1.0.20170818 (OpenJPEG build) GCC4.8.4",
    "DeviceSerialNumber": "00076",
    "EPIFactor": 55,
    "EchoTime": 0.022001,
    "EchoTrainLength": 53,
    "EffectiveEchoSpacing": 0.0008602736372914211,
    "FlipAngle": 62,
    "ImageType": [
      "ORIGINAL",
      "PRIMARY",
      "M",
      "FFE",
      "M",
      "FFE"
    ],
    "InstitutionAddress": "Amsterdam",
    "InstitutionName": "Spinoza_Centre",
    "MagneticFieldStrength": 7,
    "Manufacturer": "Philips",
    "ManufacturersModelName": "Achieva",
    "Modality": "MR",
    "MultibandAccelerationFactor": 2,
    "ParallelAcquisitionTechnique": "SENSE",
    "ParallelReductionFactorInPlane": 2.2,
    "PhaseEncodingDirection": "j",
    "PhaseEncodingLines": 110,
    "PhilipsRescaleIntercept": 0,
    "PhilipsRescaleSlope": 2.516,
    "PhilipsScaleSlope": 0.00244878,
    "ProcedureStepDescription": "TK_PRF_CEREBELLUM",
    "ProtocolName": "2.0_MB2_S2.0_TR1.5",
    "RepetitionTime": 1.5,
    "ScanningSequence": "GR",
    "SequenceVariant": "SK",
    "SeriesDescription": "2.0_MB2_S2.0_TR1.5",
    "SliceTiming": [
      0,
      0.06,
      0.12,
      0.18,
      0.24,
      0.3,
      0.36,
      0.42,
      0.48,
      0.54,
      0.6,
      0.66,
      0.72,
      0.78,
      0.84,
      0.9,
      0.96,
      1.02,
      1.08,
      1.14,
      1.2,
      1.26,
      1.32,
      1.38,
      1.44,
      0,
      0.06,
      0.12,
      0.18,
      0.24,
      0.3,
      0.36,
      0.42,
      0.48,
      0.54,
      0.6,
      0.66,
      0.72,
      0.78,
      0.84,
      0.9,
      0.96,
      1.02,
      1.08,
      1.14,
      1.2,
      1.26,
      1.32,
      1.38,
      1.44
    ],
    "SoftwareVersions": "5.1.7_5.1.7.0",
    "TaskName": "prf",
    "TotalReadoutTime": 0.01,
    "UsePhilipsFloatNotDisplayScaling": 1,
    "WaterFatShift": 47.938,
    "dataset": "ds002574",
    "modality": "bold",
    "run_id": 3,
    "session_id": "03",
    "subject_id": "02",
    "task_id": "prf"
  },
  "dummy_trs": 0,
  "dvars_nstd": 30.975115816134448,
  "dvars_std": 1.1754782953781509,
  "dvars_vstd": 0.9841194177310923,
  "efc": 0.487807796816862,
  "fber": 4522.66259765625,
  "fd_mean": 0.06130214937919823,
  "fd_num": 0,
  "fd_perc": 0.0,
  "fwhm_avg": 2.4101007898114233,
  "fwhm_x": 2.234645,
  "fwhm_y": 2.34549,
  "fwhm_z": 2.6501673694342696,
  "gcor": 0.0234914,
  "gsr_x": -0.018283450976014137,
  "gsr_y": 0.058727338910102844,
  "provenance": {
    "md5sum": "1b77b069f4843fb44a5d04d97fce0116",
    "settings": {
      "fd_thres": 0.2,
      "testing": false
    },
    "software": "mriqc",
    "version": "22.0.6",
    "webapi_port": null,
    "webapi_url": "https://mriqc.nimh.nih.gov/api/v1"
  },
  "size_t": 120,
  "size_x": 112,
  "size_y": 112,
  "size_z": 60,
  "snr": 2.677205994485726,
  "spacing_tr": 1.5,
  "spacing_x": 2.0,
  "spacing_y": 2.0,
  "spacing_z": 1.9999982118606567,
  "summary_bg_k": 18.53120288561214,
  "summary_bg_mad": 2523.463133154717,
  "summary_bg_mean": 7797.90771484375,
  "summary_bg_median": 2064.90869140625,
  "summary_bg_n": 512341.0,
  "summary_bg_p05": 166.45437622070312,
  "summary_bg_p95": 37679.265625,
  "summary_bg_stdv": 14178.9775390625,
  "summary_fg_k": 2.1201154846694363,
  "summary_fg_mad": 44333.72132980074,
  "summary_fg_mean": 143354.34375,
  "summary_fg_median": 138933.96875,
  "summary_fg_n": 142013.0,
  "summary_fg_p05": 69405.1859375,
  "summary_fg_p95": 234005.18749999997,
  "summary_fg_stdv": 51894.953125,
  "tsnr": 60.37937927246094
}