{
  "aor": 0.0008490833333333334,
  "aqi": 0.002916714333333333,
  "bids_meta": {
    "AcquisitionNumber": 13,
    "AcquisitionTime": "17:34:54.360000",
    "ConversionSoftware": "dcm2niix",
    "ConversionSoftwareVersion": "v1.0.20170818 (OpenJPEG build) GCC4.8.4",
    "DeviceSerialNumber": "00076",
    "EPIFactor": 55,
    "EchoTime": 0.022001,
    "EchoTrainLength": 53,
    "EffectiveEchoSpacing": 0.0008602736372914211,
    "FlipAngle": 62,
    "ImageType": [
      "ORIGINAL",
      "PRIMARY",
      "M",
      "FFE",
      "M",
      "FFE"
    ],
    "InstitutionAddress": "Amsterdam",
    "InstitutionName": "Spinoza_Centre",
    "MagneticFieldStrength": 7,
    "Manufacturer": "Philips",
    "ManufacturersModelName": "Achieva",
    "Modality": "MR",
    "MultibandAccelerationFactor": 2,
    "ParallelAcquisitionTechnique": "SENSE",
    "ParallelReductionFactorInPlane": 2.2,
    "PhaseEncodingDirection": "j",
    "PhaseEncodingLines": 110,
    "PhilipsRescaleIntercept": 0,
    "PhilipsRescaleSlope": 2.43834,
    "PhilipsScaleSlope": 0.00246051,
    "ProcedureStepDescription": "TK_PRF_CEREBELLUM",
    "ProtocolName": "2.0_MB2_S2.0_TR1.5",
    "RepetitionTime": 1.5,
    "ScanningSequence": "GR",
    "SequenceVariant": "SK",
    "SeriesDescription": "2.0_MB2_S2.0_TR1.5",
    "SliceTiming": [
      0,
      0.06,
      0.12,
      0.18,
      0.24,
      0.3,
      0.36,
      0.42,
      0.48,
      0.54,
      0.6,
      0.66,
      0.72,
      0.78,
      0.84,
      0.9,
      0.96,
      1.02,
      1.08,
      1.14,
      1.2,
      1.26,
      1.32,
      1.38,
      1.44,
      0,
      0.06,
      0.12,
      0.18,
      0.24,
      0.3,
      0.36,
      0.42,
      0.48,
      0.54,
      0.6,
      0.66,
      0.72,
      0.78,
      0.84,
      0.9,
      0.96,
      1.02,
      1.08,
      1.14,
      1.2,
      1.26,
      1.32,
      1.38,
      1.44
    ],
    "SoftwareVersions": "5.1.7_5.1.7.0",
    "TaskName": "prf",
    "TotalReadoutTime": 0.01,
    "UsePhilipsFloatNotDisplayScaling": 1,
    "WaterFatShift": 47.938,
    "dataset": "ds002574",
    "modality": "bold",
    "run_id": 5,
    "session_id": "03",
    "subject_id": "02",
    "task_id": "prf"
  },
  "dummy_trs": 0,
  "dvars_nstd": 32.04685948495797,
  "dvars_std": 1.182757612436974,
  "dvars_vstd": 0.9813745736134454,
  "efc": 0.4884998038937459,
  "fber": 4478.1416015625,
  "fd_mean": 0.06269457187680262,
  "fd_num": 0,
  "fd_perc": 0.0,
  "fwhm_avg": 2.40441412127913,
  "fwhm_x": 2.22941,
  "fwhm_y": 2.339925,
  "fwhm_z": 2.6439073638373887,
  "gcor": 0.0166978,
  "gsr_x": -0.018517082557082176,
  "gsr_y": 0.05868135765194893,
  "provenance": {
    "md5sum": "b2f8c4caa149888b041cc30265d52b41",
    "settings": {
      "fd_thres": 0.2,
      "testing": false
    },
    "software": "mriqc",
    "version": "22.0.6",
    "webapi_port": null,
    "webapi_url": "https://mriqc.nimh.nih.gov/api/v1"
  },
  "size_t": 120,
  "size_x": 112,
  "size_y": 112,
  "size_z": 60,
  "snr": 2.6780534014429644,
  "spacing_tr": 1.5,
  "spacing_x": 2.0,
  "spacing_y": 2.0,
  "spacing_z": 1.9999982118606567,
  "summary_bg_k": 17.843634902202105,
  "summary_bg_mad": 2513.3010097942324,
  "summary_bg_mean": 7789.8046875,
  "summary_bg_median": 2054.458984375,
  "summary_bg_n": 512146.0,
  "summary_bg_p05": 160.0679931640625,
  "summary_bg_p95": 37692.1259765625,
  "summary_bg_stdv": 14107.8623046875,
  "summary_fg_k": 2.0656187986095604,
  "summary_fg_mad": 43968.16722030045,
  "summary_fg_mean": 142053.296875,
  "summary_fg_median": 137873.578125,
  "summary_fg_n": 142237.0,
  "summary_fg_p05": 68081.8359375,
  "summary_fg_p95": 231896.16562499994,
  "summary_fg_stdv": 51482.578125,
  "tsnr": 58.09526443481445
}