{
  "aor": 0.0009643333333333332,
  "aqi": 0.002216558916666667,
  "bids_meta": {
    "AcquisitionNumber": 26,
    "AcquisitionTime": "18:18:28.810000",
    "ConversionSoftware": "dcm2niix",
    "ConversionSoftwareVersion": "v1.0.20170818 (OpenJPEG build) GCC4.8.4",
    "DeviceSerialNumber": "00076",
    "EPIFactor": 55,
    "EchoTime": 0.022001,
    "EchoTrainLength": 53,
    "EffectiveEchoSpacing": 0.0008602736372914211,
    "FlipAngle": 62,
    "ImageType": [
      "ORIGINAL",
      "PRIMARY",
      "M",
      "FFE",
      "M",
      "FFE"
    ],
    "InstitutionAddress": "Amsterdam",
    "InstitutionName": "Spinoza_Centre",
    "MagneticFieldStrength": 7,
    "Manufacturer": "Philips",
    "ManufacturersModelName": "Achieva",
    "Modality": "MR",
    "MultibandAccelerationFactor": 2,
    "ParallelAcquisitionTechnique": "SENSE",
    "ParallelReductionFactorInPlane": 2.2,
    "PhaseEncodingDirection": "j",
    "PhaseEncodingLines": 110,
    "PhilipsRescaleIntercept": 0,
    "PhilipsRescaleSlope": 2.56508,
    "PhilipsScaleSlope": 0.00245779,
    "ProcedureStepDescription": "TK_PRF_CEREBELLUM",
    "ProtocolName": "2.0_MB2_S2.0_TR1.5",
    "RepetitionTime": 1.5,
    "ScanningSequence": "GR",
    "SequenceVariant": "SK",
    "SeriesDescription": "2.0_MB2_S2.0_TR1.5",
    "SliceTiming": [
      0,
      0.06,
      0.12,
      0.18,
      0.24,
      0.3,
      0.36,
      0.42,
      0.48,
      0.54,
      0.6,
      0.66,
      0.72,
      0.78,
      0.84,
      0.9,
      0.96,
      1.02,
      1.08,
      1.14,
      1.2,
      1.26,
      1.32,
      1.38,
      1.44,
      0,
      0.06,
      0.12,
      0.18,
      0.24,
      0.3,
      0.36,
      0.42,
      0.48,
      0.54,
      0.6,
      0.66,
      0.72,
      0.78,
      0.84,
      0.9,
      0.96,
      1.02,
      1.08,
      1.14,
      1.2,
      1.26,
      1.32,
      1.38,
      1.44
    ],
    "SoftwareVersions": "5.1.7_5.1.7.0",
    "TaskName": "prf",
    "TotalReadoutTime": 0.01,
    "UsePhilipsFloatNotDisplayScaling": 1,
    "WaterFatShift": 47.938,
    "dataset": "ds002574",
    "modality": "bold",
    "run_id": 10,
    "session_id": "03",
    "subject_id": "02",
    "task_id": "prf"
  },
  "dummy_trs": 0,
  "dvars_nstd": 27.305684305714287,
  "dvars_std": 1.132396821932773,
  "dvars_vstd": 0.9855230858823527,
  "efc": 0.49244874059340815,
  "fber": 3824.680908203125,
  "fd_mean": 0.06575127346150385,
  "fd_num": 0,
  "fd_perc": 0.0,
  "fwhm_avg": 2.3878241143873367,
  "fwhm_x": 2.211225,
  "fwhm_y": 2.331465,
  "fwhm_z": 2.6207823431620088,
  "gcor": 0.0186924,
  "gsr_x": -0.020645271986722946,
  "gsr_y": 0.06310772895812988,
  "provenance": {
    "md5sum": "729b14e692b7f3d8620433c969d49658",
    "settings": {
      "fd_thres": 0.2,
      "testing": false
    },
    "software": "mriqc",
    "version": "22.0.6",
    "webapi_port": null,
    "webapi_url": "https://mriqc.nimh.nih.gov/api/v1"
  },
  "size_t": 120,
  "size_x": 112,
  "size_y": 112,
  "size_z": 60,
  "snr": 2.681880715599062,
  "spacing_tr": 1.5,
  "spacing_x": 2.0,
  "spacing_y": 2.0,
  "spacing_z": 1.9999982118606567,
  "summary_bg_k": 16.58699396726514,
  "summary_bg_mad": 2841.8823192616755,
  "summary_bg_mean": 8192.1494140625,
  "summary_bg_median": 2206.61181640625,
  "summary_bg_n": 512512.0,
  "summary_bg_p05": 47.37972545623779,
  "summary_bg_p95": 39219.782812499965,
  "summary_bg_stdv": 14608.875,
  "summary_fg_k": 2.0108541938980853,
  "summary_fg_mad": 43448.51514271424,
  "summary_fg_mean": 140682.578125,
  "summary_fg_median": 136613.515625,
  "summary_fg_n": 141869.0,
  "summary_fg_p05": 67268.0875,
  "summary_fg_p95": 229497.41875000004,
  "summary_fg_stdv": 50939.265625,
  "tsnr": 63.628387451171875
}