{
  "aor": 0.0010774166666666668,
  "aqi": 0.002969294333333333,
  "bids_meta": {
    "AcquisitionNumber": 8,
    "AcquisitionTime": "17:22:6.050000",
    "ConversionSoftware": "dcm2niix",
    "ConversionSoftwareVersion": "v1.0.20170818 (OpenJPEG build) GCC4.8.4",
    "DeviceSerialNumber": "00076",
    "EPIFactor": 55,
    "EchoTime": 0.022001,
    "EchoTrainLength": 53,
    "EffectiveEchoSpacing": 0.0008602736372914211,
    "FlipAngle": 62,
    "ImageType": [
      "ORIGINAL",
      "PRIMARY",
      "M",
      "FFE",
      "M",
      "FFE"
    ],
    "InstitutionAddress": "Amsterdam",
    "InstitutionName": "Spinoza_Centre",
    "MagneticFieldStrength": 7,
    "Manufacturer": "Philips",
    "ManufacturersModelName": "Achieva",
    "Modality": "MR",
    "MultibandAccelerationFactor": 2,
    "ParallelAcquisitionTechnique": "SENSE",
    "ParallelReductionFactorInPlane": 2.2,
    "PhaseEncodingDirection": "j",
    "PhaseEncodingLines": 110,
    "PhilipsRescaleIntercept": 0,
    "PhilipsRescaleSlope": 2.48523,
    "PhilipsScaleSlope": 0.00247196,
    "ProcedureStepDescription": "TK_PRF_CEREBELLUM",
    "ProtocolName": "2.0_MB2_S2.0_TR1.5",
    "RepetitionTime": 1.5,
    "ScanningSequence": "GR",
    "SequenceVariant": "SK",
    "SeriesDescription": "2.0_MB2_S2.0_TR1.5",
    "SliceTiming": [
      0,
      0.06,
      0.12,
      0.18,
      0.24,
      0.3,
      0.36,
      0.42,
      0.48,
      0.54,
      0.6,
      0.66,
      0.72,
      0.78,
      0.84,
      0.9,
      0.96,
      1.02,
      1.08,
      1.14,
      1.2,
      1.26,
      1.32,
      1.38,
      1.44,
      0,
      0.06,
      0.12,
      0.18,
      0.24,
      0.3,
      0.36,
      0.42,
      0.48,
      0.54,
      0.6,
      0.66,
      0.72,
      0.78,
      0.84,
      0.9,
      0.96,
      1.02,
      1.08,
      1.14,
      1.2,
      1.26,
      1.32,
      1.38,
      1.44
    ],
    "SoftwareVersions": "5.1.7_5.1.7.0",
    "TaskName": "prf",
    "TotalReadoutTime": 0.01,
    "UsePhilipsFloatNotDisplayScaling": 1,
    "WaterFatShift": 47.938,
    "dataset": "ds002574",
    "modality": "bold",
    "run_id": 2,
    "session_id": "03",
    "subject_id": "02",
    "task_id": "prf"
  },
  "dummy_trs": 0,
  "dvars_nstd": 29.766377857479004,
  "dvars_std": 1.1598735737815125,
  "dvars_vstd": 0.9821955158823531,
  "efc": 0.4873292525228457,
  "fber": 4595.833984375,
  "fd_mean": 0.06552249793301956,
  "fd_num": 0,
  "fd_perc": 0.0,
  "fwhm_avg": 2.423377461621975,
  "fwhm_x": 2.24279,
  "fwhm_y": 2.359915,
  "fwhm_z": 2.6674273848659262,
  "gcor": 0.0199829,
  "gsr_x": -0.018545765429735184,
  "gsr_y": 0.05875532701611519,
  "provenance": {
    "md5sum": "80088a38d9ca361b45a2b896539c96b1",
    "settings": {
      "fd_thres": 0.2,
      "testing": false
    },
    "software": "mriqc",
    "version": "22.0.6",
    "webapi_port": null,
    "webapi_url": "https://mriqc.nimh.nih.gov/api/v1"
  },
  "size_t": 120,
  "size_x": 112,
  "size_y": 112,
  "size_z": 60,
  "snr": 2.6769087502370166,
  "spacing_tr": 1.5,
  "spacing_x": 2.0,
  "spacing_y": 2.0,
  "spacing_z": 1.9999982118606567,
  "summary_bg_k": 18.611822928601853,
  "summary_bg_mad": 2478.3690048378558,
  "summary_bg_mean": 7676.26904296875,
  "summary_bg_median": 2030.5458984375,
  "summary_bg_n": 512233.0,
  "summary_bg_p05": 178.9937530517578,
  "summary_bg_p95": 36975.153124999946,
  "summary_bg_stdv": 13962.8310546875,
  "summary_fg_k": 2.088315310503991,
  "summary_fg_mad": 44187.33173496806,
  "summary_fg_mean": 142381.515625,
  "summary_fg_median": 138038.234375,
  "summary_fg_n": 142048.0,
  "summary_fg_p05": 68763.513671875,
  "summary_fg_p95": 232606.65859374983,
  "summary_fg_stdv": 51566.1015625,
  "tsnr": 57.66925048828125
}