{
  "aor": 0.0014229999999999998,
  "aqi": 0.002706253,
  "bids_meta": {
    "AcquisitionNumber": 5,
    "AcquisitionTime": "17:01:5.440000",
    "ConversionSoftware": "dcm2niix",
    "ConversionSoftwareVersion": "v1.0.20170818 (OpenJPEG build) GCC4.8.4",
    "DeviceSerialNumber": "00076",
    "EPIFactor": 55,
    "EchoTime": 0.022001,
    "EchoTrainLength": 53,
    "EffectiveEchoSpacing": 0.0008602736372914211,
    "FlipAngle": 62,
    "ImageType": [
      "ORIGINAL",
      "PRIMARY",
      "M",
      "FFE",
      "M",
      "FFE"
    ],
    "InstitutionAddress": "Amsterdam",
    "InstitutionName": "Spinoza_Centre",
    "MagneticFieldStrength": 7,
    "Manufacturer": "Philips",
    "ManufacturersModelName": "Achieva",
    "Modality": "MR",
    "MultibandAccelerationFactor": 2,
    "ParallelAcquisitionTechnique": "SENSE",
    "ParallelReductionFactorInPlane": 2.2,
    "PhaseEncodingDirection": "j",
    "PhaseEncodingLines": 110,
    "PhilipsRescaleIntercept": 0,
    "PhilipsRescaleSlope": 2.44982,
    "PhilipsScaleSlope": 0.00245506,
    "ProcedureStepDescription": "TK_PRF_CEREBELLUM",
    "ProtocolName": "2.0_MB2_S2.0_TR1.5",
    "RepetitionTime": 1.5,
    "ScanningSequence": "GR",
    "SequenceVariant": "SK",
    "SeriesDescription": "2.0_MB2_S2.0_TR1.5",
    "SliceTiming": [
      0,
      0.06,
      0.12,
      0.18,
      0.24,
      0.3,
      0.36,
      0.42,
      0.48,
      0.54,
      0.6,
      0.66,
      0.72,
      0.78,
      0.84,
      0.9,
      0.96,
      1.02,
      1.08,
      1.14,
      1.2,
      1.26,
      1.32,
      1.38,
      1.44,
      0,
      0.06,
      0.12,
      0.18,
      0.24,
      0.3,
      0.36,
      0.42,
      0.48,
      0.54,
      0.6,
      0.66,
      0.72,
      0.78,
      0.84,
      0.9,
      0.96,
      1.02,
      1.08,
      1.14,
      1.2,
      1.26,
      1.32,
      1.38,
      1.44
    ],
    "SoftwareVersions": "5.1.7_5.1.7.0",
    "TaskName": "prf",
    "TotalReadoutTime": 0.01,
    "UsePhilipsFloatNotDisplayScaling": 1,
    "WaterFatShift": 47.938,
    "dataset": "ds002574",
    "modality": "bold",
    "run_id": 1,
    "session_id": "03",
    "subject_id": "02",
    "task_id": "prf"
  },
  "dummy_trs": 0,
  "dvars_nstd": 31.190977048571437,
  "dvars_std": 1.173158569747899,
  "dvars_vstd": 0.9882818582352939,
  "efc": 0.48751979675673435,
  "fber": 4400.25341796875,
  "fd_mean": 0.07443541150719271,
  "fd_num": 0,
  "fd_perc": 0.0,
  "fwhm_avg": 2.4240724621405363,
  "fwhm_x": 2.237965,
  "fwhm_y": 2.365085,
  "fwhm_z": 2.669167386421609,
  "gcor": 0.0217104,
  "gsr_x": -0.019015392288565636,
  "gsr_y": 0.060709815472364426,
  "provenance": {
    "md5sum": "3661a080d31f52d27e7f06a8d7cc6a61",
    "settings": {
      "fd_thres": 0.2,
      "testing": false
    },
    "software": "mriqc",
    "version": "22.0.6",
    "webapi_port": null,
    "webapi_url": "https://mriqc.nimh.nih.gov/api/v1"
  },
  "size_t": 120,
  "size_x": 112,
  "size_y": 112,
  "size_z": 60,
  "snr": 2.668656518785289,
  "spacing_tr": 1.5,
  "spacing_x": 2.0,
  "spacing_y": 2.0,
  "spacing_z": 1.9999982118606567,
  "summary_bg_k": 19.820486166897574,
  "summary_bg_mad": 2564.3044626151877,
  "summary_bg_mean": 7768.2275390625,
  "summary_bg_median": 2103.568115234375,
  "summary_bg_n": 511665.0,
  "summary_bg_p05": 182.22820434570315,
  "summary_bg_p95": 36803.681249999994,
  "summary_bg_stdv": 14157.0185546875,
  "summary_fg_k": 2.0678910796103684,
  "summary_fg_mad": 44648.3109880399,
  "summary_fg_mean": 144156.921875,
  "summary_fg_median": 139603.5,
  "summary_fg_n": 142452.0,
  "summary_fg_p05": 69365.4109375,
  "summary_fg_p95": 235199.05624999964,
  "summary_fg_stdv": 52312.09375,
  "tsnr": 58.28868103027344
}