{
  "aor": 0.0012589166666666664,
  "aqi": 0.00261865625,
  "bids_meta": {
    "AcquisitionNumber": 23,
    "AcquisitionTime": "18:09:37.610000",
    "ConversionSoftware": "dcm2niix",
    "ConversionSoftwareVersion": "v1.0.20170818 (OpenJPEG build) GCC4.8.4",
    "DeviceSerialNumber": "00076",
    "EPIFactor": 55,
    "EchoTime": 0.022001,
    "EchoTrainLength": 53,
    "EffectiveEchoSpacing": 0.0008602736372914211,
    "FlipAngle": 62,
    "ImageType": [
      "ORIGINAL",
      "PRIMARY",
      "M",
      "FFE",
      "M",
      "FFE"
    ],
    "InstitutionAddress": "Amsterdam",
    "InstitutionName": "Spinoza_Centre",
    "MagneticFieldStrength": 7,
    "Manufacturer": "Philips",
    "ManufacturersModelName": "Achieva",
    "Modality": "MR",
    "MultibandAccelerationFactor": 2,
    "ParallelAcquisitionTechnique": "SENSE",
    "ParallelReductionFactorInPlane": 2.2,
    "PhaseEncodingDirection": "j",
    "PhaseEncodingLines": 110,
    "PhilipsRescaleIntercept": 0,
    "PhilipsRescaleSlope": 2.65177,
    "PhilipsScaleSlope": 0.00244401,
    "ProcedureStepDescription": "TK_PRF_CEREBELLUM",
    "ProtocolName": "2.0_MB2_S2.0_TR1.5",
    "RepetitionTime": 1.5,
    "ScanningSequence": "GR",
    "SequenceVariant": "SK",
    "SeriesDescription": "2.0_MB2_S2.0_TR1.5",
    "SliceTiming": [
      0,
      0.06,
      0.12,
      0.18,
      0.24,
      0.3,
      0.36,
      0.42,
      0.48,
      0.54,
      0.6,
      0.66,
      0.72,
      0.78,
      0.84,
      0.9,
      0.96,
      1.02,
      1.08,
      1.14,
      1.2,
      1.26,
      1.32,
      1.38,
      1.44,
      0,
      0.06,
      0.12,
      0.18,
      0.24,
      0.3,
      0.36,
      0.42,
      0.48,
      0.54,
      0.6,
      0.66,
      0.72,
      0.78,
      0.84,
      0.9,
      0.96,
      1.02,
      1.08,
      1.14,
      1.2,
      1.26,
      1.32,
      1.38,
      1.44
    ],
    "SoftwareVersions": "5.1.7_5.1.7.0",
    "TaskName": "prf",
    "TotalReadoutTime": 0.01,
    "UsePhilipsFloatNotDisplayScaling": 1,
    "WaterFatShift": 47.938,
    "dataset": "ds002574",
    "modality": "bold",
    "run_id": 8,
    "session_id": "03",
    "subject_id": "02",
    "task_id": "prf"
  },
  "dummy_trs": 0,
  "dvars_nstd": 27.44406317008403,
  "dvars_std": 1.1234312599999998,
  "dvars_vstd": 0.9848844208403359,
  "efc": 0.4917420090767084,
  "fber": 3971.15625,
  "fd_mean": 0.06942197880694068,
  "fd_num": 0,
  "fd_perc": 0.0,
  "fwhm_avg": 2.3914207812372874,
  "fwhm_x": 2.21953,
  "fwhm_y": 2.333335,
  "fwhm_z": 2.6213973437118625,
  "gcor": 0.0117343,
  "gsr_x": -0.021283216774463654,
  "gsr_y": 0.06347214430570602,
  "provenance": {
    "md5sum": "33d58dd7b150632b6af7ee26d130f158",
    "settings": {
      "fd_thres": 0.2,
      "testing": false
    },
    "software": "mriqc",
    "version": "22.0.6",
    "webapi_port": null,
    "webapi_url": "https://mriqc.nimh.nih.gov/api/v1"
  },
  "size_t": 120,
  "size_x": 112,
  "size_y": 112,
  "size_z": 60,
  "snr": 2.678350544999772,
  "spacing_tr": 1.5,
  "spacing_x": 2.0,
  "spacing_y": 2.0,
  "spacing_z": 1.9999982118606567,
  "summary_bg_k": 16.47474777939415,
  "summary_bg_mad": 2675.483046553368,
  "summary_bg_mean": 7725.54638671875,
  "summary_bg_median": 2057.618408203125,
  "summary_bg_n": 512556.0,
  "summary_bg_p05": 42.02824592590332,
  "summary_bg_p95": 37038.119140625,
  "summary_bg_stdv": 13787.40234375,
  "summary_fg_k": 2.0339687553709753,
  "summary_fg_mad": 41465.57521536741,
  "summary_fg_mean": 133633.171875,
  "summary_fg_median": 129684.296875,
  "summary_fg_n": 141836.0,
  "summary_fg_p05": 64123.494140625,
  "summary_fg_p95": 218216.0390625,
  "summary_fg_stdv": 48419.29296875,
  "tsnr": 59.201969146728516
}