{
  "aor": 0.0008915833333333332,
  "aqi": 0.002588419916666667,
  "bids_meta": {
    "AcquisitionNumber": 24,
    "AcquisitionTime": "18:14:11.670000",
    "ConversionSoftware": "dcm2niix",
    "ConversionSoftwareVersion": "v1.0.20170818 (OpenJPEG build) GCC4.8.4",
    "DeviceSerialNumber": "00076",
    "EPIFactor": 55,
    "EchoTime": 0.022001,
    "EchoTrainLength": 53,
    "EffectiveEchoSpacing": 0.0008602736372914211,
    "FlipAngle": 62,
    "ImageType": [
      "ORIGINAL",
      "PRIMARY",
      "M",
      "FFE",
      "M",
      "FFE"
    ],
    "InstitutionAddress": "Amsterdam",
    "InstitutionName": "Spinoza_Centre",
    "MagneticFieldStrength": 7,
    "Manufacturer": "Philips",
    "ManufacturersModelName": "Achieva",
    "Modality": "MR",
    "MultibandAccelerationFactor": 2,
    "ParallelAcquisitionTechnique": "SENSE",
    "ParallelReductionFactorInPlane": 2.2,
    "PhaseEncodingDirection": "j",
    "PhaseEncodingLines": 110,
    "PhilipsRescaleIntercept": 0,
    "PhilipsRescaleSlope": 2.49866,
    "PhilipsScaleSlope": 0.0024694,
    "ProcedureStepDescription": "TK_PRF_CEREBELLUM",
    "ProtocolName": "2.0_MB2_S2.0_TR1.5",
    "RepetitionTime": 1.5,
    "ScanningSequence": "GR",
    "SequenceVariant": "SK",
    "SeriesDescription": "2.0_MB2_S2.0_TR1.5",
    "SliceTiming": [
      0,
      0.06,
      0.12,
      0.18,
      0.24,
      0.3,
      0.36,
      0.42,
      0.48,
      0.54,
      0.6,
      0.66,
      0.72,
      0.78,
      0.84,
      0.9,
      0.96,
      1.02,
      1.08,
      1.14,
      1.2,
      1.26,
      1.32,
      1.38,
      1.44,
      0,
      0.06,
      0.12,
      0.18,
      0.24,
      0.3,
      0.36,
      0.42,
      0.48,
      0.54,
      0.6,
      0.66,
      0.72,
      0.78,
      0.84,
      0.9,
      0.96,
      1.02,
      1.08,
      1.14,
      1.2,
      1.26,
      1.32,
      1.38,
      1.44
    ],
    "SoftwareVersions": "5.1.7_5.1.7.0",
    "TaskName": "prf",
    "TotalReadoutTime": 0.01,
    "UsePhilipsFloatNotDisplayScaling": 1,
    "WaterFatShift": 47.938,
    "dataset": "ds002574",
    "modality": "bold",
    "run_id": 9,
    "session_id": "03",
    "subject_id": "02",
    "task_id": "prf"
  },
  "dummy_trs": 0,
  "dvars_nstd": 28.52374075277311,
  "dvars_std": 1.1231053236974795,
  "dvars_vstd": 0.9804403221008399,
  "efc": 0.4922182240808103,
  "fber": 3674.55810546875,
  "fd_mean": 0.07121145594650113,
  "fd_num": 0,
  "fd_perc": 0.0,
  "fwhm_avg": 2.4007007849417192,
  "fwhm_x": 2.227345,
  "fwhm_y": 2.34093,
  "fwhm_z": 2.6338273548251583,
  "gcor": 0.0139515,
  "gsr_x": -0.02075958624482155,
  "gsr_y": 0.06299684941768646,
  "provenance": {
    "md5sum": "27c766ad8e25672ef49e042701b33241",
    "settings": {
      "fd_thres": 0.2,
      "testing": false
    },
    "software": "mriqc",
    "version": "22.0.6",
    "webapi_port": null,
    "webapi_url": "https://mriqc.nimh.nih.gov/api/v1"
  },
  "size_t": 120,
  "size_x": 112,
  "size_y": 112,
  "size_z": 60,
  "snr": 2.6716638962200845,
  "spacing_tr": 1.5,
  "spacing_x": 2.0,
  "spacing_y": 2.0,
  "spacing_z": 1.9999982118606567,
  "summary_bg_k": 16.921797438685353,
  "summary_bg_mad": 2847.91493755988,
  "summary_bg_mean": 8106.6259765625,
  "summary_bg_median": 2236.8505859375,
  "summary_bg_n": 512573.0,
  "summary_bg_p05": 55.320044708251984,
  "summary_bg_p95": 38456.16796874998,
  "summary_bg_stdv": 14364.216796875,
  "summary_fg_k": 2.0305841634813637,
  "summary_fg_mad": 43417.40366178528,
  "summary_fg_mean": 139863.484375,
  "summary_fg_median": 135746.34375,
  "summary_fg_n": 141769.0,
  "summary_fg_p05": 66886.6078125,
  "summary_fg_p95": 228307.934375,
  "summary_fg_stdv": 50809.484375,
  "tsnr": 59.11909103393555
}