{
  "aor": 0.00150475,
  "aqi": 0.003467065583333333,
  "bids_meta": {
    "AcquisitionNumber": 19,
    "AcquisitionTime": "18:01:27.500000",
    "ConversionSoftware": "dcm2niix",
    "ConversionSoftwareVersion": "v1.0.20170818 (OpenJPEG build) GCC4.8.4",
    "DeviceSerialNumber": "00076",
    "EPIFactor": 55,
    "EchoTime": 0.022001,
    "EchoTrainLength": 53,
    "EffectiveEchoSpacing": 0.0008602736372914211,
    "FlipAngle": 62,
    "ImageType": [
      "ORIGINAL",
      "PRIMARY",
      "M",
      "FFE",
      "M",
      "FFE"
    ],
    "InstitutionAddress": "Amsterdam",
    "InstitutionName": "Spinoza_Centre",
    "MagneticFieldStrength": 7,
    "Manufacturer": "Philips",
    "ManufacturersModelName": "Achieva",
    "Modality": "MR",
    "MultibandAccelerationFactor": 2,
    "ParallelAcquisitionTechnique": "SENSE",
    "ParallelReductionFactorInPlane": 2.2,
    "PhaseEncodingDirection": "j",
    "PhaseEncodingLines": 110,
    "PhilipsRescaleIntercept": 0,
    "PhilipsRescaleSlope": 2.72234,
    "PhilipsScaleSlope": 0.00244211,
    "ProcedureStepDescription": "TK_PRF_CEREBELLUM",
    "ProtocolName": "2.0_MB2_S2.0_TR1.5",
    "RepetitionTime": 1.5,
    "ScanningSequence": "GR",
    "SequenceVariant": "SK",
    "SeriesDescription": "2.0_MB2_S2.0_TR1.5",
    "SliceTiming": [
      0,
      0.06,
      0.12,
      0.18,
      0.24,
      0.3,
      0.36,
      0.42,
      0.48,
      0.54,
      0.6,
      0.66,
      0.72,
      0.78,
      0.84,
      0.9,
      0.96,
      1.02,
      1.08,
      1.14,
      1.2,
      1.26,
      1.32,
      1.38,
      1.44,
      0,
      0.06,
      0.12,
      0.18,
      0.24,
      0.3,
      0.36,
      0.42,
      0.48,
      0.54,
      0.6,
      0.66,
      0.72,
      0.78,
      0.84,
      0.9,
      0.96,
      1.02,
      1.08,
      1.14,
      1.2,
      1.26,
      1.32,
      1.38,
      1.44
    ],
    "SoftwareVersions": "5.1.7_5.1.7.0",
    "TaskName": "prf",
    "TotalReadoutTime": 0.01,
    "UsePhilipsFloatNotDisplayScaling": 1,
    "WaterFatShift": 47.938,
    "dataset": "ds002574",
    "modality": "bold",
    "run_id": 7,
    "session_id": "03",
    "subject_id": "02",
    "task_id": "prf"
  },
  "dummy_trs": 0,
  "dvars_nstd": 29.83581600638654,
  "dvars_std": 1.1389390621848738,
  "dvars_vstd": 0.9846984063865549,
  "efc": 0.49224110103532653,
  "fber": 3627.209228515625,
  "fd_mean": 0.06953427601993663,
  "fd_num": 0,
  "fd_perc": 0.0,
  "fwhm_avg": 2.4010674522148636,
  "fwhm_x": 2.226375,
  "fwhm_y": 2.340965,
  "fwhm_z": 2.6358623566445916,
  "gcor": 0.016627,
  "gsr_x": -0.020369643345475197,
  "gsr_y": 0.06256376951932907,
  "provenance": {
    "md5sum": "57cc7c628fc088a3bfb728483a480ecd",
    "settings": {
      "fd_thres": 0.2,
      "testing": false
    },
    "software": "mriqc",
    "version": "22.0.6",
    "webapi_port": null,
    "webapi_url": "https://mriqc.nimh.nih.gov/api/v1"
  },
  "size_t": 120,
  "size_x": 112,
  "size_y": 112,
  "size_z": 60,
  "snr": 2.679190152266673,
  "spacing_tr": 1.5,
  "spacing_x": 2.0,
  "spacing_y": 2.0,
  "spacing_z": 1.9999982118606567,
  "summary_bg_k": 16.894488454226437,
  "summary_bg_mad": 2738.64109569307,
  "summary_bg_mean": 7722.7919921875,
  "summary_bg_median": 2146.3818359375,
  "summary_bg_n": 512694.0,
  "summary_bg_p05": 46.522149848937985,
  "summary_bg_p95": 36575.28671874997,
  "summary_bg_stdv": 13651.470703125,
  "summary_fg_k": 2.0341788929390097,
  "summary_fg_mad": 41281.43138669708,
  "summary_fg_mean": 133485.984375,
  "summary_fg_median": 129457.125,
  "summary_fg_n": 141662.0,
  "summary_fg_p05": 64115.48515625,
  "summary_fg_p95": 217734.6328124998,
  "summary_fg_stdv": 48319.328125,
  "tsnr": 53.26105880737305
}