{
  "aor": 0.0006929166666666667,
  "aqi": 0.007387266166666667,
  "bids_meta": {
    "AcquisitionNumber": 12,
    "AcquisitionTime": "12:26:44.590000",
    "ConversionSoftware": "dcm2niix",
    "ConversionSoftwareVersion": "v1.0.20170818 (OpenJPEG build) GCC4.8.4",
    "DeviceSerialNumber": "00076",
    "EPIFactor": 55,
    "EchoTime": 0.025995,
    "EchoTrainLength": 55,
    "EffectiveEchoSpacing": 0.0008602736372914211,
    "FlipAngle": 62,
    "ImageType": [
      "ORIGINAL",
      "PRIMARY",
      "M",
      "FFE",
      "M",
      "FFE"
    ],
    "InstitutionAddress": "Amsterdam",
    "InstitutionName": "Spinoza_Centre",
    "MagneticFieldStrength": 7,
    "Manufacturer": "Philips",
    "ManufacturersModelName": "Achieva",
    "Modality": "MR",
    "MultibandAccelerationFactor": 2,
    "ParallelAcquisitionTechnique": "SENSE",
    "ParallelReductionFactorInPlane": 2.2,
    "PhaseEncodingDirection": "j",
    "PhaseEncodingLines": 110,
    "PhilipsRescaleIntercept": 0,
    "PhilipsRescaleSlope": 4.66789,
    "PhilipsScaleSlope": 0.00288961,
    "ProcedureStepDescription": "TK_CB_prf1",
    "ProtocolName": "MB2",
    "RepetitionTime": 1.5,
    "ScanningSequence": "GR",
    "SequenceVariant": "SK",
    "SeriesDescription": "MB2",
    "SliceTiming": [
      0,
      0.06,
      0.12,
      0.18,
      0.24,
      0.3,
      0.36,
      0.42,
      0.48,
      0.54,
      0.6,
      0.66,
      0.72,
      0.78,
      0.84,
      0.9,
      0.96,
      1.02,
      1.08,
      1.14,
      1.2,
      1.26,
      1.32,
      1.38,
      1.44,
      0,
      0.06,
      0.12,
      0.18,
      0.24,
      0.3,
      0.36,
      0.42,
      0.48,
      0.54,
      0.6,
      0.66,
      0.72,
      0.78,
      0.84,
      0.9,
      0.96,
      1.02,
      1.08,
      1.14,
      1.2,
      1.26,
      1.32,
      1.38,
      1.44
    ],
    "SoftwareVersions": "5.1.7_5.1.7.0",
    "TaskName": "prf",
    "TotalReadoutTime": 0.01,
    "UsePhilipsFloatNotDisplayScaling": 1,
    "WaterFatShift": 47.938,
    "dataset": "ds002574",
    "modality": "bold",
    "run_id": 5,
    "session_id": "01",
    "subject_id": "02",
    "task_id": "prf"
  },
  "dummy_trs": 0,
  "dvars_nstd": 48.6935851157983,
  "dvars_std": 1.0851416010924375,
  "dvars_vstd": 0.97731426,
  "efc": 0.5276154391253981,
  "fber": 2026.0386962890625,
  "fd_mean": 0.08347253203845784,
  "fd_num": 0,
  "fd_perc": 0.0,
  "fwhm_avg": 2.352990770754673,
  "fwhm_x": 2.3194432000000003,
  "fwhm_y": 2.2071104,
  "fwhm_z": 2.5324187122640205,
  "gcor": 0.00950741,
  "gsr_x": -0.019907860085368156,
  "gsr_y": 0.06525367498397827,
  "provenance": {
    "md5sum": "120a19a63c4a48a1f829e917e502988a",
    "settings": {
      "fd_thres": 0.2,
      "testing": false
    },
    "software": "mriqc",
    "version": "22.0.6",
    "webapi_port": null,
    "webapi_url": "https://mriqc.nimh.nih.gov/api/v1"
  },
  "size_t": 120,
  "size_x": 128,
  "size_y": 128,
  "size_z": 50,
  "snr": 2.5224138991209775,
  "spacing_tr": 1.5,
  "spacing_x": 1.5625,
  "spacing_y": 1.5625,
  "spacing_z": 1.600000023841858,
  "summary_bg_k": 10.807458773186704,
  "summary_bg_mad": 1885.5467461765347,
  "summary_bg_mean": 4412.36474609375,
  "summary_bg_median": 1314.87158203125,
  "summary_bg_n": 541108.0,
  "summary_bg_p05": 14.493126583099368,
  "summary_bg_p95": 19449.481249999993,
  "summary_bg_stdv": 7050.63671875,
  "summary_fg_k": 2.410514865533158,
  "summary_fg_mad": 19184.21248616206,
  "summary_fg_mean": 60602.40234375,
  "summary_fg_median": 58107.78515625,
  "summary_fg_n": 178373.0,
  "summary_fg_p05": 28899.410546875002,
  "summary_fg_p95": 102871.9078125,
  "summary_fg_stdv": 23036.513671875,
  "tsnr": 31.981689453125
}