{
  "aor": 0.0007740833333333333,
  "aqi": 0.007233012416666668,
  "bids_meta": {
    "AcquisitionNumber": 10,
    "AcquisitionTime": "12:21:52.270000",
    "ConversionSoftware": "dcm2niix",
    "ConversionSoftwareVersion": "v1.0.20170818 (OpenJPEG build) GCC4.8.4",
    "DeviceSerialNumber": "00076",
    "EPIFactor": 55,
    "EchoTime": 0.025995,
    "EchoTrainLength": 55,
    "EffectiveEchoSpacing": 0.0008602736372914211,
    "FlipAngle": 62,
    "ImageType": [
      "ORIGINAL",
      "PRIMARY",
      "M",
      "FFE",
      "M",
      "FFE"
    ],
    "InstitutionAddress": "Amsterdam",
    "InstitutionName": "Spinoza_Centre",
    "MagneticFieldStrength": 7,
    "Manufacturer": "Philips",
    "ManufacturersModelName": "Achieva",
    "Modality": "MR",
    "MultibandAccelerationFactor": 2,
    "ParallelAcquisitionTechnique": "SENSE",
    "ParallelReductionFactorInPlane": 2.2,
    "PhaseEncodingDirection": "j",
    "PhaseEncodingLines": 110,
    "PhilipsRescaleIntercept": 0,
    "PhilipsRescaleSlope": 4.63639,
    "PhilipsScaleSlope": 0.00287909,
    "ProcedureStepDescription": "TK_CB_prf1",
    "ProtocolName": "MB2",
    "RepetitionTime": 1.5,
    "ScanningSequence": "GR",
    "SequenceVariant": "SK",
    "SeriesDescription": "MB2",
    "SliceTiming": [
      0,
      0.06,
      0.12,
      0.18,
      0.24,
      0.3,
      0.36,
      0.42,
      0.48,
      0.54,
      0.6,
      0.66,
      0.72,
      0.78,
      0.84,
      0.9,
      0.96,
      1.02,
      1.08,
      1.14,
      1.2,
      1.26,
      1.32,
      1.38,
      1.44,
      0,
      0.06,
      0.12,
      0.18,
      0.24,
      0.3,
      0.36,
      0.42,
      0.48,
      0.54,
      0.6,
      0.66,
      0.72,
      0.78,
      0.84,
      0.9,
      0.96,
      1.02,
      1.08,
      1.14,
      1.2,
      1.26,
      1.32,
      1.38,
      1.44
    ],
    "SoftwareVersions": "5.1.7_5.1.7.0",
    "TaskName": "prf",
    "TotalReadoutTime": 0.01,
    "UsePhilipsFloatNotDisplayScaling": 1,
    "WaterFatShift": 47.938,
    "dataset": "ds002574",
    "modality": "bold",
    "run_id": 4,
    "session_id": "01",
    "subject_id": "02",
    "task_id": "prf"
  },
  "dummy_trs": 0,
  "dvars_nstd": 55.455941080252096,
  "dvars_std": 1.2014994026890762,
  "dvars_vstd": 0.991756093109244,
  "efc": 0.5274516072575534,
  "fber": 2010.958251953125,
  "fd_mean": 0.07805610191910022,
  "fd_num": 0,
  "fd_perc": 0.0,
  "fwhm_avg": 2.3520067207834514,
  "fwhm_x": 2.3207872,
  "fwhm_y": 2.208608,
  "fwhm_z": 2.5266249623503545,
  "gcor": 0.00861937,
  "gsr_x": -0.021487027406692505,
  "gsr_y": 0.0665106400847435,
  "provenance": {
    "md5sum": "2049fcdb24abc688d1e6a2412237113c",
    "settings": {
      "fd_thres": 0.2,
      "testing": false
    },
    "software": "mriqc",
    "version": "22.0.6",
    "webapi_port": null,
    "webapi_url": "https://mriqc.nimh.nih.gov/api/v1"
  },
  "size_t": 120,
  "size_x": 128,
  "size_y": 128,
  "size_z": 50,
  "snr": 2.5156188164928026,
  "spacing_tr": 1.5,
  "spacing_x": 1.5625,
  "spacing_y": 1.5625,
  "spacing_z": 1.600000023841858,
  "summary_bg_k": 10.903743696062156,
  "summary_bg_mad": 1901.4094061810074,
  "summary_bg_mean": 4443.3984375,
  "summary_bg_median": 1327.700439453125,
  "summary_bg_n": 540752.0,
  "summary_bg_p05": 14.097507810592655,
  "summary_bg_p95": 19608.729199218706,
  "summary_bg_stdv": 7121.861328125,
  "summary_fg_k": 2.489762652781523,
  "summary_fg_mad": 19332.119431702744,
  "summary_fg_mean": 61131.234375,
  "summary_fg_median": 58529.40625,
  "summary_fg_n": 178500.0,
  "summary_fg_p05": 29239.76240234375,
  "summary_fg_p95": 103737.42109374999,
  "summary_fg_stdv": 23266.33984375,
  "tsnr": 34.397647857666016
}