{
  "aor": 0.0007588333333333334,
  "aqi": 0.007259845916666666,
  "bids_meta": {
    "AcquisitionNumber": 18,
    "AcquisitionTime": "12:44:47.780000",
    "ConversionSoftware": "dcm2niix",
    "ConversionSoftwareVersion": "v1.0.20170818 (OpenJPEG build) GCC4.8.4",
    "DeviceSerialNumber": "00076",
    "EPIFactor": 55,
    "EchoTime": 0.025995,
    "EchoTrainLength": 55,
    "EffectiveEchoSpacing": 0.0008602736372914211,
    "FlipAngle": 62,
    "ImageType": [
      "ORIGINAL",
      "PRIMARY",
      "M",
      "FFE",
      "M",
      "FFE"
    ],
    "InstitutionAddress": "Amsterdam",
    "InstitutionName": "Spinoza_Centre",
    "MagneticFieldStrength": 7,
    "Manufacturer": "Philips",
    "ManufacturersModelName": "Achieva",
    "Modality": "MR",
    "MultibandAccelerationFactor": 2,
    "ParallelAcquisitionTechnique": "SENSE",
    "ParallelReductionFactorInPlane": 2.2,
    "PhaseEncodingDirection": "j",
    "PhaseEncodingLines": 110,
    "PhilipsRescaleIntercept": 0,
    "PhilipsRescaleSlope": 4.58462,
    "PhilipsScaleSlope": 0.00285279,
    "ProcedureStepDescription": "TK_CB_prf1",
    "ProtocolName": "MB2",
    "RepetitionTime": 1.5,
    "ScanningSequence": "GR",
    "SequenceVariant": "SK",
    "SeriesDescription": "MB2",
    "SliceTiming": [
      0,
      0.06,
      0.12,
      0.18,
      0.24,
      0.3,
      0.36,
      0.42,
      0.48,
      0.54,
      0.6,
      0.66,
      0.72,
      0.78,
      0.84,
      0.9,
      0.96,
      1.02,
      1.08,
      1.14,
      1.2,
      1.26,
      1.32,
      1.38,
      1.44,
      0,
      0.06,
      0.12,
      0.18,
      0.24,
      0.3,
      0.36,
      0.42,
      0.48,
      0.54,
      0.6,
      0.66,
      0.72,
      0.78,
      0.84,
      0.9,
      0.96,
      1.02,
      1.08,
      1.14,
      1.2,
      1.26,
      1.32,
      1.38,
      1.44
    ],
    "SoftwareVersions": "5.1.7_5.1.7.0",
    "TaskName": "prf",
    "TotalReadoutTime": 0.01,
    "UsePhilipsFloatNotDisplayScaling": 1,
    "WaterFatShift": 47.938,
    "dataset": "ds002574",
    "modality": "bold",
    "run_id": 9,
    "session_id": "01",
    "subject_id": "02",
    "task_id": "prf"
  },
  "dummy_trs": 0,
  "dvars_nstd": 51.63205472176471,
  "dvars_std": 1.1334525844537815,
  "dvars_vstd": 0.9878065415966384,
  "efc": 0.5276773267620544,
  "fber": 2015.595458984375,
  "fd_mean": 0.0856245129998711,
  "fd_num": 0,
  "fd_perc": 0.0,
  "fwhm_avg": 2.333347454188931,
  "fwhm_x": 2.2981312,
  "fwhm_y": 2.1898112,
  "fwhm_z": 2.5120999625667935,
  "gcor": 0.00637239,
  "gsr_x": -0.019671667367219925,
  "gsr_y": 0.06539732962846756,
  "provenance": {
    "md5sum": "5902b33e434170ebd3b563b0f9ca2773",
    "settings": {
      "fd_thres": 0.2,
      "testing": false
    },
    "software": "mriqc",
    "version": "22.0.6",
    "webapi_port": null,
    "webapi_url": "https://mriqc.nimh.nih.gov/api/v1"
  },
  "size_t": 120,
  "size_x": 128,
  "size_y": 128,
  "size_z": 50,
  "snr": 2.5252023554929273,
  "spacing_tr": 1.5,
  "spacing_x": 1.5625,
  "spacing_y": 1.5625,
  "spacing_z": 1.600000023841858,
  "summary_bg_k": 10.334255338449864,
  "summary_bg_mad": 1902.6313494828623,
  "summary_bg_mean": 4447.0859375,
  "summary_bg_median": 1323.166259765625,
  "summary_bg_n": 541301.0,
  "summary_bg_p05": 11.629008293151855,
  "summary_bg_p95": 19682.91015625,
  "summary_bg_stdv": 7096.22119140625,
  "summary_fg_k": 2.443198219336729,
  "summary_fg_mad": 19232.961721217805,
  "summary_fg_mean": 60868.921875,
  "summary_fg_median": 58351.859375,
  "summary_fg_n": 177940.0,
  "summary_fg_p05": 29073.4453125,
  "summary_fg_p95": 103143.14921874998,
  "summary_fg_stdv": 23107.73046875,
  "tsnr": 33.31117248535156
}