{
  "aor": 0.0008209166666666666,
  "aqi": 0.008589399083333334,
  "bids_meta": {
    "AcquisitionNumber": 5,
    "AcquisitionTime": "12:08:15.930000",
    "ConversionSoftware": "dcm2niix",
    "ConversionSoftwareVersion": "v1.0.20170818 (OpenJPEG build) GCC4.8.4",
    "DeviceSerialNumber": "00076",
    "EPIFactor": 55,
    "EchoTime": 0.025995,
    "EchoTrainLength": 55,
    "EffectiveEchoSpacing": 0.0008602736372914211,
    "FlipAngle": 62,
    "ImageType": [
      "ORIGINAL",
      "PRIMARY",
      "M",
      "FFE",
      "M",
      "FFE"
    ],
    "InstitutionAddress": "Amsterdam",
    "InstitutionName": "Spinoza_Centre",
    "MagneticFieldStrength": 7,
    "Manufacturer": "Philips",
    "ManufacturersModelName": "Achieva",
    "Modality": "MR",
    "MultibandAccelerationFactor": 2,
    "ParallelAcquisitionTechnique": "SENSE",
    "ParallelReductionFactorInPlane": 2.2,
    "PhaseEncodingDirection": "j",
    "PhaseEncodingLines": 110,
    "PhilipsRescaleIntercept": 0,
    "PhilipsRescaleSlope": 4.8884,
    "PhilipsScaleSlope": 0.00290414,
    "ProcedureStepDescription": "TK_CB_prf1",
    "ProtocolName": "MB2",
    "RepetitionTime": 1.5,
    "ScanningSequence": "GR",
    "SequenceVariant": "SK",
    "SeriesDescription": "MB2",
    "SliceTiming": [
      0,
      0.06,
      0.12,
      0.18,
      0.24,
      0.3,
      0.36,
      0.42,
      0.48,
      0.54,
      0.6,
      0.66,
      0.72,
      0.78,
      0.84,
      0.9,
      0.96,
      1.02,
      1.08,
      1.14,
      1.2,
      1.26,
      1.32,
      1.38,
      1.44,
      0,
      0.06,
      0.12,
      0.18,
      0.24,
      0.3,
      0.36,
      0.42,
      0.48,
      0.54,
      0.6,
      0.66,
      0.72,
      0.78,
      0.84,
      0.9,
      0.96,
      1.02,
      1.08,
      1.14,
      1.2,
      1.26,
      1.32,
      1.38,
      1.44
    ],
    "SoftwareVersions": "5.1.7_5.1.7.0",
    "TaskName": "prf",
    "TotalReadoutTime": 0.01,
    "UsePhilipsFloatNotDisplayScaling": 1,
    "WaterFatShift": 47.938,
    "dataset": "ds002574",
    "modality": "bold",
    "run_id": 1,
    "session_id": "01",
    "subject_id": "02",
    "task_id": "prf"
  },
  "dummy_trs": 0,
  "dvars_nstd": 53.94219945075631,
  "dvars_std": 1.1742522536974793,
  "dvars_vstd": 0.9808840392436978,
  "efc": 0.5305051797012754,
  "fber": 1896.566650390625,
  "fd_mean": 0.09472407411623876,
  "fd_num": 0,
  "fd_perc": 0.0,
  "fwhm_avg": 2.3674496206759765,
  "fwhm_x": 2.3423296,
  "fwhm_y": 2.2117568,
  "fwhm_z": 2.54826246202793,
  "gcor": 0.0180478,
  "gsr_x": -0.02347775362432003,
  "gsr_y": 0.06722033023834229,
  "provenance": {
    "md5sum": "8c37fbefa5bcb0e62b596b56cd03616e",
    "settings": {
      "fd_thres": 0.2,
      "testing": false
    },
    "software": "mriqc",
    "version": "22.0.6",
    "webapi_port": null,
    "webapi_url": "https://mriqc.nimh.nih.gov/api/v1"
  },
  "size_t": 120,
  "size_x": 128,
  "size_y": 128,
  "size_z": 50,
  "snr": 2.599151503443253,
  "spacing_tr": 1.5,
  "spacing_x": 1.5625,
  "spacing_y": 1.5625,
  "spacing_z": 1.600000023841858,
  "summary_bg_k": 10.36547766613823,
  "summary_bg_mad": 1989.4253873493365,
  "summary_bg_mean": 4629.0283203125,
  "summary_bg_median": 1398.517578125,
  "summary_bg_n": 541488.0,
  "summary_bg_p05": 19.96376676559448,
  "summary_bg_p95": 20403.040332031247,
  "summary_bg_stdv": 7395.04638671875,
  "summary_fg_k": 2.1587296340545397,
  "summary_fg_mad": 19442.069443883716,
  "summary_fg_mean": 62199.3515625,
  "summary_fg_median": 59839.7734375,
  "summary_fg_n": 177762.0,
  "summary_fg_p05": 30141.84814453125,
  "summary_fg_p95": 104345.20351562499,
  "summary_fg_stdv": 23022.74609375,
  "tsnr": 32.13300704956055
}