{
  "aor": 0.0008484166666666668,
  "aqi": 0.006839667916666666,
  "bids_meta": {
    "AcquisitionNumber": 7,
    "AcquisitionTime": "12:12:44.930000",
    "ConversionSoftware": "dcm2niix",
    "ConversionSoftwareVersion": "v1.0.20170818 (OpenJPEG build) GCC4.8.4",
    "DeviceSerialNumber": "00076",
    "EPIFactor": 55,
    "EchoTime": 0.025995,
    "EchoTrainLength": 55,
    "EffectiveEchoSpacing": 0.0008602736372914211,
    "FlipAngle": 62,
    "ImageType": [
      "ORIGINAL",
      "PRIMARY",
      "M",
      "FFE",
      "M",
      "FFE"
    ],
    "InstitutionAddress": "Amsterdam",
    "InstitutionName": "Spinoza_Centre",
    "MagneticFieldStrength": 7,
    "Manufacturer": "Philips",
    "ManufacturersModelName": "Achieva",
    "Modality": "MR",
    "MultibandAccelerationFactor": 2,
    "ParallelAcquisitionTechnique": "SENSE",
    "ParallelReductionFactorInPlane": 2.2,
    "PhaseEncodingDirection": "j",
    "PhaseEncodingLines": 110,
    "PhilipsRescaleIntercept": 0,
    "PhilipsRescaleSlope": 4.6486,
    "PhilipsScaleSlope": 0.00288523,
    "ProcedureStepDescription": "TK_CB_prf1",
    "ProtocolName": "MB2",
    "RepetitionTime": 1.5,
    "ScanningSequence": "GR",
    "SequenceVariant": "SK",
    "SeriesDescription": "MB2",
    "SliceTiming": [
      0,
      0.06,
      0.12,
      0.18,
      0.24,
      0.3,
      0.36,
      0.42,
      0.48,
      0.54,
      0.6,
      0.66,
      0.72,
      0.78,
      0.84,
      0.9,
      0.96,
      1.02,
      1.08,
      1.14,
      1.2,
      1.26,
      1.32,
      1.38,
      1.44,
      0,
      0.06,
      0.12,
      0.18,
      0.24,
      0.3,
      0.36,
      0.42,
      0.48,
      0.54,
      0.6,
      0.66,
      0.72,
      0.78,
      0.84,
      0.9,
      0.96,
      1.02,
      1.08,
      1.14,
      1.2,
      1.26,
      1.32,
      1.38,
      1.44
    ],
    "SoftwareVersions": "5.1.7_5.1.7.0",
    "TaskName": "prf",
    "TotalReadoutTime": 0.01,
    "UsePhilipsFloatNotDisplayScaling": 1,
    "WaterFatShift": 47.938,
    "dataset": "ds002574",
    "modality": "bold",
    "run_id": 2,
    "session_id": "01",
    "subject_id": "02",
    "task_id": "prf"
  },
  "dummy_trs": 0,
  "dvars_nstd": 49.01762511957984,
  "dvars_std": 1.08863696394958,
  "dvars_vstd": 0.9869620644537814,
  "efc": 0.5264660010799223,
  "fber": 2125.27294921875,
  "fd_mean": 0.08675330391822852,
  "fd_num": 0,
  "fd_perc": 0.0,
  "fwhm_avg": 2.360384837400106,
  "fwhm_x": 2.3331968,
  "fwhm_y": 2.211264,
  "fwhm_z": 2.536693712200318,
  "gcor": 0.0103465,
  "gsr_x": -0.020714346319437027,
  "gsr_y": 0.06524378061294556,
  "provenance": {
    "md5sum": "d03f5e93dea751de2fc4b8ec0feb97c6",
    "settings": {
      "fd_thres": 0.2,
      "testing": false
    },
    "software": "mriqc",
    "version": "22.0.6",
    "webapi_port": null,
    "webapi_url": "https://mriqc.nimh.nih.gov/api/v1"
  },
  "size_t": 120,
  "size_x": 128,
  "size_y": 128,
  "size_z": 50,
  "snr": 2.5089914799654913,
  "spacing_tr": 1.5,
  "spacing_x": 1.5625,
  "spacing_y": 1.5625,
  "spacing_z": 1.600000023841858,
  "summary_bg_k": 10.953532012530689,
  "summary_bg_mad": 1850.9501003401394,
  "summary_bg_mean": 4420.484375,
  "summary_bg_median": 1293.234619140625,
  "summary_bg_n": 541182.0,
  "summary_bg_p05": 15.340010881423952,
  "summary_bg_p95": 19569.199804687498,
  "summary_bg_stdv": 7106.84619140625,
  "summary_fg_k": 2.4497949712838283,
  "summary_fg_mad": 19351.60754289521,
  "summary_fg_mean": 61178.93359375,
  "summary_fg_median": 58522.390625,
  "summary_fg_n": 178037.0,
  "summary_fg_p05": 29363.664453125002,
  "summary_fg_p95": 104193.3124999999,
  "summary_fg_stdv": 23325.0,
  "tsnr": 32.8488655090332
}