{
  "aor": 0.0007858474576271187,
  "aqi": 0.006794595593220339,
  "bids_meta": {
    "AcquisitionNumber": 8,
    "AcquisitionTime": "12:17:23.400000",
    "ConversionSoftware": "dcm2niix",
    "ConversionSoftwareVersion": "v1.0.20170818 (OpenJPEG build) GCC4.8.4",
    "DeviceSerialNumber": "00076",
    "EPIFactor": 55,
    "EchoTime": 0.025995,
    "EchoTrainLength": 55,
    "EffectiveEchoSpacing": 0.0008602736372914211,
    "FlipAngle": 62,
    "ImageType": [
      "ORIGINAL",
      "PRIMARY",
      "M",
      "FFE",
      "M",
      "FFE"
    ],
    "InstitutionAddress": "Amsterdam",
    "InstitutionName": "Spinoza_Centre",
    "MagneticFieldStrength": 7,
    "Manufacturer": "Philips",
    "ManufacturersModelName": "Achieva",
    "Modality": "MR",
    "MultibandAccelerationFactor": 2,
    "ParallelAcquisitionTechnique": "SENSE",
    "ParallelReductionFactorInPlane": 2.2,
    "PhaseEncodingDirection": "j",
    "PhaseEncodingLines": 110,
    "PhilipsRescaleIntercept": 0,
    "PhilipsRescaleSlope": 4.6337,
    "PhilipsScaleSlope": 0.00288061,
    "ProcedureStepDescription": "TK_CB_prf1",
    "ProtocolName": "MB2",
    "RepetitionTime": 1.5,
    "ScanningSequence": "GR",
    "SequenceVariant": "SK",
    "SeriesDescription": "MB2",
    "SliceTiming": [
      0,
      0.06,
      0.12,
      0.18,
      0.24,
      0.3,
      0.36,
      0.42,
      0.48,
      0.54,
      0.6,
      0.66,
      0.72,
      0.78,
      0.84,
      0.9,
      0.96,
      1.02,
      1.08,
      1.14,
      1.2,
      1.26,
      1.32,
      1.38,
      1.44,
      0,
      0.06,
      0.12,
      0.18,
      0.24,
      0.3,
      0.36,
      0.42,
      0.48,
      0.54,
      0.6,
      0.66,
      0.72,
      0.78,
      0.84,
      0.9,
      0.96,
      1.02,
      1.08,
      1.14,
      1.2,
      1.26,
      1.32,
      1.38,
      1.44
    ],
    "SoftwareVersions": "5.1.7_5.1.7.0",
    "TaskName": "prf",
    "TotalReadoutTime": 0.01,
    "UsePhilipsFloatNotDisplayScaling": 1,
    "WaterFatShift": 47.938,
    "dataset": "ds002574",
    "modality": "bold",
    "run_id": 3,
    "session_id": "01",
    "subject_id": "02",
    "task_id": "prf"
  },
  "dummy_trs": 2,
  "dvars_nstd": 51.49355903034186,
  "dvars_std": 1.1566287715384616,
  "dvars_vstd": 1.0094359361538467,
  "efc": 0.5269139534615068,
  "fber": 2067.957763671875,
  "fd_mean": 0.0720137967686119,
  "fd_num": 0,
  "fd_perc": 0.0,
  "fwhm_avg": 2.3582490707849106,
  "fwhm_x": 2.3321216000000002,
  "fwhm_y": 2.2162943999999998,
  "fwhm_z": 2.5263312123547315,
  "gcor": 0.00504517,
  "gsr_x": -0.021661929786205292,
  "gsr_y": 0.06537646055221558,
  "provenance": {
    "md5sum": "3dcae724ed5fe17bc97714ed568638cd",
    "settings": {
      "fd_thres": 0.2,
      "testing": false
    },
    "software": "mriqc",
    "version": "22.0.6",
    "webapi_port": null,
    "webapi_url": "https://mriqc.nimh.nih.gov/api/v1"
  },
  "size_t": 118,
  "size_x": 128,
  "size_y": 128,
  "size_z": 50,
  "snr": 2.506750840276623,
  "spacing_tr": 1.5,
  "spacing_x": 1.5625,
  "spacing_y": 1.5625,
  "spacing_z": 1.600000023841858,
  "summary_bg_k": 10.80609125736316,
  "summary_bg_mad": 1882.6341876240408,
  "summary_bg_mean": 4446.103515625,
  "summary_bg_median": 1313.19921875,
  "summary_bg_n": 540920.0,
  "summary_bg_p05": 14.150170326232912,
  "summary_bg_p95": 19694.49677734375,
  "summary_bg_stdv": 7141.42919921875,
  "summary_fg_k": 2.4557633939429593,
  "summary_fg_mad": 19453.157107740466,
  "summary_fg_mean": 61281.35546875,
  "summary_fg_median": 58625.046875,
  "summary_fg_n": 178338.0,
  "summary_fg_p05": 29397.706640625,
  "summary_fg_p95": 104298.791015625,
  "summary_fg_stdv": 23386.80078125,
  "tsnr": 34.312931060791016
}