{
  "aor": 0.0008529166666666666,
  "aqi": 0.007558116749999999,
  "bids_meta": {
    "AcquisitionNumber": 22,
    "AcquisitionTime": "12:56:34.130000",
    "ConversionSoftware": "dcm2niix",
    "ConversionSoftwareVersion": "v1.0.20170818 (OpenJPEG build) GCC4.8.4",
    "DeviceSerialNumber": "00076",
    "EPIFactor": 55,
    "EchoTime": 0.025995,
    "EchoTrainLength": 55,
    "EffectiveEchoSpacing": 0.0008602736372914211,
    "FlipAngle": 62,
    "ImageType": [
      "ORIGINAL",
      "PRIMARY",
      "M",
      "FFE",
      "M",
      "FFE"
    ],
    "InstitutionAddress": "Amsterdam",
    "InstitutionName": "Spinoza_Centre",
    "MagneticFieldStrength": 7,
    "Manufacturer": "Philips",
    "ManufacturersModelName": "Achieva",
    "Modality": "MR",
    "MultibandAccelerationFactor": 2,
    "ParallelAcquisitionTechnique": "SENSE",
    "ParallelReductionFactorInPlane": 2.2,
    "PhaseEncodingDirection": "j",
    "PhaseEncodingLines": 110,
    "PhilipsRescaleIntercept": 0,
    "PhilipsRescaleSlope": 4.6547,
    "PhilipsScaleSlope": 0.00288219,
    "ProcedureStepDescription": "TK_CB_prf1",
    "ProtocolName": "MB2",
    "RepetitionTime": 1.5,
    "ScanningSequence": "GR",
    "SequenceVariant": "SK",
    "SeriesDescription": "MB2",
    "SliceTiming": [
      0,
      0.06,
      0.12,
      0.18,
      0.24,
      0.3,
      0.36,
      0.42,
      0.48,
      0.54,
      0.6,
      0.66,
      0.72,
      0.78,
      0.84,
      0.9,
      0.96,
      1.02,
      1.08,
      1.14,
      1.2,
      1.26,
      1.32,
      1.38,
      1.44,
      0,
      0.06,
      0.12,
      0.18,
      0.24,
      0.3,
      0.36,
      0.42,
      0.48,
      0.54,
      0.6,
      0.66,
      0.72,
      0.78,
      0.84,
      0.9,
      0.96,
      1.02,
      1.08,
      1.14,
      1.2,
      1.26,
      1.32,
      1.38,
      1.44
    ],
    "SoftwareVersions": "5.1.7_5.1.7.0",
    "TaskName": "prf",
    "TotalReadoutTime": 0.01,
    "UsePhilipsFloatNotDisplayScaling": 1,
    "WaterFatShift": 47.938,
    "dataset": "ds002574",
    "modality": "bold",
    "run_id": 11,
    "session_id": "01",
    "subject_id": "02",
    "task_id": "prf"
  },
  "dummy_trs": 0,
  "dvars_nstd": 54.675832732521,
  "dvars_std": 1.1809495585714287,
  "dvars_vstd": 0.9947629561344535,
  "efc": 0.5284613821025087,
  "fber": 1942.7435302734375,
  "fd_mean": 0.09600465990200402,
  "fd_num": 0,
  "fd_perc": 0.0,
  "fwhm_avg": 2.3409946208405104,
  "fwhm_x": 2.3033024,
  "fwhm_y": 2.204544,
  "fwhm_z": 2.515137462521531,
  "gcor": 0.00749412,
  "gsr_x": -0.019803447648882866,
  "gsr_y": 0.06649462878704071,
  "provenance": {
    "md5sum": "5aab582f1d20ce780761e5c91529011e",
    "settings": {
      "fd_thres": 0.2,
      "testing": false
    },
    "software": "mriqc",
    "version": "22.0.6",
    "webapi_port": null,
    "webapi_url": "https://mriqc.nimh.nih.gov/api/v1"
  },
  "size_t": 120,
  "size_x": 128,
  "size_y": 128,
  "size_z": 50,
  "snr": 2.5190652641052043,
  "spacing_tr": 1.5,
  "spacing_x": 1.5625,
  "spacing_y": 1.5625,
  "spacing_z": 1.600000023841858,
  "summary_bg_k": 10.475890596141062,
  "summary_bg_mad": 1906.0110133611597,
  "summary_bg_mean": 4424.39990234375,
  "summary_bg_median": 1326.4493408203125,
  "summary_bg_n": 541003.0,
  "summary_bg_p05": 11.229116535186769,
  "summary_bg_p95": 19627.655664062495,
  "summary_bg_stdv": 7084.7587890625,
  "summary_fg_k": 2.479813194804507,
  "summary_fg_mad": 18923.963674080085,
  "summary_fg_mean": 59836.9296875,
  "summary_fg_median": 57388.24609375,
  "summary_fg_n": 178469.0,
  "summary_fg_p05": 28464.768359375,
  "summary_fg_p95": 101563.153125,
  "summary_fg_stdv": 22781.5,
  "tsnr": 34.272464752197266
}