{
  "aor": 0.00080775,
  "aqi": 0.00775203075,
  "bids_meta": {
    "AcquisitionNumber": 20,
    "AcquisitionTime": "12:52:4.660000",
    "ConversionSoftware": "dcm2niix",
    "ConversionSoftwareVersion": "v1.0.20170818 (OpenJPEG build) GCC4.8.4",
    "DeviceSerialNumber": "00076",
    "EPIFactor": 55,
    "EchoTime": 0.025995,
    "EchoTrainLength": 55,
    "EffectiveEchoSpacing": 0.0008602736372914211,
    "FlipAngle": 62,
    "ImageType": [
      "ORIGINAL",
      "PRIMARY",
      "M",
      "FFE",
      "M",
      "FFE"
    ],
    "InstitutionAddress": "Amsterdam",
    "InstitutionName": "Spinoza_Centre",
    "MagneticFieldStrength": 7,
    "Manufacturer": "Philips",
    "ManufacturersModelName": "Achieva",
    "Modality": "MR",
    "MultibandAccelerationFactor": 2,
    "ParallelAcquisitionTechnique": "SENSE",
    "ParallelReductionFactorInPlane": 2.2,
    "PhaseEncodingDirection": "j",
    "PhaseEncodingLines": 110,
    "PhilipsRescaleIntercept": 0,
    "PhilipsRescaleSlope": 4.6989,
    "PhilipsScaleSlope": 0.00286358,
    "ProcedureStepDescription": "TK_CB_prf1",
    "ProtocolName": "MB2",
    "RepetitionTime": 1.5,
    "ScanningSequence": "GR",
    "SequenceVariant": "SK",
    "SeriesDescription": "MB2",
    "SliceTiming": [
      0,
      0.06,
      0.12,
      0.18,
      0.24,
      0.3,
      0.36,
      0.42,
      0.48,
      0.54,
      0.6,
      0.66,
      0.72,
      0.78,
      0.84,
      0.9,
      0.96,
      1.02,
      1.08,
      1.14,
      1.2,
      1.26,
      1.32,
      1.38,
      1.44,
      0,
      0.06,
      0.12,
      0.18,
      0.24,
      0.3,
      0.36,
      0.42,
      0.48,
      0.54,
      0.6,
      0.66,
      0.72,
      0.78,
      0.84,
      0.9,
      0.96,
      1.02,
      1.08,
      1.14,
      1.2,
      1.26,
      1.32,
      1.38,
      1.44
    ],
    "SoftwareVersions": "5.1.7_5.1.7.0",
    "TaskName": "prf",
    "TotalReadoutTime": 0.01,
    "UsePhilipsFloatNotDisplayScaling": 1,
    "WaterFatShift": 47.938,
    "dataset": "ds002574",
    "modality": "bold",
    "run_id": 10,
    "session_id": "01",
    "subject_id": "02",
    "task_id": "prf"
  },
  "dummy_trs": 0,
  "dvars_nstd": 56.204226710084015,
  "dvars_std": 1.1983126940336135,
  "dvars_vstd": 0.9929506357142855,
  "efc": 0.5284005246057711,
  "fber": 2015.148193359375,
  "fd_mean": 0.09854036743387247,
  "fd_num": 0,
  "fd_perc": 0.0,
  "fwhm_avg": 2.337070404175862,
  "fwhm_x": 2.3008895999999996,
  "fwhm_y": 2.1955904,
  "fwhm_z": 2.514731212527585,
  "gcor": 0.00691574,
  "gsr_x": -0.0198522936552763,
  "gsr_y": 0.06662449985742569,
  "provenance": {
    "md5sum": "128197d3438b50903d4d254b6e543b48",
    "settings": {
      "fd_thres": 0.2,
      "testing": false
    },
    "software": "mriqc",
    "version": "22.0.6",
    "webapi_port": null,
    "webapi_url": "https://mriqc.nimh.nih.gov/api/v1"
  },
  "size_t": 120,
  "size_x": 128,
  "size_y": 128,
  "size_z": 50,
  "snr": 2.5221355395694496,
  "spacing_tr": 1.5,
  "spacing_x": 1.5625,
  "spacing_y": 1.5625,
  "spacing_z": 1.600000023841858,
  "summary_bg_k": 10.682719064490446,
  "summary_bg_mad": 1892.9602577966211,
  "summary_bg_mean": 4466.37939453125,
  "summary_bg_median": 1319.4134521484375,
  "summary_bg_n": 541010.0,
  "summary_bg_p05": 13.052539491653443,
  "summary_bg_p95": 19771.957324218747,
  "summary_bg_stdv": 7147.48681640625,
  "summary_fg_k": 2.4578474813814273,
  "summary_fg_mad": 19166.26489133726,
  "summary_fg_mean": 60514.51171875,
  "summary_fg_median": 58077.2890625,
  "summary_fg_n": 178522.0,
  "summary_fg_p05": 28692.1697265625,
  "summary_fg_p95": 102559.5609374999,
  "summary_fg_stdv": 23026.96484375,
  "tsnr": 33.94343566894531
}