{
  "aor": 0.0007388333333333333,
  "aqi": 0.008404833333333332,
  "bids_meta": {
    "AcquisitionNumber": 15,
    "AcquisitionTime": "12:36:14.260000",
    "ConversionSoftware": "dcm2niix",
    "ConversionSoftwareVersion": "v1.0.20170818 (OpenJPEG build) GCC4.8.4",
    "DeviceSerialNumber": "00076",
    "EPIFactor": 55,
    "EchoTime": 0.025995,
    "EchoTrainLength": 55,
    "EffectiveEchoSpacing": 0.0008602736372914211,
    "FlipAngle": 62,
    "ImageType": [
      "ORIGINAL",
      "PRIMARY",
      "M",
      "FFE",
      "M",
      "FFE"
    ],
    "InstitutionAddress": "Amsterdam",
    "InstitutionName": "Spinoza_Centre",
    "MagneticFieldStrength": 7,
    "Manufacturer": "Philips",
    "ManufacturersModelName": "Achieva",
    "Modality": "MR",
    "MultibandAccelerationFactor": 2,
    "ParallelAcquisitionTechnique": "SENSE",
    "ParallelReductionFactorInPlane": 2.2,
    "PhaseEncodingDirection": "j",
    "PhaseEncodingLines": 110,
    "PhilipsRescaleIntercept": 0,
    "PhilipsRescaleSlope": 4.51038,
    "PhilipsScaleSlope": 0.00287989,
    "ProcedureStepDescription": "TK_CB_prf1",
    "ProtocolName": "MB2",
    "RepetitionTime": 1.5,
    "ScanningSequence": "GR",
    "SequenceVariant": "SK",
    "SeriesDescription": "MB2",
    "SliceTiming": [
      0,
      0.06,
      0.12,
      0.18,
      0.24,
      0.3,
      0.36,
      0.42,
      0.48,
      0.54,
      0.6,
      0.66,
      0.72,
      0.78,
      0.84,
      0.9,
      0.96,
      1.02,
      1.08,
      1.14,
      1.2,
      1.26,
      1.32,
      1.38,
      1.44,
      0,
      0.06,
      0.12,
      0.18,
      0.24,
      0.3,
      0.36,
      0.42,
      0.48,
      0.54,
      0.6,
      0.66,
      0.72,
      0.78,
      0.84,
      0.9,
      0.96,
      1.02,
      1.08,
      1.14,
      1.2,
      1.26,
      1.32,
      1.38,
      1.44
    ],
    "SoftwareVersions": "5.1.7_5.1.7.0",
    "TaskName": "prf",
    "TotalReadoutTime": 0.01,
    "UsePhilipsFloatNotDisplayScaling": 1,
    "WaterFatShift": 47.938,
    "dataset": "ds002574",
    "modality": "bold",
    "run_id": 7,
    "session_id": "01",
    "subject_id": "02",
    "task_id": "prf"
  },
  "dummy_trs": 0,
  "dvars_nstd": 54.899251857731095,
  "dvars_std": 1.1731269326890754,
  "dvars_vstd": 0.9886161317647059,
  "efc": 0.5283650640201071,
  "fber": 1984.5091552734375,
  "fd_mean": 0.08048670476084571,
  "fd_num": 0,
  "fd_perc": 0.0,
  "fwhm_avg": 2.3452926708109874,
  "fwhm_x": 2.3079104,
  "fwhm_y": 2.2068864,
  "fwhm_z": 2.5210812124329625,
  "gcor": 0.0073647,
  "gsr_x": -0.019486384466290474,
  "gsr_y": 0.06610986590385437,
  "provenance": {
    "md5sum": "bb2223e0498cc7a57f8d30ff5cc3161f",
    "settings": {
      "fd_thres": 0.2,
      "testing": false
    },
    "software": "mriqc",
    "version": "22.0.6",
    "webapi_port": null,
    "webapi_url": "https://mriqc.nimh.nih.gov/api/v1"
  },
  "size_t": 120,
  "size_x": 128,
  "size_y": 128,
  "size_z": 50,
  "snr": 2.523509913570103,
  "spacing_tr": 1.5,
  "spacing_x": 1.5625,
  "spacing_y": 1.5625,
  "spacing_z": 1.600000023841858,
  "summary_bg_k": 10.866140492934871,
  "summary_bg_mad": 1899.1057181948306,
  "summary_bg_mean": 4432.23681640625,
  "summary_bg_median": 1327.06787109375,
  "summary_bg_n": 540722.0,
  "summary_bg_p05": 15.003070306777955,
  "summary_bg_p95": 19549.524999999994,
  "summary_bg_stdv": 7075.90380859375,
  "summary_fg_k": 2.4060188732432435,
  "summary_fg_mad": 19108.50421467216,
  "summary_fg_mean": 60455.7734375,
  "summary_fg_median": 57971.2421875,
  "summary_fg_n": 178854.0,
  "summary_fg_p05": 28707.07099609375,
  "summary_fg_p95": 102524.57812500001,
  "summary_fg_stdv": 22972.400390625,
  "tsnr": 32.487815856933594
}