{
  "aor": 0.0008035000000000001,
  "aqi": 0.008481856416666666,
  "bids_meta": {
    "AcquisitionNumber": 13,
    "AcquisitionTime": "12:31:44.830000",
    "ConversionSoftware": "dcm2niix",
    "ConversionSoftwareVersion": "v1.0.20170818 (OpenJPEG build) GCC4.8.4",
    "DeviceSerialNumber": "00076",
    "EPIFactor": 55,
    "EchoTime": 0.025995,
    "EchoTrainLength": 55,
    "EffectiveEchoSpacing": 0.0008602736372914211,
    "FlipAngle": 62,
    "ImageType": [
      "ORIGINAL",
      "PRIMARY",
      "M",
      "FFE",
      "M",
      "FFE"
    ],
    "InstitutionAddress": "Amsterdam",
    "InstitutionName": "Spinoza_Centre",
    "MagneticFieldStrength": 7,
    "Manufacturer": "Philips",
    "ManufacturersModelName": "Achieva",
    "Modality": "MR",
    "MultibandAccelerationFactor": 2,
    "ParallelAcquisitionTechnique": "SENSE",
    "ParallelReductionFactorInPlane": 2.2,
    "PhaseEncodingDirection": "j",
    "PhaseEncodingLines": 110,
    "PhilipsRescaleIntercept": 0,
    "PhilipsRescaleSlope": 4.6884,
    "PhilipsScaleSlope": 0.0028865,
    "ProcedureStepDescription": "TK_CB_prf1",
    "ProtocolName": "MB2",
    "RepetitionTime": 1.5,
    "ScanningSequence": "GR",
    "SequenceVariant": "SK",
    "SeriesDescription": "MB2",
    "SliceTiming": [
      0,
      0.06,
      0.12,
      0.18,
      0.24,
      0.3,
      0.36,
      0.42,
      0.48,
      0.54,
      0.6,
      0.66,
      0.72,
      0.78,
      0.84,
      0.9,
      0.96,
      1.02,
      1.08,
      1.14,
      1.2,
      1.26,
      1.32,
      1.38,
      1.44,
      0,
      0.06,
      0.12,
      0.18,
      0.24,
      0.3,
      0.36,
      0.42,
      0.48,
      0.54,
      0.6,
      0.66,
      0.72,
      0.78,
      0.84,
      0.9,
      0.96,
      1.02,
      1.08,
      1.14,
      1.2,
      1.26,
      1.32,
      1.38,
      1.44
    ],
    "SoftwareVersions": "5.1.7_5.1.7.0",
    "TaskName": "prf",
    "TotalReadoutTime": 0.01,
    "UsePhilipsFloatNotDisplayScaling": 1,
    "WaterFatShift": 47.938,
    "dataset": "ds002574",
    "modality": "bold",
    "run_id": 6,
    "session_id": "01",
    "subject_id": "02",
    "task_id": "prf"
  },
  "dummy_trs": 0,
  "dvars_nstd": 51.70712677781511,
  "dvars_std": 1.1225675064705884,
  "dvars_vstd": 0.9772081110924372,
  "efc": 0.5278100167077404,
  "fber": 2044.218994140625,
  "fd_mean": 0.09919735934831499,
  "fd_num": 1,
  "fd_perc": 0.8333333333333334,
  "fwhm_avg": 2.3484231207757524,
  "fwhm_x": 2.3135424,
  "fwhm_y": 2.203552,
  "fwhm_z": 2.528174962327257,
  "gcor": 0.00884093,
  "gsr_x": -0.01987542398273945,
  "gsr_y": 0.06486735492944717,
  "provenance": {
    "md5sum": "1eb1c5f820a6605e061da7e4798cd29e",
    "settings": {
      "fd_thres": 0.2,
      "testing": false
    },
    "software": "mriqc",
    "version": "22.0.6",
    "webapi_port": null,
    "webapi_url": "https://mriqc.nimh.nih.gov/api/v1"
  },
  "size_t": 120,
  "size_x": 128,
  "size_y": 128,
  "size_z": 50,
  "snr": 2.5239552110886487,
  "spacing_tr": 1.5,
  "spacing_x": 1.5625,
  "spacing_y": 1.5625,
  "spacing_z": 1.600000023841858,
  "summary_bg_k": 10.621650724756645,
  "summary_bg_mad": 1868.6847164469702,
  "summary_bg_mean": 4401.11962890625,
  "summary_bg_median": 1304.6348876953125,
  "summary_bg_n": 541214.0,
  "summary_bg_p05": 15.868822908401489,
  "summary_bg_p95": 19353.09560546875,
  "summary_bg_stdv": 7006.74462890625,
  "summary_fg_k": 2.4590816364647248,
  "summary_fg_mad": 19080.65040463348,
  "summary_fg_mean": 60280.04296875,
  "summary_fg_median": 57791.8203125,
  "summary_fg_n": 178142.0,
  "summary_fg_p05": 28801.9919921875,
  "summary_fg_p95": 102185.63828124998,
  "summary_fg_stdv": 22897.259765625,
  "tsnr": 30.87565803527832
}