{
  "aor": 0.0006868333333333332,
  "aqi": 0.007550722416666667,
  "bids_meta": {
    "AcquisitionNumber": 23,
    "AcquisitionTime": "13:01:17.970000",
    "ConversionSoftware": "dcm2niix",
    "ConversionSoftwareVersion": "v1.0.20170818 (OpenJPEG build) GCC4.8.4",
    "DeviceSerialNumber": "00076",
    "EPIFactor": 55,
    "EchoTime": 0.025995,
    "EchoTrainLength": 55,
    "EffectiveEchoSpacing": 0.0008602736372914211,
    "FlipAngle": 62,
    "ImageType": [
      "ORIGINAL",
      "PRIMARY",
      "M",
      "FFE",
      "M",
      "FFE"
    ],
    "InstitutionAddress": "Amsterdam",
    "InstitutionName": "Spinoza_Centre",
    "MagneticFieldStrength": 7,
    "Manufacturer": "Philips",
    "ManufacturersModelName": "Achieva",
    "Modality": "MR",
    "MultibandAccelerationFactor": 2,
    "ParallelAcquisitionTechnique": "SENSE",
    "ParallelReductionFactorInPlane": 2.2,
    "PhaseEncodingDirection": "j",
    "PhaseEncodingLines": 110,
    "PhilipsRescaleIntercept": 0,
    "PhilipsRescaleSlope": 4.76142,
    "PhilipsScaleSlope": 0.00291484,
    "ProcedureStepDescription": "TK_CB_prf1",
    "ProtocolName": "MB2",
    "RepetitionTime": 1.5,
    "ScanningSequence": "GR",
    "SequenceVariant": "SK",
    "SeriesDescription": "MB2",
    "SliceTiming": [
      0,
      0.06,
      0.12,
      0.18,
      0.24,
      0.3,
      0.36,
      0.42,
      0.48,
      0.54,
      0.6,
      0.66,
      0.72,
      0.78,
      0.84,
      0.9,
      0.96,
      1.02,
      1.08,
      1.14,
      1.2,
      1.26,
      1.32,
      1.38,
      1.44,
      0,
      0.06,
      0.12,
      0.18,
      0.24,
      0.3,
      0.36,
      0.42,
      0.48,
      0.54,
      0.6,
      0.66,
      0.72,
      0.78,
      0.84,
      0.9,
      0.96,
      1.02,
      1.08,
      1.14,
      1.2,
      1.26,
      1.32,
      1.38,
      1.44
    ],
    "SoftwareVersions": "5.1.7_5.1.7.0",
    "TaskName": "prf",
    "TotalReadoutTime": 0.01,
    "UsePhilipsFloatNotDisplayScaling": 1,
    "WaterFatShift": 47.938,
    "dataset": "ds002574",
    "modality": "bold",
    "run_id": 12,
    "session_id": "01",
    "subject_id": "02",
    "task_id": "prf"
  },
  "dummy_trs": 0,
  "dvars_nstd": 55.16628900067227,
  "dvars_std": 1.153961618235294,
  "dvars_vstd": 0.9849971280672272,
  "efc": 0.5281162456089669,
  "fber": 1920.57373046875,
  "fd_mean": 0.0888284872336705,
  "fd_num": 0,
  "fd_perc": 0.0,
  "fwhm_avg": 2.3459756708058968,
  "fwhm_x": 2.31472,
  "fwhm_y": 2.2011008000000003,
  "fwhm_z": 2.522106212417689,
  "gcor": 0.0107303,
  "gsr_x": -0.021164851263165474,
  "gsr_y": 0.06728533655405045,
  "provenance": {
    "md5sum": "e0e3bf526961aa85b56c83d0423e24a1",
    "settings": {
      "fd_thres": 0.2,
      "testing": false
    },
    "software": "mriqc",
    "version": "22.0.6",
    "webapi_port": null,
    "webapi_url": "https://mriqc.nimh.nih.gov/api/v1"
  },
  "size_t": 120,
  "size_x": 128,
  "size_y": 128,
  "size_z": 50,
  "snr": 2.518700840817781,
  "spacing_tr": 1.5,
  "spacing_x": 1.5625,
  "spacing_y": 1.5625,
  "spacing_z": 1.600000023841858,
  "summary_bg_k": 10.422367265829799,
  "summary_bg_mad": 1913.7948927519415,
  "summary_bg_mean": 4437.2998046875,
  "summary_bg_median": 1333.66259765625,
  "summary_bg_n": 541890.0,
  "summary_bg_p05": 12.369377136230469,
  "summary_bg_p95": 19771.272363281245,
  "summary_bg_stdv": 7124.4560546875,
  "summary_fg_k": 2.515014628307183,
  "summary_fg_mad": 18818.024216728467,
  "summary_fg_mean": 59848.9609375,
  "summary_fg_median": 57334.140625,
  "summary_fg_n": 177646.0,
  "summary_fg_p05": 28547.9599609375,
  "summary_fg_p95": 101494.888671875,
  "summary_fg_stdv": 22763.314453125,
  "tsnr": 32.78436279296875
}