{
  "aor": 0.0010991666666666665,
  "aqi": 0.002344534416666667,
  "bids_meta": {
    "AcquisitionNumber": 15,
    "AcquisitionTime": "17:42:9.180000",
    "ConversionSoftware": "dcm2niix",
    "ConversionSoftwareVersion": "v1.0.20170818 (OpenJPEG build) GCC4.8.4",
    "DeviceSerialNumber": "00076",
    "EPIFactor": 55,
    "EchoTime": 0.022001,
    "EchoTrainLength": 53,
    "EffectiveEchoSpacing": 0.0008602736372914211,
    "FlipAngle": 62,
    "ImageType": [
      "ORIGINAL",
      "PRIMARY",
      "M",
      "FFE",
      "M",
      "FFE"
    ],
    "InstitutionAddress": "Amsterdam",
    "InstitutionName": "Spinoza_Centre",
    "MagneticFieldStrength": 7,
    "Manufacturer": "Philips",
    "ManufacturersModelName": "Achieva",
    "Modality": "MR",
    "MultibandAccelerationFactor": 2,
    "ParallelAcquisitionTechnique": "SENSE",
    "ParallelReductionFactorInPlane": 2.2,
    "PhaseEncodingDirection": "j",
    "PhaseEncodingLines": 110,
    "PhilipsRescaleIntercept": 0,
    "PhilipsRescaleSlope": 2.442,
    "PhilipsScaleSlope": 0.00246673,
    "ProcedureStepDescription": "TK_PRF_CEREBELLUM",
    "ProtocolName": "2.0_MB2_S2.0_TR1.5",
    "RepetitionTime": 1.5,
    "ScanningSequence": "GR",
    "SequenceVariant": "SK",
    "SeriesDescription": "2.0_MB2_S2.0_TR1.5",
    "SliceTiming": [
      0,
      0.06,
      0.12,
      0.18,
      0.24,
      0.3,
      0.36,
      0.42,
      0.48,
      0.54,
      0.6,
      0.66,
      0.72,
      0.78,
      0.84,
      0.9,
      0.96,
      1.02,
      1.08,
      1.14,
      1.2,
      1.26,
      1.32,
      1.38,
      1.44,
      0,
      0.06,
      0.12,
      0.18,
      0.24,
      0.3,
      0.36,
      0.42,
      0.48,
      0.54,
      0.6,
      0.66,
      0.72,
      0.78,
      0.84,
      0.9,
      0.96,
      1.02,
      1.08,
      1.14,
      1.2,
      1.26,
      1.32,
      1.38,
      1.44
    ],
    "SoftwareVersions": "5.1.7_5.1.7.0",
    "TaskName": "prf",
    "TotalReadoutTime": 0.01,
    "UsePhilipsFloatNotDisplayScaling": 1,
    "WaterFatShift": 47.938,
    "dataset": "ds002574",
    "modality": "bold",
    "run_id": 6,
    "session_id": "03",
    "subject_id": "02",
    "task_id": "prf"
  },
  "dummy_trs": 0,
  "dvars_nstd": 29.31340849092436,
  "dvars_std": 1.1607176081512602,
  "dvars_vstd": 0.9934059808403363,
  "efc": 0.4879208505666348,
  "fber": 4912.2333984375,
  "fd_mean": 0.07347907359460983,
  "fd_num": 0,
  "fd_perc": 0.0,
  "fwhm_avg": 2.393922451505568,
  "fwhm_x": 2.22242,
  "fwhm_y": 2.325865,
  "fwhm_z": 2.633482354516704,
  "gcor": 0.0134441,
  "gsr_x": -0.018879566341638565,
  "gsr_y": 0.058552149683237076,
  "provenance": {
    "md5sum": "ce944aeba2f176bb190cc8ffa9034d55",
    "settings": {
      "fd_thres": 0.2,
      "testing": false
    },
    "software": "mriqc",
    "version": "22.0.6",
    "webapi_port": null,
    "webapi_url": "https://mriqc.nimh.nih.gov/api/v1"
  },
  "size_t": 120,
  "size_x": 112,
  "size_y": 112,
  "size_z": 60,
  "snr": 2.6878368067773066,
  "spacing_tr": 1.5,
  "spacing_x": 2.0,
  "spacing_y": 2.0,
  "spacing_z": 1.9999982118606567,
  "summary_bg_k": 17.64792935731959,
  "summary_bg_mad": 2422.4613094733136,
  "summary_bg_mean": 7752.29296875,
  "summary_bg_median": 1957.8974609375,
  "summary_bg_n": 512491.0,
  "summary_bg_p05": 140.52594757080078,
  "summary_bg_p95": 37945.361328125,
  "summary_bg_stdv": 14177.9658203125,
  "summary_fg_k": 2.068550024769003,
  "summary_fg_mad": 43705.67713064597,
  "summary_fg_mean": 141666.84375,
  "summary_fg_median": 137566.125,
  "summary_fg_n": 141862.0,
  "summary_fg_p05": 68077.4,
  "summary_fg_p95": 231042.39999999985,
  "summary_fg_stdv": 51180.80078125,
  "tsnr": 61.67930603027344
}