{
  "aor": 0.0008809166666666667,
  "aqi": 0.0028229389999999996,
  "bids_meta": {
    "AcquisitionNumber": 19,
    "AcquisitionTime": "10:28:30.860000",
    "ConversionSoftware": "dcm2niix",
    "ConversionSoftwareVersion": "v1.0.20170818 (OpenJPEG build) GCC4.8.4",
    "DeviceSerialNumber": "00076",
    "EPIFactor": 55,
    "EchoTime": 0.022,
    "EchoTrainLength": 53,
    "EffectiveEchoSpacing": 0.0008602736372914211,
    "FlipAngle": 62,
    "ImageType": [
      "ORIGINAL",
      "PRIMARY",
      "M",
      "FFE",
      "M",
      "FFE"
    ],
    "InstitutionAddress": "Amsterdam",
    "InstitutionName": "Spinoza_Centre",
    "MagneticFieldStrength": 7,
    "Manufacturer": "Philips",
    "ManufacturersModelName": "Achieva",
    "Modality": "MR",
    "MultibandAccelerationFactor": 2,
    "ParallelAcquisitionTechnique": "SENSE",
    "ParallelReductionFactorInPlane": 2.2,
    "PhaseEncodingDirection": "j",
    "PhaseEncodingLines": 110,
    "PhilipsRescaleIntercept": 0,
    "PhilipsRescaleSlope": 3.88303,
    "PhilipsScaleSlope": 0.00101491,
    "ProcedureStepDescription": "cerebellum_prf_01",
    "ProtocolName": "2.0_MB2_S2.0_TR1.5",
    "RepetitionTime": 1.5,
    "ScanningSequence": "GR",
    "SequenceVariant": "SK",
    "SeriesDescription": "2.0_MB2_S2.0_TR1.5",
    "SliceTiming": [
      0,
      0.06,
      0.12,
      0.18,
      0.24,
      0.3,
      0.36,
      0.42,
      0.48,
      0.54,
      0.6,
      0.66,
      0.72,
      0.78,
      0.84,
      0.9,
      0.96,
      1.02,
      1.08,
      1.14,
      1.2,
      1.26,
      1.32,
      1.38,
      1.44,
      0,
      0.06,
      0.12,
      0.18,
      0.24,
      0.3,
      0.36,
      0.42,
      0.48,
      0.54,
      0.6,
      0.66,
      0.72,
      0.78,
      0.84,
      0.9,
      0.96,
      1.02,
      1.08,
      1.14,
      1.2,
      1.26,
      1.32,
      1.38,
      1.44
    ],
    "SoftwareVersions": "5.1.7_5.1.7.0",
    "TaskName": "prf",
    "TotalReadoutTime": 0.01,
    "UsePhilipsFloatNotDisplayScaling": 1,
    "WaterFatShift": 47.938,
    "dataset": "ds002574",
    "modality": "bold",
    "run_id": 8,
    "session_id": "02",
    "subject_id": "02",
    "task_id": "prf"
  },
  "dummy_trs": 0,
  "dvars_nstd": 26.775343198151262,
  "dvars_std": 1.2046055375630254,
  "dvars_vstd": 0.9723587294957986,
  "efc": 0.49721871039342574,
  "fber": 1922.44580078125,
  "fd_mean": 0.06917416084617276,
  "fd_num": 1,
  "fd_perc": 0.8333333333333334,
  "fwhm_avg": 2.898282627090578,
  "fwhm_x": 2.665885,
  "fwhm_y": 2.806315,
  "fwhm_z": 3.222647881271733,
  "gcor": 0.0315961,
  "gsr_x": 0.0011448748409748077,
  "gsr_y": 0.03475930914282799,
  "provenance": {
    "md5sum": "164ec5b8ce244aa9d9af0db20ec9e319",
    "settings": {
      "fd_thres": 0.2,
      "testing": false
    },
    "software": "mriqc",
    "version": "22.0.6",
    "webapi_port": null,
    "webapi_url": "https://mriqc.nimh.nih.gov/api/v1"
  },
  "size_t": 120,
  "size_x": 112,
  "size_y": 112,
  "size_z": 60,
  "snr": 3.2194413145713687,
  "spacing_tr": 1.5,
  "spacing_x": 2.0,
  "spacing_y": 2.0,
  "spacing_z": 1.9999982118606567,
  "summary_bg_k": 14.364803049303347,
  "summary_bg_mad": 6871.103896914192,
  "summary_bg_mean": 11569.1865234375,
  "summary_bg_median": 5106.8427734375,
  "summary_bg_n": 515098.0,
  "summary_bg_p05": 3.000124216079712,
  "summary_bg_p95": 46748.48945312499,
  "summary_bg_stdv": 17545.998046875,
  "summary_fg_k": 2.2971865401571536,
  "summary_fg_mad": 57229.1174384465,
  "summary_fg_mean": 221611.71875,
  "summary_fg_median": 217514.96875,
  "summary_fg_n": 142974.0,
  "summary_fg_p05": 120752.873046875,
  "summary_fg_p95": 337329.36718750006,
  "summary_fg_stdv": 67562.71875,
  "tsnr": 70.646240234375
}