{
  "aor": 0.0012495833333333332,
  "aqi": 0.002470617833333333,
  "bids_meta": {
    "AcquisitionNumber": 14,
    "AcquisitionTime": "09:58:27.510000",
    "ConversionSoftware": "dcm2niix",
    "ConversionSoftwareVersion": "v1.0.20170818 (OpenJPEG build) GCC4.8.4",
    "DeviceSerialNumber": "00076",
    "EPIFactor": 55,
    "EchoTime": 0.022001,
    "EchoTrainLength": 53,
    "EffectiveEchoSpacing": 0.0008602736372914211,
    "FlipAngle": 62,
    "ImageType": [
      "ORIGINAL",
      "PRIMARY",
      "M",
      "FFE",
      "M",
      "FFE"
    ],
    "InstitutionAddress": "Amsterdam",
    "InstitutionName": "Spinoza_Centre",
    "MagneticFieldStrength": 7,
    "Manufacturer": "Philips",
    "ManufacturersModelName": "Achieva",
    "Modality": "MR",
    "MultibandAccelerationFactor": 2,
    "ParallelAcquisitionTechnique": "SENSE",
    "ParallelReductionFactorInPlane": 2.2,
    "PhaseEncodingDirection": "j",
    "PhaseEncodingLines": 110,
    "PhilipsRescaleIntercept": 0,
    "PhilipsRescaleSlope": 3.07912,
    "PhilipsScaleSlope": 0.00246976,
    "ProcedureStepDescription": "DE_cer_prf_2",
    "ProtocolName": "2.0_MB2_S2.0_TR1.5",
    "RepetitionTime": 1.5,
    "ScanningSequence": "GR",
    "SequenceVariant": "SK",
    "SeriesDescription": "2.0_MB2_S2.0_TR1.5",
    "SliceTiming": [
      0,
      0.06,
      0.12,
      0.18,
      0.24,
      0.3,
      0.36,
      0.42,
      0.48,
      0.54,
      0.6,
      0.66,
      0.72,
      0.78,
      0.84,
      0.9,
      0.96,
      1.02,
      1.08,
      1.14,
      1.2,
      1.26,
      1.32,
      1.38,
      1.44,
      0,
      0.06,
      0.12,
      0.18,
      0.24,
      0.3,
      0.36,
      0.42,
      0.48,
      0.54,
      0.6,
      0.66,
      0.72,
      0.78,
      0.84,
      0.9,
      0.96,
      1.02,
      1.08,
      1.14,
      1.2,
      1.26,
      1.32,
      1.38,
      1.44
    ],
    "SoftwareVersions": "5.1.7_5.1.7.0",
    "TaskName": "prf",
    "TotalReadoutTime": 0.01,
    "UsePhilipsFloatNotDisplayScaling": 1,
    "WaterFatShift": 47.938,
    "dataset": "ds002574",
    "modality": "bold",
    "run_id": 6,
    "session_id": "02",
    "subject_id": "01",
    "task_id": "prf"
  },
  "dummy_trs": 0,
  "dvars_nstd": 30.36500142159664,
  "dvars_std": 1.1594679184033612,
  "dvars_vstd": 0.9937269310924375,
  "efc": 0.46330204473356307,
  "fber": 6006.53515625,
  "fd_mean": 0.09118831613913174,
  "fd_num": 2,
  "fd_perc": 1.6666666666666667,
  "fwhm_avg": 2.5371891312845887,
  "fwhm_x": 2.382335,
  "fwhm_y": 2.49649,
  "fwhm_z": 2.7327423938537656,
  "gcor": 0.00937082,
  "gsr_x": -0.012196419760584831,
  "gsr_y": 0.07484692335128784,
  "provenance": {
    "md5sum": "6008ffee9993c075e95396891b593488",
    "settings": {
      "fd_thres": 0.2,
      "testing": false
    },
    "software": "mriqc",
    "version": "22.0.6",
    "webapi_port": null,
    "webapi_url": "https://mriqc.nimh.nih.gov/api/v1"
  },
  "size_t": 120,
  "size_x": 112,
  "size_y": 112,
  "size_z": 60,
  "snr": 2.8775057726089948,
  "spacing_tr": 1.5,
  "spacing_x": 2.0,
  "spacing_y": 2.0,
  "spacing_z": 2.000001907348633,
  "summary_bg_k": 18.89563784058829,
  "summary_bg_mad": 1954.8001209512395,
  "summary_bg_mean": 7905.3505859375,
  "summary_bg_median": 1683.0101318359375,
  "summary_bg_n": 549191.0,
  "summary_bg_p05": 29.058236122131348,
  "summary_bg_p95": 42709.466796875,
  "summary_bg_stdv": 16633.50390625,
  "summary_fg_k": 0.544983045423761,
  "summary_fg_mad": 41836.04623613141,
  "summary_fg_mean": 128082.5,
  "summary_fg_median": 126151.359375,
  "summary_fg_n": 119371.0,
  "summary_fg_p05": 59915.482421875,
  "summary_fg_p95": 203579.671875,
  "summary_fg_stdv": 43840.33984375,
  "tsnr": 58.44080352783203
}