{
  "aor": 0.0009370000000000001,
  "aqi": 0.003006649583333333,
  "bids_meta": {
    "AcquisitionNumber": 16,
    "AcquisitionTime": "10:07:23.380000",
    "ConversionSoftware": "dcm2niix",
    "ConversionSoftwareVersion": "v1.0.20170818 (OpenJPEG build) GCC4.8.4",
    "DeviceSerialNumber": "00076",
    "EPIFactor": 55,
    "EchoTime": 0.022001,
    "EchoTrainLength": 53,
    "EffectiveEchoSpacing": 0.0008602736372914211,
    "FlipAngle": 62,
    "ImageType": [
      "ORIGINAL",
      "PRIMARY",
      "M",
      "FFE",
      "M",
      "FFE"
    ],
    "InstitutionAddress": "Amsterdam",
    "InstitutionName": "Spinoza_Centre",
    "MagneticFieldStrength": 7,
    "Manufacturer": "Philips",
    "ManufacturersModelName": "Achieva",
    "Modality": "MR",
    "MultibandAccelerationFactor": 2,
    "ParallelAcquisitionTechnique": "SENSE",
    "ParallelReductionFactorInPlane": 2.2,
    "PhaseEncodingDirection": "j",
    "PhaseEncodingLines": 110,
    "PhilipsRescaleIntercept": 0,
    "PhilipsRescaleSlope": 3.1746,
    "PhilipsScaleSlope": 0.0024804,
    "ProcedureStepDescription": "DE_cer_prf_2",
    "ProtocolName": "2.0_MB2_S2.0_TR1.5",
    "RepetitionTime": 1.5,
    "ScanningSequence": "GR",
    "SequenceVariant": "SK",
    "SeriesDescription": "2.0_MB2_S2.0_TR1.5",
    "SliceTiming": [
      0,
      0.06,
      0.12,
      0.18,
      0.24,
      0.3,
      0.36,
      0.42,
      0.48,
      0.54,
      0.6,
      0.66,
      0.72,
      0.78,
      0.84,
      0.9,
      0.96,
      1.02,
      1.08,
      1.14,
      1.2,
      1.26,
      1.32,
      1.38,
      1.44,
      0,
      0.06,
      0.12,
      0.18,
      0.24,
      0.3,
      0.36,
      0.42,
      0.48,
      0.54,
      0.6,
      0.66,
      0.72,
      0.78,
      0.84,
      0.9,
      0.96,
      1.02,
      1.08,
      1.14,
      1.2,
      1.26,
      1.32,
      1.38,
      1.44
    ],
    "SoftwareVersions": "5.1.7_5.1.7.0",
    "TaskName": "prf",
    "TotalReadoutTime": 0.01,
    "UsePhilipsFloatNotDisplayScaling": 1,
    "WaterFatShift": 47.938,
    "dataset": "ds002574",
    "modality": "bold",
    "run_id": 7,
    "session_id": "02",
    "subject_id": "01",
    "task_id": "prf"
  },
  "dummy_trs": 0,
  "dvars_nstd": 29.51995756630252,
  "dvars_std": 1.1361046593277317,
  "dvars_vstd": 0.9805304878991596,
  "efc": 0.46310143463968734,
  "fber": 6290.38232421875,
  "fd_mean": 0.09053854823044405,
  "fd_num": 0,
  "fd_perc": 0.0,
  "fwhm_avg": 2.538127464719647,
  "fwhm_x": 2.380825,
  "fwhm_y": 2.501135,
  "fwhm_z": 2.732422394158941,
  "gcor": 0.0104325,
  "gsr_x": -0.01195758767426014,
  "gsr_y": 0.07547514885663986,
  "provenance": {
    "md5sum": "16f3e43c0c832621dc539f4e11bb5343",
    "settings": {
      "fd_thres": 0.2,
      "testing": false
    },
    "software": "mriqc",
    "version": "22.0.6",
    "webapi_port": null,
    "webapi_url": "https://mriqc.nimh.nih.gov/api/v1"
  },
  "size_t": 120,
  "size_x": 112,
  "size_y": 112,
  "size_z": 60,
  "snr": 2.8705459306374794,
  "spacing_tr": 1.5,
  "spacing_x": 2.0,
  "spacing_y": 2.0,
  "spacing_z": 2.000001907348633,
  "summary_bg_k": 18.923461332476272,
  "summary_bg_mad": 1879.0447942151463,
  "summary_bg_mean": 7829.00732421875,
  "summary_bg_median": 1629.77197265625,
  "summary_bg_n": 549075.0,
  "summary_bg_p05": 46.95930862426758,
  "summary_bg_p95": 42459.870312499996,
  "summary_bg_stdv": 16566.97265625,
  "summary_fg_k": 0.5609178591007375,
  "summary_fg_mad": 41566.91339356823,
  "summary_fg_mean": 126843.625,
  "summary_fg_median": 124939.890625,
  "summary_fg_n": 119508.0,
  "summary_fg_p05": 59166.816015625,
  "summary_fg_p95": 201509.3828125,
  "summary_fg_stdv": 43524.6015625,
  "tsnr": 54.28099060058594
}