{
  "aor": 0.0008886666666666666,
  "aqi": 0.0022949765833333332,
  "bids_meta": {
    "AcquisitionNumber": 9,
    "AcquisitionTime": "09:44:24.160000",
    "ConversionSoftware": "dcm2niix",
    "ConversionSoftwareVersion": "v1.0.20170818 (OpenJPEG build) GCC4.8.4",
    "DeviceSerialNumber": "00076",
    "EPIFactor": 55,
    "EchoTime": 0.022001,
    "EchoTrainLength": 53,
    "EffectiveEchoSpacing": 0.0008602736372914211,
    "FlipAngle": 62,
    "ImageType": [
      "ORIGINAL",
      "PRIMARY",
      "M",
      "FFE",
      "M",
      "FFE"
    ],
    "InstitutionAddress": "Amsterdam",
    "InstitutionName": "Spinoza_Centre",
    "MagneticFieldStrength": 7,
    "Manufacturer": "Philips",
    "ManufacturersModelName": "Achieva",
    "Modality": "MR",
    "MultibandAccelerationFactor": 2,
    "ParallelAcquisitionTechnique": "SENSE",
    "ParallelReductionFactorInPlane": 2.2,
    "PhaseEncodingDirection": "j",
    "PhaseEncodingLines": 110,
    "PhilipsRescaleIntercept": 0,
    "PhilipsRescaleSlope": 3.03346,
    "PhilipsScaleSlope": 0.00247408,
    "ProcedureStepDescription": "DE_cer_prf_2",
    "ProtocolName": "2.0_MB2_S2.0_TR1.5",
    "RepetitionTime": 1.5,
    "ScanningSequence": "GR",
    "SequenceVariant": "SK",
    "SeriesDescription": "2.0_MB2_S2.0_TR1.5",
    "SliceTiming": [
      0,
      0.06,
      0.12,
      0.18,
      0.24,
      0.3,
      0.36,
      0.42,
      0.48,
      0.54,
      0.6,
      0.66,
      0.72,
      0.78,
      0.84,
      0.9,
      0.96,
      1.02,
      1.08,
      1.14,
      1.2,
      1.26,
      1.32,
      1.38,
      1.44,
      0,
      0.06,
      0.12,
      0.18,
      0.24,
      0.3,
      0.36,
      0.42,
      0.48,
      0.54,
      0.6,
      0.66,
      0.72,
      0.78,
      0.84,
      0.9,
      0.96,
      1.02,
      1.08,
      1.14,
      1.2,
      1.26,
      1.32,
      1.38,
      1.44
    ],
    "SoftwareVersions": "5.1.7_5.1.7.0",
    "TaskName": "prf",
    "TotalReadoutTime": 0.01,
    "UsePhilipsFloatNotDisplayScaling": 1,
    "WaterFatShift": 47.938,
    "dataset": "ds002574",
    "modality": "bold",
    "run_id": 3,
    "session_id": "02",
    "subject_id": "01",
    "task_id": "prf"
  },
  "dummy_trs": 0,
  "dvars_nstd": 30.621702402521013,
  "dvars_std": 1.1610384407563024,
  "dvars_vstd": 0.9907176155462187,
  "efc": 0.4612313059996815,
  "fber": 7977.544921875,
  "fd_mean": 0.08922685893258338,
  "fd_num": 0,
  "fd_perc": 0.0,
  "fwhm_avg": 2.5472824603693067,
  "fwhm_x": 2.394245,
  "fwhm_y": 2.501495,
  "fwhm_z": 2.74610738110792,
  "gcor": 0.0127014,
  "gsr_x": -0.012746047228574753,
  "gsr_y": 0.07634270191192627,
  "provenance": {
    "md5sum": "8ede1f55466fbafc0572a03613461cf6",
    "settings": {
      "fd_thres": 0.2,
      "testing": false
    },
    "software": "mriqc",
    "version": "22.0.6",
    "webapi_port": null,
    "webapi_url": "https://mriqc.nimh.nih.gov/api/v1"
  },
  "size_t": 120,
  "size_x": 112,
  "size_y": 112,
  "size_z": 60,
  "snr": 2.8714392577134076,
  "spacing_tr": 1.5,
  "spacing_x": 2.0,
  "spacing_y": 2.0,
  "spacing_z": 2.000001907348633,
  "summary_bg_k": 18.827199912150807,
  "summary_bg_mad": 1728.5767311641341,
  "summary_bg_mean": 7772.91015625,
  "summary_bg_median": 1473.291748046875,
  "summary_bg_n": 549381.0,
  "summary_bg_p05": 26.423622131347656,
  "summary_bg_p95": 42366.7109375,
  "summary_bg_stdv": 16483.24609375,
  "summary_fg_k": 0.4963906027538334,
  "summary_fg_mad": 42016.81946132061,
  "summary_fg_mean": 127929.109375,
  "summary_fg_median": 126188.921875,
  "summary_fg_n": 119300.0,
  "summary_fg_p05": 59392.538476562506,
  "summary_fg_p95": 203363.68828124992,
  "summary_fg_stdv": 43946.04296875,
  "tsnr": 59.912803649902344
}