{
  "aor": 0.0009514166666666666,
  "aqi": 0.002457577,
  "bids_meta": {
    "AcquisitionNumber": 18,
    "AcquisitionTime": "10:11:39.830000",
    "ConversionSoftware": "dcm2niix",
    "ConversionSoftwareVersion": "v1.0.20170818 (OpenJPEG build) GCC4.8.4",
    "DeviceSerialNumber": "00076",
    "EPIFactor": 55,
    "EchoTime": 0.022001,
    "EchoTrainLength": 53,
    "EffectiveEchoSpacing": 0.0008602736372914211,
    "FlipAngle": 62,
    "ImageType": [
      "ORIGINAL",
      "PRIMARY",
      "M",
      "FFE",
      "M",
      "FFE"
    ],
    "InstitutionAddress": "Amsterdam",
    "InstitutionName": "Spinoza_Centre",
    "MagneticFieldStrength": 7,
    "Manufacturer": "Philips",
    "ManufacturersModelName": "Achieva",
    "Modality": "MR",
    "MultibandAccelerationFactor": 2,
    "ParallelAcquisitionTechnique": "SENSE",
    "ParallelReductionFactorInPlane": 2.2,
    "PhaseEncodingDirection": "j",
    "PhaseEncodingLines": 110,
    "PhilipsRescaleIntercept": 0,
    "PhilipsRescaleSlope": 3.13651,
    "PhilipsScaleSlope": 0.00248297,
    "ProcedureStepDescription": "DE_cer_prf_2",
    "ProtocolName": "2.0_MB2_S2.0_TR1.5",
    "RepetitionTime": 1.5,
    "ScanningSequence": "GR",
    "SequenceVariant": "SK",
    "SeriesDescription": "2.0_MB2_S2.0_TR1.5",
    "SliceTiming": [
      0,
      0.06,
      0.12,
      0.18,
      0.24,
      0.3,
      0.36,
      0.42,
      0.48,
      0.54,
      0.6,
      0.66,
      0.72,
      0.78,
      0.84,
      0.9,
      0.96,
      1.02,
      1.08,
      1.14,
      1.2,
      1.26,
      1.32,
      1.38,
      1.44,
      0,
      0.06,
      0.12,
      0.18,
      0.24,
      0.3,
      0.36,
      0.42,
      0.48,
      0.54,
      0.6,
      0.66,
      0.72,
      0.78,
      0.84,
      0.9,
      0.96,
      1.02,
      1.08,
      1.14,
      1.2,
      1.26,
      1.32,
      1.38,
      1.44
    ],
    "SoftwareVersions": "5.1.7_5.1.7.0",
    "TaskName": "prf",
    "TotalReadoutTime": 0.01,
    "UsePhilipsFloatNotDisplayScaling": 1,
    "WaterFatShift": 47.938,
    "dataset": "ds002574",
    "modality": "bold",
    "run_id": 8,
    "session_id": "02",
    "subject_id": "01",
    "task_id": "prf"
  },
  "dummy_trs": 0,
  "dvars_nstd": 30.087509684201667,
  "dvars_std": 1.158507712689075,
  "dvars_vstd": 0.9908068222689078,
  "efc": 0.46315313655689394,
  "fber": 6021.1416015625,
  "fd_mean": 0.09085448199420432,
  "fd_num": 1,
  "fd_perc": 0.8333333333333334,
  "fwhm_avg": 2.5355191318726873,
  "fwhm_x": 2.37888,
  "fwhm_y": 2.496785,
  "fwhm_z": 2.7308923956180613,
  "gcor": 0.0108858,
  "gsr_x": -0.012305572628974915,
  "gsr_y": 0.07486797869205475,
  "provenance": {
    "md5sum": "bf149e40f47a38a97c66753ceb8b4c5c",
    "settings": {
      "fd_thres": 0.2,
      "testing": false
    },
    "software": "mriqc",
    "version": "22.0.6",
    "webapi_port": null,
    "webapi_url": "https://mriqc.nimh.nih.gov/api/v1"
  },
  "size_t": 120,
  "size_x": 112,
  "size_y": 112,
  "size_z": 60,
  "snr": 2.8719379382591184,
  "spacing_tr": 1.5,
  "spacing_x": 2.0,
  "spacing_y": 2.0,
  "spacing_z": 2.000001907348633,
  "summary_bg_k": 18.858166695242172,
  "summary_bg_mad": 1931.3581474519938,
  "summary_bg_mean": 7854.1875,
  "summary_bg_median": 1665.97998046875,
  "summary_bg_n": 549184.0,
  "summary_bg_p05": 40.03176403045656,
  "summary_bg_p95": 42681.03945312498,
  "summary_bg_stdv": 16606.810546875,
  "summary_fg_k": 0.5432360895362507,
  "summary_fg_mad": 41614.52461559298,
  "summary_fg_mean": 126888.046875,
  "summary_fg_median": 125001.0390625,
  "summary_fg_n": 119353.0,
  "summary_fg_p05": 59233.890625,
  "summary_fg_p95": 201504.99999999997,
  "summary_fg_stdv": 43524.796875,
  "tsnr": 58.22623825073242
}