{
  "aor": 0.0009486666666666667,
  "aqi": 0.00238669825,
  "bids_meta": {
    "AcquisitionNumber": 19,
    "AcquisitionTime": "10:15:52.940000",
    "ConversionSoftware": "dcm2niix",
    "ConversionSoftwareVersion": "v1.0.20170818 (OpenJPEG build) GCC4.8.4",
    "DeviceSerialNumber": "00076",
    "EPIFactor": 55,
    "EchoTime": 0.022001,
    "EchoTrainLength": 53,
    "EffectiveEchoSpacing": 0.0008602736372914211,
    "FlipAngle": 62,
    "ImageType": [
      "ORIGINAL",
      "PRIMARY",
      "M",
      "FFE",
      "M",
      "FFE"
    ],
    "InstitutionAddress": "Amsterdam",
    "InstitutionName": "Spinoza_Centre",
    "MagneticFieldStrength": 7,
    "Manufacturer": "Philips",
    "ManufacturersModelName": "Achieva",
    "Modality": "MR",
    "MultibandAccelerationFactor": 2,
    "ParallelAcquisitionTechnique": "SENSE",
    "ParallelReductionFactorInPlane": 2.2,
    "PhaseEncodingDirection": "j",
    "PhaseEncodingLines": 110,
    "PhilipsRescaleIntercept": 0,
    "PhilipsRescaleSlope": 3.10867,
    "PhilipsScaleSlope": 0.0024761,
    "ProcedureStepDescription": "DE_cer_prf_2",
    "ProtocolName": "2.0_MB2_S2.0_TR1.5",
    "RepetitionTime": 1.5,
    "ScanningSequence": "GR",
    "SequenceVariant": "SK",
    "SeriesDescription": "2.0_MB2_S2.0_TR1.5",
    "SliceTiming": [
      0,
      0.06,
      0.12,
      0.18,
      0.24,
      0.3,
      0.36,
      0.42,
      0.48,
      0.54,
      0.6,
      0.66,
      0.72,
      0.78,
      0.84,
      0.9,
      0.96,
      1.02,
      1.08,
      1.14,
      1.2,
      1.26,
      1.32,
      1.38,
      1.44,
      0,
      0.06,
      0.12,
      0.18,
      0.24,
      0.3,
      0.36,
      0.42,
      0.48,
      0.54,
      0.6,
      0.66,
      0.72,
      0.78,
      0.84,
      0.9,
      0.96,
      1.02,
      1.08,
      1.14,
      1.2,
      1.26,
      1.32,
      1.38,
      1.44
    ],
    "SoftwareVersions": "5.1.7_5.1.7.0",
    "TaskName": "prf",
    "TotalReadoutTime": 0.01,
    "UsePhilipsFloatNotDisplayScaling": 1,
    "WaterFatShift": 47.938,
    "dataset": "ds002574",
    "modality": "bold",
    "run_id": 9,
    "session_id": "02",
    "subject_id": "01",
    "task_id": "prf"
  },
  "dummy_trs": 0,
  "dvars_nstd": 31.034081435210076,
  "dvars_std": 1.171231360420168,
  "dvars_vstd": 0.9921019262184877,
  "efc": 0.4622221692914726,
  "fber": 6626.4296875,
  "fd_mean": 0.08915277172123509,
  "fd_num": 0,
  "fd_perc": 0.0,
  "fwhm_avg": 2.5389441311033907,
  "fwhm_x": 2.38129,
  "fwhm_y": 2.50223,
  "fwhm_z": 2.7333123933101717,
  "gcor": 0.00961006,
  "gsr_x": -0.011667819693684578,
  "gsr_y": 0.07433759421110153,
  "provenance": {
    "md5sum": "bd556810ec3d3e70bf753d5b6498f3ee",
    "settings": {
      "fd_thres": 0.2,
      "testing": false
    },
    "software": "mriqc",
    "version": "22.0.6",
    "webapi_port": null,
    "webapi_url": "https://mriqc.nimh.nih.gov/api/v1"
  },
  "size_t": 120,
  "size_x": 112,
  "size_y": 112,
  "size_z": 60,
  "snr": 2.864323136172261,
  "spacing_tr": 1.5,
  "spacing_x": 2.0,
  "spacing_y": 2.0,
  "spacing_z": 2.000001907348633,
  "summary_bg_k": 18.98075307429542,
  "summary_bg_mad": 1851.1399925779456,
  "summary_bg_mean": 7820.2890625,
  "summary_bg_median": 1591.2763671875,
  "summary_bg_n": 549200.0,
  "summary_bg_p05": 27.98537588119508,
  "summary_bg_p95": 42778.5447265625,
  "summary_bg_stdv": 16708.83984375,
  "summary_fg_k": 0.5445964732643787,
  "summary_fg_mad": 41629.03790137257,
  "summary_fg_mean": 126814.1953125,
  "summary_fg_median": 124878.5,
  "summary_fg_n": 119359.0,
  "summary_fg_p05": 59149.472265625,
  "summary_fg_p95": 201610.94374999998,
  "summary_fg_stdv": 43597.7265625,
  "tsnr": 59.315582275390625
}