{
  "aor": 0.0011783333333333333,
  "aqi": 0.002410024083333334,
  "bids_meta": {
    "AcquisitionNumber": 20,
    "AcquisitionTime": "19:14:57.660000",
    "ConversionSoftware": "dcm2niix",
    "ConversionSoftwareVersion": "v1.0.20170818 (OpenJPEG build) GCC4.8.4",
    "DeviceSerialNumber": "00076",
    "EPIFactor": 55,
    "EchoTime": 0.022001,
    "EchoTrainLength": 53,
    "EffectiveEchoSpacing": 0.0008602736372914211,
    "FlipAngle": 62,
    "ImageType": [
      "ORIGINAL",
      "PRIMARY",
      "M",
      "FFE",
      "M",
      "FFE"
    ],
    "InstitutionAddress": "Amsterdam",
    "InstitutionName": "Spinoza_Centre",
    "MagneticFieldStrength": 7,
    "Manufacturer": "Philips",
    "ManufacturersModelName": "Achieva",
    "Modality": "MR",
    "MultibandAccelerationFactor": 2,
    "ParallelAcquisitionTechnique": "SENSE",
    "ParallelReductionFactorInPlane": 2.2,
    "PhaseEncodingDirection": "j",
    "PhaseEncodingLines": 110,
    "PhilipsRescaleIntercept": 0,
    "PhilipsRescaleSlope": 2.52234,
    "PhilipsScaleSlope": 0.00254125,
    "ProcedureStepDescription": "CB",
    "ProtocolName": "2.0_MB2_S2.0_TR1.5",
    "RepetitionTime": 1.5,
    "ScanningSequence": "GR",
    "SequenceVariant": "SK",
    "SeriesDescription": "2.0_MB2_S2.0_TR1.5",
    "SliceTiming": [
      0,
      0.06,
      0.12,
      0.18,
      0.24,
      0.3,
      0.36,
      0.42,
      0.48,
      0.54,
      0.6,
      0.66,
      0.72,
      0.78,
      0.84,
      0.9,
      0.96,
      1.02,
      1.08,
      1.14,
      1.2,
      1.26,
      1.32,
      1.38,
      1.44,
      0,
      0.06,
      0.12,
      0.18,
      0.24,
      0.3,
      0.36,
      0.42,
      0.48,
      0.54,
      0.6,
      0.66,
      0.72,
      0.78,
      0.84,
      0.9,
      0.96,
      1.02,
      1.08,
      1.14,
      1.2,
      1.26,
      1.32,
      1.38,
      1.44
    ],
    "SoftwareVersions": "5.1.7_5.1.7.0",
    "TaskName": "prf",
    "TotalReadoutTime": 0.01,
    "UsePhilipsFloatNotDisplayScaling": 1,
    "WaterFatShift": 47.938,
    "dataset": "ds002574",
    "modality": "bold",
    "run_id": 9,
    "session_id": "04",
    "subject_id": "02",
    "task_id": "prf"
  },
  "dummy_trs": 0,
  "dvars_nstd": 30.21538253588235,
  "dvars_std": 1.154208165378151,
  "dvars_vstd": 0.9899132440336132,
  "efc": 0.4858377998717772,
  "fber": 4153.08154296875,
  "fd_mean": 0.07866177817633455,
  "fd_num": 0,
  "fd_perc": 0.0,
  "fwhm_avg": 2.3061807534987513,
  "fwhm_x": 2.135895,
  "fwhm_y": 2.254325,
  "fwhm_z": 2.528322260496253,
  "gcor": 0.0107226,
  "gsr_x": -0.014237729832530022,
  "gsr_y": 0.05167609825730324,
  "provenance": {
    "md5sum": "6b9531da941ea25ae0a118eb2898a241",
    "settings": {
      "fd_thres": 0.2,
      "testing": false
    },
    "software": "mriqc",
    "version": "22.0.6",
    "webapi_port": null,
    "webapi_url": "https://mriqc.nimh.nih.gov/api/v1"
  },
  "size_t": 120,
  "size_x": 112,
  "size_y": 112,
  "size_z": 60,
  "snr": 2.7723837976209516,
  "spacing_tr": 1.5,
  "spacing_x": 2.0,
  "spacing_y": 2.0,
  "spacing_z": 1.9999982118606567,
  "summary_bg_k": 20.78979997774659,
  "summary_bg_mad": 2555.6387413290636,
  "summary_bg_mean": 7469.37841796875,
  "summary_bg_median": 2084.48291015625,
  "summary_bg_n": 516778.0,
  "summary_bg_p05": 167.37841262817386,
  "summary_bg_p95": 35309.822851562494,
  "summary_bg_stdv": 13722.3271484375,
  "summary_fg_k": 1.8002628682517354,
  "summary_fg_mad": 40974.02887436873,
  "summary_fg_mean": 136992.078125,
  "summary_fg_median": 133482.0625,
  "summary_fg_n": 139383.0,
  "summary_fg_p05": 66076.39296875,
  "summary_fg_p95": 221427.63593749993,
  "summary_fg_stdv": 48146.86328125,
  "tsnr": 62.160926818847656
}