{
  "aor": 0.0010131666666666666,
  "aqi": 0.0027659841666666666,
  "bids_meta": {
    "AcquisitionNumber": 26,
    "AcquisitionTime": "19:39:11.570000",
    "ConversionSoftware": "dcm2niix",
    "ConversionSoftwareVersion": "v1.0.20170818 (OpenJPEG build) GCC4.8.4",
    "DeviceSerialNumber": "00076",
    "EPIFactor": 55,
    "EchoTime": 0.022001,
    "EchoTrainLength": 53,
    "EffectiveEchoSpacing": 0.0008602736372914211,
    "FlipAngle": 62,
    "ImageType": [
      "ORIGINAL",
      "PRIMARY",
      "M",
      "FFE",
      "M",
      "FFE"
    ],
    "InstitutionAddress": "Amsterdam",
    "InstitutionName": "Spinoza_Centre",
    "MagneticFieldStrength": 7,
    "Manufacturer": "Philips",
    "ManufacturersModelName": "Achieva",
    "Modality": "MR",
    "MultibandAccelerationFactor": 2,
    "ParallelAcquisitionTechnique": "SENSE",
    "ParallelReductionFactorInPlane": 2.2,
    "PhaseEncodingDirection": "j",
    "PhaseEncodingLines": 110,
    "PhilipsRescaleIntercept": 0,
    "PhilipsRescaleSlope": 2.48449,
    "PhilipsScaleSlope": 0.00253716,
    "ProcedureStepDescription": "CB",
    "ProtocolName": "2.0_MB2_S2.0_TR1.5",
    "RepetitionTime": 1.5,
    "ScanningSequence": "GR",
    "SequenceVariant": "SK",
    "SeriesDescription": "2.0_MB2_S2.0_TR1.5",
    "SliceTiming": [
      0,
      0.06,
      0.12,
      0.18,
      0.24,
      0.3,
      0.36,
      0.42,
      0.48,
      0.54,
      0.6,
      0.66,
      0.72,
      0.78,
      0.84,
      0.9,
      0.96,
      1.02,
      1.08,
      1.14,
      1.2,
      1.26,
      1.32,
      1.38,
      1.44,
      0,
      0.06,
      0.12,
      0.18,
      0.24,
      0.3,
      0.36,
      0.42,
      0.48,
      0.54,
      0.6,
      0.66,
      0.72,
      0.78,
      0.84,
      0.9,
      0.96,
      1.02,
      1.08,
      1.14,
      1.2,
      1.26,
      1.32,
      1.38,
      1.44
    ],
    "SoftwareVersions": "5.1.7_5.1.7.0",
    "TaskName": "prf",
    "TotalReadoutTime": 0.01,
    "UsePhilipsFloatNotDisplayScaling": 1,
    "WaterFatShift": 47.938,
    "dataset": "ds002574",
    "modality": "bold",
    "run_id": 12,
    "session_id": "04",
    "subject_id": "02",
    "task_id": "prf"
  },
  "dummy_trs": 0,
  "dvars_nstd": 31.22109284941175,
  "dvars_std": 1.147969984537815,
  "dvars_vstd": 0.987708037226891,
  "efc": 0.4879927673927412,
  "fber": 3583.695556640625,
  "fd_mean": 0.07937280453271042,
  "fd_num": 0,
  "fd_perc": 0.0,
  "fwhm_avg": 2.313244089915137,
  "fwhm_x": 2.13487,
  "fwhm_y": 2.266195,
  "fwhm_z": 2.538667269745412,
  "gcor": 0.0147619,
  "gsr_x": -0.014180364087224007,
  "gsr_y": 0.052119649946689606,
  "provenance": {
    "md5sum": "a0a23eed182862d48a0cd24d2ec3d11d",
    "settings": {
      "fd_thres": 0.2,
      "testing": false
    },
    "software": "mriqc",
    "version": "22.0.6",
    "webapi_port": null,
    "webapi_url": "https://mriqc.nimh.nih.gov/api/v1"
  },
  "size_t": 120,
  "size_x": 112,
  "size_y": 112,
  "size_z": 60,
  "snr": 2.7595533785001303,
  "spacing_tr": 1.5,
  "spacing_x": 2.0,
  "spacing_y": 2.0,
  "spacing_z": 1.9999982118606567,
  "summary_bg_k": 19.89939217960014,
  "summary_bg_mad": 2736.103641542123,
  "summary_bg_mean": 7698.8076171875,
  "summary_bg_median": 2271.4033203125,
  "summary_bg_n": 516000.0,
  "summary_bg_p05": 215.48690032958984,
  "summary_bg_p95": 36098.724218749994,
  "summary_bg_stdv": 13875.2265625,
  "summary_fg_k": 1.763374684710791,
  "summary_fg_mad": 41839.428422442375,
  "summary_fg_mean": 138559.09375,
  "summary_fg_median": 135053.53125,
  "summary_fg_n": 140019.0,
  "summary_fg_p05": 66379.85703125001,
  "summary_fg_p95": 224091.6234375,
  "summary_fg_stdv": 48940.18359375,
  "tsnr": 58.612892150878906
}