{
  "aor": 0.0010001666666666668,
  "aqi": 0.0024207327499999997,
  "bids_meta": {
    "AcquisitionNumber": 11,
    "AcquisitionTime": "09:48:40.960000",
    "ConversionSoftware": "dcm2niix",
    "ConversionSoftwareVersion": "v1.0.20170818 (OpenJPEG build) GCC4.8.4",
    "DeviceSerialNumber": "00076",
    "EPIFactor": 55,
    "EchoTime": 0.022001,
    "EchoTrainLength": 53,
    "EffectiveEchoSpacing": 0.0008602736372914211,
    "FlipAngle": 62,
    "ImageType": [
      "ORIGINAL",
      "PRIMARY",
      "M",
      "FFE",
      "M",
      "FFE"
    ],
    "InstitutionAddress": "Amsterdam",
    "InstitutionName": "Spinoza_Centre",
    "MagneticFieldStrength": 7,
    "Manufacturer": "Philips",
    "ManufacturersModelName": "Achieva",
    "Modality": "MR",
    "MultibandAccelerationFactor": 2,
    "ParallelAcquisitionTechnique": "SENSE",
    "ParallelReductionFactorInPlane": 2.2,
    "PhaseEncodingDirection": "j",
    "PhaseEncodingLines": 110,
    "PhilipsRescaleIntercept": 0,
    "PhilipsRescaleSlope": 3.06178,
    "PhilipsScaleSlope": 0.00247128,
    "ProcedureStepDescription": "DE_cer_prf_2",
    "ProtocolName": "2.0_MB2_S2.0_TR1.5",
    "RepetitionTime": 1.5,
    "ScanningSequence": "GR",
    "SequenceVariant": "SK",
    "SeriesDescription": "2.0_MB2_S2.0_TR1.5",
    "SliceTiming": [
      0,
      0.06,
      0.12,
      0.18,
      0.24,
      0.3,
      0.36,
      0.42,
      0.48,
      0.54,
      0.6,
      0.66,
      0.72,
      0.78,
      0.84,
      0.9,
      0.96,
      1.02,
      1.08,
      1.14,
      1.2,
      1.26,
      1.32,
      1.38,
      1.44,
      0,
      0.06,
      0.12,
      0.18,
      0.24,
      0.3,
      0.36,
      0.42,
      0.48,
      0.54,
      0.6,
      0.66,
      0.72,
      0.78,
      0.84,
      0.9,
      0.96,
      1.02,
      1.08,
      1.14,
      1.2,
      1.26,
      1.32,
      1.38,
      1.44
    ],
    "SoftwareVersions": "5.1.7_5.1.7.0",
    "TaskName": "prf",
    "TotalReadoutTime": 0.01,
    "UsePhilipsFloatNotDisplayScaling": 1,
    "WaterFatShift": 47.938,
    "dataset": "ds002574",
    "modality": "bold",
    "run_id": 4,
    "session_id": "02",
    "subject_id": "01",
    "task_id": "prf"
  },
  "dummy_trs": 0,
  "dvars_nstd": 30.8619698272269,
  "dvars_std": 1.1566966902521008,
  "dvars_vstd": 0.9932585215126049,
  "efc": 0.4618448243253434,
  "fber": 6262.01171875,
  "fd_mean": 0.10129564121882685,
  "fd_num": 3,
  "fd_perc": 2.5,
  "fwhm_avg": 2.5416107964905454,
  "fwhm_x": 2.385195,
  "fwhm_y": 2.5023,
  "fwhm_z": 2.7373373894716364,
  "gcor": 0.0202198,
  "gsr_x": -0.012370217591524124,
  "gsr_y": 0.07517308741807938,
  "provenance": {
    "md5sum": "330a653aecf8f0774abecaf141b93ce0",
    "settings": {
      "fd_thres": 0.2,
      "testing": false
    },
    "software": "mriqc",
    "version": "22.0.6",
    "webapi_port": null,
    "webapi_url": "https://mriqc.nimh.nih.gov/api/v1"
  },
  "size_t": 120,
  "size_x": 112,
  "size_y": 112,
  "size_z": 60,
  "snr": 2.8813210614998734,
  "spacing_tr": 1.5,
  "spacing_x": 2.0,
  "spacing_y": 2.0,
  "spacing_z": 2.000001907348633,
  "summary_bg_k": 18.998282234766368,
  "summary_bg_mad": 1913.7906142310587,
  "summary_bg_mean": 7783.2998046875,
  "summary_bg_median": 1641.759033203125,
  "summary_bg_n": 549533.0,
  "summary_bg_p05": 34.02542800903321,
  "summary_bg_p95": 42474.86015625,
  "summary_bg_stdv": 16505.357421875,
  "summary_fg_k": 0.5184110245701716,
  "summary_fg_mad": 41664.78251423435,
  "summary_fg_mean": 127248.8515625,
  "summary_fg_median": 125398.421875,
  "summary_fg_n": 119032.0,
  "summary_fg_p05": 59513.0955078125,
  "summary_fg_p95": 201775.84843749998,
  "summary_fg_stdv": 43520.97265625,
  "tsnr": 57.965538024902344
}