{
  "aor": 0.0012194999999999999,
  "aqi": 0.004143767166666667,
  "bids_meta": {
    "AcquisitionNumber": 5,
    "AcquisitionTime": "09:34:15.810000",
    "ConversionSoftware": "dcm2niix",
    "ConversionSoftwareVersion": "v1.0.20170818 (OpenJPEG build) GCC4.8.4",
    "DeviceSerialNumber": "00076",
    "EPIFactor": 55,
    "EchoTime": 0.022001,
    "EchoTrainLength": 53,
    "EffectiveEchoSpacing": 0.0008602736372914211,
    "FlipAngle": 62,
    "ImageType": [
      "ORIGINAL",
      "PRIMARY",
      "M",
      "FFE",
      "M",
      "FFE"
    ],
    "InstitutionAddress": "Amsterdam",
    "InstitutionName": "Spinoza_Centre",
    "MagneticFieldStrength": 7,
    "Manufacturer": "Philips",
    "ManufacturersModelName": "Achieva",
    "Modality": "MR",
    "MultibandAccelerationFactor": 2,
    "ParallelAcquisitionTechnique": "SENSE",
    "ParallelReductionFactorInPlane": 2.2,
    "PhaseEncodingDirection": "j",
    "PhaseEncodingLines": 110,
    "PhilipsRescaleIntercept": 0,
    "PhilipsRescaleSlope": 3.35409,
    "PhilipsScaleSlope": 0.00244291,
    "ProcedureStepDescription": "DE_cer_prf_2",
    "ProtocolName": "2.0_MB2_S2.0_TR1.5",
    "RepetitionTime": 1.5,
    "ScanningSequence": "GR",
    "SequenceVariant": "SK",
    "SeriesDescription": "2.0_MB2_S2.0_TR1.5",
    "SliceTiming": [
      0,
      0.06,
      0.12,
      0.18,
      0.24,
      0.3,
      0.36,
      0.42,
      0.48,
      0.54,
      0.6,
      0.66,
      0.72,
      0.78,
      0.84,
      0.9,
      0.96,
      1.02,
      1.08,
      1.14,
      1.2,
      1.26,
      1.32,
      1.38,
      1.44,
      0,
      0.06,
      0.12,
      0.18,
      0.24,
      0.3,
      0.36,
      0.42,
      0.48,
      0.54,
      0.6,
      0.66,
      0.72,
      0.78,
      0.84,
      0.9,
      0.96,
      1.02,
      1.08,
      1.14,
      1.2,
      1.26,
      1.32,
      1.38,
      1.44
    ],
    "SoftwareVersions": "5.1.7_5.1.7.0",
    "TaskName": "prf",
    "TotalReadoutTime": 0.01,
    "UsePhilipsFloatNotDisplayScaling": 1,
    "WaterFatShift": 47.938,
    "dataset": "ds002574",
    "modality": "bold",
    "run_id": 1,
    "session_id": "02",
    "subject_id": "01",
    "task_id": "prf"
  },
  "dummy_trs": 0,
  "dvars_nstd": 31.802190219831935,
  "dvars_std": 1.1266310715126053,
  "dvars_vstd": 0.9748216967226896,
  "efc": 0.4624909943042694,
  "fber": 7674.56494140625,
  "fd_mean": 0.10925839747642466,
  "fd_num": 3,
  "fd_perc": 2.5,
  "fwhm_avg": 2.5625924606395145,
  "fwhm_x": 2.42128,
  "fwhm_y": 2.52124,
  "fwhm_z": 2.745257381918543,
  "gcor": 0.0109706,
  "gsr_x": -0.010784124955534935,
  "gsr_y": 0.07548283040523529,
  "provenance": {
    "md5sum": "16cbc2765d6828d80eaefaacebf16518",
    "settings": {
      "fd_thres": 0.2,
      "testing": false
    },
    "software": "mriqc",
    "version": "22.0.6",
    "webapi_port": null,
    "webapi_url": "https://mriqc.nimh.nih.gov/api/v1"
  },
  "size_t": 120,
  "size_x": 112,
  "size_y": 112,
  "size_z": 60,
  "snr": 2.8688103590321408,
  "spacing_tr": 1.5,
  "spacing_x": 2.0,
  "spacing_y": 2.0,
  "spacing_z": 2.000001907348633,
  "summary_bg_k": 19.054546496020834,
  "summary_bg_mad": 1698.6571505721586,
  "summary_bg_mean": 7633.2744140625,
  "summary_bg_median": 1461.4906005859375,
  "summary_bg_n": 549682.0,
  "summary_bg_p05": 59.88492565155031,
  "summary_bg_p95": 41336.61992187491,
  "summary_bg_stdv": 16100.671875,
  "summary_fg_k": 0.5517582714746117,
  "summary_fg_mad": 40623.879928545095,
  "summary_fg_mean": 124219.15625,
  "summary_fg_median": 122228.921875,
  "summary_fg_n": 119601.0,
  "summary_fg_p05": 58101.87890625,
  "summary_fg_p95": 197726.875,
  "summary_fg_stdv": 42605.95703125,
  "tsnr": 48.38556671142578
}