{
  "aor": 0.0008155,
  "aqi": 0.0024773704166666665,
  "bids_meta": {
    "AcquisitionNumber": 22,
    "AcquisitionTime": "10:30:25.180000",
    "ConversionSoftware": "dcm2niix",
    "ConversionSoftwareVersion": "v1.0.20170818 (OpenJPEG build) GCC4.8.4",
    "DeviceSerialNumber": "00076",
    "EPIFactor": 55,
    "EchoTime": 0.022001,
    "EchoTrainLength": 53,
    "EffectiveEchoSpacing": 0.0008602736372914211,
    "FlipAngle": 62,
    "ImageType": [
      "ORIGINAL",
      "PRIMARY",
      "M",
      "FFE",
      "M",
      "FFE"
    ],
    "InstitutionAddress": "Amsterdam",
    "InstitutionName": "Spinoza_Centre",
    "MagneticFieldStrength": 7,
    "Manufacturer": "Philips",
    "ManufacturersModelName": "Achieva",
    "Modality": "MR",
    "MultibandAccelerationFactor": 2,
    "ParallelAcquisitionTechnique": "SENSE",
    "ParallelReductionFactorInPlane": 2.2,
    "PhaseEncodingDirection": "j",
    "PhaseEncodingLines": 110,
    "PhilipsRescaleIntercept": 0,
    "PhilipsRescaleSlope": 3.12039,
    "PhilipsScaleSlope": 0.00248758,
    "ProcedureStepDescription": "DE_cer_prf_2",
    "ProtocolName": "2.0_MB2_S2.0_TR1.5",
    "RepetitionTime": 1.5,
    "ScanningSequence": "GR",
    "SequenceVariant": "SK",
    "SeriesDescription": "2.0_MB2_S2.0_TR1.5",
    "SliceTiming": [
      0,
      0.06,
      0.12,
      0.18,
      0.24,
      0.3,
      0.36,
      0.42,
      0.48,
      0.54,
      0.6,
      0.66,
      0.72,
      0.78,
      0.84,
      0.9,
      0.96,
      1.02,
      1.08,
      1.14,
      1.2,
      1.26,
      1.32,
      1.38,
      1.44,
      0,
      0.06,
      0.12,
      0.18,
      0.24,
      0.3,
      0.36,
      0.42,
      0.48,
      0.54,
      0.6,
      0.66,
      0.72,
      0.78,
      0.84,
      0.9,
      0.96,
      1.02,
      1.08,
      1.14,
      1.2,
      1.26,
      1.32,
      1.38,
      1.44
    ],
    "SoftwareVersions": "5.1.7_5.1.7.0",
    "TaskName": "prf",
    "TotalReadoutTime": 0.01,
    "UsePhilipsFloatNotDisplayScaling": 1,
    "WaterFatShift": 47.938,
    "dataset": "ds002574",
    "modality": "bold",
    "run_id": 10,
    "session_id": "02",
    "subject_id": "01",
    "task_id": "prf"
  },
  "dummy_trs": 0,
  "dvars_nstd": 30.4364333597479,
  "dvars_std": 1.1459049028571429,
  "dvars_vstd": 0.9863902099999997,
  "efc": 0.4648335528522663,
  "fber": 5656.55712890625,
  "fd_mean": 0.08792291134724096,
  "fd_num": 0,
  "fd_perc": 0.0,
  "fwhm_avg": 2.539550795808669,
  "fwhm_x": 2.381715,
  "fwhm_y": 2.497455,
  "fwhm_z": 2.739482387426007,
  "gcor": 0.0134947,
  "gsr_x": -0.013420403003692627,
  "gsr_y": 0.07685663551092148,
  "provenance": {
    "md5sum": "ae32eaeac18dfe0ab9c8e41daa456924",
    "settings": {
      "fd_thres": 0.2,
      "testing": false
    },
    "software": "mriqc",
    "version": "22.0.6",
    "webapi_port": null,
    "webapi_url": "https://mriqc.nimh.nih.gov/api/v1"
  },
  "size_t": 120,
  "size_x": 112,
  "size_y": 112,
  "size_z": 60,
  "snr": 2.8762062847735055,
  "spacing_tr": 1.5,
  "spacing_x": 2.0,
  "spacing_y": 2.0,
  "spacing_z": 2.000001907348633,
  "summary_bg_k": 18.688977828229707,
  "summary_bg_mad": 1960.1265259704055,
  "summary_bg_mean": 7934.04296875,
  "summary_bg_median": 1709.59619140625,
  "summary_bg_n": 549350.0,
  "summary_bg_p05": 43.427555084228516,
  "summary_bg_p95": 42381.29414062498,
  "summary_bg_stdv": 16513.771484375,
  "summary_fg_k": 0.5372589514109745,
  "summary_fg_mad": 41519.63807360862,
  "summary_fg_mean": 126366.1796875,
  "summary_fg_median": 124500.6171875,
  "summary_fg_n": 119077.0,
  "summary_fg_p05": 59157.853125,
  "summary_fg_p95": 200719.325,
  "summary_fg_stdv": 43286.21875,
  "tsnr": 57.17416763305664
}