{
  "aor": 0.0011474166666666668,
  "aqi": 0.004042418083333333,
  "bids_meta": {
    "AcquisitionNumber": 8,
    "AcquisitionTime": "09:40:12.840000",
    "ConversionSoftware": "dcm2niix",
    "ConversionSoftwareVersion": "v1.0.20170818 (OpenJPEG build) GCC4.8.4",
    "DeviceSerialNumber": "00076",
    "EPIFactor": 55,
    "EchoTime": 0.022001,
    "EchoTrainLength": 53,
    "EffectiveEchoSpacing": 0.0008602736372914211,
    "FlipAngle": 62,
    "ImageType": [
      "ORIGINAL",
      "PRIMARY",
      "M",
      "FFE",
      "M",
      "FFE"
    ],
    "InstitutionAddress": "Amsterdam",
    "InstitutionName": "Spinoza_Centre",
    "MagneticFieldStrength": 7,
    "Manufacturer": "Philips",
    "ManufacturersModelName": "Achieva",
    "Modality": "MR",
    "MultibandAccelerationFactor": 2,
    "ParallelAcquisitionTechnique": "SENSE",
    "ParallelReductionFactorInPlane": 2.2,
    "PhaseEncodingDirection": "j",
    "PhaseEncodingLines": 110,
    "PhilipsRescaleIntercept": 0,
    "PhilipsRescaleSlope": 3.16459,
    "PhilipsScaleSlope": 0.00246058,
    "ProcedureStepDescription": "DE_cer_prf_2",
    "ProtocolName": "2.0_MB2_S2.0_TR1.5",
    "RepetitionTime": 1.5,
    "ScanningSequence": "GR",
    "SequenceVariant": "SK",
    "SeriesDescription": "2.0_MB2_S2.0_TR1.5",
    "SliceTiming": [
      0,
      0.06,
      0.12,
      0.18,
      0.24,
      0.3,
      0.36,
      0.42,
      0.48,
      0.54,
      0.6,
      0.66,
      0.72,
      0.78,
      0.84,
      0.9,
      0.96,
      1.02,
      1.08,
      1.14,
      1.2,
      1.26,
      1.32,
      1.38,
      1.44,
      0,
      0.06,
      0.12,
      0.18,
      0.24,
      0.3,
      0.36,
      0.42,
      0.48,
      0.54,
      0.6,
      0.66,
      0.72,
      0.78,
      0.84,
      0.9,
      0.96,
      1.02,
      1.08,
      1.14,
      1.2,
      1.26,
      1.32,
      1.38,
      1.44
    ],
    "SoftwareVersions": "5.1.7_5.1.7.0",
    "TaskName": "prf",
    "TotalReadoutTime": 0.01,
    "UsePhilipsFloatNotDisplayScaling": 1,
    "WaterFatShift": 47.938,
    "dataset": "ds002574",
    "modality": "bold",
    "run_id": 2,
    "session_id": "02",
    "subject_id": "01",
    "task_id": "prf"
  },
  "dummy_trs": 0,
  "dvars_nstd": 32.86069570285715,
  "dvars_std": 1.138663808319328,
  "dvars_vstd": 0.9790997905042018,
  "efc": 0.46304652994884843,
  "fber": 7346.212890625,
  "fd_mean": 0.12291651405631653,
  "fd_num": 13,
  "fd_perc": 10.833333333333334,
  "fwhm_avg": 2.5491791304437665,
  "fwhm_x": 2.403295,
  "fwhm_y": 2.508855,
  "fwhm_z": 2.7353873913312996,
  "gcor": 0.0171447,
  "gsr_x": -0.011404559016227722,
  "gsr_y": 0.07689676433801651,
  "provenance": {
    "md5sum": "9bb10781b430f34db15a0ead099481a6",
    "settings": {
      "fd_thres": 0.2,
      "testing": false
    },
    "software": "mriqc",
    "version": "22.0.6",
    "webapi_port": null,
    "webapi_url": "https://mriqc.nimh.nih.gov/api/v1"
  },
  "size_t": 120,
  "size_x": 112,
  "size_y": 112,
  "size_z": 60,
  "snr": 2.8660956098080574,
  "spacing_tr": 1.5,
  "spacing_x": 2.0,
  "spacing_y": 2.0,
  "spacing_z": 2.000001907348633,
  "summary_bg_k": 18.97153845089204,
  "summary_bg_mad": 1774.3306283271336,
  "summary_bg_mean": 7905.302734375,
  "summary_bg_median": 1527.701171875,
  "summary_bg_n": 549629.0,
  "summary_bg_p05": 57.56259231567383,
  "summary_bg_p95": 42795.649218749924,
  "summary_bg_stdv": 16648.7265625,
  "summary_fg_k": 0.5368752051688808,
  "summary_fg_mad": 41904.63975439696,
  "summary_fg_mean": 127399.8671875,
  "summary_fg_median": 125503.1796875,
  "summary_fg_n": 119500.0,
  "summary_fg_p05": 59339.923828125,
  "summary_fg_p95": 202805.45703124994,
  "summary_fg_stdv": 43788.71875,
  "tsnr": 48.24708557128906
}