{
  "aor": 0.0009196666666666666,
  "aqi": 0.0026082215833333334,
  "bids_meta": {
    "AcquisitionNumber": 12,
    "AcquisitionTime": "09:53:2.030000",
    "ConversionSoftware": "dcm2niix",
    "ConversionSoftwareVersion": "v1.0.20170818 (OpenJPEG build) GCC4.8.4",
    "DeviceSerialNumber": "00076",
    "EPIFactor": 55,
    "EchoTime": 0.022001,
    "EchoTrainLength": 53,
    "EffectiveEchoSpacing": 0.0008602736372914211,
    "FlipAngle": 62,
    "ImageType": [
      "ORIGINAL",
      "PRIMARY",
      "M",
      "FFE",
      "M",
      "FFE"
    ],
    "InstitutionAddress": "Amsterdam",
    "InstitutionName": "Spinoza_Centre",
    "MagneticFieldStrength": 7,
    "Manufacturer": "Philips",
    "ManufacturersModelName": "Achieva",
    "Modality": "MR",
    "MultibandAccelerationFactor": 2,
    "ParallelAcquisitionTechnique": "SENSE",
    "ParallelReductionFactorInPlane": 2.2,
    "PhaseEncodingDirection": "j",
    "PhaseEncodingLines": 110,
    "PhilipsRescaleIntercept": 0,
    "PhilipsRescaleSlope": 3.06203,
    "PhilipsScaleSlope": 0.00247899,
    "ProcedureStepDescription": "DE_cer_prf_2",
    "ProtocolName": "2.0_MB2_S2.0_TR1.5",
    "RepetitionTime": 1.5,
    "ScanningSequence": "GR",
    "SequenceVariant": "SK",
    "SeriesDescription": "2.0_MB2_S2.0_TR1.5",
    "SliceTiming": [
      0,
      0.06,
      0.12,
      0.18,
      0.24,
      0.3,
      0.36,
      0.42,
      0.48,
      0.54,
      0.6,
      0.66,
      0.72,
      0.78,
      0.84,
      0.9,
      0.96,
      1.02,
      1.08,
      1.14,
      1.2,
      1.26,
      1.32,
      1.38,
      1.44,
      0,
      0.06,
      0.12,
      0.18,
      0.24,
      0.3,
      0.36,
      0.42,
      0.48,
      0.54,
      0.6,
      0.66,
      0.72,
      0.78,
      0.84,
      0.9,
      0.96,
      1.02,
      1.08,
      1.14,
      1.2,
      1.26,
      1.32,
      1.38,
      1.44
    ],
    "SoftwareVersions": "5.1.7_5.1.7.0",
    "TaskName": "prf",
    "TotalReadoutTime": 0.01,
    "UsePhilipsFloatNotDisplayScaling": 1,
    "WaterFatShift": 47.938,
    "dataset": "ds002574",
    "modality": "bold",
    "run_id": 5,
    "session_id": "02",
    "subject_id": "01",
    "task_id": "prf"
  },
  "dummy_trs": 0,
  "dvars_nstd": 31.3664893297479,
  "dvars_std": 1.1573028975630253,
  "dvars_vstd": 0.9868417783193277,
  "efc": 0.46214209995066585,
  "fber": 6565.09912109375,
  "fd_mean": 0.0899128930090378,
  "fd_num": 0,
  "fd_perc": 0.0,
  "fwhm_avg": 2.5419941310811383,
  "fwhm_x": 2.3902,
  "fwhm_y": 2.5024,
  "fwhm_z": 2.733382393243415,
  "gcor": 0.0113724,
  "gsr_x": -0.011634879745543003,
  "gsr_y": 0.07450208812952042,
  "provenance": {
    "md5sum": "95a3ca7efe3c0de4c20500fa5e3a95ca",
    "settings": {
      "fd_thres": 0.2,
      "testing": false
    },
    "software": "mriqc",
    "version": "22.0.6",
    "webapi_port": null,
    "webapi_url": "https://mriqc.nimh.nih.gov/api/v1"
  },
  "size_t": 120,
  "size_x": 112,
  "size_y": 112,
  "size_z": 60,
  "snr": 2.871907403490458,
  "spacing_tr": 1.5,
  "spacing_x": 2.0,
  "spacing_y": 2.0,
  "spacing_z": 2.000001907348633,
  "summary_bg_k": 18.95606482081445,
  "summary_bg_mad": 1830.211447906831,
  "summary_bg_mean": 7768.49560546875,
  "summary_bg_median": 1596.3836669921875,
  "summary_bg_n": 549070.0,
  "summary_bg_p05": 34.47098636627197,
  "summary_bg_p95": 42545.0900390625,
  "summary_bg_stdv": 16531.408203125,
  "summary_fg_k": 0.5262231199601222,
  "summary_fg_mad": 41705.69306920124,
  "summary_fg_mean": 126994.4921875,
  "summary_fg_median": 125152.515625,
  "summary_fg_n": 119517.0,
  "summary_fg_p05": 59196.73515625,
  "summary_fg_p95": 201984.4375,
  "summary_fg_stdv": 43578.00390625,
  "tsnr": 57.217002868652344
}