{
  "aor": 0.00082175,
  "aqi": 0.0029458740000000002,
  "bids_meta": {
    "AcquisitionNumber": 24,
    "AcquisitionTime": "10:34:59.000000",
    "ConversionSoftware": "dcm2niix",
    "ConversionSoftwareVersion": "v1.0.20170818 (OpenJPEG build) GCC4.8.4",
    "DeviceSerialNumber": "00076",
    "EPIFactor": 55,
    "EchoTime": 0.022001,
    "EchoTrainLength": 53,
    "EffectiveEchoSpacing": 0.0008602736372914211,
    "FlipAngle": 62,
    "ImageType": [
      "ORIGINAL",
      "PRIMARY",
      "M",
      "FFE",
      "M",
      "FFE"
    ],
    "InstitutionAddress": "Amsterdam",
    "InstitutionName": "Spinoza_Centre",
    "MagneticFieldStrength": 7,
    "Manufacturer": "Philips",
    "ManufacturersModelName": "Achieva",
    "Modality": "MR",
    "MultibandAccelerationFactor": 2,
    "ParallelAcquisitionTechnique": "SENSE",
    "ParallelReductionFactorInPlane": 2.2,
    "PhaseEncodingDirection": "j",
    "PhaseEncodingLines": 110,
    "PhilipsRescaleIntercept": 0,
    "PhilipsRescaleSlope": 3.1304,
    "PhilipsScaleSlope": 0.00250066,
    "ProcedureStepDescription": "DE_cer_prf_2",
    "ProtocolName": "2.0_MB2_S2.0_TR1.5",
    "RepetitionTime": 1.5,
    "ScanningSequence": "GR",
    "SequenceVariant": "SK",
    "SeriesDescription": "2.0_MB2_S2.0_TR1.5",
    "SliceTiming": [
      0,
      0.06,
      0.12,
      0.18,
      0.24,
      0.3,
      0.36,
      0.42,
      0.48,
      0.54,
      0.6,
      0.66,
      0.72,
      0.78,
      0.84,
      0.9,
      0.96,
      1.02,
      1.08,
      1.14,
      1.2,
      1.26,
      1.32,
      1.38,
      1.44,
      0,
      0.06,
      0.12,
      0.18,
      0.24,
      0.3,
      0.36,
      0.42,
      0.48,
      0.54,
      0.6,
      0.66,
      0.72,
      0.78,
      0.84,
      0.9,
      0.96,
      1.02,
      1.08,
      1.14,
      1.2,
      1.26,
      1.32,
      1.38,
      1.44
    ],
    "SoftwareVersions": "5.1.7_5.1.7.0",
    "TaskName": "prf",
    "TotalReadoutTime": 0.01,
    "UsePhilipsFloatNotDisplayScaling": 1,
    "WaterFatShift": 47.938,
    "dataset": "ds002574",
    "modality": "bold",
    "run_id": 11,
    "session_id": "02",
    "subject_id": "01",
    "task_id": "prf"
  },
  "dummy_trs": 0,
  "dvars_nstd": 30.101612171680667,
  "dvars_std": 1.1448786529411763,
  "dvars_vstd": 0.9812802469747902,
  "efc": 0.4632481799042931,
  "fber": 6200.009765625,
  "fd_mean": 0.09118481149886029,
  "fd_num": 1,
  "fd_perc": 0.8333333333333334,
  "fwhm_avg": 2.54592746038997,
  "fwhm_x": 2.38824,
  "fwhm_y": 2.5035,
  "fwhm_z": 2.7460423811699095,
  "gcor": 0.0077349,
  "gsr_x": -0.01279310043901205,
  "gsr_y": 0.07552435994148254,
  "provenance": {
    "md5sum": "f81d9741955f2dab223e7cefdd7f44c1",
    "settings": {
      "fd_thres": 0.2,
      "testing": false
    },
    "software": "mriqc",
    "version": "22.0.6",
    "webapi_port": null,
    "webapi_url": "https://mriqc.nimh.nih.gov/api/v1"
  },
  "size_t": 120,
  "size_x": 112,
  "size_y": 112,
  "size_z": 60,
  "snr": 2.874073316198985,
  "spacing_tr": 1.5,
  "spacing_x": 2.0,
  "spacing_y": 2.0,
  "spacing_z": 2.000001907348633,
  "summary_bg_k": 18.596692718930527,
  "summary_bg_mad": 1856.5219363612475,
  "summary_bg_mean": 7764.18408203125,
  "summary_bg_median": 1624.012451171875,
  "summary_bg_n": 549195.0,
  "summary_bg_p05": 40.808933639526366,
  "summary_bg_p95": 42144.09335937499,
  "summary_bg_stdv": 16394.07421875,
  "summary_fg_k": 0.5392799236522152,
  "summary_fg_mad": 41155.93721688146,
  "summary_fg_mean": 125315.6796875,
  "summary_fg_median": 123474.1875,
  "summary_fg_n": 119296.0,
  "summary_fg_p05": 58584.6064453125,
  "summary_fg_p95": 199198.40625,
  "summary_fg_stdv": 42961.2109375,
  "tsnr": 54.51498794555664
}