{
  "aor": 0.0017655833333333334,
  "aqi": 0.0027787293333333333,
  "bids_meta": {
    "AcquisitionNumber": 10,
    "AcquisitionTime": "15:24:3.840000",
    "ConversionSoftware": "dcm2niix",
    "ConversionSoftwareVersion": "v1.0.20170818 (OpenJPEG build) GCC4.8.4",
    "DeviceSerialNumber": "00076",
    "EPIFactor": 55,
    "EchoTime": 0.022001,
    "EchoTrainLength": 53,
    "EffectiveEchoSpacing": 0.0008602736372914211,
    "FlipAngle": 62,
    "ImageType": [
      "ORIGINAL",
      "PRIMARY",
      "M",
      "FFE",
      "M",
      "FFE"
    ],
    "InstitutionAddress": "Amsterdam",
    "InstitutionName": "Spinoza_Centre",
    "MagneticFieldStrength": 7,
    "Manufacturer": "Philips",
    "ManufacturersModelName": "Achieva",
    "Modality": "MR",
    "MultibandAccelerationFactor": 2,
    "ParallelAcquisitionTechnique": "SENSE",
    "ParallelReductionFactorInPlane": 2.2,
    "PhaseEncodingDirection": "j",
    "PhaseEncodingLines": 110,
    "PhilipsRescaleIntercept": 0,
    "PhilipsRescaleSlope": 2.67643,
    "PhilipsScaleSlope": 0.00244792,
    "ProtocolName": "2.0_MB2_S2.0_TR1.5",
    "RepetitionTime": 1.5,
    "ScanningSequence": "GR",
    "SequenceVariant": "SK",
    "SeriesDescription": "2.0_MB2_S2.0_TR1.5",
    "SliceTiming": [
      0,
      0.06,
      0.12,
      0.18,
      0.24,
      0.3,
      0.36,
      0.42,
      0.48,
      0.54,
      0.6,
      0.66,
      0.72,
      0.78,
      0.84,
      0.9,
      0.96,
      1.02,
      1.08,
      1.14,
      1.2,
      1.26,
      1.32,
      1.38,
      1.44,
      0,
      0.06,
      0.12,
      0.18,
      0.24,
      0.3,
      0.36,
      0.42,
      0.48,
      0.54,
      0.6,
      0.66,
      0.72,
      0.78,
      0.84,
      0.9,
      0.96,
      1.02,
      1.08,
      1.14,
      1.2,
      1.26,
      1.32,
      1.38,
      1.44
    ],
    "SoftwareVersions": "5.1.7_5.1.7.0",
    "TaskName": "prf",
    "TotalReadoutTime": 0.01,
    "UsePhilipsFloatNotDisplayScaling": 1,
    "WaterFatShift": 47.938,
    "dataset": "ds002574",
    "modality": "bold",
    "run_id": 4,
    "session_id": "03",
    "subject_id": "03",
    "task_id": "prf"
  },
  "dummy_trs": 0,
  "dvars_nstd": 27.610474257899142,
  "dvars_std": 1.207992992605043,
  "dvars_vstd": 0.9969439663025205,
  "efc": 0.46998456952559836,
  "fber": 24985.20703125,
  "fd_mean": 0.08559488760610409,
  "fd_num": 0,
  "fd_perc": 0.0,
  "fwhm_avg": 2.403967491881889,
  "fwhm_x": 2.38997,
  "fwhm_y": 2.37873,
  "fwhm_z": 2.4432024756456667,
  "gcor": 0.0119155,
  "gsr_x": -0.016773033887147903,
  "gsr_y": 0.036788348108530045,
  "provenance": {
    "md5sum": "944bfd51b74e4d038c42da8309c401e1",
    "settings": {
      "fd_thres": 0.2,
      "testing": false
    },
    "software": "mriqc",
    "version": "22.0.6",
    "webapi_port": null,
    "webapi_url": "https://mriqc.nimh.nih.gov/api/v1"
  },
  "size_t": 120,
  "size_x": 112,
  "size_y": 112,
  "size_z": 60,
  "snr": 3.324420371782255,
  "spacing_tr": 1.5,
  "spacing_x": 2.0,
  "spacing_y": 2.0,
  "spacing_z": 1.9999979734420776,
  "summary_bg_k": 33.28944832979195,
  "summary_bg_mad": 1207.5892799854837,
  "summary_bg_mean": 6355.365234375,
  "summary_bg_median": 899.9212646484375,
  "summary_bg_n": 523077.0,
  "summary_bg_p05": 12.48236770629883,
  "summary_bg_p95": 30061.743359374992,
  "summary_bg_stdv": 14368.0947265625,
  "summary_fg_k": 1.511406519924039,
  "summary_fg_mad": 40265.78516145666,
  "summary_fg_mean": 144419.9375,
  "summary_fg_median": 144623.640625,
  "summary_fg_n": 134634.0,
  "summary_fg_p05": 75390.493359375,
  "summary_fg_p95": 214631.45703124994,
  "summary_fg_stdv": 43503.25390625,
  "tsnr": 65.431884765625
}