{
  "aor": 0.0011308333333333333,
  "aqi": 0.00300633025,
  "bids_meta": {
    "AcquisitionNumber": 7,
    "AcquisitionTime": "15:15:27.220000",
    "ConversionSoftware": "dcm2niix",
    "ConversionSoftwareVersion": "v1.0.20170818 (OpenJPEG build) GCC4.8.4",
    "DeviceSerialNumber": "00076",
    "EPIFactor": 55,
    "EchoTime": 0.022001,
    "EchoTrainLength": 53,
    "EffectiveEchoSpacing": 0.0008602736372914211,
    "FlipAngle": 62,
    "ImageType": [
      "ORIGINAL",
      "PRIMARY",
      "M",
      "FFE",
      "M",
      "FFE"
    ],
    "InstitutionAddress": "Amsterdam",
    "InstitutionName": "Spinoza_Centre",
    "MagneticFieldStrength": 7,
    "Manufacturer": "Philips",
    "ManufacturersModelName": "Achieva",
    "Modality": "MR",
    "MultibandAccelerationFactor": 2,
    "ParallelAcquisitionTechnique": "SENSE",
    "ParallelReductionFactorInPlane": 2.2,
    "PhaseEncodingDirection": "j",
    "PhaseEncodingLines": 110,
    "PhilipsRescaleIntercept": 0,
    "PhilipsRescaleSlope": 2.83712,
    "PhilipsScaleSlope": 0.00247048,
    "ProtocolName": "2.0_MB2_S2.0_TR1.5",
    "RepetitionTime": 1.5,
    "ScanningSequence": "GR",
    "SequenceVariant": "SK",
    "SeriesDescription": "2.0_MB2_S2.0_TR1.5",
    "SliceTiming": [
      0,
      0.06,
      0.12,
      0.18,
      0.24,
      0.3,
      0.36,
      0.42,
      0.48,
      0.54,
      0.6,
      0.66,
      0.72,
      0.78,
      0.84,
      0.9,
      0.96,
      1.02,
      1.08,
      1.14,
      1.2,
      1.26,
      1.32,
      1.38,
      1.44,
      0,
      0.06,
      0.12,
      0.18,
      0.24,
      0.3,
      0.36,
      0.42,
      0.48,
      0.54,
      0.6,
      0.66,
      0.72,
      0.78,
      0.84,
      0.9,
      0.96,
      1.02,
      1.08,
      1.14,
      1.2,
      1.26,
      1.32,
      1.38,
      1.44
    ],
    "SoftwareVersions": "5.1.7_5.1.7.0",
    "TaskName": "prf",
    "TotalReadoutTime": 0.01,
    "UsePhilipsFloatNotDisplayScaling": 1,
    "WaterFatShift": 47.938,
    "dataset": "ds002574",
    "modality": "bold",
    "run_id": 2,
    "session_id": "03",
    "subject_id": "03",
    "task_id": "prf"
  },
  "dummy_trs": 0,
  "dvars_nstd": 27.986500411764688,
  "dvars_std": 1.1799853094117643,
  "dvars_vstd": 0.9855174169747898,
  "efc": 0.47014479139613735,
  "fber": 23824.66796875,
  "fd_mean": 0.08239377181042926,
  "fd_num": 1,
  "fd_perc": 0.8333333333333334,
  "fwhm_avg": 2.4092024938831167,
  "fwhm_x": 2.396375,
  "fwhm_y": 2.382105,
  "fwhm_z": 2.4491274816493505,
  "gcor": 0.0188348,
  "gsr_x": -0.01696748286485672,
  "gsr_y": 0.037254638969898224,
  "provenance": {
    "md5sum": "dc5521bc4dba0fc23b2c379d223adf1e",
    "settings": {
      "fd_thres": 0.2,
      "testing": false
    },
    "software": "mriqc",
    "version": "22.0.6",
    "webapi_port": null,
    "webapi_url": "https://mriqc.nimh.nih.gov/api/v1"
  },
  "size_t": 120,
  "size_x": 112,
  "size_y": 112,
  "size_z": 60,
  "snr": 3.308909223695101,
  "spacing_tr": 1.5,
  "spacing_x": 2.0,
  "spacing_y": 2.0,
  "spacing_z": 1.9999979734420776,
  "summary_bg_k": 32.85239022491398,
  "summary_bg_mad": 1211.990908024995,
  "summary_bg_mean": 6252.109375,
  "summary_bg_median": 907.44091796875,
  "summary_bg_n": 522584.0,
  "summary_bg_p05": 10.290986967086793,
  "summary_bg_p95": 29425.872363281243,
  "summary_bg_stdv": 14087.1767578125,
  "summary_fg_k": 1.5386766485901067,
  "summary_fg_mad": 40044.76160260101,
  "summary_fg_mean": 142587.28125,
  "summary_fg_median": 142742.671875,
  "summary_fg_n": 134987.0,
  "summary_fg_p05": 74372.33828125,
  "summary_fg_p95": 212191.975,
  "summary_fg_stdv": 43138.73046875,
  "tsnr": 62.95668029785156
}