{
  "aor": 0.0018111666666666664,
  "aqi": 0.002755393,
  "bids_meta": {
    "AcquisitionNumber": 8,
    "AcquisitionTime": "15:19:46.630000",
    "ConversionSoftware": "dcm2niix",
    "ConversionSoftwareVersion": "v1.0.20170818 (OpenJPEG build) GCC4.8.4",
    "DeviceSerialNumber": "00076",
    "EPIFactor": 55,
    "EchoTime": 0.022001,
    "EchoTrainLength": 53,
    "EffectiveEchoSpacing": 0.0008602736372914211,
    "FlipAngle": 62,
    "ImageType": [
      "ORIGINAL",
      "PRIMARY",
      "M",
      "FFE",
      "M",
      "FFE"
    ],
    "InstitutionAddress": "Amsterdam",
    "InstitutionName": "Spinoza_Centre",
    "MagneticFieldStrength": 7,
    "Manufacturer": "Philips",
    "ManufacturersModelName": "Achieva",
    "Modality": "MR",
    "MultibandAccelerationFactor": 2,
    "ParallelAcquisitionTechnique": "SENSE",
    "ParallelReductionFactorInPlane": 2.2,
    "PhaseEncodingDirection": "j",
    "PhaseEncodingLines": 110,
    "PhilipsRescaleIntercept": 0,
    "PhilipsRescaleSlope": 2.74237,
    "PhilipsScaleSlope": 0.00246833,
    "ProtocolName": "2.0_MB2_S2.0_TR1.5",
    "RepetitionTime": 1.5,
    "ScanningSequence": "GR",
    "SequenceVariant": "SK",
    "SeriesDescription": "2.0_MB2_S2.0_TR1.5",
    "SliceTiming": [
      0,
      0.06,
      0.12,
      0.18,
      0.24,
      0.3,
      0.36,
      0.42,
      0.48,
      0.54,
      0.6,
      0.66,
      0.72,
      0.78,
      0.84,
      0.9,
      0.96,
      1.02,
      1.08,
      1.14,
      1.2,
      1.26,
      1.32,
      1.38,
      1.44,
      0,
      0.06,
      0.12,
      0.18,
      0.24,
      0.3,
      0.36,
      0.42,
      0.48,
      0.54,
      0.6,
      0.66,
      0.72,
      0.78,
      0.84,
      0.9,
      0.96,
      1.02,
      1.08,
      1.14,
      1.2,
      1.26,
      1.32,
      1.38,
      1.44
    ],
    "SoftwareVersions": "5.1.7_5.1.7.0",
    "TaskName": "prf",
    "TotalReadoutTime": 0.01,
    "UsePhilipsFloatNotDisplayScaling": 1,
    "WaterFatShift": 47.938,
    "dataset": "ds002574",
    "modality": "bold",
    "run_id": 3,
    "session_id": "03",
    "subject_id": "03",
    "task_id": "prf"
  },
  "dummy_trs": 0,
  "dvars_nstd": 27.20011243100841,
  "dvars_std": 1.2099506492436984,
  "dvars_vstd": 1.0068633621008405,
  "efc": 0.46978990743989685,
  "fber": 25942.572265625,
  "fd_mean": 0.08016157747848661,
  "fd_num": 0,
  "fd_perc": 0.0,
  "fwhm_avg": 2.396389155045984,
  "fwhm_x": 2.387585,
  "fwhm_y": 2.36875,
  "fwhm_z": 2.432832465137953,
  "gcor": 0.0221326,
  "gsr_x": -0.016919413581490517,
  "gsr_y": 0.03717898577451706,
  "provenance": {
    "md5sum": "8facb3324fc0b4f78901db4fbe915f08",
    "settings": {
      "fd_thres": 0.2,
      "testing": false
    },
    "software": "mriqc",
    "version": "22.0.6",
    "webapi_port": null,
    "webapi_url": "https://mriqc.nimh.nih.gov/api/v1"
  },
  "size_t": 120,
  "size_x": 112,
  "size_y": 112,
  "size_z": 60,
  "snr": 3.3349292822968013,
  "spacing_tr": 1.5,
  "spacing_x": 2.0,
  "spacing_y": 2.0,
  "spacing_z": 1.9999979734420776,
  "summary_bg_k": 32.71654651577509,
  "summary_bg_mad": 1183.240277026121,
  "summary_bg_mean": 6247.87841796875,
  "summary_bg_median": 871.7491455078125,
  "summary_bg_n": 523030.0,
  "summary_bg_p05": 9.843991088867188,
  "summary_bg_p95": 29586.552050781243,
  "summary_bg_stdv": 14121.404296875,
  "summary_fg_k": 1.4903954813176137,
  "summary_fg_mad": 39793.51844071347,
  "summary_fg_mean": 142814.640625,
  "summary_fg_median": 143057.078125,
  "summary_fg_n": 134533.0,
  "summary_fg_p05": 74921.6328125,
  "summary_fg_p95": 212149.85,
  "summary_fg_stdv": 42896.42578125,
  "tsnr": 65.1966323852539
}