{
  "aor": 0.0011560000000000001,
  "aqi": 0.0027824744999999994,
  "bids_meta": {
    "AcquisitionNumber": 19,
    "AcquisitionTime": "15:53:0.810000",
    "ConversionSoftware": "dcm2niix",
    "ConversionSoftwareVersion": "v1.0.20170818 (OpenJPEG build) GCC4.8.4",
    "DeviceSerialNumber": "00076",
    "EPIFactor": 55,
    "EchoTime": 0.022001,
    "EchoTrainLength": 53,
    "EffectiveEchoSpacing": 0.0008602736372914211,
    "FlipAngle": 62,
    "ImageType": [
      "ORIGINAL",
      "PRIMARY",
      "M",
      "FFE",
      "M",
      "FFE"
    ],
    "InstitutionAddress": "Amsterdam",
    "InstitutionName": "Spinoza_Centre",
    "MagneticFieldStrength": 7,
    "Manufacturer": "Philips",
    "ManufacturersModelName": "Achieva",
    "Modality": "MR",
    "MultibandAccelerationFactor": 2,
    "ParallelAcquisitionTechnique": "SENSE",
    "ParallelReductionFactorInPlane": 2.2,
    "PhaseEncodingDirection": "j",
    "PhaseEncodingLines": 110,
    "PhilipsRescaleIntercept": 0,
    "PhilipsRescaleSlope": 2.78755,
    "PhilipsScaleSlope": 0.00246027,
    "ProtocolName": "2.0_MB2_S2.0_TR1.5",
    "RepetitionTime": 1.5,
    "ScanningSequence": "GR",
    "SequenceVariant": "SK",
    "SeriesDescription": "2.0_MB2_S2.0_TR1.5",
    "SliceTiming": [
      0,
      0.06,
      0.12,
      0.18,
      0.24,
      0.3,
      0.36,
      0.42,
      0.48,
      0.54,
      0.6,
      0.66,
      0.72,
      0.78,
      0.84,
      0.9,
      0.96,
      1.02,
      1.08,
      1.14,
      1.2,
      1.26,
      1.32,
      1.38,
      1.44,
      0,
      0.06,
      0.12,
      0.18,
      0.24,
      0.3,
      0.36,
      0.42,
      0.48,
      0.54,
      0.6,
      0.66,
      0.72,
      0.78,
      0.84,
      0.9,
      0.96,
      1.02,
      1.08,
      1.14,
      1.2,
      1.26,
      1.32,
      1.38,
      1.44
    ],
    "SoftwareVersions": "5.1.7_5.1.7.0",
    "TaskName": "prf",
    "TotalReadoutTime": 0.01,
    "UsePhilipsFloatNotDisplayScaling": 1,
    "WaterFatShift": 47.938,
    "dataset": "ds002574",
    "modality": "bold",
    "run_id": 8,
    "session_id": "03",
    "subject_id": "03",
    "task_id": "prf"
  },
  "dummy_trs": 0,
  "dvars_nstd": 27.41912247159664,
  "dvars_std": 1.1948969204201678,
  "dvars_vstd": 0.9844356361344536,
  "efc": 0.4737296101688271,
  "fber": 28958.9375,
  "fd_mean": 0.08666684540923833,
  "fd_num": 2,
  "fd_perc": 1.6666666666666667,
  "fwhm_avg": 2.370195815053713,
  "fwhm_x": 2.35087,
  "fwhm_y": 2.3466,
  "fwhm_z": 2.413117445161138,
  "gcor": 0.0142946,
  "gsr_x": -0.016603341326117516,
  "gsr_y": 0.04098452627658844,
  "provenance": {
    "md5sum": "08a2a2dd78aa9b0e5a6f46391faf39e3",
    "settings": {
      "fd_thres": 0.2,
      "testing": false
    },
    "software": "mriqc",
    "version": "22.0.6",
    "webapi_port": null,
    "webapi_url": "https://mriqc.nimh.nih.gov/api/v1"
  },
  "size_t": 120,
  "size_x": 112,
  "size_y": 112,
  "size_z": 60,
  "snr": 3.348302326898742,
  "spacing_tr": 1.5,
  "spacing_x": 2.0,
  "spacing_y": 2.0,
  "spacing_z": 1.9999979734420776,
  "summary_bg_k": 33.17761434429845,
  "summary_bg_mad": 1157.7646027922879,
  "summary_bg_mean": 6377.56103515625,
  "summary_bg_median": 789.7659912109375,
  "summary_bg_n": 522506.0,
  "summary_bg_p05": 2.8781619668006897,
  "summary_bg_p95": 30497.24365234375,
  "summary_bg_stdv": 14437.6416015625,
  "summary_fg_k": 1.5648803113502305,
  "summary_fg_mad": 37579.912248675784,
  "summary_fg_mean": 136628.671875,
  "summary_fg_median": 136671.96875,
  "summary_fg_n": 134893.0,
  "summary_fg_p05": 71771.1484375,
  "summary_fg_p95": 202694.50625,
  "summary_fg_stdv": 40818.13671875,
  "tsnr": 64.59676361083984
}