{
  "aor": 0.0016631666666666665,
  "aqi": 0.0029369778333333337,
  "bids_meta": {
    "AcquisitionNumber": 17,
    "AcquisitionTime": "15:48:44.100000",
    "ConversionSoftware": "dcm2niix",
    "ConversionSoftwareVersion": "v1.0.20170818 (OpenJPEG build) GCC4.8.4",
    "DeviceSerialNumber": "00076",
    "EPIFactor": 55,
    "EchoTime": 0.022001,
    "EchoTrainLength": 53,
    "EffectiveEchoSpacing": 0.0008602736372914211,
    "FlipAngle": 62,
    "ImageType": [
      "ORIGINAL",
      "PRIMARY",
      "M",
      "FFE",
      "M",
      "FFE"
    ],
    "InstitutionAddress": "Amsterdam",
    "InstitutionName": "Spinoza_Centre",
    "MagneticFieldStrength": 7,
    "Manufacturer": "Philips",
    "ManufacturersModelName": "Achieva",
    "Modality": "MR",
    "MultibandAccelerationFactor": 2,
    "ParallelAcquisitionTechnique": "SENSE",
    "ParallelReductionFactorInPlane": 2.2,
    "PhaseEncodingDirection": "j",
    "PhaseEncodingLines": 110,
    "PhilipsRescaleIntercept": 0,
    "PhilipsRescaleSlope": 2.71062,
    "PhilipsScaleSlope": 0.00247393,
    "ProtocolName": "2.0_MB2_S2.0_TR1.5",
    "RepetitionTime": 1.5,
    "ScanningSequence": "GR",
    "SequenceVariant": "SK",
    "SeriesDescription": "2.0_MB2_S2.0_TR1.5",
    "SliceTiming": [
      0,
      0.06,
      0.12,
      0.18,
      0.24,
      0.3,
      0.36,
      0.42,
      0.48,
      0.54,
      0.6,
      0.66,
      0.72,
      0.78,
      0.84,
      0.9,
      0.96,
      1.02,
      1.08,
      1.14,
      1.2,
      1.26,
      1.32,
      1.38,
      1.44,
      0,
      0.06,
      0.12,
      0.18,
      0.24,
      0.3,
      0.36,
      0.42,
      0.48,
      0.54,
      0.6,
      0.66,
      0.72,
      0.78,
      0.84,
      0.9,
      0.96,
      1.02,
      1.08,
      1.14,
      1.2,
      1.26,
      1.32,
      1.38,
      1.44
    ],
    "SoftwareVersions": "5.1.7_5.1.7.0",
    "TaskName": "prf",
    "TotalReadoutTime": 0.01,
    "UsePhilipsFloatNotDisplayScaling": 1,
    "WaterFatShift": 47.938,
    "dataset": "ds002574",
    "modality": "bold",
    "run_id": 7,
    "session_id": "03",
    "subject_id": "03",
    "task_id": "prf"
  },
  "dummy_trs": 0,
  "dvars_nstd": 28.453277331680663,
  "dvars_std": 1.2022855815126048,
  "dvars_vstd": 0.9963348097478991,
  "efc": 0.47345841427165314,
  "fber": 24680.9375,
  "fd_mean": 0.09201143431593217,
  "fd_num": 2,
  "fd_perc": 1.6666666666666667,
  "fwhm_avg": 2.3861391510570384,
  "fwhm_x": 2.363765,
  "fwhm_y": 2.37363,
  "fwhm_z": 2.4210224531711164,
  "gcor": 0.0154092,
  "gsr_x": -0.01673397235572338,
  "gsr_y": 0.04073220118880272,
  "provenance": {
    "md5sum": "9d534fc1151e331bd7a2ffb0210afc2c",
    "settings": {
      "fd_thres": 0.2,
      "testing": false
    },
    "software": "mriqc",
    "version": "22.0.6",
    "webapi_port": null,
    "webapi_url": "https://mriqc.nimh.nih.gov/api/v1"
  },
  "size_t": 120,
  "size_x": 112,
  "size_y": 112,
  "size_z": 60,
  "snr": 3.339697450691809,
  "spacing_tr": 1.5,
  "spacing_x": 2.0,
  "spacing_y": 2.0,
  "spacing_z": 1.9999979734420776,
  "summary_bg_k": 33.28295402973098,
  "summary_bg_mad": 1242.9899653741625,
  "summary_bg_mean": 6324.5859375,
  "summary_bg_median": 854.937255859375,
  "summary_bg_n": 522743.0,
  "summary_bg_p05": 3.803452038764955,
  "summary_bg_p95": 29840.996874999983,
  "summary_bg_stdv": 14201.9296875,
  "summary_fg_k": 1.5229963311085983,
  "summary_fg_mad": 37755.43266053613,
  "summary_fg_mean": 136316.0,
  "summary_fg_median": 136403.3125,
  "summary_fg_n": 134754.0,
  "summary_fg_p05": 71488.975,
  "summary_fg_p95": 202503.95859374988,
  "summary_fg_stdv": 40842.86328125,
  "tsnr": 63.218605041503906
}