{
  "aor": 0.0008465833333333333,
  "aqi": 0.0030985794999999995,
  "bids_meta": {
    "AcquisitionNumber": 14,
    "AcquisitionTime": "10:15:33.070000",
    "ConversionSoftware": "dcm2niix",
    "ConversionSoftwareVersion": "v1.0.20170818 (OpenJPEG build) GCC4.8.4",
    "DeviceSerialNumber": "00076",
    "EPIFactor": 55,
    "EchoTime": 0.022,
    "EchoTrainLength": 53,
    "EffectiveEchoSpacing": 0.0008602736372914211,
    "FlipAngle": 62,
    "ImageType": [
      "ORIGINAL",
      "PRIMARY",
      "M",
      "FFE",
      "M",
      "FFE"
    ],
    "InstitutionAddress": "Amsterdam",
    "InstitutionName": "Spinoza_Centre",
    "MagneticFieldStrength": 7,
    "Manufacturer": "Philips",
    "ManufacturersModelName": "Achieva",
    "Modality": "MR",
    "MultibandAccelerationFactor": 2,
    "ParallelAcquisitionTechnique": "SENSE",
    "ParallelReductionFactorInPlane": 2.2,
    "PhaseEncodingDirection": "j",
    "PhaseEncodingLines": 110,
    "PhilipsRescaleIntercept": 0,
    "PhilipsRescaleSlope": 3.85861,
    "PhilipsScaleSlope": 0.000997777,
    "ProcedureStepDescription": "cerebellum_prf_01",
    "ProtocolName": "2.0_MB2_S2.0_TR1.5",
    "RepetitionTime": 1.5,
    "ScanningSequence": "GR",
    "SequenceVariant": "SK",
    "SeriesDescription": "2.0_MB2_S2.0_TR1.5",
    "SliceTiming": [
      0,
      0.06,
      0.12,
      0.18,
      0.24,
      0.3,
      0.36,
      0.42,
      0.48,
      0.54,
      0.6,
      0.66,
      0.72,
      0.78,
      0.84,
      0.9,
      0.96,
      1.02,
      1.08,
      1.14,
      1.2,
      1.26,
      1.32,
      1.38,
      1.44,
      0,
      0.06,
      0.12,
      0.18,
      0.24,
      0.3,
      0.36,
      0.42,
      0.48,
      0.54,
      0.6,
      0.66,
      0.72,
      0.78,
      0.84,
      0.9,
      0.96,
      1.02,
      1.08,
      1.14,
      1.2,
      1.26,
      1.32,
      1.38,
      1.44
    ],
    "SoftwareVersions": "5.1.7_5.1.7.0",
    "TaskName": "prf",
    "TotalReadoutTime": 0.01,
    "UsePhilipsFloatNotDisplayScaling": 1,
    "WaterFatShift": 47.938,
    "dataset": "ds002574",
    "modality": "bold",
    "run_id": 5,
    "session_id": "02",
    "subject_id": "02",
    "task_id": "prf"
  },
  "dummy_trs": 0,
  "dvars_nstd": 26.721233528067238,
  "dvars_std": 1.19627347394958,
  "dvars_vstd": 0.9687877305042017,
  "efc": 0.49655677611311494,
  "fber": 1952.785400390625,
  "fd_mean": 0.07289501134995799,
  "fd_num": 0,
  "fd_perc": 0.0,
  "fwhm_avg": 2.8996442951832866,
  "fwhm_x": 2.67259,
  "fwhm_y": 2.79891,
  "fwhm_z": 3.2274328855498604,
  "gcor": 0.0262331,
  "gsr_x": 0.00014871319581288844,
  "gsr_y": 0.035752713680267334,
  "provenance": {
    "md5sum": "fc02b59eed6a04c2bf8367b0e3599dbb",
    "settings": {
      "fd_thres": 0.2,
      "testing": false
    },
    "software": "mriqc",
    "version": "22.0.6",
    "webapi_port": null,
    "webapi_url": "https://mriqc.nimh.nih.gov/api/v1"
  },
  "size_t": 120,
  "size_x": 112,
  "size_y": 112,
  "size_z": 60,
  "snr": 3.2210960175226035,
  "spacing_tr": 1.5,
  "spacing_x": 2.0,
  "spacing_y": 2.0,
  "spacing_z": 1.9999982118606567,
  "summary_bg_k": 14.872034955713975,
  "summary_bg_mad": 6868.758803704772,
  "summary_bg_mean": 11654.7900390625,
  "summary_bg_median": 5174.61474609375,
  "summary_bg_n": 515219.0,
  "summary_bg_p05": 3.887997508049013,
  "summary_bg_p95": 46989.52773437497,
  "summary_bg_stdv": 17717.169921875,
  "summary_fg_k": 2.3200693497829823,
  "summary_fg_mad": 57948.55016497634,
  "summary_fg_mean": 225014.90625,
  "summary_fg_median": 220739.5625,
  "summary_fg_n": 143052.0,
  "summary_fg_p05": 123027.469140625,
  "summary_fg_p95": 342182.7781249997,
  "summary_fg_stdv": 68529.09375,
  "tsnr": 69.04725646972656
}