{
  "aor": 0.000753,
  "aqi": 0.00301175275,
  "bids_meta": {
    "AcquisitionNumber": 17,
    "AcquisitionTime": "10:24:12.090000",
    "ConversionSoftware": "dcm2niix",
    "ConversionSoftwareVersion": "v1.0.20170818 (OpenJPEG build) GCC4.8.4",
    "DeviceSerialNumber": "00076",
    "EPIFactor": 55,
    "EchoTime": 0.022,
    "EchoTrainLength": 53,
    "EffectiveEchoSpacing": 0.0008602736372914211,
    "FlipAngle": 62,
    "ImageType": [
      "ORIGINAL",
      "PRIMARY",
      "M",
      "FFE",
      "M",
      "FFE"
    ],
    "InstitutionAddress": "Amsterdam",
    "InstitutionName": "Spinoza_Centre",
    "MagneticFieldStrength": 7,
    "Manufacturer": "Philips",
    "ManufacturersModelName": "Achieva",
    "Modality": "MR",
    "MultibandAccelerationFactor": 2,
    "ParallelAcquisitionTechnique": "SENSE",
    "ParallelReductionFactorInPlane": 2.2,
    "PhaseEncodingDirection": "j",
    "PhaseEncodingLines": 110,
    "PhilipsRescaleIntercept": 0,
    "PhilipsRescaleSlope": 3.68352,
    "PhilipsScaleSlope": 0.00102622,
    "ProcedureStepDescription": "cerebellum_prf_01",
    "ProtocolName": "2.0_MB2_S2.0_TR1.5",
    "RepetitionTime": 1.5,
    "ScanningSequence": "GR",
    "SequenceVariant": "SK",
    "SeriesDescription": "2.0_MB2_S2.0_TR1.5",
    "SliceTiming": [
      0,
      0.06,
      0.12,
      0.18,
      0.24,
      0.3,
      0.36,
      0.42,
      0.48,
      0.54,
      0.6,
      0.66,
      0.72,
      0.78,
      0.84,
      0.9,
      0.96,
      1.02,
      1.08,
      1.14,
      1.2,
      1.26,
      1.32,
      1.38,
      1.44,
      0,
      0.06,
      0.12,
      0.18,
      0.24,
      0.3,
      0.36,
      0.42,
      0.48,
      0.54,
      0.6,
      0.66,
      0.72,
      0.78,
      0.84,
      0.9,
      0.96,
      1.02,
      1.08,
      1.14,
      1.2,
      1.26,
      1.32,
      1.38,
      1.44
    ],
    "SoftwareVersions": "5.1.7_5.1.7.0",
    "TaskName": "prf",
    "TotalReadoutTime": 0.01,
    "UsePhilipsFloatNotDisplayScaling": 1,
    "WaterFatShift": 47.938,
    "dataset": "ds002574",
    "modality": "bold",
    "run_id": 7,
    "session_id": "02",
    "subject_id": "02",
    "task_id": "prf"
  },
  "dummy_trs": 0,
  "dvars_nstd": 27.45561650218486,
  "dvars_std": 1.126963113193277,
  "dvars_vstd": 0.9552114841176467,
  "efc": 0.4959502040627334,
  "fber": 2056.961181640625,
  "fd_mean": 0.07263212698999202,
  "fd_num": 0,
  "fd_perc": 0.0,
  "fwhm_avg": 2.917127635010552,
  "fwhm_x": 2.686435,
  "fwhm_y": 2.815725,
  "fwhm_z": 3.249222905031656,
  "gcor": 0.0145269,
  "gsr_x": 0.00022004374477546662,
  "gsr_y": 0.03556401655077934,
  "provenance": {
    "md5sum": "58abc0e7c16cb6b131203dd6f22cacfe",
    "settings": {
      "fd_thres": 0.2,
      "testing": false
    },
    "software": "mriqc",
    "version": "22.0.6",
    "webapi_port": null,
    "webapi_url": "https://mriqc.nimh.nih.gov/api/v1"
  },
  "size_t": 120,
  "size_x": 112,
  "size_y": 112,
  "size_z": 60,
  "snr": 3.2241496416044626,
  "spacing_tr": 1.5,
  "spacing_x": 2.0,
  "spacing_y": 2.0,
  "spacing_z": 1.9999982118606567,
  "summary_bg_k": 15.247044854268527,
  "summary_bg_mad": 6671.442628035062,
  "summary_bg_mean": 11382.3388671875,
  "summary_bg_median": 4950.27294921875,
  "summary_bg_n": 515261.0,
  "summary_bg_p05": 3.3444247245788574,
  "summary_bg_p95": 46174.453125,
  "summary_bg_stdv": 17448.232421875,
  "summary_fg_k": 2.315998976264,
  "summary_fg_mad": 57189.97905644392,
  "summary_fg_mean": 221164.484375,
  "summary_fg_median": 216888.625,
  "summary_fg_n": 142934.0,
  "summary_fg_p05": 121383.266796875,
  "summary_fg_p95": 336316.57500000007,
  "summary_fg_stdv": 67269.7890625,
  "tsnr": 64.97261047363281
}