{
  "aor": 0.0006601666666666668,
  "aqi": 0.00224931725,
  "bids_meta": {
    "AcquisitionNumber": 11,
    "AcquisitionTime": "10:06:52.000000",
    "ConversionSoftware": "dcm2niix",
    "ConversionSoftwareVersion": "v1.0.20170818 (OpenJPEG build) GCC4.8.4",
    "DeviceSerialNumber": "00076",
    "EPIFactor": 55,
    "EchoTime": 0.022,
    "EchoTrainLength": 53,
    "EffectiveEchoSpacing": 0.0008602736372914211,
    "FlipAngle": 62,
    "ImageType": [
      "ORIGINAL",
      "PRIMARY",
      "M",
      "FFE",
      "M",
      "FFE"
    ],
    "InstitutionAddress": "Amsterdam",
    "InstitutionName": "Spinoza_Centre",
    "MagneticFieldStrength": 7,
    "Manufacturer": "Philips",
    "ManufacturersModelName": "Achieva",
    "Modality": "MR",
    "MultibandAccelerationFactor": 2,
    "ParallelAcquisitionTechnique": "SENSE",
    "ParallelReductionFactorInPlane": 2.2,
    "PhaseEncodingDirection": "j",
    "PhaseEncodingLines": 110,
    "PhilipsRescaleIntercept": 0,
    "PhilipsRescaleSlope": 3.71966,
    "PhilipsScaleSlope": 0.000991536,
    "ProcedureStepDescription": "cerebellum_prf_01",
    "ProtocolName": "2.0_MB2_S2.0_TR1.5",
    "RepetitionTime": 1.5,
    "ScanningSequence": "GR",
    "SequenceVariant": "SK",
    "SeriesDescription": "2.0_MB2_S2.0_TR1.5",
    "SliceTiming": [
      0,
      0.06,
      0.12,
      0.18,
      0.24,
      0.3,
      0.36,
      0.42,
      0.48,
      0.54,
      0.6,
      0.66,
      0.72,
      0.78,
      0.84,
      0.9,
      0.96,
      1.02,
      1.08,
      1.14,
      1.2,
      1.26,
      1.32,
      1.38,
      1.44,
      0,
      0.06,
      0.12,
      0.18,
      0.24,
      0.3,
      0.36,
      0.42,
      0.48,
      0.54,
      0.6,
      0.66,
      0.72,
      0.78,
      0.84,
      0.9,
      0.96,
      1.02,
      1.08,
      1.14,
      1.2,
      1.26,
      1.32,
      1.38,
      1.44
    ],
    "SoftwareVersions": "5.1.7_5.1.7.0",
    "TaskName": "prf",
    "TotalReadoutTime": 0.01,
    "UsePhilipsFloatNotDisplayScaling": 1,
    "WaterFatShift": 47.938,
    "dataset": "ds002574",
    "modality": "bold",
    "run_id": 3,
    "session_id": "02",
    "subject_id": "02",
    "task_id": "prf"
  },
  "dummy_trs": 0,
  "dvars_nstd": 23.80932647613447,
  "dvars_std": 1.1148807625210082,
  "dvars_vstd": 0.966532818907563,
  "efc": 0.4958678470264751,
  "fber": 1987.70263671875,
  "fd_mean": 0.0710377759654847,
  "fd_num": 0,
  "fd_perc": 0.0,
  "fwhm_avg": 2.9076209644502082,
  "fwhm_x": 2.678095,
  "fwhm_y": 2.80861,
  "fwhm_z": 3.236157893350625,
  "gcor": 0.0331619,
  "gsr_x": -0.0004616225487552583,
  "gsr_y": 0.03702228516340256,
  "provenance": {
    "md5sum": "803e8ba19ca319ba237da12268f19542",
    "settings": {
      "fd_thres": 0.2,
      "testing": false
    },
    "software": "mriqc",
    "version": "22.0.6",
    "webapi_port": null,
    "webapi_url": "https://mriqc.nimh.nih.gov/api/v1"
  },
  "size_t": 120,
  "size_x": 112,
  "size_y": 112,
  "size_z": 60,
  "snr": 3.2226103485495137,
  "spacing_tr": 1.5,
  "spacing_x": 2.0,
  "spacing_y": 2.0,
  "spacing_z": 1.9999982118606567,
  "summary_bg_k": 15.935778473322287,
  "summary_bg_mad": 6799.384937524717,
  "summary_bg_mean": 11646.681640625,
  "summary_bg_median": 5155.74072265625,
  "summary_bg_n": 515294.0,
  "summary_bg_p05": 2.3318833470344544,
  "summary_bg_p95": 46826.94218749998,
  "summary_bg_stdv": 17816.681640625,
  "summary_fg_k": 2.2804543180750363,
  "summary_fg_mad": 58513.83859210093,
  "summary_fg_mean": 226614.0,
  "summary_fg_median": 222238.40625,
  "summary_fg_n": 143090.0,
  "summary_fg_p05": 123779.78984375,
  "summary_fg_p95": 344439.92499999993,
  "summary_fg_stdv": 68961.9921875,
  "tsnr": 70.72199249267578
}