{
  "aor": 0.0006745833333333332,
  "aqi": 0.0029262897499999995,
  "bids_meta": {
    "AcquisitionNumber": 13,
    "AcquisitionTime": "10:11:9.190000",
    "ConversionSoftware": "dcm2niix",
    "ConversionSoftwareVersion": "v1.0.20170818 (OpenJPEG build) GCC4.8.4",
    "DeviceSerialNumber": "00076",
    "EPIFactor": 55,
    "EchoTime": 0.022,
    "EchoTrainLength": 53,
    "EffectiveEchoSpacing": 0.0008602736372914211,
    "FlipAngle": 62,
    "ImageType": [
      "ORIGINAL",
      "PRIMARY",
      "M",
      "FFE",
      "M",
      "FFE"
    ],
    "InstitutionAddress": "Amsterdam",
    "InstitutionName": "Spinoza_Centre",
    "MagneticFieldStrength": 7,
    "Manufacturer": "Philips",
    "ManufacturersModelName": "Achieva",
    "Modality": "MR",
    "MultibandAccelerationFactor": 2,
    "ParallelAcquisitionTechnique": "SENSE",
    "ParallelReductionFactorInPlane": 2.2,
    "PhaseEncodingDirection": "j",
    "PhaseEncodingLines": 110,
    "PhilipsRescaleIntercept": 0,
    "PhilipsRescaleSlope": 3.8149,
    "PhilipsScaleSlope": 0.000986849,
    "ProcedureStepDescription": "cerebellum_prf_01",
    "ProtocolName": "2.0_MB2_S2.0_TR1.5",
    "RepetitionTime": 1.5,
    "ScanningSequence": "GR",
    "SequenceVariant": "SK",
    "SeriesDescription": "2.0_MB2_S2.0_TR1.5",
    "SliceTiming": [
      0,
      0.06,
      0.12,
      0.18,
      0.24,
      0.3,
      0.36,
      0.42,
      0.48,
      0.54,
      0.6,
      0.66,
      0.72,
      0.78,
      0.84,
      0.9,
      0.96,
      1.02,
      1.08,
      1.14,
      1.2,
      1.26,
      1.32,
      1.38,
      1.44,
      0,
      0.06,
      0.12,
      0.18,
      0.24,
      0.3,
      0.36,
      0.42,
      0.48,
      0.54,
      0.6,
      0.66,
      0.72,
      0.78,
      0.84,
      0.9,
      0.96,
      1.02,
      1.08,
      1.14,
      1.2,
      1.26,
      1.32,
      1.38,
      1.44
    ],
    "SoftwareVersions": "5.1.7_5.1.7.0",
    "TaskName": "prf",
    "TotalReadoutTime": 0.01,
    "UsePhilipsFloatNotDisplayScaling": 1,
    "WaterFatShift": 47.938,
    "dataset": "ds002574",
    "modality": "bold",
    "run_id": 4,
    "session_id": "02",
    "subject_id": "02",
    "task_id": "prf"
  },
  "dummy_trs": 0,
  "dvars_nstd": 29.28404216596638,
  "dvars_std": 1.2176503641176466,
  "dvars_vstd": 0.9611040379831933,
  "efc": 0.49590295275304175,
  "fber": 1981.126953125,
  "fd_mean": 0.07636969613054544,
  "fd_num": 0,
  "fd_perc": 0.0,
  "fwhm_avg": 2.9044442969043724,
  "fwhm_x": 2.677275,
  "fwhm_y": 2.80285,
  "fwhm_z": 3.233207890713117,
  "gcor": 0.0262015,
  "gsr_x": -0.00041682308074086905,
  "gsr_y": 0.0353822186589241,
  "provenance": {
    "md5sum": "aad41d2e1c92d34884115e09eb229740",
    "settings": {
      "fd_thres": 0.2,
      "testing": false
    },
    "software": "mriqc",
    "version": "22.0.6",
    "webapi_port": null,
    "webapi_url": "https://mriqc.nimh.nih.gov/api/v1"
  },
  "size_t": 120,
  "size_x": 112,
  "size_y": 112,
  "size_z": 60,
  "snr": 3.220820739576848,
  "spacing_tr": 1.5,
  "spacing_x": 2.0,
  "spacing_y": 2.0,
  "spacing_z": 1.9999982118606567,
  "summary_bg_k": 15.55952133752091,
  "summary_bg_mad": 6905.583967902687,
  "summary_bg_mean": 11712.8662109375,
  "summary_bg_median": 5170.90283203125,
  "summary_bg_n": 515527.0,
  "summary_bg_p05": 2.9928680658340463,
  "summary_bg_p95": 47348.102734374974,
  "summary_bg_stdv": 17922.76953125,
  "summary_fg_k": 2.33644589291233,
  "summary_fg_mad": 58337.66375035507,
  "summary_fg_mean": 226844.171875,
  "summary_fg_median": 222558.234375,
  "summary_fg_n": 142775.0,
  "summary_fg_p05": 123615.4859375,
  "summary_fg_p95": 344937.56875,
  "summary_fg_stdv": 69099.609375,
  "tsnr": 71.18695831298828
}