{
  "aor": 0.0006429999999999999,
  "aqi": 0.003247058333333333,
  "bids_meta": {
    "AcquisitionNumber": 10,
    "AcquisitionTime": "10:02:32.870000",
    "ConversionSoftware": "dcm2niix",
    "ConversionSoftwareVersion": "v1.0.20170818 (OpenJPEG build) GCC4.8.4",
    "DeviceSerialNumber": "00076",
    "EPIFactor": 55,
    "EchoTime": 0.022,
    "EchoTrainLength": 53,
    "EffectiveEchoSpacing": 0.0008602736372914211,
    "FlipAngle": 62,
    "ImageType": [
      "ORIGINAL",
      "PRIMARY",
      "M",
      "FFE",
      "M",
      "FFE"
    ],
    "InstitutionAddress": "Amsterdam",
    "InstitutionName": "Spinoza_Centre",
    "MagneticFieldStrength": 7,
    "Manufacturer": "Philips",
    "ManufacturersModelName": "Achieva",
    "Modality": "MR",
    "MultibandAccelerationFactor": 2,
    "ParallelAcquisitionTechnique": "SENSE",
    "ParallelReductionFactorInPlane": 2.2,
    "PhaseEncodingDirection": "j",
    "PhaseEncodingLines": 110,
    "PhilipsRescaleIntercept": 0,
    "PhilipsRescaleSlope": 3.68718,
    "PhilipsScaleSlope": 0.000988133,
    "ProcedureStepDescription": "cerebellum_prf_01",
    "ProtocolName": "2.0_MB2_S2.0_TR1.5",
    "RepetitionTime": 1.5,
    "ScanningSequence": "GR",
    "SequenceVariant": "SK",
    "SeriesDescription": "2.0_MB2_S2.0_TR1.5",
    "SliceTiming": [
      0,
      0.06,
      0.12,
      0.18,
      0.24,
      0.3,
      0.36,
      0.42,
      0.48,
      0.54,
      0.6,
      0.66,
      0.72,
      0.78,
      0.84,
      0.9,
      0.96,
      1.02,
      1.08,
      1.14,
      1.2,
      1.26,
      1.32,
      1.38,
      1.44,
      0,
      0.06,
      0.12,
      0.18,
      0.24,
      0.3,
      0.36,
      0.42,
      0.48,
      0.54,
      0.6,
      0.66,
      0.72,
      0.78,
      0.84,
      0.9,
      0.96,
      1.02,
      1.08,
      1.14,
      1.2,
      1.26,
      1.32,
      1.38,
      1.44
    ],
    "SoftwareVersions": "5.1.7_5.1.7.0",
    "TaskName": "prf",
    "TotalReadoutTime": 0.01,
    "UsePhilipsFloatNotDisplayScaling": 1,
    "WaterFatShift": 47.938,
    "dataset": "ds002574",
    "modality": "bold",
    "run_id": 2,
    "session_id": "02",
    "subject_id": "02",
    "task_id": "prf"
  },
  "dummy_trs": 0,
  "dvars_nstd": 29.726101274369743,
  "dvars_std": 1.1262476151260508,
  "dvars_vstd": 0.9489502014285716,
  "efc": 0.49604279333682993,
  "fber": 1978.4083251953125,
  "fd_mean": 0.07821861411714418,
  "fd_num": 0,
  "fd_perc": 0.0,
  "fwhm_avg": 2.8988559648599908,
  "fwhm_x": 2.664515,
  "fwhm_y": 2.79452,
  "fwhm_z": 3.237532894579972,
  "gcor": 0.0185676,
  "gsr_x": -0.0007113326573744416,
  "gsr_y": 0.03736332431435585,
  "provenance": {
    "md5sum": "119ff53479836bdace6bc37423017566",
    "settings": {
      "fd_thres": 0.2,
      "testing": false
    },
    "software": "mriqc",
    "version": "22.0.6",
    "webapi_port": null,
    "webapi_url": "https://mriqc.nimh.nih.gov/api/v1"
  },
  "size_t": 120,
  "size_x": 112,
  "size_y": 112,
  "size_z": 60,
  "snr": 3.2321205133866244,
  "spacing_tr": 1.5,
  "spacing_x": 2.0,
  "spacing_y": 2.0,
  "spacing_z": 1.9999982118606567,
  "summary_bg_k": 16.03663562213543,
  "summary_bg_mad": 6815.606193004818,
  "summary_bg_mean": 11769.740234375,
  "summary_bg_median": 5190.8505859375,
  "summary_bg_n": 515735.0,
  "summary_bg_p05": 4.228914642333985,
  "summary_bg_p95": 47198.593359374994,
  "summary_bg_stdv": 18066.802734375,
  "summary_fg_k": 2.3837026994187402,
  "summary_fg_mad": 58396.87517645663,
  "summary_fg_mean": 227905.671875,
  "summary_fg_median": 223349.375,
  "summary_fg_n": 142727.0,
  "summary_fg_p05": 124949.34765625,
  "summary_fg_p95": 345905.85312499997,
  "summary_fg_stdv": 69102.8046875,
  "tsnr": 62.40668487548828
}