{
  "aor": 0.0006504166666666668,
  "aqi": 0.002933333083333334,
  "bids_meta": {
    "AcquisitionNumber": 8,
    "AcquisitionTime": "09:58:15.330000",
    "ConversionSoftware": "dcm2niix",
    "ConversionSoftwareVersion": "v1.0.20170818 (OpenJPEG build) GCC4.8.4",
    "DeviceSerialNumber": "00076",
    "EPIFactor": 55,
    "EchoTime": 0.022,
    "EchoTrainLength": 53,
    "EffectiveEchoSpacing": 0.0008602736372914211,
    "FlipAngle": 62,
    "ImageType": [
      "ORIGINAL",
      "PRIMARY",
      "M",
      "FFE",
      "M",
      "FFE"
    ],
    "InstitutionAddress": "Amsterdam",
    "InstitutionName": "Spinoza_Centre",
    "MagneticFieldStrength": 7,
    "Manufacturer": "Philips",
    "ManufacturersModelName": "Achieva",
    "Modality": "MR",
    "MultibandAccelerationFactor": 2,
    "ParallelAcquisitionTechnique": "SENSE",
    "ParallelReductionFactorInPlane": 2.2,
    "PhaseEncodingDirection": "j",
    "PhaseEncodingLines": 110,
    "PhilipsRescaleIntercept": 0,
    "PhilipsRescaleSlope": 3.68596,
    "PhilipsScaleSlope": 0.000964479,
    "ProcedureStepDescription": "cerebellum_prf_01",
    "ProtocolName": "2.0_MB2_S2.0_TR1.5",
    "RepetitionTime": 1.5,
    "ScanningSequence": "GR",
    "SequenceVariant": "SK",
    "SeriesDescription": "2.0_MB2_S2.0_TR1.5",
    "SliceTiming": [
      0,
      0.06,
      0.12,
      0.18,
      0.24,
      0.3,
      0.36,
      0.42,
      0.48,
      0.54,
      0.6,
      0.66,
      0.72,
      0.78,
      0.84,
      0.9,
      0.96,
      1.02,
      1.08,
      1.14,
      1.2,
      1.26,
      1.32,
      1.38,
      1.44,
      0,
      0.06,
      0.12,
      0.18,
      0.24,
      0.3,
      0.36,
      0.42,
      0.48,
      0.54,
      0.6,
      0.66,
      0.72,
      0.78,
      0.84,
      0.9,
      0.96,
      1.02,
      1.08,
      1.14,
      1.2,
      1.26,
      1.32,
      1.38,
      1.44
    ],
    "SoftwareVersions": "5.1.7_5.1.7.0",
    "TaskName": "prf",
    "TotalReadoutTime": 0.01,
    "UsePhilipsFloatNotDisplayScaling": 1,
    "WaterFatShift": 47.938,
    "dataset": "ds002574",
    "modality": "bold",
    "run_id": 1,
    "session_id": "02",
    "subject_id": "02",
    "task_id": "prf"
  },
  "dummy_trs": 0,
  "dvars_nstd": 28.771731849579844,
  "dvars_std": 1.148566483529411,
  "dvars_vstd": 0.9585796617647057,
  "efc": 0.4974287208358845,
  "fber": 1850.8582763671875,
  "fd_mean": 0.07361674105336781,
  "fd_num": 0,
  "fd_perc": 0.0,
  "fwhm_avg": 2.892875960553551,
  "fwhm_x": 2.660725,
  "fwhm_y": 2.79482,
  "fwhm_z": 3.2230828816606536,
  "gcor": 0.0198023,
  "gsr_x": 9.962197509594262e-06,
  "gsr_y": 0.03707621246576309,
  "provenance": {
    "md5sum": "68316cce5931ed87fa17e4d850941bcd",
    "settings": {
      "fd_thres": 0.2,
      "testing": false
    },
    "software": "mriqc",
    "version": "22.0.6",
    "webapi_port": null,
    "webapi_url": "https://mriqc.nimh.nih.gov/api/v1"
  },
  "size_t": 120,
  "size_x": 112,
  "size_y": 112,
  "size_z": 60,
  "snr": 3.2337952921909077,
  "spacing_tr": 1.5,
  "spacing_x": 2.0,
  "spacing_y": 2.0,
  "spacing_z": 1.9999982118606567,
  "summary_bg_k": 15.767817083693448,
  "summary_bg_mad": 7208.639661373123,
  "summary_bg_mean": 12106.3935546875,
  "summary_bg_median": 5440.5849609375,
  "summary_bg_n": 515365.0,
  "summary_bg_p05": 4.8838063240051275,
  "summary_bg_p95": 48218.06874999996,
  "summary_bg_stdv": 18413.87890625,
  "summary_fg_k": 2.282657379358213,
  "summary_fg_mad": 59562.953404141124,
  "summary_fg_mean": 231070.40625,
  "summary_fg_median": 226569.6875,
  "summary_fg_n": 142816.0,
  "summary_fg_p05": 126635.953125,
  "summary_fg_p95": 350795.546875,
  "summary_fg_stdv": 70062.84375,
  "tsnr": 65.92102813720703
}