{
  "aor": 0.0005060833333333334,
  "aqi": 0.0036196118333333333,
  "bids_meta": {
    "AcquisitionNumber": 16,
    "AcquisitionTime": "10:19:50.270000",
    "ConversionSoftware": "dcm2niix",
    "ConversionSoftwareVersion": "v1.0.20170818 (OpenJPEG build) GCC4.8.4",
    "DeviceSerialNumber": "00076",
    "EPIFactor": 55,
    "EchoTime": 0.022,
    "EchoTrainLength": 53,
    "EffectiveEchoSpacing": 0.0008602736372914211,
    "FlipAngle": 62,
    "ImageType": [
      "ORIGINAL",
      "PRIMARY",
      "M",
      "FFE",
      "M",
      "FFE"
    ],
    "InstitutionAddress": "Amsterdam",
    "InstitutionName": "Spinoza_Centre",
    "MagneticFieldStrength": 7,
    "Manufacturer": "Philips",
    "ManufacturersModelName": "Achieva",
    "Modality": "MR",
    "MultibandAccelerationFactor": 2,
    "ParallelAcquisitionTechnique": "SENSE",
    "ParallelReductionFactorInPlane": 2.2,
    "PhaseEncodingDirection": "j",
    "PhaseEncodingLines": 110,
    "PhilipsRescaleIntercept": 0,
    "PhilipsRescaleSlope": 3.73748,
    "PhilipsScaleSlope": 0.00102455,
    "ProcedureStepDescription": "cerebellum_prf_01",
    "ProtocolName": "2.0_MB2_S2.0_TR1.5",
    "RepetitionTime": 1.5,
    "ScanningSequence": "GR",
    "SequenceVariant": "SK",
    "SeriesDescription": "2.0_MB2_S2.0_TR1.5",
    "SliceTiming": [
      0,
      0.06,
      0.12,
      0.18,
      0.24,
      0.3,
      0.36,
      0.42,
      0.48,
      0.54,
      0.6,
      0.66,
      0.72,
      0.78,
      0.84,
      0.9,
      0.96,
      1.02,
      1.08,
      1.14,
      1.2,
      1.26,
      1.32,
      1.38,
      1.44,
      0,
      0.06,
      0.12,
      0.18,
      0.24,
      0.3,
      0.36,
      0.42,
      0.48,
      0.54,
      0.6,
      0.66,
      0.72,
      0.78,
      0.84,
      0.9,
      0.96,
      1.02,
      1.08,
      1.14,
      1.2,
      1.26,
      1.32,
      1.38,
      1.44
    ],
    "SoftwareVersions": "5.1.7_5.1.7.0",
    "TaskName": "prf",
    "TotalReadoutTime": 0.01,
    "UsePhilipsFloatNotDisplayScaling": 1,
    "WaterFatShift": 47.938,
    "dataset": "ds002574",
    "modality": "bold",
    "run_id": 6,
    "session_id": "02",
    "subject_id": "02",
    "task_id": "prf"
  },
  "dummy_trs": 0,
  "dvars_nstd": 30.529575010924358,
  "dvars_std": 1.1847925210084034,
  "dvars_vstd": 0.9461104612605042,
  "efc": 0.49682718171549656,
  "fber": 1941.5120849609375,
  "fd_mean": 0.08393970603836007,
  "fd_num": 0,
  "fd_perc": 0.0,
  "fwhm_avg": 2.9040809616413363,
  "fwhm_x": 2.676545,
  "fwhm_y": 2.808965,
  "fwhm_z": 3.2267328849240107,
  "gcor": 0.0147407,
  "gsr_x": 0.0009745353600010276,
  "gsr_y": 0.03539692610502243,
  "provenance": {
    "md5sum": "b5d88ad4607a3e54f2a7808954e2a1bb",
    "settings": {
      "fd_thres": 0.2,
      "testing": false
    },
    "software": "mriqc",
    "version": "22.0.6",
    "webapi_port": null,
    "webapi_url": "https://mriqc.nimh.nih.gov/api/v1"
  },
  "size_t": 120,
  "size_x": 112,
  "size_y": 112,
  "size_z": 60,
  "snr": 3.217150968061518,
  "spacing_tr": 1.5,
  "spacing_x": 2.0,
  "spacing_y": 2.0,
  "spacing_z": 1.9999982118606567,
  "summary_bg_k": 15.012329403843719,
  "summary_bg_mad": 6794.075657900439,
  "summary_bg_mean": 11527.669921875,
  "summary_bg_median": 5088.8779296875,
  "summary_bg_n": 515305.0,
  "summary_bg_p05": 4.122286415100097,
  "summary_bg_p95": 46450.26874999998,
  "summary_bg_stdv": 17508.4375,
  "summary_fg_k": 2.3260186493628545,
  "summary_fg_mad": 57010.80426177155,
  "summary_fg_mean": 221259.078125,
  "summary_fg_median": 216914.625,
  "summary_fg_n": 142799.0,
  "summary_fg_p05": 121441.9328125,
  "summary_fg_p95": 337211.54375000007,
  "summary_fg_stdv": 67424.2109375,
  "tsnr": 64.50419616699219
}