{
  "aor": 0.0019559166666666666,
  "aqi": 0.007434106083333333,
  "bids_meta": {
    "AcquisitionMatrixPE": 124,
    "AcquisitionNumber": 15,
    "AcquisitionTime": "17:40:56.420000",
    "ConversionSoftware": "dcm2niix",
    "ConversionSoftwareVersion": "v1.0.20180622 (JP2:OpenJPEG) GCC6.1.0",
    "DeviceSerialNumber": "00076",
    "EPIFactor": 55,
    "EchoTime": 0.025995,
    "EchoTrainLength": 55,
    "EffectiveEchoSpacing": 0.0008602736372914211,
    "FlipAngle": 62,
    "ImageOrientationPatientDICOM": [
      0.999237,
      0.0216851,
      -0.0324851,
      -0.0296229,
      -0.121308,
      -0.992173
    ],
    "ImageType": [
      "ORIGINAL",
      "PRIMARY",
      "M",
      "FFE",
      "M",
      "FFE"
    ],
    "InPlanePhaseEncodingDirectionDICOM": "COL",
    "InstitutionAddress": "Amsterdam",
    "InstitutionName": "Spinoza_Centre",
    "InstitutionalDepartmentName": "Spinoza_Centre",
    "MRAcquisitionType": "2D",
    "MagneticFieldStrength": 7,
    "Manufacturer": "Philips",
    "ManufacturersModelName": "Achieva",
    "Modality": "MR",
    "MultibandAccelerationFactor": 2,
    "ParallelAcquisitionTechnique": "SENSE",
    "ParallelReductionFactorInPlane": 2.2,
    "PatientPosition": "HFS",
    "PercentPhaseFOV": 96.7742,
    "PhaseEncodingAxis": "j",
    "PhaseEncodingDirection": "j",
    "PhaseEncodingLines": 110,
    "PhaseEncodingSteps": 124,
    "PhilipsRescaleIntercept": 0,
    "PhilipsRescaleSlope": 6.79219,
    "PhilipsScaleSlope": 0.00294164,
    "PixelBandwidth": 1573,
    "ProcedureStepDescription": "wz_cer_prf",
    "ProtocolName": "MB2",
    "ReconMatrixPE": 128,
    "RepetitionTime": 1.5,
    "SAR": 0.60772,
    "ScanOptions": "OTHER",
    "ScanningSequence": "GR",
    "SequenceVariant": "SK",
    "SeriesDescription": "MB2",
    "SeriesNumber": 1501,
    "SliceThickness": 1.6,
    "SliceTiming": [
      0,
      0.06,
      0.12,
      0.18,
      0.24,
      0.3,
      0.36,
      0.42,
      0.48,
      0.54,
      0.6,
      0.66,
      0.72,
      0.78,
      0.84,
      0.9,
      0.96,
      1.02,
      1.08,
      1.14,
      1.2,
      1.26,
      1.32,
      1.38,
      1.44,
      0,
      0.06,
      0.12,
      0.18,
      0.24,
      0.3,
      0.36,
      0.42,
      0.48,
      0.54,
      0.6,
      0.66,
      0.72,
      0.78,
      0.84,
      0.9,
      0.96,
      1.02,
      1.08,
      1.14,
      1.2,
      1.26,
      1.32,
      1.38,
      1.44
    ],
    "SoftwareVersions": "5.1.7_5.1.7.0",
    "SpacingBetweenSlices": 1.6,
    "StationName": "PHILIPSMR",
    "TaskName": "prf",
    "TotalReadoutTime": 0.01,
    "UsePhilipsFloatNotDisplayScaling": 1,
    "WaterFatShift": 47.938,
    "dataset": "ds002574",
    "modality": "bold",
    "run_id": 7,
    "session_id": "01",
    "subject_id": "03",
    "task_id": "prf"
  },
  "dummy_trs": 0,
  "dvars_nstd": 51.1975402189076,
  "dvars_std": 1.1624964086554623,
  "dvars_vstd": 1.0113109619327734,
  "efc": 0.4749869377833627,
  "fber": 16122.599609375,
  "fd_mean": 0.113879858860633,
  "fd_num": 12,
  "fd_perc": 10.0,
  "fwhm_avg": 2.4734597201835555,
  "fwhm_x": 2.411936,
  "fwhm_y": 2.3610432,
  "fwhm_z": 2.647399960550666,
  "gcor": 0.0188457,
  "gsr_x": -0.03042585402727127,
  "gsr_y": 0.08639635145664215,
  "provenance": {
    "md5sum": "ab08524143bd9780d9c78f9643a516dd",
    "settings": {
      "fd_thres": 0.2,
      "testing": false
    },
    "software": "mriqc",
    "version": "22.0.6",
    "webapi_port": null,
    "webapi_url": "https://mriqc.nimh.nih.gov/api/v1"
  },
  "size_t": 120,
  "size_x": 128,
  "size_y": 128,
  "size_z": 50,
  "snr": 2.8409593240752002,
  "spacing_tr": 1.5,
  "spacing_x": 1.5625,
  "spacing_y": 1.5625,
  "spacing_z": 1.600000023841858,
  "summary_bg_k": 10.08807904175714,
  "summary_bg_mad": 594.7761644865726,
  "summary_bg_mean": 2490.4404296875,
  "summary_bg_median": 401.44976806640625,
  "summary_bg_n": 576779.0,
  "summary_bg_p05": 0.17081252336502076,
  "summary_bg_p95": 11963.37949218749,
  "summary_bg_stdv": 4364.96923828125,
  "summary_fg_k": 1.752134966186758,
  "summary_fg_mad": 15429.030097528761,
  "summary_fg_mean": 48421.1171875,
  "summary_fg_median": 47702.5,
  "summary_fg_n": 146469.0,
  "summary_fg_p05": 23371.1125,
  "summary_fg_p95": 76250.121875,
  "summary_fg_stdv": 16790.92578125,
  "tsnr": 33.73640441894531
}