{
  "aor": 0.001272666666666667,
  "aqi": 0.0066930207500000005,
  "bids_meta": {
    "AcquisitionMatrixPE": 124,
    "AcquisitionNumber": 24,
    "AcquisitionTime": "18:06:28.580000",
    "ConversionSoftware": "dcm2niix",
    "ConversionSoftwareVersion": "v1.0.20180622 (JP2:OpenJPEG) GCC6.1.0",
    "DeviceSerialNumber": "00076",
    "EPIFactor": 55,
    "EchoTime": 0.025995,
    "EchoTrainLength": 55,
    "EffectiveEchoSpacing": 0.0008602736372914211,
    "FlipAngle": 62,
    "ImageOrientationPatientDICOM": [
      0.999237,
      0.0216851,
      -0.0324851,
      -0.0296229,
      -0.121308,
      -0.992173
    ],
    "ImageType": [
      "ORIGINAL",
      "PRIMARY",
      "M",
      "FFE",
      "M",
      "FFE"
    ],
    "InPlanePhaseEncodingDirectionDICOM": "COL",
    "InstitutionAddress": "Amsterdam",
    "InstitutionName": "Spinoza_Centre",
    "InstitutionalDepartmentName": "Spinoza_Centre",
    "MRAcquisitionType": "2D",
    "MagneticFieldStrength": 7,
    "Manufacturer": "Philips",
    "ManufacturersModelName": "Achieva",
    "Modality": "MR",
    "MultibandAccelerationFactor": 2,
    "ParallelAcquisitionTechnique": "SENSE",
    "ParallelReductionFactorInPlane": 2.2,
    "PatientPosition": "HFS",
    "PercentPhaseFOV": 96.7742,
    "PhaseEncodingAxis": "j",
    "PhaseEncodingDirection": "j",
    "PhaseEncodingLines": 110,
    "PhaseEncodingSteps": 124,
    "PhilipsRescaleIntercept": 0,
    "PhilipsRescaleSlope": 6.57949,
    "PhilipsScaleSlope": 0.00294567,
    "PixelBandwidth": 1573,
    "ProcedureStepDescription": "wz_cer_prf",
    "ProtocolName": "MB2",
    "ReconMatrixPE": 128,
    "RepetitionTime": 1.5,
    "SAR": 0.60772,
    "ScanOptions": "OTHER",
    "ScanningSequence": "GR",
    "SequenceVariant": "SK",
    "SeriesDescription": "MB2",
    "SeriesNumber": 2401,
    "SliceThickness": 1.6,
    "SliceTiming": [
      0,
      0.06,
      0.12,
      0.18,
      0.24,
      0.3,
      0.36,
      0.42,
      0.48,
      0.54,
      0.6,
      0.66,
      0.72,
      0.78,
      0.84,
      0.9,
      0.96,
      1.02,
      1.08,
      1.14,
      1.2,
      1.26,
      1.32,
      1.38,
      1.44,
      0,
      0.06,
      0.12,
      0.18,
      0.24,
      0.3,
      0.36,
      0.42,
      0.48,
      0.54,
      0.6,
      0.66,
      0.72,
      0.78,
      0.84,
      0.9,
      0.96,
      1.02,
      1.08,
      1.14,
      1.2,
      1.26,
      1.32,
      1.38,
      1.44
    ],
    "SoftwareVersions": "5.1.7_5.1.7.0",
    "SpacingBetweenSlices": 1.6,
    "StationName": "PHILIPSMR",
    "TaskName": "prf",
    "TotalReadoutTime": 0.01,
    "UsePhilipsFloatNotDisplayScaling": 1,
    "WaterFatShift": 47.938,
    "dataset": "ds002574",
    "modality": "bold",
    "run_id": 12,
    "session_id": "01",
    "subject_id": "03",
    "task_id": "prf"
  },
  "dummy_trs": 0,
  "dvars_nstd": 48.68126165554623,
  "dvars_std": 1.1168945320168067,
  "dvars_vstd": 0.9992443186554625,
  "efc": 0.4754365938578898,
  "fber": 16455.732421875,
  "fd_mean": 0.10476834213604166,
  "fd_num": 9,
  "fd_perc": 7.5,
  "fwhm_avg": 2.4551123202996603,
  "fwhm_x": 2.4022336,
  "fwhm_y": 2.3390784,
  "fwhm_z": 2.6240249608989807,
  "gcor": 0.0102267,
  "gsr_x": -0.02996922843158245,
  "gsr_y": 0.08705035597085953,
  "provenance": {
    "md5sum": "f03c24e1f9f82d2b4696d93e8c981f3c",
    "settings": {
      "fd_thres": 0.2,
      "testing": false
    },
    "software": "mriqc",
    "version": "22.0.6",
    "webapi_port": null,
    "webapi_url": "https://mriqc.nimh.nih.gov/api/v1"
  },
  "size_t": 120,
  "size_x": 128,
  "size_y": 128,
  "size_z": 50,
  "snr": 2.856360480721711,
  "spacing_tr": 1.5,
  "spacing_x": 1.5625,
  "spacing_y": 1.5625,
  "spacing_z": 1.600000023841858,
  "summary_bg_k": 10.041599472862778,
  "summary_bg_mad": 590.3617560162331,
  "summary_bg_mean": 2522.960205078125,
  "summary_bg_median": 398.4296569824219,
  "summary_bg_n": 577230.0,
  "summary_bg_p05": 0.1348209582269192,
  "summary_bg_p95": 12144.218066406233,
  "summary_bg_stdv": 4429.57275390625,
  "summary_fg_k": 1.8045179702245084,
  "summary_fg_mad": 15425.694242537124,
  "summary_fg_mean": 48607.7734375,
  "summary_fg_median": 47903.99609375,
  "summary_fg_n": 145914.0,
  "summary_fg_p05": 23616.332226562503,
  "summary_fg_p95": 76346.90703125003,
  "summary_fg_stdv": 16770.93359375,
  "tsnr": 34.6253776550293
}