{
  "aor": 0.0008990833333333334,
  "aqi": 0.007967382083333334,
  "bids_meta": {
    "AcquisitionMatrixPE": 124,
    "AcquisitionNumber": 19,
    "AcquisitionTime": "17:52:34.820000",
    "ConversionSoftware": "dcm2niix",
    "ConversionSoftwareVersion": "v1.0.20180622 (JP2:OpenJPEG) GCC6.1.0",
    "DeviceSerialNumber": "00076",
    "EPIFactor": 55,
    "EchoTime": 0.025995,
    "EchoTrainLength": 55,
    "EffectiveEchoSpacing": 0.0008602736372914211,
    "FlipAngle": 62,
    "ImageOrientationPatientDICOM": [
      0.999237,
      0.0216851,
      -0.0324851,
      -0.0296229,
      -0.121308,
      -0.992173
    ],
    "ImageType": [
      "ORIGINAL",
      "PRIMARY",
      "M",
      "FFE",
      "M",
      "FFE"
    ],
    "InPlanePhaseEncodingDirectionDICOM": "COL",
    "InstitutionAddress": "Amsterdam",
    "InstitutionName": "Spinoza_Centre",
    "InstitutionalDepartmentName": "Spinoza_Centre",
    "MRAcquisitionType": "2D",
    "MagneticFieldStrength": 7,
    "Manufacturer": "Philips",
    "ManufacturersModelName": "Achieva",
    "Modality": "MR",
    "MultibandAccelerationFactor": 2,
    "ParallelAcquisitionTechnique": "SENSE",
    "ParallelReductionFactorInPlane": 2.2,
    "PatientPosition": "HFS",
    "PercentPhaseFOV": 96.7742,
    "PhaseEncodingAxis": "j",
    "PhaseEncodingDirection": "j",
    "PhaseEncodingLines": 110,
    "PhaseEncodingSteps": 124,
    "PhilipsRescaleIntercept": 0,
    "PhilipsRescaleSlope": 7.33748,
    "PhilipsScaleSlope": 0.00290837,
    "PixelBandwidth": 1573,
    "ProcedureStepDescription": "wz_cer_prf",
    "ProtocolName": "MB2",
    "ReconMatrixPE": 128,
    "RepetitionTime": 1.5,
    "SAR": 0.60772,
    "ScanOptions": "OTHER",
    "ScanningSequence": "GR",
    "SequenceVariant": "SK",
    "SeriesDescription": "MB2",
    "SeriesNumber": 1901,
    "SliceThickness": 1.6,
    "SliceTiming": [
      0,
      0.06,
      0.12,
      0.18,
      0.24,
      0.3,
      0.36,
      0.42,
      0.48,
      0.54,
      0.6,
      0.66,
      0.72,
      0.78,
      0.84,
      0.9,
      0.96,
      1.02,
      1.08,
      1.14,
      1.2,
      1.26,
      1.32,
      1.38,
      1.44,
      0,
      0.06,
      0.12,
      0.18,
      0.24,
      0.3,
      0.36,
      0.42,
      0.48,
      0.54,
      0.6,
      0.66,
      0.72,
      0.78,
      0.84,
      0.9,
      0.96,
      1.02,
      1.08,
      1.14,
      1.2,
      1.26,
      1.32,
      1.38,
      1.44
    ],
    "SoftwareVersions": "5.1.7_5.1.7.0",
    "SpacingBetweenSlices": 1.6,
    "StationName": "PHILIPSMR",
    "TaskName": "prf",
    "TotalReadoutTime": 0.01,
    "UsePhilipsFloatNotDisplayScaling": 1,
    "WaterFatShift": 47.938,
    "dataset": "ds002574",
    "modality": "bold",
    "run_id": 9,
    "session_id": "01",
    "subject_id": "03",
    "task_id": "prf"
  },
  "dummy_trs": 0,
  "dvars_nstd": 51.80704530411767,
  "dvars_std": 1.1451227400840345,
  "dvars_vstd": 0.9910224223529409,
  "efc": 0.476115456064335,
  "fber": 14989.08203125,
  "fd_mean": 0.10760495080822383,
  "fd_num": 6,
  "fd_perc": 5.0,
  "fwhm_avg": 2.474050853528934,
  "fwhm_x": 2.419392,
  "fwhm_y": 2.3577856,
  "fwhm_z": 2.6449749605868016,
  "gcor": 0.0106594,
  "gsr_x": -0.03067915514111519,
  "gsr_y": 0.08791672438383102,
  "provenance": {
    "md5sum": "4652255a04a8f903a91e8607f6b601a7",
    "settings": {
      "fd_thres": 0.2,
      "testing": false
    },
    "software": "mriqc",
    "version": "22.0.6",
    "webapi_port": null,
    "webapi_url": "https://mriqc.nimh.nih.gov/api/v1"
  },
  "size_t": 120,
  "size_x": 128,
  "size_y": 128,
  "size_z": 50,
  "snr": 2.839821603695907,
  "spacing_tr": 1.5,
  "spacing_x": 1.5625,
  "spacing_y": 1.5625,
  "spacing_z": 1.600000023841858,
  "summary_bg_k": 9.918873554608798,
  "summary_bg_mad": 616.7363612312826,
  "summary_bg_mean": 2549.025146484375,
  "summary_bg_median": 416.57904052734375,
  "summary_bg_n": 576976.0,
  "summary_bg_p05": 0.4535553827881813,
  "summary_bg_p95": 12163.12841796875,
  "summary_bg_stdv": 4430.31787109375,
  "summary_fg_k": 1.7232919617239864,
  "summary_fg_mad": 15619.014568141913,
  "summary_fg_mean": 48657.44140625,
  "summary_fg_median": 47992.7109375,
  "summary_fg_n": 146310.0,
  "summary_fg_p05": 23454.42333984375,
  "summary_fg_p95": 76570.319140625,
  "summary_fg_stdv": 16899.845703125,
  "tsnr": 32.47465896606445
}