{
  "aor": 0.0007758333333333335,
  "aqi": 0.006795060833333334,
  "bids_meta": {
    "AcquisitionNumber": 21,
    "AcquisitionTime": "11:29:11.240000",
    "ConversionSoftware": "dcm2niix",
    "ConversionSoftwareVersion": "v1.0.20170818 (OpenJPEG build) GCC4.8.4",
    "DeviceSerialNumber": "00076",
    "EPIFactor": 55,
    "EchoTime": 0.025995,
    "EchoTrainLength": 55,
    "EffectiveEchoSpacing": 0.0008602736372914211,
    "FlipAngle": 62,
    "ImageType": [
      "ORIGINAL",
      "PRIMARY",
      "M",
      "FFE",
      "M",
      "FFE"
    ],
    "InstitutionAddress": "Amsterdam",
    "InstitutionName": "Spinoza_Centre",
    "MagneticFieldStrength": 7,
    "Manufacturer": "Philips",
    "ManufacturersModelName": "Achieva",
    "Modality": "MR",
    "MultibandAccelerationFactor": 2,
    "ParallelAcquisitionTechnique": "SENSE",
    "ParallelReductionFactorInPlane": 2.2,
    "PhaseEncodingDirection": "j",
    "PhaseEncodingLines": 110,
    "PhilipsRescaleIntercept": 0,
    "PhilipsRescaleSlope": 5.2591,
    "PhilipsScaleSlope": 0.00287197,
    "ProcedureStepDescription": "DE_CB_prf",
    "ProtocolName": "MB2",
    "RepetitionTime": 1.5,
    "ScanningSequence": "GR",
    "SequenceVariant": "SK",
    "SeriesDescription": "MB2",
    "SliceTiming": [
      0,
      0.06,
      0.12,
      0.18,
      0.24,
      0.3,
      0.36,
      0.42,
      0.48,
      0.54,
      0.6,
      0.66,
      0.72,
      0.78,
      0.84,
      0.9,
      0.96,
      1.02,
      1.08,
      1.14,
      1.2,
      1.26,
      1.32,
      1.38,
      1.44,
      0,
      0.06,
      0.12,
      0.18,
      0.24,
      0.3,
      0.36,
      0.42,
      0.48,
      0.54,
      0.6,
      0.66,
      0.72,
      0.78,
      0.84,
      0.9,
      0.96,
      1.02,
      1.08,
      1.14,
      1.2,
      1.26,
      1.32,
      1.38,
      1.44
    ],
    "SoftwareVersions": "5.1.7_5.1.7.0",
    "TaskName": "prf",
    "TotalReadoutTime": 0.01,
    "UsePhilipsFloatNotDisplayScaling": 1,
    "WaterFatShift": 47.938,
    "dataset": "ds002574",
    "modality": "bold",
    "run_id": 10,
    "session_id": "01",
    "subject_id": "01",
    "task_id": "prf"
  },
  "dummy_trs": 0,
  "dvars_nstd": 56.647294148655455,
  "dvars_std": 1.2340675453781518,
  "dvars_vstd": 0.9950483938655463,
  "efc": 0.5273726430707059,
  "fber": 4022.4677734375,
  "fd_mean": 0.10662685707649087,
  "fd_num": 1,
  "fd_perc": 0.8333333333333334,
  "fwhm_avg": 2.553141769612624,
  "fwhm_x": 2.4712064000000002,
  "fwhm_y": 2.4258752,
  "fwhm_z": 2.762343708837871,
  "gcor": 0.00819305,
  "gsr_x": -0.03014027513563633,
  "gsr_y": 0.10450738668441772,
  "provenance": {
    "md5sum": "bccc755d2427c30c6045ebcf1104a64d",
    "settings": {
      "fd_thres": 0.2,
      "testing": false
    },
    "software": "mriqc",
    "version": "22.0.6",
    "webapi_port": null,
    "webapi_url": "https://mriqc.nimh.nih.gov/api/v1"
  },
  "size_t": 120,
  "size_x": 128,
  "size_y": 128,
  "size_z": 50,
  "snr": 2.660464482091467,
  "spacing_tr": 1.5,
  "spacing_x": 1.5625,
  "spacing_y": 1.5625,
  "spacing_z": 1.600000023841858,
  "summary_bg_k": 10.174616286973144,
  "summary_bg_mad": 1242.0314409601292,
  "summary_bg_mean": 4258.544921875,
  "summary_bg_median": 889.5648193359375,
  "summary_bg_n": 541549.0,
  "summary_bg_p05": 26.698090744018558,
  "summary_bg_p95": 20287.282421874996,
  "summary_bg_stdv": 7447.0810546875,
  "summary_fg_k": 0.8210577832422681,
  "summary_fg_mad": 20425.133168806504,
  "summary_fg_mean": 56338.7734375,
  "summary_fg_median": 55527.671875,
  "summary_fg_n": 177554.0,
  "summary_fg_p05": 25337.86669921875,
  "summary_fg_p95": 92165.20390625,
  "summary_fg_stdv": 20871.361328125,
  "tsnr": 33.832008361816406
}