{
  "aor": 0.0006499166666666667,
  "aqi": 0.005988515666666667,
  "bids_meta": {
    "AcquisitionNumber": 11,
    "AcquisitionTime": "11:01:39.670000",
    "ConversionSoftware": "dcm2niix",
    "ConversionSoftwareVersion": "v1.0.20170818 (OpenJPEG build) GCC4.8.4",
    "DeviceSerialNumber": "00076",
    "EPIFactor": 55,
    "EchoTime": 0.025995,
    "EchoTrainLength": 55,
    "EffectiveEchoSpacing": 0.0008602736372914211,
    "FlipAngle": 62,
    "ImageType": [
      "ORIGINAL",
      "PRIMARY",
      "M",
      "FFE",
      "M",
      "FFE"
    ],
    "InstitutionAddress": "Amsterdam",
    "InstitutionName": "Spinoza_Centre",
    "MagneticFieldStrength": 7,
    "Manufacturer": "Philips",
    "ManufacturersModelName": "Achieva",
    "Modality": "MR",
    "MultibandAccelerationFactor": 2,
    "ParallelAcquisitionTechnique": "SENSE",
    "ParallelReductionFactorInPlane": 2.2,
    "PhaseEncodingDirection": "j",
    "PhaseEncodingLines": 110,
    "PhilipsRescaleIntercept": 0,
    "PhilipsRescaleSlope": 5.46911,
    "PhilipsScaleSlope": 0.00288432,
    "ProcedureStepDescription": "DE_CB_prf",
    "ProtocolName": "MB2",
    "RepetitionTime": 1.5,
    "ScanningSequence": "GR",
    "SequenceVariant": "SK",
    "SeriesDescription": "MB2",
    "SliceTiming": [
      0,
      0.06,
      0.12,
      0.18,
      0.24,
      0.3,
      0.36,
      0.42,
      0.48,
      0.54,
      0.6,
      0.66,
      0.72,
      0.78,
      0.84,
      0.9,
      0.96,
      1.02,
      1.08,
      1.14,
      1.2,
      1.26,
      1.32,
      1.38,
      1.44,
      0,
      0.06,
      0.12,
      0.18,
      0.24,
      0.3,
      0.36,
      0.42,
      0.48,
      0.54,
      0.6,
      0.66,
      0.72,
      0.78,
      0.84,
      0.9,
      0.96,
      1.02,
      1.08,
      1.14,
      1.2,
      1.26,
      1.32,
      1.38,
      1.44
    ],
    "SoftwareVersions": "5.1.7_5.1.7.0",
    "TaskName": "prf",
    "TotalReadoutTime": 0.01,
    "UsePhilipsFloatNotDisplayScaling": 1,
    "WaterFatShift": 47.938,
    "dataset": "ds002574",
    "modality": "bold",
    "run_id": 4,
    "session_id": "01",
    "subject_id": "01",
    "task_id": "prf"
  },
  "dummy_trs": 0,
  "dvars_nstd": 49.89320549831932,
  "dvars_std": 1.1370653440336134,
  "dvars_vstd": 0.9869349484033619,
  "efc": 0.525938965649192,
  "fber": 4643.74072265625,
  "fd_mean": 0.11847993215924832,
  "fd_num": 7,
  "fd_perc": 5.833333333333333,
  "fwhm_avg": 2.5332718697808203,
  "fwhm_x": 2.4580287999999997,
  "fwhm_y": 2.4133055999999997,
  "fwhm_z": 2.7284812093424615,
  "gcor": 0.00748365,
  "gsr_x": -0.029963960871100426,
  "gsr_y": 0.10149478912353516,
  "provenance": {
    "md5sum": "79893deccaf2f0db173e8e129e4f8429",
    "settings": {
      "fd_thres": 0.2,
      "testing": false
    },
    "software": "mriqc",
    "version": "22.0.6",
    "webapi_port": null,
    "webapi_url": "https://mriqc.nimh.nih.gov/api/v1"
  },
  "size_t": 120,
  "size_x": 128,
  "size_y": 128,
  "size_z": 50,
  "snr": 2.6680659115393315,
  "spacing_tr": 1.5,
  "spacing_x": 1.5625,
  "spacing_y": 1.5625,
  "spacing_z": 1.600000023841858,
  "summary_bg_k": 10.390149909237543,
  "summary_bg_mad": 1157.9094143227026,
  "summary_bg_mean": 4171.11962890625,
  "summary_bg_median": 822.7879638671875,
  "summary_bg_n": 541668.0,
  "summary_bg_p05": 21.59023904800415,
  "summary_bg_p95": 20057.245703124972,
  "summary_bg_stdv": 7359.0712890625,
  "summary_fg_k": 0.8656661157162029,
  "summary_fg_mad": 20109.79062662826,
  "summary_fg_mean": 56071.73046875,
  "summary_fg_median": 55178.90625,
  "summary_fg_n": 177179.0,
  "summary_fg_p05": 25417.35078125,
  "summary_fg_p95": 91695.06328125,
  "summary_fg_stdv": 20681.1796875,
  "tsnr": 33.021263122558594
}