{
  "aor": 0.0007623333333333334,
  "aqi": 0.006680765916666666,
  "bids_meta": {
    "AcquisitionNumber": 16,
    "AcquisitionTime": "11:15:45.990000",
    "ConversionSoftware": "dcm2niix",
    "ConversionSoftwareVersion": "v1.0.20170818 (OpenJPEG build) GCC4.8.4",
    "DeviceSerialNumber": "00076",
    "EPIFactor": 55,
    "EchoTime": 0.025995,
    "EchoTrainLength": 55,
    "EffectiveEchoSpacing": 0.0008602736372914211,
    "FlipAngle": 62,
    "ImageType": [
      "ORIGINAL",
      "PRIMARY",
      "M",
      "FFE",
      "M",
      "FFE"
    ],
    "InstitutionAddress": "Amsterdam",
    "InstitutionName": "Spinoza_Centre",
    "MagneticFieldStrength": 7,
    "Manufacturer": "Philips",
    "ManufacturersModelName": "Achieva",
    "Modality": "MR",
    "MultibandAccelerationFactor": 2,
    "ParallelAcquisitionTechnique": "SENSE",
    "ParallelReductionFactorInPlane": 2.2,
    "PhaseEncodingDirection": "j",
    "PhaseEncodingLines": 110,
    "PhilipsRescaleIntercept": 0,
    "PhilipsRescaleSlope": 5.29109,
    "PhilipsScaleSlope": 0.00288735,
    "ProcedureStepDescription": "DE_CB_prf",
    "ProtocolName": "MB2",
    "RepetitionTime": 1.5,
    "ScanningSequence": "GR",
    "SequenceVariant": "SK",
    "SeriesDescription": "MB2",
    "SliceTiming": [
      0,
      0.06,
      0.12,
      0.18,
      0.24,
      0.3,
      0.36,
      0.42,
      0.48,
      0.54,
      0.6,
      0.66,
      0.72,
      0.78,
      0.84,
      0.9,
      0.96,
      1.02,
      1.08,
      1.14,
      1.2,
      1.26,
      1.32,
      1.38,
      1.44,
      0,
      0.06,
      0.12,
      0.18,
      0.24,
      0.3,
      0.36,
      0.42,
      0.48,
      0.54,
      0.6,
      0.66,
      0.72,
      0.78,
      0.84,
      0.9,
      0.96,
      1.02,
      1.08,
      1.14,
      1.2,
      1.26,
      1.32,
      1.38,
      1.44
    ],
    "SoftwareVersions": "5.1.7_5.1.7.0",
    "TaskName": "prf",
    "TotalReadoutTime": 0.01,
    "UsePhilipsFloatNotDisplayScaling": 1,
    "WaterFatShift": 47.938,
    "dataset": "ds002574",
    "modality": "bold",
    "run_id": 7,
    "session_id": "01",
    "subject_id": "01",
    "task_id": "prf"
  },
  "dummy_trs": 0,
  "dvars_nstd": 55.37577864689077,
  "dvars_std": 1.2196594384873949,
  "dvars_vstd": 0.9911094531932778,
  "efc": 0.5264498754281175,
  "fber": 4495.2587890625,
  "fd_mean": 0.1117288085135768,
  "fd_num": 3,
  "fd_perc": 2.5,
  "fwhm_avg": 2.5394046864021322,
  "fwhm_x": 2.4649088,
  "fwhm_y": 2.4156928,
  "fwhm_z": 2.7376124592063955,
  "gcor": 0.00894742,
  "gsr_x": -0.03043053299188614,
  "gsr_y": 0.1031561940908432,
  "provenance": {
    "md5sum": "0b1bed59dc8cb66329790a004e24a947",
    "settings": {
      "fd_thres": 0.2,
      "testing": false
    },
    "software": "mriqc",
    "version": "22.0.6",
    "webapi_port": null,
    "webapi_url": "https://mriqc.nimh.nih.gov/api/v1"
  },
  "size_t": 120,
  "size_x": 128,
  "size_y": 128,
  "size_z": 50,
  "snr": 2.679437772001045,
  "spacing_tr": 1.5,
  "spacing_x": 1.5625,
  "spacing_y": 1.5625,
  "spacing_z": 1.600000023841858,
  "summary_bg_k": 10.186815356517359,
  "summary_bg_mad": 1179.9047953092731,
  "summary_bg_mean": 4198.87548828125,
  "summary_bg_median": 837.8012084960938,
  "summary_bg_n": 541891.0,
  "summary_bg_p05": 21.28116798400879,
  "summary_bg_p95": 20200.9111328125,
  "summary_bg_stdv": 7389.11962890625,
  "summary_fg_k": 0.8469065307694144,
  "summary_fg_mad": 20150.602727541576,
  "summary_fg_mean": 56140.1171875,
  "summary_fg_median": 55292.9921875,
  "summary_fg_n": 177005.0,
  "summary_fg_p05": 25580.966796875004,
  "summary_fg_p95": 91715.2875,
  "summary_fg_stdv": 20635.984375,
  "tsnr": 33.31680679321289
}