{
  "aor": 0.00068125,
  "aqi": 0.006999106083333334,
  "bids_meta": {
    "AcquisitionNumber": 8,
    "AcquisitionTime": "10:53:29.210000",
    "ConversionSoftware": "dcm2niix",
    "ConversionSoftwareVersion": "v1.0.20170818 (OpenJPEG build) GCC4.8.4",
    "DeviceSerialNumber": "00076",
    "EPIFactor": 55,
    "EchoTime": 0.025995,
    "EchoTrainLength": 55,
    "EffectiveEchoSpacing": 0.0008602736372914211,
    "FlipAngle": 62,
    "ImageType": [
      "ORIGINAL",
      "PRIMARY",
      "M",
      "FFE",
      "M",
      "FFE"
    ],
    "InstitutionAddress": "Amsterdam",
    "InstitutionName": "Spinoza_Centre",
    "MagneticFieldStrength": 7,
    "Manufacturer": "Philips",
    "ManufacturersModelName": "Achieva",
    "Modality": "MR",
    "MultibandAccelerationFactor": 2,
    "ParallelAcquisitionTechnique": "SENSE",
    "ParallelReductionFactorInPlane": 2.2,
    "PhaseEncodingDirection": "j",
    "PhaseEncodingLines": 110,
    "PhilipsRescaleIntercept": 0,
    "PhilipsRescaleSlope": 5.34969,
    "PhilipsScaleSlope": 0.00290036,
    "ProcedureStepDescription": "DE_CB_prf",
    "ProtocolName": "MB2",
    "RepetitionTime": 1.5,
    "ScanningSequence": "GR",
    "SequenceVariant": "SK",
    "SeriesDescription": "MB2",
    "SliceTiming": [
      0,
      0.06,
      0.12,
      0.18,
      0.24,
      0.3,
      0.36,
      0.42,
      0.48,
      0.54,
      0.6,
      0.66,
      0.72,
      0.78,
      0.84,
      0.9,
      0.96,
      1.02,
      1.08,
      1.14,
      1.2,
      1.26,
      1.32,
      1.38,
      1.44,
      0,
      0.06,
      0.12,
      0.18,
      0.24,
      0.3,
      0.36,
      0.42,
      0.48,
      0.54,
      0.6,
      0.66,
      0.72,
      0.78,
      0.84,
      0.9,
      0.96,
      1.02,
      1.08,
      1.14,
      1.2,
      1.26,
      1.32,
      1.38,
      1.44
    ],
    "SoftwareVersions": "5.1.7_5.1.7.0",
    "TaskName": "prf",
    "TotalReadoutTime": 0.01,
    "UsePhilipsFloatNotDisplayScaling": 1,
    "WaterFatShift": 47.938,
    "dataset": "ds002574",
    "modality": "bold",
    "run_id": 2,
    "session_id": "01",
    "subject_id": "01",
    "task_id": "prf"
  },
  "dummy_trs": 0,
  "dvars_nstd": 53.29192009310924,
  "dvars_std": 1.1641435754621845,
  "dvars_vstd": 0.9827490822689072,
  "efc": 0.5263799843967081,
  "fber": 4499.1875,
  "fd_mean": 0.12366719495342474,
  "fd_num": 8,
  "fd_perc": 6.666666666666667,
  "fwhm_avg": 2.5359970197959387,
  "fwhm_x": 2.4594432,
  "fwhm_y": 2.4231104,
  "fwhm_z": 2.725437459387817,
  "gcor": 0.00613318,
  "gsr_x": -0.030540168285369873,
  "gsr_y": 0.10240773111581802,
  "provenance": {
    "md5sum": "f202aba0b2c45c49c16619d84f4d6c03",
    "settings": {
      "fd_thres": 0.2,
      "testing": false
    },
    "software": "mriqc",
    "version": "22.0.6",
    "webapi_port": null,
    "webapi_url": "https://mriqc.nimh.nih.gov/api/v1"
  },
  "size_t": 120,
  "size_x": 128,
  "size_y": 128,
  "size_z": 50,
  "snr": 2.66975920895249,
  "spacing_tr": 1.5,
  "spacing_x": 1.5625,
  "spacing_y": 1.5625,
  "spacing_z": 1.600000023841858,
  "summary_bg_k": 10.143811565333182,
  "summary_bg_mad": 1171.0859578356274,
  "summary_bg_mean": 4168.1044921875,
  "summary_bg_median": 837.4873657226562,
  "summary_bg_n": 541293.0,
  "summary_bg_p05": 26.412782669067383,
  "summary_bg_p95": 20043.96093749999,
  "summary_bg_stdv": 7312.2060546875,
  "summary_fg_k": 0.8453332059640628,
  "summary_fg_mad": 20155.702068375147,
  "summary_fg_mean": 56142.125,
  "summary_fg_median": 55259.06640625,
  "summary_fg_n": 177508.0,
  "summary_fg_p05": 25515.51962890625,
  "summary_fg_p95": 91866.342578125,
  "summary_fg_stdv": 20698.087890625,
  "tsnr": 32.14080810546875
}