{
  "aor": 0.0006755833333333334,
  "aqi": 0.006464992333333334,
  "bids_meta": {
    "AcquisitionNumber": 23,
    "AcquisitionTime": "11:36:12.980000",
    "ConversionSoftware": "dcm2niix",
    "ConversionSoftwareVersion": "v1.0.20170818 (OpenJPEG build) GCC4.8.4",
    "DeviceSerialNumber": "00076",
    "EPIFactor": 55,
    "EchoTime": 0.025995,
    "EchoTrainLength": 55,
    "EffectiveEchoSpacing": 0.0008602736372914211,
    "FlipAngle": 62,
    "ImageType": [
      "ORIGINAL",
      "PRIMARY",
      "M",
      "FFE",
      "M",
      "FFE"
    ],
    "InstitutionAddress": "Amsterdam",
    "InstitutionName": "Spinoza_Centre",
    "MagneticFieldStrength": 7,
    "Manufacturer": "Philips",
    "ManufacturersModelName": "Achieva",
    "Modality": "MR",
    "MultibandAccelerationFactor": 2,
    "ParallelAcquisitionTechnique": "SENSE",
    "ParallelReductionFactorInPlane": 2.2,
    "PhaseEncodingDirection": "j",
    "PhaseEncodingLines": 110,
    "PhilipsRescaleIntercept": 0,
    "PhilipsRescaleSlope": 5.3199,
    "PhilipsScaleSlope": 0.00293166,
    "ProcedureStepDescription": "DE_CB_prf",
    "ProtocolName": "MB2",
    "RepetitionTime": 1.5,
    "ScanningSequence": "GR",
    "SequenceVariant": "SK",
    "SeriesDescription": "MB2",
    "SliceTiming": [
      0,
      0.06,
      0.12,
      0.18,
      0.24,
      0.3,
      0.36,
      0.42,
      0.48,
      0.54,
      0.6,
      0.66,
      0.72,
      0.78,
      0.84,
      0.9,
      0.96,
      1.02,
      1.08,
      1.14,
      1.2,
      1.26,
      1.32,
      1.38,
      1.44,
      0,
      0.06,
      0.12,
      0.18,
      0.24,
      0.3,
      0.36,
      0.42,
      0.48,
      0.54,
      0.6,
      0.66,
      0.72,
      0.78,
      0.84,
      0.9,
      0.96,
      1.02,
      1.08,
      1.14,
      1.2,
      1.26,
      1.32,
      1.38,
      1.44
    ],
    "SoftwareVersions": "5.1.7_5.1.7.0",
    "TaskName": "prf",
    "TotalReadoutTime": 0.01,
    "UsePhilipsFloatNotDisplayScaling": 1,
    "WaterFatShift": 47.938,
    "dataset": "ds002574",
    "modality": "bold",
    "run_id": 11,
    "session_id": "01",
    "subject_id": "01",
    "task_id": "prf"
  },
  "dummy_trs": 0,
  "dvars_nstd": 54.15572995100838,
  "dvars_std": 1.1900462559663867,
  "dvars_vstd": 0.989574870588235,
  "efc": 0.5268542449669864,
  "fber": 4392.609375,
  "fd_mean": 0.11320263950714435,
  "fd_num": 3,
  "fd_perc": 2.5,
  "fwhm_avg": 2.5405890030266094,
  "fwhm_x": 2.4623168,
  "fwhm_y": 2.413344,
  "fwhm_z": 2.7461062090798287,
  "gcor": 0.00854189,
  "gsr_x": -0.030103201046586037,
  "gsr_y": 0.10509500652551651,
  "provenance": {
    "md5sum": "b8a7f88b0c092c637c7fc6244edf343a",
    "settings": {
      "fd_thres": 0.2,
      "testing": false
    },
    "software": "mriqc",
    "version": "22.0.6",
    "webapi_port": null,
    "webapi_url": "https://mriqc.nimh.nih.gov/api/v1"
  },
  "size_t": 120,
  "size_x": 128,
  "size_y": 128,
  "size_z": 50,
  "snr": 2.664418633948748,
  "spacing_tr": 1.5,
  "spacing_x": 1.5625,
  "spacing_y": 1.5625,
  "spacing_z": 1.600000023841858,
  "summary_bg_k": 10.283934663349136,
  "summary_bg_mad": 1184.1789641473633,
  "summary_bg_mean": 4210.16455078125,
  "summary_bg_median": 844.9521484375,
  "summary_bg_n": 541752.0,
  "summary_bg_p05": 24.36362352371216,
  "summary_bg_p95": 20135.51806640625,
  "summary_bg_stdv": 7411.16357421875,
  "summary_fg_k": 0.8812793522602469,
  "summary_fg_mad": 20119.662093352646,
  "summary_fg_mean": 55870.5703125,
  "summary_fg_median": 55014.50390625,
  "summary_fg_n": 177258.0,
  "summary_fg_p05": 25322.56328125,
  "summary_fg_p95": 91439.63281249997,
  "summary_fg_stdv": 20647.787109375,
  "tsnr": 32.974327087402344
}