{
  "aor": 0.0007819999999999999,
  "aqi": 0.0067624546666666665,
  "bids_meta": {
    "AcquisitionNumber": 9,
    "AcquisitionTime": "10:57:9.980000",
    "ConversionSoftware": "dcm2niix",
    "ConversionSoftwareVersion": "v1.0.20170818 (OpenJPEG build) GCC4.8.4",
    "DeviceSerialNumber": "00076",
    "EPIFactor": 55,
    "EchoTime": 0.025995,
    "EchoTrainLength": 55,
    "EffectiveEchoSpacing": 0.0008602736372914211,
    "FlipAngle": 62,
    "ImageType": [
      "ORIGINAL",
      "PRIMARY",
      "M",
      "FFE",
      "M",
      "FFE"
    ],
    "InstitutionAddress": "Amsterdam",
    "InstitutionName": "Spinoza_Centre",
    "MagneticFieldStrength": 7,
    "Manufacturer": "Philips",
    "ManufacturersModelName": "Achieva",
    "Modality": "MR",
    "MultibandAccelerationFactor": 2,
    "ParallelAcquisitionTechnique": "SENSE",
    "ParallelReductionFactorInPlane": 2.2,
    "PhaseEncodingDirection": "j",
    "PhaseEncodingLines": 110,
    "PhilipsRescaleIntercept": 0,
    "PhilipsRescaleSlope": 5.35922,
    "PhilipsScaleSlope": 0.00289376,
    "ProcedureStepDescription": "DE_CB_prf",
    "ProtocolName": "MB2",
    "RepetitionTime": 1.5,
    "ScanningSequence": "GR",
    "SequenceVariant": "SK",
    "SeriesDescription": "MB2",
    "SliceTiming": [
      0,
      0.06,
      0.12,
      0.18,
      0.24,
      0.3,
      0.36,
      0.42,
      0.48,
      0.54,
      0.6,
      0.66,
      0.72,
      0.78,
      0.84,
      0.9,
      0.96,
      1.02,
      1.08,
      1.14,
      1.2,
      1.26,
      1.32,
      1.38,
      1.44,
      0,
      0.06,
      0.12,
      0.18,
      0.24,
      0.3,
      0.36,
      0.42,
      0.48,
      0.54,
      0.6,
      0.66,
      0.72,
      0.78,
      0.84,
      0.9,
      0.96,
      1.02,
      1.08,
      1.14,
      1.2,
      1.26,
      1.32,
      1.38,
      1.44
    ],
    "SoftwareVersions": "5.1.7_5.1.7.0",
    "TaskName": "prf",
    "TotalReadoutTime": 0.01,
    "UsePhilipsFloatNotDisplayScaling": 1,
    "WaterFatShift": 47.938,
    "dataset": "ds002574",
    "modality": "bold",
    "run_id": 3,
    "session_id": "01",
    "subject_id": "01",
    "task_id": "prf"
  },
  "dummy_trs": 0,
  "dvars_nstd": 53.848730391764704,
  "dvars_std": 1.194852425462185,
  "dvars_vstd": 0.9906658284033615,
  "efc": 0.5261410711770942,
  "fber": 4535.18896484375,
  "fd_mean": 0.11734153568362438,
  "fd_num": 4,
  "fd_perc": 3.3333333333333335,
  "fwhm_avg": 2.546122036416381,
  "fwhm_x": 2.4638784,
  "fwhm_y": 2.439744,
  "fwhm_z": 2.734743709249143,
  "gcor": 0.00515786,
  "gsr_x": -0.030136168003082275,
  "gsr_y": 0.10171617567539215,
  "provenance": {
    "md5sum": "a13a445c609c21a18b23574bfc3c61d6",
    "settings": {
      "fd_thres": 0.2,
      "testing": false
    },
    "software": "mriqc",
    "version": "22.0.6",
    "webapi_port": null,
    "webapi_url": "https://mriqc.nimh.nih.gov/api/v1"
  },
  "size_t": 120,
  "size_x": 128,
  "size_y": 128,
  "size_z": 50,
  "snr": 2.674604075601551,
  "spacing_tr": 1.5,
  "spacing_x": 1.5625,
  "spacing_y": 1.5625,
  "spacing_z": 1.600000023841858,
  "summary_bg_k": 10.240529927335647,
  "summary_bg_mad": 1176.9050431593569,
  "summary_bg_mean": 4192.18359375,
  "summary_bg_median": 839.419921875,
  "summary_bg_n": 541568.0,
  "summary_bg_p05": 23.979838848114014,
  "summary_bg_p95": 20204.788378906247,
  "summary_bg_stdv": 7370.634765625,
  "summary_fg_k": 0.843492022881478,
  "summary_fg_mad": 20238.018344284246,
  "summary_fg_mean": 56505.88671875,
  "summary_fg_median": 55602.63671875,
  "summary_fg_n": 177337.0,
  "summary_fg_p05": 25656.349609375,
  "summary_fg_p95": 92407.62812499993,
  "summary_fg_stdv": 20789.05078125,
  "tsnr": 33.302093505859375
}