{
  "aor": 0.0009245833333333332,
  "aqi": 0.007926251833333333,
  "bids_meta": {
    "AcquisitionNumber": 6,
    "AcquisitionTime": "10:48:40.600000",
    "ConversionSoftware": "dcm2niix",
    "ConversionSoftwareVersion": "v1.0.20170818 (OpenJPEG build) GCC4.8.4",
    "DeviceSerialNumber": "00076",
    "EPIFactor": 55,
    "EchoTime": 0.025995,
    "EchoTrainLength": 55,
    "EffectiveEchoSpacing": 0.0008602736372914211,
    "FlipAngle": 62,
    "ImageType": [
      "ORIGINAL",
      "PRIMARY",
      "M",
      "FFE",
      "M",
      "FFE"
    ],
    "InstitutionAddress": "Amsterdam",
    "InstitutionName": "Spinoza_Centre",
    "MagneticFieldStrength": 7,
    "Manufacturer": "Philips",
    "ManufacturersModelName": "Achieva",
    "Modality": "MR",
    "MultibandAccelerationFactor": 2,
    "ParallelAcquisitionTechnique": "SENSE",
    "ParallelReductionFactorInPlane": 2.2,
    "PhaseEncodingDirection": "j",
    "PhaseEncodingLines": 110,
    "PhilipsRescaleIntercept": 0,
    "PhilipsRescaleSlope": 5.69328,
    "PhilipsScaleSlope": 0.00287455,
    "ProcedureStepDescription": "DE_CB_prf",
    "ProtocolName": "MB2",
    "RepetitionTime": 1.5,
    "ScanningSequence": "GR",
    "SequenceVariant": "SK",
    "SeriesDescription": "MB2",
    "SliceTiming": [
      0,
      0.06,
      0.12,
      0.18,
      0.24,
      0.3,
      0.36,
      0.42,
      0.48,
      0.54,
      0.6,
      0.66,
      0.72,
      0.78,
      0.84,
      0.9,
      0.96,
      1.02,
      1.08,
      1.14,
      1.2,
      1.26,
      1.32,
      1.38,
      1.44,
      0,
      0.06,
      0.12,
      0.18,
      0.24,
      0.3,
      0.36,
      0.42,
      0.48,
      0.54,
      0.6,
      0.66,
      0.72,
      0.78,
      0.84,
      0.9,
      0.96,
      1.02,
      1.08,
      1.14,
      1.2,
      1.26,
      1.32,
      1.38,
      1.44
    ],
    "SoftwareVersions": "5.1.7_5.1.7.0",
    "TaskName": "prf",
    "TotalReadoutTime": 0.01,
    "UsePhilipsFloatNotDisplayScaling": 1,
    "WaterFatShift": 47.938,
    "dataset": "ds002574",
    "modality": "bold",
    "run_id": 1,
    "session_id": "01",
    "subject_id": "01",
    "task_id": "prf"
  },
  "dummy_trs": 0,
  "dvars_nstd": 53.657383061596626,
  "dvars_std": 1.1769066489915971,
  "dvars_vstd": 0.9852436482352941,
  "efc": 0.5279009859867178,
  "fber": 4449.205078125,
  "fd_mean": 0.1327567256301685,
  "fd_num": 13,
  "fd_perc": 10.833333333333334,
  "fwhm_avg": 2.5476158364140216,
  "fwhm_x": 2.4688448,
  "fwhm_y": 2.438784,
  "fwhm_z": 2.7352187092420652,
  "gcor": 0.0083142,
  "gsr_x": -0.030144086107611656,
  "gsr_y": 0.10191445052623749,
  "provenance": {
    "md5sum": "24527cbebb9753ec2e25172f2580a0f7",
    "settings": {
      "fd_thres": 0.2,
      "testing": false
    },
    "software": "mriqc",
    "version": "22.0.6",
    "webapi_port": null,
    "webapi_url": "https://mriqc.nimh.nih.gov/api/v1"
  },
  "size_t": 120,
  "size_x": 128,
  "size_y": 128,
  "size_z": 50,
  "snr": 2.7103178591565418,
  "spacing_tr": 1.5,
  "spacing_x": 1.5625,
  "spacing_y": 1.5625,
  "spacing_z": 1.600000023841858,
  "summary_bg_k": 10.195477271203853,
  "summary_bg_mad": 1200.8253258837703,
  "summary_bg_mean": 4264.00048828125,
  "summary_bg_median": 862.464111328125,
  "summary_bg_n": 540620.0,
  "summary_bg_p05": 29.21554355621338,
  "summary_bg_p95": 20582.107519531222,
  "summary_bg_stdv": 7478.55078125,
  "summary_fg_k": 0.7226006435405106,
  "summary_fg_mad": 20448.24091432149,
  "summary_fg_mean": 57289.7109375,
  "summary_fg_median": 56554.7890625,
  "summary_fg_n": 178416.0,
  "summary_fg_p05": 26058.1328125,
  "summary_fg_p95": 93151.68359375,
  "summary_fg_stdv": 20866.419921875,
  "tsnr": 30.698509216308594
}