{
  "aor": 0.0010999999999999998,
  "aqi": 0.0027096560833333332,
  "bids_meta": {
    "AcquisitionNumber": 9,
    "AcquisitionTime": "18:41:28.800000",
    "ConversionSoftware": "dcm2niix",
    "ConversionSoftwareVersion": "v1.0.20170818 (OpenJPEG build) GCC4.8.4",
    "DeviceSerialNumber": "00076",
    "EPIFactor": 55,
    "EchoTime": 0.022001,
    "EchoTrainLength": 53,
    "EffectiveEchoSpacing": 0.0008602736372914211,
    "FlipAngle": 62,
    "ImageType": [
      "ORIGINAL",
      "PRIMARY",
      "M",
      "FFE",
      "M",
      "FFE"
    ],
    "InstitutionAddress": "Amsterdam",
    "InstitutionName": "Spinoza_Centre",
    "MagneticFieldStrength": 7,
    "Manufacturer": "Philips",
    "ManufacturersModelName": "Achieva",
    "Modality": "MR",
    "MultibandAccelerationFactor": 2,
    "ParallelAcquisitionTechnique": "SENSE",
    "ParallelReductionFactorInPlane": 2.2,
    "PhaseEncodingDirection": "j",
    "PhaseEncodingLines": 110,
    "PhilipsRescaleIntercept": 0,
    "PhilipsRescaleSlope": 2.50208,
    "PhilipsScaleSlope": 0.00255102,
    "ProcedureStepDescription": "CB",
    "ProtocolName": "2.0_MB2_S2.0_TR1.5",
    "RepetitionTime": 1.5,
    "ScanningSequence": "GR",
    "SequenceVariant": "SK",
    "SeriesDescription": "2.0_MB2_S2.0_TR1.5",
    "SliceTiming": [
      0,
      0.06,
      0.12,
      0.18,
      0.24,
      0.3,
      0.36,
      0.42,
      0.48,
      0.54,
      0.6,
      0.66,
      0.72,
      0.78,
      0.84,
      0.9,
      0.96,
      1.02,
      1.08,
      1.14,
      1.2,
      1.26,
      1.32,
      1.38,
      1.44,
      0,
      0.06,
      0.12,
      0.18,
      0.24,
      0.3,
      0.36,
      0.42,
      0.48,
      0.54,
      0.6,
      0.66,
      0.72,
      0.78,
      0.84,
      0.9,
      0.96,
      1.02,
      1.08,
      1.14,
      1.2,
      1.26,
      1.32,
      1.38,
      1.44
    ],
    "SoftwareVersions": "5.1.7_5.1.7.0",
    "TaskName": "prf",
    "TotalReadoutTime": 0.01,
    "UsePhilipsFloatNotDisplayScaling": 1,
    "WaterFatShift": 47.938,
    "dataset": "ds002574",
    "modality": "bold",
    "run_id": 2,
    "session_id": "04",
    "subject_id": "02",
    "task_id": "prf"
  },
  "dummy_trs": 0,
  "dvars_nstd": 32.235019106470574,
  "dvars_std": 1.1643847787394956,
  "dvars_vstd": 0.9884008430252101,
  "efc": 0.48599694028628454,
  "fber": 4235.64794921875,
  "fd_mean": 0.08251565376224244,
  "fd_num": 0,
  "fd_perc": 0.0,
  "fwhm_avg": 2.32357742907185,
  "fwhm_x": 2.1381,
  "fwhm_y": 2.274425,
  "fwhm_z": 2.5582072872155495,
  "gcor": 0.017137,
  "gsr_x": -0.015101751312613487,
  "gsr_y": 0.05266983434557915,
  "provenance": {
    "md5sum": "881f0ab6e63fdf60b281a414abf3a352",
    "settings": {
      "fd_thres": 0.2,
      "testing": false
    },
    "software": "mriqc",
    "version": "22.0.6",
    "webapi_port": null,
    "webapi_url": "https://mriqc.nimh.nih.gov/api/v1"
  },
  "size_t": 120,
  "size_x": 112,
  "size_y": 112,
  "size_z": 60,
  "snr": 2.7695508103131665,
  "spacing_tr": 1.5,
  "spacing_x": 2.0,
  "spacing_y": 2.0,
  "spacing_z": 1.9999982118606567,
  "summary_bg_k": 21.396302917326757,
  "summary_bg_mad": 2516.153643603813,
  "summary_bg_mean": 7277.75927734375,
  "summary_bg_median": 2058.94189453125,
  "summary_bg_n": 514800.0,
  "summary_bg_p05": 173.7682601928711,
  "summary_bg_p95": 34075.09199218749,
  "summary_bg_stdv": 13441.8125,
  "summary_fg_k": 1.813739919323381,
  "summary_fg_mad": 41065.62589268077,
  "summary_fg_mean": 136942.734375,
  "summary_fg_median": 133278.0625,
  "summary_fg_n": 140995.0,
  "summary_fg_p05": 66381.64296875,
  "summary_fg_p95": 221307.0406249999,
  "summary_fg_stdv": 48122.45703125,
  "tsnr": 59.052303314208984
}