{
  "aor": 0.0008939166666666667,
  "aqi": 0.0028162865833333333,
  "bids_meta": {
    "AcquisitionNumber": 29,
    "AcquisitionTime": "19:47:44.830000",
    "ConversionSoftware": "dcm2niix",
    "ConversionSoftwareVersion": "v1.0.20170818 (OpenJPEG build) GCC4.8.4",
    "DeviceSerialNumber": "00076",
    "EPIFactor": 55,
    "EchoTime": 0.022001,
    "EchoTrainLength": 53,
    "EffectiveEchoSpacing": 0.0008602736372914211,
    "FlipAngle": 62,
    "ImageType": [
      "ORIGINAL",
      "PRIMARY",
      "M",
      "FFE",
      "M",
      "FFE"
    ],
    "InstitutionAddress": "Amsterdam",
    "InstitutionName": "Spinoza_Centre",
    "MagneticFieldStrength": 7,
    "Manufacturer": "Philips",
    "ManufacturersModelName": "Achieva",
    "Modality": "MR",
    "MultibandAccelerationFactor": 2,
    "ParallelAcquisitionTechnique": "SENSE",
    "ParallelReductionFactorInPlane": 2.2,
    "PhaseEncodingDirection": "j",
    "PhaseEncodingLines": 110,
    "PhilipsRescaleIntercept": 0,
    "PhilipsRescaleSlope": 2.44786,
    "PhilipsScaleSlope": 0.00256457,
    "ProcedureStepDescription": "CB",
    "ProtocolName": "2.0_MB2_S2.0_TR1.5",
    "RepetitionTime": 1.5,
    "ScanningSequence": "GR",
    "SequenceVariant": "SK",
    "SeriesDescription": "2.0_MB2_S2.0_TR1.5",
    "SliceTiming": [
      0,
      0.06,
      0.12,
      0.18,
      0.24,
      0.3,
      0.36,
      0.42,
      0.48,
      0.54,
      0.6,
      0.66,
      0.72,
      0.78,
      0.84,
      0.9,
      0.96,
      1.02,
      1.08,
      1.14,
      1.2,
      1.26,
      1.32,
      1.38,
      1.44,
      0,
      0.06,
      0.12,
      0.18,
      0.24,
      0.3,
      0.36,
      0.42,
      0.48,
      0.54,
      0.6,
      0.66,
      0.72,
      0.78,
      0.84,
      0.9,
      0.96,
      1.02,
      1.08,
      1.14,
      1.2,
      1.26,
      1.32,
      1.38,
      1.44
    ],
    "SoftwareVersions": "5.1.7_5.1.7.0",
    "TaskName": "prf",
    "TotalReadoutTime": 0.01,
    "UsePhilipsFloatNotDisplayScaling": 1,
    "WaterFatShift": 47.938,
    "dataset": "ds002574",
    "modality": "bold",
    "run_id": 14,
    "session_id": "04",
    "subject_id": "02",
    "task_id": "prf"
  },
  "dummy_trs": 0,
  "dvars_nstd": 30.745954128487398,
  "dvars_std": 1.14173885697479,
  "dvars_vstd": 0.9809145141176469,
  "efc": 0.4875615575973421,
  "fber": 4008.496337890625,
  "fd_mean": 0.07887033049763001,
  "fd_num": 0,
  "fd_perc": 0.0,
  "fwhm_avg": 2.301190754324276,
  "fwhm_x": 2.12314,
  "fwhm_y": 2.24934,
  "fwhm_z": 2.531092262972828,
  "gcor": 0.00897405,
  "gsr_x": -0.014622485265135765,
  "gsr_y": 0.05283251404762268,
  "provenance": {
    "md5sum": "13a801c5067ed0bb256dfd8ac2f80b00",
    "settings": {
      "fd_thres": 0.2,
      "testing": false
    },
    "software": "mriqc",
    "version": "22.0.6",
    "webapi_port": null,
    "webapi_url": "https://mriqc.nimh.nih.gov/api/v1"
  },
  "size_t": 120,
  "size_x": 112,
  "size_y": 112,
  "size_z": 60,
  "snr": 2.7617001126720337,
  "spacing_tr": 1.5,
  "spacing_x": 2.0,
  "spacing_y": 2.0,
  "spacing_z": 1.9999982118606567,
  "summary_bg_k": 19.78166499723601,
  "summary_bg_mad": 2554.563845671561,
  "summary_bg_mean": 7533.64697265625,
  "summary_bg_median": 2103.15869140625,
  "summary_bg_n": 515962.0,
  "summary_bg_p05": 190.6780021667481,
  "summary_bg_p95": 35848.81523437491,
  "summary_bg_stdv": 13803.9072265625,
  "summary_fg_k": 1.8333786738650275,
  "summary_fg_mad": 40693.3942817823,
  "summary_fg_mean": 136045.078125,
  "summary_fg_median": 132476.109375,
  "summary_fg_n": 140136.0,
  "summary_fg_p05": 65336.3271484375,
  "summary_fg_p95": 220236.61328125,
  "summary_fg_stdv": 47968.87109375,
  "tsnr": 58.479679107666016
}