{
  "aor": 0.0011555833333333335,
  "aqi": 0.0029149946666666665,
  "bids_meta": {
    "AcquisitionNumber": 15,
    "AcquisitionTime": "18:59:44.030000",
    "ConversionSoftware": "dcm2niix",
    "ConversionSoftwareVersion": "v1.0.20170818 (OpenJPEG build) GCC4.8.4",
    "DeviceSerialNumber": "00076",
    "EPIFactor": 55,
    "EchoTime": 0.022001,
    "EchoTrainLength": 53,
    "EffectiveEchoSpacing": 0.0008602736372914211,
    "FlipAngle": 62,
    "ImageType": [
      "ORIGINAL",
      "PRIMARY",
      "M",
      "FFE",
      "M",
      "FFE"
    ],
    "InstitutionAddress": "Amsterdam",
    "InstitutionName": "Spinoza_Centre",
    "MagneticFieldStrength": 7,
    "Manufacturer": "Philips",
    "ManufacturersModelName": "Achieva",
    "Modality": "MR",
    "MultibandAccelerationFactor": 2,
    "ParallelAcquisitionTechnique": "SENSE",
    "ParallelReductionFactorInPlane": 2.2,
    "PhaseEncodingDirection": "j",
    "PhaseEncodingLines": 110,
    "PhilipsRescaleIntercept": 0,
    "PhilipsRescaleSlope": 2.50989,
    "PhilipsScaleSlope": 0.00252092,
    "ProcedureStepDescription": "CB",
    "ProtocolName": "2.0_MB2_S2.0_TR1.5",
    "RepetitionTime": 1.5,
    "ScanningSequence": "GR",
    "SequenceVariant": "SK",
    "SeriesDescription": "2.0_MB2_S2.0_TR1.5",
    "SliceTiming": [
      0,
      0.06,
      0.12,
      0.18,
      0.24,
      0.3,
      0.36,
      0.42,
      0.48,
      0.54,
      0.6,
      0.66,
      0.72,
      0.78,
      0.84,
      0.9,
      0.96,
      1.02,
      1.08,
      1.14,
      1.2,
      1.26,
      1.32,
      1.38,
      1.44,
      0,
      0.06,
      0.12,
      0.18,
      0.24,
      0.3,
      0.36,
      0.42,
      0.48,
      0.54,
      0.6,
      0.66,
      0.72,
      0.78,
      0.84,
      0.9,
      0.96,
      1.02,
      1.08,
      1.14,
      1.2,
      1.26,
      1.32,
      1.38,
      1.44
    ],
    "SoftwareVersions": "5.1.7_5.1.7.0",
    "TaskName": "prf",
    "TotalReadoutTime": 0.01,
    "UsePhilipsFloatNotDisplayScaling": 1,
    "WaterFatShift": 47.938,
    "dataset": "ds002574",
    "modality": "bold",
    "run_id": 6,
    "session_id": "04",
    "subject_id": "02",
    "task_id": "prf"
  },
  "dummy_trs": 0,
  "dvars_nstd": 31.561710645714303,
  "dvars_std": 1.1572189926890757,
  "dvars_vstd": 0.9898456907563027,
  "efc": 0.4866590825389091,
  "fber": 4160.51171875,
  "fd_mean": 0.09021961775071362,
  "fd_num": 2,
  "fd_perc": 1.6666666666666667,
  "fwhm_avg": 2.312250756820223,
  "fwhm_x": 2.13331,
  "fwhm_y": 2.263975,
  "fwhm_z": 2.5394672704606687,
  "gcor": 0.011112,
  "gsr_x": -0.014868627302348614,
  "gsr_y": 0.05242722108960152,
  "provenance": {
    "md5sum": "c6e82755ba338773750c6bba85f06955",
    "settings": {
      "fd_thres": 0.2,
      "testing": false
    },
    "software": "mriqc",
    "version": "22.0.6",
    "webapi_port": null,
    "webapi_url": "https://mriqc.nimh.nih.gov/api/v1"
  },
  "size_t": 120,
  "size_x": 112,
  "size_y": 112,
  "size_z": 60,
  "snr": 2.769097925023135,
  "spacing_tr": 1.5,
  "spacing_x": 2.0,
  "spacing_y": 2.0,
  "spacing_z": 1.9999982118606567,
  "summary_bg_k": 20.73226323822957,
  "summary_bg_mad": 2543.4387185995693,
  "summary_bg_mean": 7482.46142578125,
  "summary_bg_median": 2095.197021484375,
  "summary_bg_n": 515525.0,
  "summary_bg_p05": 190.16710815429687,
  "summary_bg_p95": 35268.67968749999,
  "summary_bg_stdv": 13756.8720703125,
  "summary_fg_k": 1.8398701969450872,
  "summary_fg_mad": 41304.996653990434,
  "summary_fg_mean": 137878.078125,
  "summary_fg_median": 134283.328125,
  "summary_fg_n": 140429.0,
  "summary_fg_p05": 66674.87968750001,
  "summary_fg_p95": 222792.96562500007,
  "summary_fg_stdv": 48493.35546875,
  "tsnr": 57.884132385253906
}