{
  "aor": 0.0017440833333333332,
  "aqi": 0.0036440715833333335,
  "bids_meta": {
    "AcquisitionNumber": 10,
    "AcquisitionTime": "18:46:23.750000",
    "ConversionSoftware": "dcm2niix",
    "ConversionSoftwareVersion": "v1.0.20170818 (OpenJPEG build) GCC4.8.4",
    "DeviceSerialNumber": "00076",
    "EPIFactor": 55,
    "EchoTime": 0.022001,
    "EchoTrainLength": 53,
    "EffectiveEchoSpacing": 0.0008602736372914211,
    "FlipAngle": 62,
    "ImageType": [
      "ORIGINAL",
      "PRIMARY",
      "M",
      "FFE",
      "M",
      "FFE"
    ],
    "InstitutionAddress": "Amsterdam",
    "InstitutionName": "Spinoza_Centre",
    "MagneticFieldStrength": 7,
    "Manufacturer": "Philips",
    "ManufacturersModelName": "Achieva",
    "Modality": "MR",
    "MultibandAccelerationFactor": 2,
    "ParallelAcquisitionTechnique": "SENSE",
    "ParallelReductionFactorInPlane": 2.2,
    "PhaseEncodingDirection": "j",
    "PhaseEncodingLines": 110,
    "PhilipsRescaleIntercept": 0,
    "PhilipsRescaleSlope": 2.56337,
    "PhilipsScaleSlope": 0.00252169,
    "ProcedureStepDescription": "CB",
    "ProtocolName": "2.0_MB2_S2.0_TR1.5",
    "RepetitionTime": 1.5,
    "ScanningSequence": "GR",
    "SequenceVariant": "SK",
    "SeriesDescription": "2.0_MB2_S2.0_TR1.5",
    "SliceTiming": [
      0,
      0.06,
      0.12,
      0.18,
      0.24,
      0.3,
      0.36,
      0.42,
      0.48,
      0.54,
      0.6,
      0.66,
      0.72,
      0.78,
      0.84,
      0.9,
      0.96,
      1.02,
      1.08,
      1.14,
      1.2,
      1.26,
      1.32,
      1.38,
      1.44,
      0,
      0.06,
      0.12,
      0.18,
      0.24,
      0.3,
      0.36,
      0.42,
      0.48,
      0.54,
      0.6,
      0.66,
      0.72,
      0.78,
      0.84,
      0.9,
      0.96,
      1.02,
      1.08,
      1.14,
      1.2,
      1.26,
      1.32,
      1.38,
      1.44
    ],
    "SoftwareVersions": "5.1.7_5.1.7.0",
    "TaskName": "prf",
    "TotalReadoutTime": 0.01,
    "UsePhilipsFloatNotDisplayScaling": 1,
    "WaterFatShift": 47.938,
    "dataset": "ds002574",
    "modality": "bold",
    "run_id": 3,
    "session_id": "04",
    "subject_id": "02",
    "task_id": "prf"
  },
  "dummy_trs": 0,
  "dvars_nstd": 32.664282534537804,
  "dvars_std": 1.168256862521009,
  "dvars_vstd": 0.9940108385714284,
  "efc": 0.4865789716036396,
  "fber": 4074.08056640625,
  "fd_mean": 0.08660871674097025,
  "fd_num": 3,
  "fd_perc": 2.5,
  "fwhm_avg": 2.3185490922516414,
  "fwhm_x": 2.141905,
  "fwhm_y": 2.267235,
  "fwhm_z": 2.5465072767549244,
  "gcor": 0.0115799,
  "gsr_x": -0.015048680827021599,
  "gsr_y": 0.05270685255527496,
  "provenance": {
    "md5sum": "d749c8524617b79867cf97fc118be960",
    "settings": {
      "fd_thres": 0.2,
      "testing": false
    },
    "software": "mriqc",
    "version": "22.0.6",
    "webapi_port": null,
    "webapi_url": "https://mriqc.nimh.nih.gov/api/v1"
  },
  "size_t": 120,
  "size_x": 112,
  "size_y": 112,
  "size_z": 60,
  "snr": 2.7549917747823844,
  "spacing_tr": 1.5,
  "spacing_x": 2.0,
  "spacing_y": 2.0,
  "spacing_z": 1.9999982118606567,
  "summary_bg_k": 21.30194318171356,
  "summary_bg_mad": 2577.386658097225,
  "summary_bg_mean": 7408.3408203125,
  "summary_bg_median": 2119.711669921875,
  "summary_bg_n": 514534.0,
  "summary_bg_p05": 188.35623016357422,
  "summary_bg_p95": 34727.4966796875,
  "summary_bg_stdv": 13648.6064453125,
  "summary_fg_k": 1.8408570505351047,
  "summary_fg_mad": 41613.10571893855,
  "summary_fg_mean": 138298.8125,
  "summary_fg_median": 134566.5,
  "summary_fg_n": 141220.0,
  "summary_fg_p05": 66696.32968750001,
  "summary_fg_p95": 224035.3453124999,
  "summary_fg_stdv": 48844.4375,
  "tsnr": 52.676143646240234
}