{
  "aor": 0.0010383333333333334,
  "aqi": 0.002665958666666667,
  "bids_meta": {
    "AcquisitionNumber": 7,
    "AcquisitionTime": "18:37:11.460000",
    "ConversionSoftware": "dcm2niix",
    "ConversionSoftwareVersion": "v1.0.20170818 (OpenJPEG build) GCC4.8.4",
    "DeviceSerialNumber": "00076",
    "EPIFactor": 55,
    "EchoTime": 0.022001,
    "EchoTrainLength": 53,
    "EffectiveEchoSpacing": 0.0008602736372914211,
    "FlipAngle": 62,
    "ImageType": [
      "ORIGINAL",
      "PRIMARY",
      "M",
      "FFE",
      "M",
      "FFE"
    ],
    "InstitutionAddress": "Amsterdam",
    "InstitutionName": "Spinoza_Centre",
    "MagneticFieldStrength": 7,
    "Manufacturer": "Philips",
    "ManufacturersModelName": "Achieva",
    "Modality": "MR",
    "MultibandAccelerationFactor": 2,
    "ParallelAcquisitionTechnique": "SENSE",
    "ParallelReductionFactorInPlane": 2.2,
    "PhaseEncodingDirection": "j",
    "PhaseEncodingLines": 110,
    "PhilipsRescaleIntercept": 0,
    "PhilipsRescaleSlope": 2.44493,
    "PhilipsScaleSlope": 0.00255238,
    "ProcedureStepDescription": "CB",
    "ProtocolName": "2.0_MB2_S2.0_TR1.5",
    "RepetitionTime": 1.5,
    "ScanningSequence": "GR",
    "SequenceVariant": "SK",
    "SeriesDescription": "2.0_MB2_S2.0_TR1.5",
    "SliceTiming": [
      0,
      0.06,
      0.12,
      0.18,
      0.24,
      0.3,
      0.36,
      0.42,
      0.48,
      0.54,
      0.6,
      0.66,
      0.72,
      0.78,
      0.84,
      0.9,
      0.96,
      1.02,
      1.08,
      1.14,
      1.2,
      1.26,
      1.32,
      1.38,
      1.44,
      0,
      0.06,
      0.12,
      0.18,
      0.24,
      0.3,
      0.36,
      0.42,
      0.48,
      0.54,
      0.6,
      0.66,
      0.72,
      0.78,
      0.84,
      0.9,
      0.96,
      1.02,
      1.08,
      1.14,
      1.2,
      1.26,
      1.32,
      1.38,
      1.44
    ],
    "SoftwareVersions": "5.1.7_5.1.7.0",
    "TaskName": "prf",
    "TotalReadoutTime": 0.01,
    "UsePhilipsFloatNotDisplayScaling": 1,
    "WaterFatShift": 47.938,
    "dataset": "ds002574",
    "modality": "bold",
    "run_id": 1,
    "session_id": "04",
    "subject_id": "02",
    "task_id": "prf"
  },
  "dummy_trs": 0,
  "dvars_nstd": 32.259240992352936,
  "dvars_std": 1.1641163287394958,
  "dvars_vstd": 0.9862449501680668,
  "efc": 0.48558952252358223,
  "fber": 4178.54296875,
  "fd_mean": 0.08214264051779101,
  "fd_num": 0,
  "fd_perc": 0.0,
  "fwhm_avg": 2.333637431844958,
  "fwhm_x": 2.148535,
  "fwhm_y": 2.284865,
  "fwhm_z": 2.567512295534875,
  "gcor": 0.0178874,
  "gsr_x": -0.015046174637973309,
  "gsr_y": 0.052357420325279236,
  "provenance": {
    "md5sum": "37fa85ca704487aa5088b58450084d47",
    "settings": {
      "fd_thres": 0.2,
      "testing": false
    },
    "software": "mriqc",
    "version": "22.0.6",
    "webapi_port": null,
    "webapi_url": "https://mriqc.nimh.nih.gov/api/v1"
  },
  "size_t": 120,
  "size_x": 112,
  "size_y": 112,
  "size_z": 60,
  "snr": 2.7628219793211195,
  "spacing_tr": 1.5,
  "spacing_x": 2.0,
  "spacing_y": 2.0,
  "spacing_z": 1.9999982118606567,
  "summary_bg_k": 21.915383694768813,
  "summary_bg_mad": 2531.505553410503,
  "summary_bg_mean": 7268.44287109375,
  "summary_bg_median": 2079.783935546875,
  "summary_bg_n": 514894.0,
  "summary_bg_p05": 189.15235443115233,
  "summary_bg_p95": 33773.9916015625,
  "summary_bg_stdv": 13408.6611328125,
  "summary_fg_k": 1.8104386357404518,
  "summary_fg_mad": 41304.27851854085,
  "summary_fg_mean": 137234.84375,
  "summary_fg_median": 133557.78125,
  "summary_fg_n": 140957.0,
  "summary_fg_p05": 66403.0359375,
  "summary_fg_p95": 221980.24374999997,
  "summary_fg_stdv": 48340.90234375,
  "tsnr": 59.444435119628906
}