{
  "aor": 0.0012165833333333334,
  "aqi": 0.0024591848333333334,
  "bids_meta": {
    "AcquisitionNumber": 19,
    "AcquisitionTime": "19:11:0.210000",
    "ConversionSoftware": "dcm2niix",
    "ConversionSoftwareVersion": "v1.0.20170818 (OpenJPEG build) GCC4.8.4",
    "DeviceSerialNumber": "00076",
    "EPIFactor": 55,
    "EchoTime": 0.022001,
    "EchoTrainLength": 53,
    "EffectiveEchoSpacing": 0.0008602736372914211,
    "FlipAngle": 62,
    "ImageType": [
      "ORIGINAL",
      "PRIMARY",
      "M",
      "FFE",
      "M",
      "FFE"
    ],
    "InstitutionAddress": "Amsterdam",
    "InstitutionName": "Spinoza_Centre",
    "MagneticFieldStrength": 7,
    "Manufacturer": "Philips",
    "ManufacturersModelName": "Achieva",
    "Modality": "MR",
    "MultibandAccelerationFactor": 2,
    "ParallelAcquisitionTechnique": "SENSE",
    "ParallelReductionFactorInPlane": 2.2,
    "PhaseEncodingDirection": "j",
    "PhaseEncodingLines": 110,
    "PhilipsRescaleIntercept": 0,
    "PhilipsRescaleSlope": 2.48425,
    "PhilipsScaleSlope": 0.00253035,
    "ProcedureStepDescription": "CB",
    "ProtocolName": "2.0_MB2_S2.0_TR1.5",
    "RepetitionTime": 1.5,
    "ScanningSequence": "GR",
    "SequenceVariant": "SK",
    "SeriesDescription": "2.0_MB2_S2.0_TR1.5",
    "SliceTiming": [
      0,
      0.06,
      0.12,
      0.18,
      0.24,
      0.3,
      0.36,
      0.42,
      0.48,
      0.54,
      0.6,
      0.66,
      0.72,
      0.78,
      0.84,
      0.9,
      0.96,
      1.02,
      1.08,
      1.14,
      1.2,
      1.26,
      1.32,
      1.38,
      1.44,
      0,
      0.06,
      0.12,
      0.18,
      0.24,
      0.3,
      0.36,
      0.42,
      0.48,
      0.54,
      0.6,
      0.66,
      0.72,
      0.78,
      0.84,
      0.9,
      0.96,
      1.02,
      1.08,
      1.14,
      1.2,
      1.26,
      1.32,
      1.38,
      1.44
    ],
    "SoftwareVersions": "5.1.7_5.1.7.0",
    "TaskName": "prf",
    "TotalReadoutTime": 0.01,
    "UsePhilipsFloatNotDisplayScaling": 1,
    "WaterFatShift": 47.938,
    "dataset": "ds002574",
    "modality": "bold",
    "run_id": 8,
    "session_id": "04",
    "subject_id": "02",
    "task_id": "prf"
  },
  "dummy_trs": 0,
  "dvars_nstd": 30.963725595294108,
  "dvars_std": 1.1577498780672268,
  "dvars_vstd": 0.9892613620168069,
  "efc": 0.4864715747008017,
  "fber": 4168.923828125,
  "fd_mean": 0.0711005226240835,
  "fd_num": 0,
  "fd_perc": 0.0,
  "fwhm_avg": 2.3038790882283244,
  "fwhm_x": 2.12636,
  "fwhm_y": 2.25227,
  "fwhm_z": 2.5330072646849735,
  "gcor": 0.0210695,
  "gsr_x": -0.014235829934477806,
  "gsr_y": 0.05180293694138527,
  "provenance": {
    "md5sum": "4ae74f40f97659764b5fcc093534df36",
    "settings": {
      "fd_thres": 0.2,
      "testing": false
    },
    "software": "mriqc",
    "version": "22.0.6",
    "webapi_port": null,
    "webapi_url": "https://mriqc.nimh.nih.gov/api/v1"
  },
  "size_t": 120,
  "size_x": 112,
  "size_y": 112,
  "size_z": 60,
  "snr": 2.772189025730012,
  "spacing_tr": 1.5,
  "spacing_x": 2.0,
  "spacing_y": 2.0,
  "spacing_z": 1.9999982118606567,
  "summary_bg_k": 20.459251498018897,
  "summary_bg_mad": 2548.359317365751,
  "summary_bg_mean": 7487.884765625,
  "summary_bg_median": 2087.0703125,
  "summary_bg_n": 515906.0,
  "summary_bg_p05": 173.99303436279297,
  "summary_bg_p95": 35456.375,
  "summary_bg_stdv": 13745.2900390625,
  "summary_fg_k": 1.791037359804439,
  "summary_fg_mad": 41102.63303399425,
  "summary_fg_mean": 137477.484375,
  "summary_fg_median": 133920.75,
  "summary_fg_n": 140053.0,
  "summary_fg_p05": 66377.503125,
  "summary_fg_p95": 222256.25624999995,
  "summary_fg_stdv": 48308.4921875,
  "tsnr": 61.33637619018555
}