{
  "aor": 0.0009332499999999999,
  "aqi": 0.0028372506666666667,
  "bids_meta": {
    "AcquisitionNumber": 28,
    "AcquisitionTime": "19:43:28.660000",
    "ConversionSoftware": "dcm2niix",
    "ConversionSoftwareVersion": "v1.0.20170818 (OpenJPEG build) GCC4.8.4",
    "DeviceSerialNumber": "00076",
    "EPIFactor": 55,
    "EchoTime": 0.022001,
    "EchoTrainLength": 53,
    "EffectiveEchoSpacing": 0.0008602736372914211,
    "FlipAngle": 62,
    "ImageType": [
      "ORIGINAL",
      "PRIMARY",
      "M",
      "FFE",
      "M",
      "FFE"
    ],
    "InstitutionAddress": "Amsterdam",
    "InstitutionName": "Spinoza_Centre",
    "MagneticFieldStrength": 7,
    "Manufacturer": "Philips",
    "ManufacturersModelName": "Achieva",
    "Modality": "MR",
    "MultibandAccelerationFactor": 2,
    "ParallelAcquisitionTechnique": "SENSE",
    "ParallelReductionFactorInPlane": 2.2,
    "PhaseEncodingDirection": "j",
    "PhaseEncodingLines": 110,
    "PhilipsRescaleIntercept": 0,
    "PhilipsRescaleSlope": 2.50965,
    "PhilipsScaleSlope": 0.00253798,
    "ProcedureStepDescription": "CB",
    "ProtocolName": "2.0_MB2_S2.0_TR1.5",
    "RepetitionTime": 1.5,
    "ScanningSequence": "GR",
    "SequenceVariant": "SK",
    "SeriesDescription": "2.0_MB2_S2.0_TR1.5",
    "SliceTiming": [
      0,
      0.06,
      0.12,
      0.18,
      0.24,
      0.3,
      0.36,
      0.42,
      0.48,
      0.54,
      0.6,
      0.66,
      0.72,
      0.78,
      0.84,
      0.9,
      0.96,
      1.02,
      1.08,
      1.14,
      1.2,
      1.26,
      1.32,
      1.38,
      1.44,
      0,
      0.06,
      0.12,
      0.18,
      0.24,
      0.3,
      0.36,
      0.42,
      0.48,
      0.54,
      0.6,
      0.66,
      0.72,
      0.78,
      0.84,
      0.9,
      0.96,
      1.02,
      1.08,
      1.14,
      1.2,
      1.26,
      1.32,
      1.38,
      1.44
    ],
    "SoftwareVersions": "5.1.7_5.1.7.0",
    "TaskName": "prf",
    "TotalReadoutTime": 0.01,
    "UsePhilipsFloatNotDisplayScaling": 1,
    "WaterFatShift": 47.938,
    "dataset": "ds002574",
    "modality": "bold",
    "run_id": 13,
    "session_id": "04",
    "subject_id": "02",
    "task_id": "prf"
  },
  "dummy_trs": 0,
  "dvars_nstd": 31.1388626421849,
  "dvars_std": 1.1447795410924368,
  "dvars_vstd": 0.9835206433613449,
  "efc": 0.487684510829251,
  "fber": 3736.076416015625,
  "fd_mean": 0.07606734717573906,
  "fd_num": 0,
  "fd_perc": 0.0,
  "fwhm_avg": 2.318105760375643,
  "fwhm_x": 2.13426,
  "fwhm_y": 2.26866,
  "fwhm_z": 2.551397281126929,
  "gcor": 0.0122404,
  "gsr_x": -0.01692941226065159,
  "gsr_y": 0.052108798176050186,
  "provenance": {
    "md5sum": "b8c99f4217d8603b96271ae6d91dbe5f",
    "settings": {
      "fd_thres": 0.2,
      "testing": false
    },
    "software": "mriqc",
    "version": "22.0.6",
    "webapi_port": null,
    "webapi_url": "https://mriqc.nimh.nih.gov/api/v1"
  },
  "size_t": 120,
  "size_x": 112,
  "size_y": 112,
  "size_z": 60,
  "snr": 2.764284927723371,
  "spacing_tr": 1.5,
  "spacing_x": 2.0,
  "spacing_y": 2.0,
  "spacing_z": 1.9999982118606567,
  "summary_bg_k": 19.213888344435166,
  "summary_bg_mad": 2671.3541296816657,
  "summary_bg_mean": 7507.98291015625,
  "summary_bg_median": 2208.446533203125,
  "summary_bg_n": 514632.0,
  "summary_bg_p05": 196.6862586975098,
  "summary_bg_p95": 35380.17421874981,
  "summary_bg_stdv": 13457.625,
  "summary_fg_k": 1.7692007229902416,
  "summary_fg_mad": 41522.90443162126,
  "summary_fg_mean": 138193.0,
  "summary_fg_median": 134630.3125,
  "summary_fg_n": 140291.0,
  "summary_fg_p05": 66454.7421875,
  "summary_fg_p95": 223481.4375,
  "summary_fg_stdv": 48703.3125,
  "tsnr": 57.97482681274414
}