{
  "aor": 0.0010947499999999998,
  "aqi": 0.0027205837499999995,
  "bids_meta": {
    "AcquisitionNumber": 17,
    "AcquisitionTime": "19:06:43.770000",
    "ConversionSoftware": "dcm2niix",
    "ConversionSoftwareVersion": "v1.0.20170818 (OpenJPEG build) GCC4.8.4",
    "DeviceSerialNumber": "00076",
    "EPIFactor": 55,
    "EchoTime": 0.022001,
    "EchoTrainLength": 53,
    "EffectiveEchoSpacing": 0.0008602736372914211,
    "FlipAngle": 62,
    "ImageType": [
      "ORIGINAL",
      "PRIMARY",
      "M",
      "FFE",
      "M",
      "FFE"
    ],
    "InstitutionAddress": "Amsterdam",
    "InstitutionName": "Spinoza_Centre",
    "MagneticFieldStrength": 7,
    "Manufacturer": "Philips",
    "ManufacturersModelName": "Achieva",
    "Modality": "MR",
    "MultibandAccelerationFactor": 2,
    "ParallelAcquisitionTechnique": "SENSE",
    "ParallelReductionFactorInPlane": 2.2,
    "PhaseEncodingDirection": "j",
    "PhaseEncodingLines": 110,
    "PhilipsRescaleIntercept": 0,
    "PhilipsRescaleSlope": 2.53138,
    "PhilipsScaleSlope": 0.002532,
    "ProcedureStepDescription": "CB",
    "ProtocolName": "2.0_MB2_S2.0_TR1.5",
    "RepetitionTime": 1.5,
    "ScanningSequence": "GR",
    "SequenceVariant": "SK",
    "SeriesDescription": "2.0_MB2_S2.0_TR1.5",
    "SliceTiming": [
      0,
      0.06,
      0.12,
      0.18,
      0.24,
      0.3,
      0.36,
      0.42,
      0.48,
      0.54,
      0.6,
      0.66,
      0.72,
      0.78,
      0.84,
      0.9,
      0.96,
      1.02,
      1.08,
      1.14,
      1.2,
      1.26,
      1.32,
      1.38,
      1.44,
      0,
      0.06,
      0.12,
      0.18,
      0.24,
      0.3,
      0.36,
      0.42,
      0.48,
      0.54,
      0.6,
      0.66,
      0.72,
      0.78,
      0.84,
      0.9,
      0.96,
      1.02,
      1.08,
      1.14,
      1.2,
      1.26,
      1.32,
      1.38,
      1.44
    ],
    "SoftwareVersions": "5.1.7_5.1.7.0",
    "TaskName": "prf",
    "TotalReadoutTime": 0.01,
    "UsePhilipsFloatNotDisplayScaling": 1,
    "WaterFatShift": 47.938,
    "dataset": "ds002574",
    "modality": "bold",
    "run_id": 7,
    "session_id": "04",
    "subject_id": "02",
    "task_id": "prf"
  },
  "dummy_trs": 0,
  "dvars_nstd": 31.101619752857136,
  "dvars_std": 1.1546889785714294,
  "dvars_vstd": 0.9890041528571428,
  "efc": 0.48658650020139854,
  "fber": 4092.089111328125,
  "fd_mean": 0.07535636971862938,
  "fd_num": 0,
  "fd_perc": 0.0,
  "fwhm_avg": 2.3159840926480126,
  "fwhm_x": 2.13857,
  "fwhm_y": 2.261545,
  "fwhm_z": 2.5478372779440384,
  "gcor": 0.0183879,
  "gsr_x": -0.014151015318930149,
  "gsr_y": 0.05163262411952019,
  "provenance": {
    "md5sum": "a02ebed809c9051775c89dbc18727215",
    "settings": {
      "fd_thres": 0.2,
      "testing": false
    },
    "software": "mriqc",
    "version": "22.0.6",
    "webapi_port": null,
    "webapi_url": "https://mriqc.nimh.nih.gov/api/v1"
  },
  "size_t": 120,
  "size_x": 112,
  "size_y": 112,
  "size_z": 60,
  "snr": 2.766616056604728,
  "spacing_tr": 1.5,
  "spacing_x": 2.0,
  "spacing_y": 2.0,
  "spacing_z": 1.9999982118606567,
  "summary_bg_k": 21.264228981897404,
  "summary_bg_mad": 2567.226955367193,
  "summary_bg_mean": 7470.85791015625,
  "summary_bg_median": 2107.8447265625,
  "summary_bg_n": 515420.0,
  "summary_bg_p05": 185.26670989990237,
  "summary_bg_p95": 35195.53925781249,
  "summary_bg_stdv": 13705.93359375,
  "summary_fg_k": 1.7833983692130975,
  "summary_fg_mad": 41212.36876382333,
  "summary_fg_mean": 137749.28125,
  "summary_fg_median": 134149.5625,
  "summary_fg_n": 140258.0,
  "summary_fg_p05": 66403.403125,
  "summary_fg_p95": 223030.628125,
  "summary_fg_stdv": 48488.5078125,
  "tsnr": 59.150299072265625
}