{
  "aor": 0.0010880672268907565,
  "aqi": 0.002956511260504201,
  "bids_meta": {
    "AcquisitionNumber": 23,
    "AcquisitionTime": "19:30:53.350000",
    "ConversionSoftware": "dcm2niix",
    "ConversionSoftwareVersion": "v1.0.20170818 (OpenJPEG build) GCC4.8.4",
    "DeviceSerialNumber": "00076",
    "EPIFactor": 55,
    "EchoTime": 0.022001,
    "EchoTrainLength": 53,
    "EffectiveEchoSpacing": 0.0008602736372914211,
    "FlipAngle": 62,
    "ImageType": [
      "ORIGINAL",
      "PRIMARY",
      "M",
      "FFE",
      "M",
      "FFE"
    ],
    "InstitutionAddress": "Amsterdam",
    "InstitutionName": "Spinoza_Centre",
    "MagneticFieldStrength": 7,
    "Manufacturer": "Philips",
    "ManufacturersModelName": "Achieva",
    "Modality": "MR",
    "MultibandAccelerationFactor": 2,
    "ParallelAcquisitionTechnique": "SENSE",
    "ParallelReductionFactorInPlane": 2.2,
    "PhaseEncodingDirection": "j",
    "PhaseEncodingLines": 110,
    "PhilipsRescaleIntercept": 0,
    "PhilipsRescaleSlope": 2.41587,
    "PhilipsScaleSlope": 0.00255693,
    "ProcedureStepDescription": "CB",
    "ProtocolName": "2.0_MB2_S2.0_TR1.5",
    "RepetitionTime": 1.5,
    "ScanningSequence": "GR",
    "SequenceVariant": "SK",
    "SeriesDescription": "2.0_MB2_S2.0_TR1.5",
    "SliceTiming": [
      0,
      0.06,
      0.12,
      0.18,
      0.24,
      0.3,
      0.36,
      0.42,
      0.48,
      0.54,
      0.6,
      0.66,
      0.72,
      0.78,
      0.84,
      0.9,
      0.96,
      1.02,
      1.08,
      1.14,
      1.2,
      1.26,
      1.32,
      1.38,
      1.44,
      0,
      0.06,
      0.12,
      0.18,
      0.24,
      0.3,
      0.36,
      0.42,
      0.48,
      0.54,
      0.6,
      0.66,
      0.72,
      0.78,
      0.84,
      0.9,
      0.96,
      1.02,
      1.08,
      1.14,
      1.2,
      1.26,
      1.32,
      1.38,
      1.44
    ],
    "SoftwareVersions": "5.1.7_5.1.7.0",
    "TaskName": "prf",
    "TotalReadoutTime": 0.01,
    "UsePhilipsFloatNotDisplayScaling": 1,
    "WaterFatShift": 47.938,
    "dataset": "ds002574",
    "modality": "bold",
    "run_id": 10,
    "session_id": "04",
    "subject_id": "02",
    "task_id": "prf"
  },
  "dummy_trs": 1,
  "dvars_nstd": 30.90279917042372,
  "dvars_std": 1.1484152764406774,
  "dvars_vstd": 0.9939074079661016,
  "efc": 0.48724855926509764,
  "fber": 3699.64404296875,
  "fd_mean": 0.07722949589515905,
  "fd_num": 0,
  "fd_perc": 0.0,
  "fwhm_avg": 2.3186740950083586,
  "fwhm_x": 2.140095,
  "fwhm_y": 2.26017,
  "fwhm_z": 2.5557572850250767,
  "gcor": 0.00928232,
  "gsr_x": -0.014343693852424622,
  "gsr_y": 0.05224209651350975,
  "provenance": {
    "md5sum": "deed53d7c296d12532040f0d03732ce7",
    "settings": {
      "fd_thres": 0.2,
      "testing": false
    },
    "software": "mriqc",
    "version": "22.0.6",
    "webapi_port": null,
    "webapi_url": "https://mriqc.nimh.nih.gov/api/v1"
  },
  "size_t": 119,
  "size_x": 112,
  "size_y": 112,
  "size_z": 60,
  "snr": 2.767481710103026,
  "spacing_tr": 1.5,
  "spacing_x": 2.0,
  "spacing_y": 2.0,
  "spacing_z": 1.9999982118606567,
  "summary_bg_k": 20.406272127860806,
  "summary_bg_mad": 2655.5234101222495,
  "summary_bg_mean": 7571.9482421875,
  "summary_bg_median": 2211.58544921875,
  "summary_bg_n": 516377.0,
  "summary_bg_p05": 205.21285705566416,
  "summary_bg_p95": 35593.84453124997,
  "summary_bg_stdv": 13728.38671875,
  "summary_fg_k": 1.8053328251605087,
  "summary_fg_mad": 41124.929981420995,
  "summary_fg_mean": 137618.15625,
  "summary_fg_median": 133830.21875,
  "summary_fg_n": 139771.0,
  "summary_fg_p05": 66644.16015625,
  "summary_fg_p95": 222702.8203125,
  "summary_fg_stdv": 48357.94921875,
  "tsnr": 57.05501174926758
}