{
  "aor": 0.00130925,
  "aqi": 0.0026595191666666665,
  "bids_meta": {
    "AcquisitionNumber": 25,
    "AcquisitionTime": "19:35:19.600000",
    "ConversionSoftware": "dcm2niix",
    "ConversionSoftwareVersion": "v1.0.20170818 (OpenJPEG build) GCC4.8.4",
    "DeviceSerialNumber": "00076",
    "EPIFactor": 55,
    "EchoTime": 0.022001,
    "EchoTrainLength": 53,
    "EffectiveEchoSpacing": 0.0008602736372914211,
    "FlipAngle": 62,
    "ImageType": [
      "ORIGINAL",
      "PRIMARY",
      "M",
      "FFE",
      "M",
      "FFE"
    ],
    "InstitutionAddress": "Amsterdam",
    "InstitutionName": "Spinoza_Centre",
    "MagneticFieldStrength": 7,
    "Manufacturer": "Philips",
    "ManufacturersModelName": "Achieva",
    "Modality": "MR",
    "MultibandAccelerationFactor": 2,
    "ParallelAcquisitionTechnique": "SENSE",
    "ParallelReductionFactorInPlane": 2.2,
    "PhaseEncodingDirection": "j",
    "PhaseEncodingLines": 110,
    "PhilipsRescaleIntercept": 0,
    "PhilipsRescaleSlope": 2.47302,
    "PhilipsScaleSlope": 0.00253491,
    "ProcedureStepDescription": "CB",
    "ProtocolName": "2.0_MB2_S2.0_TR1.5",
    "RepetitionTime": 1.5,
    "ScanningSequence": "GR",
    "SequenceVariant": "SK",
    "SeriesDescription": "2.0_MB2_S2.0_TR1.5",
    "SliceTiming": [
      0,
      0.06,
      0.12,
      0.18,
      0.24,
      0.3,
      0.36,
      0.42,
      0.48,
      0.54,
      0.6,
      0.66,
      0.72,
      0.78,
      0.84,
      0.9,
      0.96,
      1.02,
      1.08,
      1.14,
      1.2,
      1.26,
      1.32,
      1.38,
      1.44,
      0,
      0.06,
      0.12,
      0.18,
      0.24,
      0.3,
      0.36,
      0.42,
      0.48,
      0.54,
      0.6,
      0.66,
      0.72,
      0.78,
      0.84,
      0.9,
      0.96,
      1.02,
      1.08,
      1.14,
      1.2,
      1.26,
      1.32,
      1.38,
      1.44
    ],
    "SoftwareVersions": "5.1.7_5.1.7.0",
    "TaskName": "prf",
    "TotalReadoutTime": 0.01,
    "UsePhilipsFloatNotDisplayScaling": 1,
    "WaterFatShift": 47.938,
    "dataset": "ds002574",
    "modality": "bold",
    "run_id": 11,
    "session_id": "04",
    "subject_id": "02",
    "task_id": "prf"
  },
  "dummy_trs": 0,
  "dvars_nstd": 31.378018451092444,
  "dvars_std": 1.154342542605042,
  "dvars_vstd": 0.9939451135294115,
  "efc": 0.4875968712962226,
  "fber": 3686.786865234375,
  "fd_mean": 0.07923458300612055,
  "fd_num": 0,
  "fd_perc": 0.0,
  "fwhm_avg": 2.3091624225093725,
  "fwhm_x": 2.134615,
  "fwhm_y": 2.256685,
  "fwhm_z": 2.5361872675281174,
  "gcor": 0.0104962,
  "gsr_x": -0.013973550871014595,
  "gsr_y": 0.05247718095779419,
  "provenance": {
    "md5sum": "919ea7dd356792328dfe6a09faab8bcb",
    "settings": {
      "fd_thres": 0.2,
      "testing": false
    },
    "software": "mriqc",
    "version": "22.0.6",
    "webapi_port": null,
    "webapi_url": "https://mriqc.nimh.nih.gov/api/v1"
  },
  "size_t": 120,
  "size_x": 112,
  "size_y": 112,
  "size_z": 60,
  "snr": 2.7707084614680175,
  "spacing_tr": 1.5,
  "spacing_x": 2.0,
  "spacing_y": 2.0,
  "spacing_z": 1.9999982118606567,
  "summary_bg_k": 20.257623673499797,
  "summary_bg_mad": 2709.6002039556015,
  "summary_bg_mean": 7704.72802734375,
  "summary_bg_median": 2248.097412109375,
  "summary_bg_n": 516317.0,
  "summary_bg_p05": 211.9407684326172,
  "summary_bg_p95": 36235.12578124998,
  "summary_bg_stdv": 13973.6220703125,
  "summary_fg_k": 1.7723278029584204,
  "summary_fg_mad": 41525.11675211919,
  "summary_fg_mean": 139239.875,
  "summary_fg_median": 135556.140625,
  "summary_fg_n": 139857.0,
  "summary_fg_p05": 67156.39375,
  "summary_fg_p95": 225129.6125,
  "summary_fg_stdv": 48924.546875,
  "tsnr": 59.8387451171875
}