{
  "aor": 0.0011455,
  "aqi": 0.002635890583333333,
  "bids_meta": {
    "AcquisitionNumber": 31,
    "AcquisitionTime": "19:52:1.560000",
    "ConversionSoftware": "dcm2niix",
    "ConversionSoftwareVersion": "v1.0.20170818 (OpenJPEG build) GCC4.8.4",
    "DeviceSerialNumber": "00076",
    "EPIFactor": 55,
    "EchoTime": 0.022001,
    "EchoTrainLength": 53,
    "EffectiveEchoSpacing": 0.0008602736372914211,
    "FlipAngle": 62,
    "ImageType": [
      "ORIGINAL",
      "PRIMARY",
      "M",
      "FFE",
      "M",
      "FFE"
    ],
    "InstitutionAddress": "Amsterdam",
    "InstitutionName": "Spinoza_Centre",
    "MagneticFieldStrength": 7,
    "Manufacturer": "Philips",
    "ManufacturersModelName": "Achieva",
    "Modality": "MR",
    "MultibandAccelerationFactor": 2,
    "ParallelAcquisitionTechnique": "SENSE",
    "ParallelReductionFactorInPlane": 2.2,
    "PhaseEncodingDirection": "j",
    "PhaseEncodingLines": 110,
    "PhilipsRescaleIntercept": 0,
    "PhilipsRescaleSlope": 2.47814,
    "PhilipsScaleSlope": 0.00256065,
    "ProcedureStepDescription": "CB",
    "ProtocolName": "2.0_MB2_S2.0_TR1.5",
    "RepetitionTime": 1.5,
    "ScanningSequence": "GR",
    "SequenceVariant": "SK",
    "SeriesDescription": "2.0_MB2_S2.0_TR1.5",
    "SliceTiming": [
      0,
      0.06,
      0.12,
      0.18,
      0.24,
      0.3,
      0.36,
      0.42,
      0.48,
      0.54,
      0.6,
      0.66,
      0.72,
      0.78,
      0.84,
      0.9,
      0.96,
      1.02,
      1.08,
      1.14,
      1.2,
      1.26,
      1.32,
      1.38,
      1.44,
      0,
      0.06,
      0.12,
      0.18,
      0.24,
      0.3,
      0.36,
      0.42,
      0.48,
      0.54,
      0.6,
      0.66,
      0.72,
      0.78,
      0.84,
      0.9,
      0.96,
      1.02,
      1.08,
      1.14,
      1.2,
      1.26,
      1.32,
      1.38,
      1.44
    ],
    "SoftwareVersions": "5.1.7_5.1.7.0",
    "TaskName": "prf",
    "TotalReadoutTime": 0.01,
    "UsePhilipsFloatNotDisplayScaling": 1,
    "WaterFatShift": 47.938,
    "dataset": "ds002574",
    "modality": "bold",
    "run_id": 15,
    "session_id": "04",
    "subject_id": "02",
    "task_id": "prf"
  },
  "dummy_trs": 0,
  "dvars_nstd": 31.37661991621848,
  "dvars_std": 1.1525313448739496,
  "dvars_vstd": 0.9893245742016804,
  "efc": 0.48812528735108424,
  "fber": 3894.538330078125,
  "fd_mean": 0.08188176672646089,
  "fd_num": 0,
  "fd_perc": 0.0,
  "fwhm_avg": 2.3014224212144603,
  "fwhm_x": 2.12301,
  "fwhm_y": 2.249415,
  "fwhm_z": 2.531842263643381,
  "gcor": 0.0109498,
  "gsr_x": -0.014610744081437588,
  "gsr_y": 0.05286460742354393,
  "provenance": {
    "md5sum": "9d132487743eb1a5f8cb312d3429e58a",
    "settings": {
      "fd_thres": 0.2,
      "testing": false
    },
    "software": "mriqc",
    "version": "22.0.6",
    "webapi_port": null,
    "webapi_url": "https://mriqc.nimh.nih.gov/api/v1"
  },
  "size_t": 120,
  "size_x": 112,
  "size_y": 112,
  "size_z": 60,
  "snr": 2.7647221156560584,
  "spacing_tr": 1.5,
  "spacing_x": 2.0,
  "spacing_y": 2.0,
  "spacing_z": 1.9999982118606567,
  "summary_bg_k": 19.85794993147724,
  "summary_bg_mad": 2607.298682702552,
  "summary_bg_mean": 7573.43798828125,
  "summary_bg_median": 2136.97412109375,
  "summary_bg_n": 515690.0,
  "summary_bg_p05": 188.64505615234376,
  "summary_bg_p95": 35887.355664062496,
  "summary_bg_stdv": 13834.1884765625,
  "summary_fg_k": 1.8372343518926098,
  "summary_fg_mad": 40796.00077984973,
  "summary_fg_mean": 136253.625,
  "summary_fg_median": 132633.296875,
  "summary_fg_n": 140251.0,
  "summary_fg_p05": 65809.109375,
  "summary_fg_p95": 220323.5234375,
  "summary_fg_stdv": 47973.29296875,
  "tsnr": 60.01803970336914
}