{
  "aor": 0.0019688333333333333,
  "aqi": 0.0031105674166666667,
  "bids_meta": {
    "AcquisitionNumber": 12,
    "AcquisitionTime": "18:50:40.880000",
    "ConversionSoftware": "dcm2niix",
    "ConversionSoftwareVersion": "v1.0.20170818 (OpenJPEG build) GCC4.8.4",
    "DeviceSerialNumber": "00076",
    "EPIFactor": 55,
    "EchoTime": 0.022001,
    "EchoTrainLength": 53,
    "EffectiveEchoSpacing": 0.0008602736372914211,
    "FlipAngle": 62,
    "ImageType": [
      "ORIGINAL",
      "PRIMARY",
      "M",
      "FFE",
      "M",
      "FFE"
    ],
    "InstitutionAddress": "Amsterdam",
    "InstitutionName": "Spinoza_Centre",
    "MagneticFieldStrength": 7,
    "Manufacturer": "Philips",
    "ManufacturersModelName": "Achieva",
    "Modality": "MR",
    "MultibandAccelerationFactor": 2,
    "ParallelAcquisitionTechnique": "SENSE",
    "ParallelReductionFactorInPlane": 2.2,
    "PhaseEncodingDirection": "j",
    "PhaseEncodingLines": 110,
    "PhilipsRescaleIntercept": 0,
    "PhilipsRescaleSlope": 2.4652,
    "PhilipsScaleSlope": 0.00254217,
    "ProcedureStepDescription": "CB",
    "ProtocolName": "2.0_MB2_S2.0_TR1.5",
    "RepetitionTime": 1.5,
    "ScanningSequence": "GR",
    "SequenceVariant": "SK",
    "SeriesDescription": "2.0_MB2_S2.0_TR1.5",
    "SliceTiming": [
      0,
      0.06,
      0.12,
      0.18,
      0.24,
      0.3,
      0.36,
      0.42,
      0.48,
      0.54,
      0.6,
      0.66,
      0.72,
      0.78,
      0.84,
      0.9,
      0.96,
      1.02,
      1.08,
      1.14,
      1.2,
      1.26,
      1.32,
      1.38,
      1.44,
      0,
      0.06,
      0.12,
      0.18,
      0.24,
      0.3,
      0.36,
      0.42,
      0.48,
      0.54,
      0.6,
      0.66,
      0.72,
      0.78,
      0.84,
      0.9,
      0.96,
      1.02,
      1.08,
      1.14,
      1.2,
      1.26,
      1.32,
      1.38,
      1.44
    ],
    "SoftwareVersions": "5.1.7_5.1.7.0",
    "TaskName": "prf",
    "TotalReadoutTime": 0.01,
    "UsePhilipsFloatNotDisplayScaling": 1,
    "WaterFatShift": 47.938,
    "dataset": "ds002574",
    "modality": "bold",
    "run_id": 4,
    "session_id": "04",
    "subject_id": "02",
    "task_id": "prf"
  },
  "dummy_trs": 0,
  "dvars_nstd": 30.685606114537816,
  "dvars_std": 1.1588326027731086,
  "dvars_vstd": 0.9927272026890754,
  "efc": 0.485941453272967,
  "fber": 4100.31494140625,
  "fd_mean": 0.08264912011680671,
  "fd_num": 1,
  "fd_perc": 0.8333333333333334,
  "fwhm_avg": 2.322349094680533,
  "fwhm_x": 2.145785,
  "fwhm_y": 2.266605,
  "fwhm_z": 2.554657284041599,
  "gcor": 0.0113604,
  "gsr_x": -0.014192840084433556,
  "gsr_y": 0.051919613033533096,
  "provenance": {
    "md5sum": "9d6afc4c9493e5943f77d31fa1be9165",
    "settings": {
      "fd_thres": 0.2,
      "testing": false
    },
    "software": "mriqc",
    "version": "22.0.6",
    "webapi_port": null,
    "webapi_url": "https://mriqc.nimh.nih.gov/api/v1"
  },
  "size_t": 120,
  "size_x": 112,
  "size_y": 112,
  "size_z": 60,
  "snr": 2.762814826478074,
  "spacing_tr": 1.5,
  "spacing_x": 2.0,
  "spacing_y": 2.0,
  "spacing_z": 1.9999982118606567,
  "summary_bg_k": 21.820820047862135,
  "summary_bg_mad": 2577.856034177998,
  "summary_bg_mean": 7394.62744140625,
  "summary_bg_median": 2103.6875,
  "summary_bg_n": 515624.0,
  "summary_bg_p05": 179.44712600708007,
  "summary_bg_p95": 34695.568554687496,
  "summary_bg_stdv": 13601.77734375,
  "summary_fg_k": 1.8423213478661928,
  "summary_fg_mad": 41195.677906035315,
  "summary_fg_mean": 137208.25,
  "summary_fg_median": 133492.1875,
  "summary_fg_n": 140313.0,
  "summary_fg_p05": 66257.00625,
  "summary_fg_p95": 221715.45624999996,
  "summary_fg_stdv": 48317.28515625,
  "tsnr": 55.95859909057617
}