{
  "aor": 0.00104525,
  "aqi": 0.0025395304999999996,
  "bids_meta": {
    "AcquisitionNumber": 13,
    "AcquisitionTime": "18:55:26.850000",
    "ConversionSoftware": "dcm2niix",
    "ConversionSoftwareVersion": "v1.0.20170818 (OpenJPEG build) GCC4.8.4",
    "DeviceSerialNumber": "00076",
    "EPIFactor": 55,
    "EchoTime": 0.022001,
    "EchoTrainLength": 53,
    "EffectiveEchoSpacing": 0.0008602736372914211,
    "FlipAngle": 62,
    "ImageType": [
      "ORIGINAL",
      "PRIMARY",
      "M",
      "FFE",
      "M",
      "FFE"
    ],
    "InstitutionAddress": "Amsterdam",
    "InstitutionName": "Spinoza_Centre",
    "MagneticFieldStrength": 7,
    "Manufacturer": "Philips",
    "ManufacturersModelName": "Achieva",
    "Modality": "MR",
    "MultibandAccelerationFactor": 2,
    "ParallelAcquisitionTechnique": "SENSE",
    "ParallelReductionFactorInPlane": 2.2,
    "PhaseEncodingDirection": "j",
    "PhaseEncodingLines": 110,
    "PhilipsRescaleIntercept": 0,
    "PhilipsRescaleSlope": 2.48449,
    "PhilipsScaleSlope": 0.00251184,
    "ProcedureStepDescription": "CB",
    "ProtocolName": "2.0_MB2_S2.0_TR1.5",
    "RepetitionTime": 1.5,
    "ScanningSequence": "GR",
    "SequenceVariant": "SK",
    "SeriesDescription": "2.0_MB2_S2.0_TR1.5",
    "SliceTiming": [
      0,
      0.06,
      0.12,
      0.18,
      0.24,
      0.3,
      0.36,
      0.42,
      0.48,
      0.54,
      0.6,
      0.66,
      0.72,
      0.78,
      0.84,
      0.9,
      0.96,
      1.02,
      1.08,
      1.14,
      1.2,
      1.26,
      1.32,
      1.38,
      1.44,
      0,
      0.06,
      0.12,
      0.18,
      0.24,
      0.3,
      0.36,
      0.42,
      0.48,
      0.54,
      0.6,
      0.66,
      0.72,
      0.78,
      0.84,
      0.9,
      0.96,
      1.02,
      1.08,
      1.14,
      1.2,
      1.26,
      1.32,
      1.38,
      1.44
    ],
    "SoftwareVersions": "5.1.7_5.1.7.0",
    "TaskName": "prf",
    "TotalReadoutTime": 0.01,
    "UsePhilipsFloatNotDisplayScaling": 1,
    "WaterFatShift": 47.938,
    "dataset": "ds002574",
    "modality": "bold",
    "run_id": 5,
    "session_id": "04",
    "subject_id": "02",
    "task_id": "prf"
  },
  "dummy_trs": 0,
  "dvars_nstd": 30.927123879243698,
  "dvars_std": 1.1575985289915969,
  "dvars_vstd": 0.9916823256302525,
  "efc": 0.48629808419664333,
  "fber": 4194.8212890625,
  "fd_mean": 0.08257585534929791,
  "fd_num": 0,
  "fd_perc": 0.0,
  "fwhm_avg": 2.3205190927448704,
  "fwhm_x": 2.14188,
  "fwhm_y": 2.271515,
  "fwhm_z": 2.5481622782346114,
  "gcor": 0.0217805,
  "gsr_x": -0.014544794335961342,
  "gsr_y": 0.05220087245106697,
  "provenance": {
    "md5sum": "ef23f103183e9e137b5d35a8dcc1ed27",
    "settings": {
      "fd_thres": 0.2,
      "testing": false
    },
    "software": "mriqc",
    "version": "22.0.6",
    "webapi_port": null,
    "webapi_url": "https://mriqc.nimh.nih.gov/api/v1"
  },
  "size_t": 120,
  "size_x": 112,
  "size_y": 112,
  "size_z": 60,
  "snr": 2.768036248307692,
  "spacing_tr": 1.5,
  "spacing_x": 2.0,
  "spacing_y": 2.0,
  "spacing_z": 1.9999982118606567,
  "summary_bg_k": 21.34940139617996,
  "summary_bg_mad": 2551.043208347759,
  "summary_bg_mean": 7469.4111328125,
  "summary_bg_median": 2094.5087890625,
  "summary_bg_n": 515337.0,
  "summary_bg_p05": 183.92426757812507,
  "summary_bg_p95": 35233.10390624999,
  "summary_bg_stdv": 13789.9453125,
  "summary_fg_k": 1.829109723730494,
  "summary_fg_mad": 41435.26874111178,
  "summary_fg_mean": 138513.90625,
  "summary_fg_median": 134809.921875,
  "summary_fg_n": 140463.0,
  "summary_fg_p05": 67212.56875,
  "summary_fg_p95": 223884.9203125,
  "summary_fg_stdv": 48702.1953125,
  "tsnr": 60.251380920410156
}