{
  "aor": 0.0009413333333333334,
  "aqi": 0.0030962510833333332,
  "bids_meta": {
    "AcquisitionNumber": 5,
    "AcquisitionTime": "15:11:9.860000",
    "ConversionSoftware": "dcm2niix",
    "ConversionSoftwareVersion": "v1.0.20170818 (OpenJPEG build) GCC4.8.4",
    "DeviceSerialNumber": "00076",
    "EPIFactor": 55,
    "EchoTime": 0.022001,
    "EchoTrainLength": 53,
    "EffectiveEchoSpacing": 0.0008602736372914211,
    "FlipAngle": 62,
    "ImageType": [
      "ORIGINAL",
      "PRIMARY",
      "M",
      "FFE",
      "M",
      "FFE"
    ],
    "InstitutionAddress": "Amsterdam",
    "InstitutionName": "Spinoza_Centre",
    "MagneticFieldStrength": 7,
    "Manufacturer": "Philips",
    "ManufacturersModelName": "Achieva",
    "Modality": "MR",
    "MultibandAccelerationFactor": 2,
    "ParallelAcquisitionTechnique": "SENSE",
    "ParallelReductionFactorInPlane": 2.2,
    "PhaseEncodingDirection": "j",
    "PhaseEncodingLines": 110,
    "PhilipsRescaleIntercept": 0,
    "PhilipsRescaleSlope": 2.84444,
    "PhilipsScaleSlope": 0.00246955,
    "ProtocolName": "2.0_MB2_S2.0_TR1.5",
    "RepetitionTime": 1.5,
    "ScanningSequence": "GR",
    "SequenceVariant": "SK",
    "SeriesDescription": "2.0_MB2_S2.0_TR1.5",
    "SliceTiming": [
      0,
      0.06,
      0.12,
      0.18,
      0.24,
      0.3,
      0.36,
      0.42,
      0.48,
      0.54,
      0.6,
      0.66,
      0.72,
      0.78,
      0.84,
      0.9,
      0.96,
      1.02,
      1.08,
      1.14,
      1.2,
      1.26,
      1.32,
      1.38,
      1.44,
      0,
      0.06,
      0.12,
      0.18,
      0.24,
      0.3,
      0.36,
      0.42,
      0.48,
      0.54,
      0.6,
      0.66,
      0.72,
      0.78,
      0.84,
      0.9,
      0.96,
      1.02,
      1.08,
      1.14,
      1.2,
      1.26,
      1.32,
      1.38,
      1.44
    ],
    "SoftwareVersions": "5.1.7_5.1.7.0",
    "TaskName": "prf",
    "TotalReadoutTime": 0.01,
    "UsePhilipsFloatNotDisplayScaling": 1,
    "WaterFatShift": 47.938,
    "dataset": "ds002574",
    "modality": "bold",
    "run_id": 1,
    "session_id": "03",
    "subject_id": "03",
    "task_id": "prf"
  },
  "dummy_trs": 0,
  "dvars_nstd": 27.431416840588238,
  "dvars_std": 1.1572314633613447,
  "dvars_vstd": 0.9778495939495797,
  "efc": 0.47010764754089557,
  "fber": 24848.423828125,
  "fd_mean": 0.0923554247537438,
  "fd_num": 2,
  "fd_perc": 1.6666666666666667,
  "fwhm_avg": 2.3980208216147005,
  "fwhm_x": 2.38237,
  "fwhm_y": 2.37915,
  "fwhm_z": 2.4325424648441016,
  "gcor": 0.014582,
  "gsr_x": -0.01736273244023323,
  "gsr_y": 0.037493735551834106,
  "provenance": {
    "md5sum": "dac359d8939309411618f2818557fcdc",
    "settings": {
      "fd_thres": 0.2,
      "testing": false
    },
    "software": "mriqc",
    "version": "22.0.6",
    "webapi_port": null,
    "webapi_url": "https://mriqc.nimh.nih.gov/api/v1"
  },
  "size_t": 120,
  "size_x": 112,
  "size_y": 112,
  "size_z": 60,
  "snr": 3.336065515313852,
  "spacing_tr": 1.5,
  "spacing_x": 2.0,
  "spacing_y": 2.0,
  "spacing_z": 1.9999979734420776,
  "summary_bg_k": 32.302338977811665,
  "summary_bg_mad": 1198.077734993365,
  "summary_bg_mean": 6242.84375,
  "summary_bg_median": 890.9078369140625,
  "summary_bg_n": 522864.0,
  "summary_bg_p05": 14.230894088745119,
  "summary_bg_p95": 29444.68916015625,
  "summary_bg_stdv": 14033.6953125,
  "summary_fg_k": 1.415416296325037,
  "summary_fg_mad": 39895.036152776695,
  "summary_fg_mean": 142757.625,
  "summary_fg_median": 142972.84375,
  "summary_fg_n": 134764.0,
  "summary_fg_p05": 74497.996484375,
  "summary_fg_p95": 211621.36718749997,
  "summary_fg_stdv": 42856.56640625,
  "tsnr": 61.90582275390625
}