{
  "aor": 0.0025733333333333333,
  "aqi": 0.0031833240000000004,
  "bids_meta": {
    "AcquisitionNumber": 15,
    "AcquisitionTime": "15:41:1.170000",
    "ConversionSoftware": "dcm2niix",
    "ConversionSoftwareVersion": "v1.0.20170818 (OpenJPEG build) GCC4.8.4",
    "DeviceSerialNumber": "00076",
    "EPIFactor": 55,
    "EchoTime": 0.022001,
    "EchoTrainLength": 53,
    "EffectiveEchoSpacing": 0.0008602736372914211,
    "FlipAngle": 62,
    "ImageType": [
      "ORIGINAL",
      "PRIMARY",
      "M",
      "FFE",
      "M",
      "FFE"
    ],
    "InstitutionAddress": "Amsterdam",
    "InstitutionName": "Spinoza_Centre",
    "MagneticFieldStrength": 7,
    "Manufacturer": "Philips",
    "ManufacturersModelName": "Achieva",
    "Modality": "MR",
    "MultibandAccelerationFactor": 2,
    "ParallelAcquisitionTechnique": "SENSE",
    "ParallelReductionFactorInPlane": 2.2,
    "PhaseEncodingDirection": "j",
    "PhaseEncodingLines": 110,
    "PhilipsRescaleIntercept": 0,
    "PhilipsRescaleSlope": 2.87375,
    "PhilipsScaleSlope": 0.00248741,
    "ProtocolName": "2.0_MB2_S2.0_TR1.5",
    "RepetitionTime": 1.5,
    "ScanningSequence": "GR",
    "SequenceVariant": "SK",
    "SeriesDescription": "2.0_MB2_S2.0_TR1.5",
    "SliceTiming": [
      0,
      0.06,
      0.12,
      0.18,
      0.24,
      0.3,
      0.36,
      0.42,
      0.48,
      0.54,
      0.6,
      0.66,
      0.72,
      0.78,
      0.84,
      0.9,
      0.96,
      1.02,
      1.08,
      1.14,
      1.2,
      1.26,
      1.32,
      1.38,
      1.44,
      0,
      0.06,
      0.12,
      0.18,
      0.24,
      0.3,
      0.36,
      0.42,
      0.48,
      0.54,
      0.6,
      0.66,
      0.72,
      0.78,
      0.84,
      0.9,
      0.96,
      1.02,
      1.08,
      1.14,
      1.2,
      1.26,
      1.32,
      1.38,
      1.44
    ],
    "SoftwareVersions": "5.1.7_5.1.7.0",
    "TaskName": "prf",
    "TotalReadoutTime": 0.01,
    "UsePhilipsFloatNotDisplayScaling": 1,
    "WaterFatShift": 47.938,
    "dataset": "ds002574",
    "modality": "bold",
    "run_id": 6,
    "session_id": "03",
    "subject_id": "03",
    "task_id": "prf"
  },
  "dummy_trs": 0,
  "dvars_nstd": 28.412991323613447,
  "dvars_std": 1.2156109717647055,
  "dvars_vstd": 1.0102660992436971,
  "efc": 0.472987356980933,
  "fber": 25882.05859375,
  "fd_mean": 0.08595784744394248,
  "fd_num": 2,
  "fd_perc": 1.6666666666666667,
  "fwhm_avg": 2.3905874859440686,
  "fwhm_x": 2.374755,
  "fwhm_y": 2.371385,
  "fwhm_z": 2.4256224578322043,
  "gcor": 0.0290942,
  "gsr_x": -0.016550812870264053,
  "gsr_y": 0.040247876197099686,
  "provenance": {
    "md5sum": "b6d7481769dcb58c4f4b91e2f02e785b",
    "settings": {
      "fd_thres": 0.2,
      "testing": false
    },
    "software": "mriqc",
    "version": "22.0.6",
    "webapi_port": null,
    "webapi_url": "https://mriqc.nimh.nih.gov/api/v1"
  },
  "size_t": 120,
  "size_x": 112,
  "size_y": 112,
  "size_z": 60,
  "snr": 3.33982845479642,
  "spacing_tr": 1.5,
  "spacing_x": 2.0,
  "spacing_y": 2.0,
  "spacing_z": 1.9999979734420776,
  "summary_bg_k": 33.4856672140837,
  "summary_bg_mad": 1213.221901826576,
  "summary_bg_mean": 6258.470703125,
  "summary_bg_median": 827.3267822265625,
  "summary_bg_n": 522937.0,
  "summary_bg_p05": 2.4482880592346197,
  "summary_bg_p95": 29591.86093749989,
  "summary_bg_stdv": 14108.8095703125,
  "summary_fg_k": 1.5018738271010266,
  "summary_fg_mad": 37441.11519879803,
  "summary_fg_mean": 135217.25,
  "summary_fg_median": 135282.015625,
  "summary_fg_n": 134522.0,
  "summary_fg_p05": 70620.980078125,
  "summary_fg_p95": 200819.05,
  "summary_fg_stdv": 40505.52734375,
  "tsnr": 60.71284866333008
}