{
  "aor": 0.0017504166666666666,
  "aqi": 0.003241088666666667,
  "bids_meta": {
    "AcquisitionNumber": 22,
    "AcquisitionTime": "16:01:40.910000",
    "ConversionSoftware": "dcm2niix",
    "ConversionSoftwareVersion": "v1.0.20170818 (OpenJPEG build) GCC4.8.4",
    "DeviceSerialNumber": "00076",
    "EPIFactor": 55,
    "EchoTime": 0.022001,
    "EchoTrainLength": 53,
    "EffectiveEchoSpacing": 0.0008602736372914211,
    "FlipAngle": 62,
    "ImageType": [
      "ORIGINAL",
      "PRIMARY",
      "M",
      "FFE",
      "M",
      "FFE"
    ],
    "InstitutionAddress": "Amsterdam",
    "InstitutionName": "Spinoza_Centre",
    "MagneticFieldStrength": 7,
    "Manufacturer": "Philips",
    "ManufacturersModelName": "Achieva",
    "Modality": "MR",
    "MultibandAccelerationFactor": 2,
    "ParallelAcquisitionTechnique": "SENSE",
    "ParallelReductionFactorInPlane": 2.2,
    "PhaseEncodingDirection": "j",
    "PhaseEncodingLines": 110,
    "PhilipsRescaleIntercept": 0,
    "PhilipsRescaleSlope": 2.79194,
    "PhilipsScaleSlope": 0.00247739,
    "ProtocolName": "2.0_MB2_S2.0_TR1.5",
    "RepetitionTime": 1.5,
    "ScanningSequence": "GR",
    "SequenceVariant": "SK",
    "SeriesDescription": "2.0_MB2_S2.0_TR1.5",
    "SliceTiming": [
      0,
      0.06,
      0.12,
      0.18,
      0.24,
      0.3,
      0.36,
      0.42,
      0.48,
      0.54,
      0.6,
      0.66,
      0.72,
      0.78,
      0.84,
      0.9,
      0.96,
      1.02,
      1.08,
      1.14,
      1.2,
      1.26,
      1.32,
      1.38,
      1.44,
      0,
      0.06,
      0.12,
      0.18,
      0.24,
      0.3,
      0.36,
      0.42,
      0.48,
      0.54,
      0.6,
      0.66,
      0.72,
      0.78,
      0.84,
      0.9,
      0.96,
      1.02,
      1.08,
      1.14,
      1.2,
      1.26,
      1.32,
      1.38,
      1.44
    ],
    "SoftwareVersions": "5.1.7_5.1.7.0",
    "TaskName": "prf",
    "TotalReadoutTime": 0.01,
    "UsePhilipsFloatNotDisplayScaling": 1,
    "WaterFatShift": 47.938,
    "dataset": "ds002574",
    "modality": "bold",
    "run_id": 10,
    "session_id": "03",
    "subject_id": "03",
    "task_id": "prf"
  },
  "dummy_trs": 0,
  "dvars_nstd": 27.74146483949581,
  "dvars_std": 1.2012662357983197,
  "dvars_vstd": 0.9940211144537812,
  "efc": 0.47412396727022377,
  "fber": 27155.22265625,
  "fd_mean": 0.08247826723073441,
  "fd_num": 3,
  "fd_perc": 2.5,
  "fwhm_avg": 2.3737641488413335,
  "fwhm_x": 2.35129,
  "fwhm_y": 2.35554,
  "fwhm_z": 2.414462446524,
  "gcor": 0.0181938,
  "gsr_x": -0.01622113212943077,
  "gsr_y": 0.0410773828625679,
  "provenance": {
    "md5sum": "2f0a5e1e50e8093addf0d814be6d18b0",
    "settings": {
      "fd_thres": 0.2,
      "testing": false
    },
    "software": "mriqc",
    "version": "22.0.6",
    "webapi_port": null,
    "webapi_url": "https://mriqc.nimh.nih.gov/api/v1"
  },
  "size_t": 120,
  "size_x": 112,
  "size_y": 112,
  "size_z": 60,
  "snr": 3.3591341909615013,
  "spacing_tr": 1.5,
  "spacing_x": 2.0,
  "spacing_y": 2.0,
  "spacing_z": 1.9999979734420776,
  "summary_bg_k": 34.02734884727236,
  "summary_bg_mad": 1190.8455345326845,
  "summary_bg_mean": 6404.46826171875,
  "summary_bg_median": 813.5018920898438,
  "summary_bg_n": 522553.0,
  "summary_bg_p05": 3.112931871414186,
  "summary_bg_p95": 30485.59765625,
  "summary_bg_stdv": 14554.4658203125,
  "summary_fg_k": 1.5199787974289922,
  "summary_fg_mad": 37281.62542342527,
  "summary_fg_mean": 136184.984375,
  "summary_fg_median": 136317.03125,
  "summary_fg_n": 134896.0,
  "summary_fg_p05": 71383.65234375,
  "summary_fg_p95": 201815.8671875,
  "summary_fg_stdv": 40580.8515625,
  "tsnr": 60.52818298339844
}