{
  "aor": 0.0015215966386554623,
  "aqi": 0.003387999831932773,
  "bids_meta": {
    "AcquisitionNumber": 25,
    "AcquisitionTime": "16:10:30.230000",
    "ConversionSoftware": "dcm2niix",
    "ConversionSoftwareVersion": "v1.0.20170818 (OpenJPEG build) GCC4.8.4",
    "DeviceSerialNumber": "00076",
    "EPIFactor": 55,
    "EchoTime": 0.022001,
    "EchoTrainLength": 53,
    "EffectiveEchoSpacing": 0.0008602736372914211,
    "FlipAngle": 62,
    "ImageType": [
      "ORIGINAL",
      "PRIMARY",
      "M",
      "FFE",
      "M",
      "FFE"
    ],
    "InstitutionAddress": "Amsterdam",
    "InstitutionName": "Spinoza_Centre",
    "MagneticFieldStrength": 7,
    "Manufacturer": "Philips",
    "ManufacturersModelName": "Achieva",
    "Modality": "MR",
    "MultibandAccelerationFactor": 2,
    "ParallelAcquisitionTechnique": "SENSE",
    "ParallelReductionFactorInPlane": 2.2,
    "PhaseEncodingDirection": "j",
    "PhaseEncodingLines": 110,
    "PhilipsRescaleIntercept": 0,
    "PhilipsRescaleSlope": 2.67204,
    "PhilipsScaleSlope": 0.00248821,
    "ProtocolName": "2.0_MB2_S2.0_TR1.5",
    "RepetitionTime": 1.5,
    "ScanningSequence": "GR",
    "SequenceVariant": "SK",
    "SeriesDescription": "2.0_MB2_S2.0_TR1.5",
    "SliceTiming": [
      0,
      0.06,
      0.12,
      0.18,
      0.24,
      0.3,
      0.36,
      0.42,
      0.48,
      0.54,
      0.6,
      0.66,
      0.72,
      0.78,
      0.84,
      0.9,
      0.96,
      1.02,
      1.08,
      1.14,
      1.2,
      1.26,
      1.32,
      1.38,
      1.44,
      0,
      0.06,
      0.12,
      0.18,
      0.24,
      0.3,
      0.36,
      0.42,
      0.48,
      0.54,
      0.6,
      0.66,
      0.72,
      0.78,
      0.84,
      0.9,
      0.96,
      1.02,
      1.08,
      1.14,
      1.2,
      1.26,
      1.32,
      1.38,
      1.44
    ],
    "SoftwareVersions": "5.1.7_5.1.7.0",
    "TaskName": "prf",
    "TotalReadoutTime": 0.01,
    "UsePhilipsFloatNotDisplayScaling": 1,
    "WaterFatShift": 47.938,
    "dataset": "ds002574",
    "modality": "bold",
    "run_id": 12,
    "session_id": "03",
    "subject_id": "03",
    "task_id": "prf"
  },
  "dummy_trs": 1,
  "dvars_nstd": 28.010942733898297,
  "dvars_std": 1.2169894481355936,
  "dvars_vstd": 1.0054814176271187,
  "efc": 0.47421281304267215,
  "fber": 27494.60546875,
  "fd_mean": 0.08177112416980929,
  "fd_num": 0,
  "fd_perc": 0.0,
  "fwhm_avg": 2.3798424849122113,
  "fwhm_x": 2.36217,
  "fwhm_y": 2.35479,
  "fwhm_z": 2.422567454736634,
  "gcor": 0.0291934,
  "gsr_x": -0.015841783955693245,
  "gsr_y": 0.04009609669446945,
  "provenance": {
    "md5sum": "e5558fc9927cbad1d5198415557100e2",
    "settings": {
      "fd_thres": 0.2,
      "testing": false
    },
    "software": "mriqc",
    "version": "22.0.6",
    "webapi_port": null,
    "webapi_url": "https://mriqc.nimh.nih.gov/api/v1"
  },
  "size_t": 119,
  "size_x": 112,
  "size_y": 112,
  "size_z": 60,
  "snr": 3.3601039482720254,
  "spacing_tr": 1.5,
  "spacing_x": 2.0,
  "spacing_y": 2.0,
  "spacing_z": 1.9999979734420776,
  "summary_bg_k": 34.37235952697403,
  "summary_bg_mad": 1178.0099740051783,
  "summary_bg_mean": 6361.24462890625,
  "summary_bg_median": 804.4371337890625,
  "summary_bg_n": 522296.0,
  "summary_bg_p05": 2.994998037815094,
  "summary_bg_p95": 30186.626953125,
  "summary_bg_stdv": 14484.2548828125,
  "summary_fg_k": 1.455059414443446,
  "summary_fg_mad": 37044.021043665,
  "summary_fg_mean": 135625.796875,
  "summary_fg_median": 135647.859375,
  "summary_fg_n": 135011.0,
  "summary_fg_p05": 70985.14453125,
  "summary_fg_p95": 201203.7109375,
  "summary_fg_stdv": 40369.98828125,
  "tsnr": 59.74844741821289
}