{
  "aor": 0.00131825,
  "aqi": 0.0030782662500000004,
  "bids_meta": {
    "AcquisitionNumber": 23,
    "AcquisitionTime": "16:06:13.500000",
    "ConversionSoftware": "dcm2niix",
    "ConversionSoftwareVersion": "v1.0.20170818 (OpenJPEG build) GCC4.8.4",
    "DeviceSerialNumber": "00076",
    "EPIFactor": 55,
    "EchoTime": 0.022001,
    "EchoTrainLength": 53,
    "EffectiveEchoSpacing": 0.0008602736372914211,
    "FlipAngle": 62,
    "ImageType": [
      "ORIGINAL",
      "PRIMARY",
      "M",
      "FFE",
      "M",
      "FFE"
    ],
    "InstitutionAddress": "Amsterdam",
    "InstitutionName": "Spinoza_Centre",
    "MagneticFieldStrength": 7,
    "Manufacturer": "Philips",
    "ManufacturersModelName": "Achieva",
    "Modality": "MR",
    "MultibandAccelerationFactor": 2,
    "ParallelAcquisitionTechnique": "SENSE",
    "ParallelReductionFactorInPlane": 2.2,
    "PhaseEncodingDirection": "j",
    "PhaseEncodingLines": 110,
    "PhilipsRescaleIntercept": 0,
    "PhilipsRescaleSlope": 2.69817,
    "PhilipsScaleSlope": 0.00247703,
    "ProtocolName": "2.0_MB2_S2.0_TR1.5",
    "RepetitionTime": 1.5,
    "ScanningSequence": "GR",
    "SequenceVariant": "SK",
    "SeriesDescription": "2.0_MB2_S2.0_TR1.5",
    "SliceTiming": [
      0,
      0.06,
      0.12,
      0.18,
      0.24,
      0.3,
      0.36,
      0.42,
      0.48,
      0.54,
      0.6,
      0.66,
      0.72,
      0.78,
      0.84,
      0.9,
      0.96,
      1.02,
      1.08,
      1.14,
      1.2,
      1.26,
      1.32,
      1.38,
      1.44,
      0,
      0.06,
      0.12,
      0.18,
      0.24,
      0.3,
      0.36,
      0.42,
      0.48,
      0.54,
      0.6,
      0.66,
      0.72,
      0.78,
      0.84,
      0.9,
      0.96,
      1.02,
      1.08,
      1.14,
      1.2,
      1.26,
      1.32,
      1.38,
      1.44
    ],
    "SoftwareVersions": "5.1.7_5.1.7.0",
    "TaskName": "prf",
    "TotalReadoutTime": 0.01,
    "UsePhilipsFloatNotDisplayScaling": 1,
    "WaterFatShift": 47.938,
    "dataset": "ds002574",
    "modality": "bold",
    "run_id": 11,
    "session_id": "03",
    "subject_id": "03",
    "task_id": "prf"
  },
  "dummy_trs": 0,
  "dvars_nstd": 26.862931852521008,
  "dvars_std": 1.1759209943697473,
  "dvars_vstd": 0.9820190149579835,
  "efc": 0.47401919081853955,
  "fber": 26914.400390625,
  "fd_mean": 0.0854294911205538,
  "fd_num": 0,
  "fd_perc": 0.0,
  "fwhm_avg": 2.3649424789743905,
  "fwhm_x": 2.342145,
  "fwhm_y": 2.347695,
  "fwhm_z": 2.4049874369231716,
  "gcor": 0.00921435,
  "gsr_x": -0.016367271542549133,
  "gsr_y": 0.040444809943437576,
  "provenance": {
    "md5sum": "b0d26840741286513371338fb0a19e05",
    "settings": {
      "fd_thres": 0.2,
      "testing": false
    },
    "software": "mriqc",
    "version": "22.0.6",
    "webapi_port": null,
    "webapi_url": "https://mriqc.nimh.nih.gov/api/v1"
  },
  "size_t": 120,
  "size_x": 112,
  "size_y": 112,
  "size_z": 60,
  "snr": 3.366096527440856,
  "spacing_tr": 1.5,
  "spacing_x": 2.0,
  "spacing_y": 2.0,
  "spacing_z": 1.9999979734420776,
  "summary_bg_k": 33.776546819601656,
  "summary_bg_mad": 1183.0519188911433,
  "summary_bg_mean": 6337.2109375,
  "summary_bg_median": 811.5062255859375,
  "summary_bg_n": 522622.0,
  "summary_bg_p05": 3.716964316368103,
  "summary_bg_p95": 30046.155859374965,
  "summary_bg_stdv": 14360.697265625,
  "summary_fg_k": 1.4656748212094755,
  "summary_fg_mad": 36985.73624395,
  "summary_fg_mean": 135265.125,
  "summary_fg_median": 135224.921875,
  "summary_fg_n": 134910.0,
  "summary_fg_p05": 71181.822265625,
  "summary_fg_p95": 200618.0953125,
  "summary_fg_stdv": 40172.47265625,
  "tsnr": 62.23798751831055
}