{
  "aor": 0.0009699166666666669,
  "aqi": 0.002905819833333333,
  "bids_meta": {
    "AcquisitionNumber": 20,
    "AcquisitionTime": "15:57:23.510000",
    "ConversionSoftware": "dcm2niix",
    "ConversionSoftwareVersion": "v1.0.20170818 (OpenJPEG build) GCC4.8.4",
    "DeviceSerialNumber": "00076",
    "EPIFactor": 55,
    "EchoTime": 0.022001,
    "EchoTrainLength": 53,
    "EffectiveEchoSpacing": 0.0008602736372914211,
    "FlipAngle": 62,
    "ImageType": [
      "ORIGINAL",
      "PRIMARY",
      "M",
      "FFE",
      "M",
      "FFE"
    ],
    "InstitutionAddress": "Amsterdam",
    "InstitutionName": "Spinoza_Centre",
    "MagneticFieldStrength": 7,
    "Manufacturer": "Philips",
    "ManufacturersModelName": "Achieva",
    "Modality": "MR",
    "MultibandAccelerationFactor": 2,
    "ParallelAcquisitionTechnique": "SENSE",
    "ParallelReductionFactorInPlane": 2.2,
    "PhaseEncodingDirection": "j",
    "PhaseEncodingLines": 110,
    "PhilipsRescaleIntercept": 0,
    "PhilipsRescaleSlope": 2.67448,
    "PhilipsScaleSlope": 0.00249611,
    "ProtocolName": "2.0_MB2_S2.0_TR1.5",
    "RepetitionTime": 1.5,
    "ScanningSequence": "GR",
    "SequenceVariant": "SK",
    "SeriesDescription": "2.0_MB2_S2.0_TR1.5",
    "SliceTiming": [
      0,
      0.06,
      0.12,
      0.18,
      0.24,
      0.3,
      0.36,
      0.42,
      0.48,
      0.54,
      0.6,
      0.66,
      0.72,
      0.78,
      0.84,
      0.9,
      0.96,
      1.02,
      1.08,
      1.14,
      1.2,
      1.26,
      1.32,
      1.38,
      1.44,
      0,
      0.06,
      0.12,
      0.18,
      0.24,
      0.3,
      0.36,
      0.42,
      0.48,
      0.54,
      0.6,
      0.66,
      0.72,
      0.78,
      0.84,
      0.9,
      0.96,
      1.02,
      1.08,
      1.14,
      1.2,
      1.26,
      1.32,
      1.38,
      1.44
    ],
    "SoftwareVersions": "5.1.7_5.1.7.0",
    "TaskName": "prf",
    "TotalReadoutTime": 0.01,
    "UsePhilipsFloatNotDisplayScaling": 1,
    "WaterFatShift": 47.938,
    "dataset": "ds002574",
    "modality": "bold",
    "run_id": 9,
    "session_id": "03",
    "subject_id": "03",
    "task_id": "prf"
  },
  "dummy_trs": 0,
  "dvars_nstd": 27.410700068151268,
  "dvars_std": 1.1904078419327733,
  "dvars_vstd": 0.9837561731932776,
  "efc": 0.47402455650423514,
  "fber": 27589.751953125,
  "fd_mean": 0.07577243435353792,
  "fd_num": 0,
  "fd_perc": 0.0,
  "fwhm_avg": 2.3783224841860275,
  "fwhm_x": 2.354845,
  "fwhm_y": 2.359705,
  "fwhm_z": 2.420417452558082,
  "gcor": 0.0142898,
  "gsr_x": -0.016212161630392075,
  "gsr_y": 0.041541390120983124,
  "provenance": {
    "md5sum": "14f56cf14c2c655d0aa32e8aabed80ab",
    "settings": {
      "fd_thres": 0.2,
      "testing": false
    },
    "software": "mriqc",
    "version": "22.0.6",
    "webapi_port": null,
    "webapi_url": "https://mriqc.nimh.nih.gov/api/v1"
  },
  "size_t": 120,
  "size_x": 112,
  "size_y": 112,
  "size_z": 60,
  "snr": 3.348086418989597,
  "spacing_tr": 1.5,
  "spacing_x": 2.0,
  "spacing_y": 2.0,
  "spacing_z": 1.9999979734420776,
  "summary_bg_k": 33.48788524399226,
  "summary_bg_mad": 1175.8445277717287,
  "summary_bg_mean": 6347.1044921875,
  "summary_bg_median": 803.7954711914062,
  "summary_bg_n": 522406.0,
  "summary_bg_p05": 3.091583251953125,
  "summary_bg_p95": 30153.8583984375,
  "summary_bg_stdv": 14382.1513671875,
  "summary_fg_k": 1.5310372398115177,
  "summary_fg_mad": 37296.173457694356,
  "summary_fg_mean": 135587.328125,
  "summary_fg_median": 135626.5,
  "summary_fg_n": 135070.0,
  "summary_fg_p05": 70985.00703125,
  "summary_fg_p95": 201217.60703124997,
  "summary_fg_stdv": 40508.51171875,
  "tsnr": 63.654335021972656
}