{
  "aor": 0.00157725,
  "aqi": 0.0036855250833333335,
  "bids_meta": {
    "AcquisitionNumber": 13,
    "AcquisitionTime": "15:36:44.510000",
    "ConversionSoftware": "dcm2niix",
    "ConversionSoftwareVersion": "v1.0.20170818 (OpenJPEG build) GCC4.8.4",
    "DeviceSerialNumber": "00076",
    "EPIFactor": 55,
    "EchoTime": 0.022001,
    "EchoTrainLength": 53,
    "EffectiveEchoSpacing": 0.0008602736372914211,
    "FlipAngle": 62,
    "ImageType": [
      "ORIGINAL",
      "PRIMARY",
      "M",
      "FFE",
      "M",
      "FFE"
    ],
    "InstitutionAddress": "Amsterdam",
    "InstitutionName": "Spinoza_Centre",
    "MagneticFieldStrength": 7,
    "Manufacturer": "Philips",
    "ManufacturersModelName": "Achieva",
    "Modality": "MR",
    "MultibandAccelerationFactor": 2,
    "ParallelAcquisitionTechnique": "SENSE",
    "ParallelReductionFactorInPlane": 2.2,
    "PhaseEncodingDirection": "j",
    "PhaseEncodingLines": 110,
    "PhilipsRescaleIntercept": 0,
    "PhilipsRescaleSlope": 2.70501,
    "PhilipsScaleSlope": 0.00248364,
    "ProtocolName": "2.0_MB2_S2.0_TR1.5",
    "RepetitionTime": 1.5,
    "ScanningSequence": "GR",
    "SequenceVariant": "SK",
    "SeriesDescription": "2.0_MB2_S2.0_TR1.5",
    "SliceTiming": [
      0,
      0.06,
      0.12,
      0.18,
      0.24,
      0.3,
      0.36,
      0.42,
      0.48,
      0.54,
      0.6,
      0.66,
      0.72,
      0.78,
      0.84,
      0.9,
      0.96,
      1.02,
      1.08,
      1.14,
      1.2,
      1.26,
      1.32,
      1.38,
      1.44,
      0,
      0.06,
      0.12,
      0.18,
      0.24,
      0.3,
      0.36,
      0.42,
      0.48,
      0.54,
      0.6,
      0.66,
      0.72,
      0.78,
      0.84,
      0.9,
      0.96,
      1.02,
      1.08,
      1.14,
      1.2,
      1.26,
      1.32,
      1.38,
      1.44
    ],
    "SoftwareVersions": "5.1.7_5.1.7.0",
    "TaskName": "prf",
    "TotalReadoutTime": 0.01,
    "UsePhilipsFloatNotDisplayScaling": 1,
    "WaterFatShift": 47.938,
    "dataset": "ds002574",
    "modality": "bold",
    "run_id": 5,
    "session_id": "03",
    "subject_id": "03",
    "task_id": "prf"
  },
  "dummy_trs": 0,
  "dvars_nstd": 28.953913103865556,
  "dvars_std": 1.176192372184873,
  "dvars_vstd": 0.9816898238655462,
  "efc": 0.47348511791674297,
  "fber": 24235.314453125,
  "fd_mean": 0.09745490375852787,
  "fd_num": 1,
  "fd_perc": 0.8333333333333334,
  "fwhm_avg": 2.3824158167864216,
  "fwhm_x": 2.364655,
  "fwhm_y": 2.364345,
  "fwhm_z": 2.4182474503592646,
  "gcor": 0.0153584,
  "gsr_x": -0.01689322479069233,
  "gsr_y": 0.040711574256420135,
  "provenance": {
    "md5sum": "2027a945047e6c963a4ced2b90294a39",
    "settings": {
      "fd_thres": 0.2,
      "testing": false
    },
    "software": "mriqc",
    "version": "22.0.6",
    "webapi_port": null,
    "webapi_url": "https://mriqc.nimh.nih.gov/api/v1"
  },
  "size_t": 120,
  "size_x": 112,
  "size_y": 112,
  "size_z": 60,
  "snr": 3.3656606026568494,
  "spacing_tr": 1.5,
  "spacing_x": 2.0,
  "spacing_y": 2.0,
  "spacing_z": 1.9999979734420776,
  "summary_bg_k": 33.78855831268513,
  "summary_bg_mad": 1263.5595667454124,
  "summary_bg_mean": 6353.572265625,
  "summary_bg_median": 867.6302490234375,
  "summary_bg_n": 522944.0,
  "summary_bg_p05": 3.794322443008423,
  "summary_bg_p95": 29781.1234375,
  "summary_bg_stdv": 14307.40625,
  "summary_fg_k": 1.5210807981104075,
  "summary_fg_mad": 37555.796796965406,
  "summary_fg_mean": 137118.453125,
  "summary_fg_median": 137228.734375,
  "summary_fg_n": 134537.0,
  "summary_fg_p05": 72043.3125,
  "summary_fg_p95": 202888.50624999998,
  "summary_fg_stdv": 40773.04296875,
  "tsnr": 56.81705856323242
}