{
  "aor": 0.0018845,
  "aqi": 0.006683919333333333,
  "bids_meta": {
    "AcquisitionMatrixPE": 124,
    "AcquisitionNumber": 21,
    "AcquisitionTime": "17:57:3.610000",
    "ConversionSoftware": "dcm2niix",
    "ConversionSoftwareVersion": "v1.0.20180622 (JP2:OpenJPEG) GCC6.1.0",
    "DeviceSerialNumber": "00076",
    "EPIFactor": 55,
    "EchoTime": 0.025995,
    "EchoTrainLength": 55,
    "EffectiveEchoSpacing": 0.0008602736372914211,
    "FlipAngle": 62,
    "ImageOrientationPatientDICOM": [
      0.999237,
      0.0216851,
      -0.0324851,
      -0.0296229,
      -0.121308,
      -0.992173
    ],
    "ImageType": [
      "ORIGINAL",
      "PRIMARY",
      "M",
      "FFE",
      "M",
      "FFE"
    ],
    "InPlanePhaseEncodingDirectionDICOM": "COL",
    "InstitutionAddress": "Amsterdam",
    "InstitutionName": "Spinoza_Centre",
    "InstitutionalDepartmentName": "Spinoza_Centre",
    "MRAcquisitionType": "2D",
    "MagneticFieldStrength": 7,
    "Manufacturer": "Philips",
    "ManufacturersModelName": "Achieva",
    "Modality": "MR",
    "MultibandAccelerationFactor": 2,
    "ParallelAcquisitionTechnique": "SENSE",
    "ParallelReductionFactorInPlane": 2.2,
    "PatientPosition": "HFS",
    "PercentPhaseFOV": 96.7742,
    "PhaseEncodingAxis": "j",
    "PhaseEncodingDirection": "j",
    "PhaseEncodingLines": 110,
    "PhaseEncodingSteps": 124,
    "PhilipsRescaleIntercept": 0,
    "PhilipsRescaleSlope": 6.958,
    "PhilipsScaleSlope": 0.0028749,
    "PixelBandwidth": 1573,
    "ProcedureStepDescription": "wz_cer_prf",
    "ProtocolName": "MB2",
    "ReconMatrixPE": 128,
    "RepetitionTime": 1.5,
    "SAR": 0.60772,
    "ScanOptions": "OTHER",
    "ScanningSequence": "GR",
    "SequenceVariant": "SK",
    "SeriesDescription": "MB2",
    "SeriesNumber": 2101,
    "SliceThickness": 1.6,
    "SliceTiming": [
      0,
      0.06,
      0.12,
      0.18,
      0.24,
      0.3,
      0.36,
      0.42,
      0.48,
      0.54,
      0.6,
      0.66,
      0.72,
      0.78,
      0.84,
      0.9,
      0.96,
      1.02,
      1.08,
      1.14,
      1.2,
      1.26,
      1.32,
      1.38,
      1.44,
      0,
      0.06,
      0.12,
      0.18,
      0.24,
      0.3,
      0.36,
      0.42,
      0.48,
      0.54,
      0.6,
      0.66,
      0.72,
      0.78,
      0.84,
      0.9,
      0.96,
      1.02,
      1.08,
      1.14,
      1.2,
      1.26,
      1.32,
      1.38,
      1.44
    ],
    "SoftwareVersions": "5.1.7_5.1.7.0",
    "SpacingBetweenSlices": 1.6,
    "StationName": "PHILIPSMR",
    "TaskName": "prf",
    "TotalReadoutTime": 0.01,
    "UsePhilipsFloatNotDisplayScaling": 1,
    "WaterFatShift": 47.938,
    "dataset": "ds002574",
    "modality": "bold",
    "run_id": 10,
    "session_id": "01",
    "subject_id": "03",
    "task_id": "prf"
  },
  "dummy_trs": 0,
  "dvars_nstd": 49.270639756386565,
  "dvars_std": 1.1302857567226892,
  "dvars_vstd": 1.0073147180672268,
  "efc": 0.4758442519203454,
  "fber": 15870.6162109375,
  "fd_mean": 0.10474213040118813,
  "fd_num": 5,
  "fd_perc": 4.166666666666667,
  "fwhm_avg": 2.474027436854351,
  "fwhm_x": 2.4187584,
  "fwhm_y": 2.3567552000000003,
  "fwhm_z": 2.646568710563053,
  "gcor": 0.0119703,
  "gsr_x": -0.030069854110479355,
  "gsr_y": 0.08767559379339218,
  "provenance": {
    "md5sum": "5f5188f0041065903b7662e15d1634f2",
    "settings": {
      "fd_thres": 0.2,
      "testing": false
    },
    "software": "mriqc",
    "version": "22.0.6",
    "webapi_port": null,
    "webapi_url": "https://mriqc.nimh.nih.gov/api/v1"
  },
  "size_t": 120,
  "size_x": 128,
  "size_y": 128,
  "size_z": 50,
  "snr": 2.849179040978361,
  "spacing_tr": 1.5,
  "spacing_x": 1.5625,
  "spacing_y": 1.5625,
  "spacing_z": 1.600000023841858,
  "summary_bg_k": 10.104181245140264,
  "summary_bg_mad": 615.8587228196645,
  "summary_bg_mean": 2581.39697265625,
  "summary_bg_median": 415.63580322265625,
  "summary_bg_n": 576656.0,
  "summary_bg_p05": 0.15742284059524536,
  "summary_bg_p95": 12418.234375,
  "summary_bg_stdv": 4525.01806640625,
  "summary_fg_k": 1.749483983522409,
  "summary_fg_mad": 15824.699564592443,
  "summary_fg_mean": 49615.97265625,
  "summary_fg_median": 48964.23828125,
  "summary_fg_n": 146477.0,
  "summary_fg_p05": 23844.31875,
  "summary_fg_p95": 77869.99218749999,
  "summary_fg_stdv": 17185.326171875,
  "tsnr": 34.53143310546875
}