{
  "aor": 0.006018833333333334,
  "aqi": 0.014919504583333331,
  "bids_meta": {
    "AcquisitionMatrixPE": 124,
    "AcquisitionNumber": 10,
    "AcquisitionTime": "17:26:38.180000",
    "ConversionSoftware": "dcm2niix",
    "ConversionSoftwareVersion": "v1.0.20180622 (JP2:OpenJPEG) GCC6.1.0",
    "DeviceSerialNumber": "00076",
    "EPIFactor": 55,
    "EchoTime": 0.025995,
    "EchoTrainLength": 55,
    "EffectiveEchoSpacing": 0.0008602736372914211,
    "FlipAngle": 62,
    "ImageOrientationPatientDICOM": [
      0.999237,
      0.0216851,
      -0.0324851,
      -0.0296229,
      -0.121308,
      -0.992173
    ],
    "ImageType": [
      "ORIGINAL",
      "PRIMARY",
      "M",
      "FFE",
      "M",
      "FFE"
    ],
    "InPlanePhaseEncodingDirectionDICOM": "COL",
    "InstitutionAddress": "Amsterdam",
    "InstitutionName": "Spinoza_Centre",
    "InstitutionalDepartmentName": "Spinoza_Centre",
    "MRAcquisitionType": "2D",
    "MagneticFieldStrength": 7,
    "Manufacturer": "Philips",
    "ManufacturersModelName": "Achieva",
    "Modality": "MR",
    "MultibandAccelerationFactor": 2,
    "ParallelAcquisitionTechnique": "SENSE",
    "ParallelReductionFactorInPlane": 2.2,
    "PatientPosition": "HFS",
    "PercentPhaseFOV": 96.7742,
    "PhaseEncodingAxis": "j",
    "PhaseEncodingDirection": "j",
    "PhaseEncodingLines": 110,
    "PhaseEncodingSteps": 124,
    "PhilipsRescaleIntercept": 0,
    "PhilipsRescaleSlope": 6.93871,
    "PhilipsScaleSlope": 0.00290059,
    "PixelBandwidth": 1573,
    "ProcedureStepDescription": "wz_cer_prf",
    "ProtocolName": "MB2",
    "ReconMatrixPE": 128,
    "RepetitionTime": 1.5,
    "SAR": 0.60772,
    "ScanOptions": "OTHER",
    "ScanningSequence": "GR",
    "SequenceVariant": "SK",
    "SeriesDescription": "MB2",
    "SeriesNumber": 1001,
    "SliceThickness": 1.6,
    "SliceTiming": [
      0,
      0.06,
      0.12,
      0.18,
      0.24,
      0.3,
      0.36,
      0.42,
      0.48,
      0.54,
      0.6,
      0.66,
      0.72,
      0.78,
      0.84,
      0.9,
      0.96,
      1.02,
      1.08,
      1.14,
      1.2,
      1.26,
      1.32,
      1.38,
      1.44,
      0,
      0.06,
      0.12,
      0.18,
      0.24,
      0.3,
      0.36,
      0.42,
      0.48,
      0.54,
      0.6,
      0.66,
      0.72,
      0.78,
      0.84,
      0.9,
      0.96,
      1.02,
      1.08,
      1.14,
      1.2,
      1.26,
      1.32,
      1.38,
      1.44
    ],
    "SoftwareVersions": "5.1.7_5.1.7.0",
    "SpacingBetweenSlices": 1.6,
    "StationName": "PHILIPSMR",
    "TaskName": "prf",
    "TotalReadoutTime": 0.01,
    "UsePhilipsFloatNotDisplayScaling": 1,
    "WaterFatShift": 47.938,
    "dataset": "ds002574",
    "modality": "bold",
    "run_id": 4,
    "session_id": "01",
    "subject_id": "03",
    "task_id": "prf"
  },
  "dummy_trs": 0,
  "dvars_nstd": 48.20317555252103,
  "dvars_std": 0.965909893781512,
  "dvars_vstd": 0.9034548381512604,
  "efc": 0.47941701488310906,
  "fber": 13228.341796875,
  "fd_mean": 0.1188580067060278,
  "fd_num": 14,
  "fd_perc": 11.666666666666666,
  "fwhm_avg": 2.4577901202893533,
  "fwhm_x": 2.3998527999999997,
  "fwhm_y": 2.3474176,
  "fwhm_z": 2.626099960868061,
  "gcor": 0.166794,
  "gsr_x": -0.03413081169128418,
  "gsr_y": 0.09354544430971146,
  "provenance": {
    "md5sum": "f8559bd424513252afd218ad141a6988",
    "settings": {
      "fd_thres": 0.2,
      "testing": false
    },
    "software": "mriqc",
    "version": "22.0.6",
    "webapi_port": null,
    "webapi_url": "https://mriqc.nimh.nih.gov/api/v1"
  },
  "size_t": 120,
  "size_x": 128,
  "size_y": 128,
  "size_z": 50,
  "snr": 2.8113306528255078,
  "spacing_tr": 1.5,
  "spacing_x": 1.5625,
  "spacing_y": 1.5625,
  "spacing_z": 1.600000023841858,
  "summary_bg_k": 9.342971188350738,
  "summary_bg_mad": 667.3039273655061,
  "summary_bg_mean": 2699.768310546875,
  "summary_bg_median": 450.60711669921875,
  "summary_bg_n": 576329.0,
  "summary_bg_p05": 0.41197034120559695,
  "summary_bg_p95": 12664.4517578125,
  "summary_bg_stdv": 4605.38134765625,
  "summary_fg_k": 1.702465211400681,
  "summary_fg_mad": 16081.598043145492,
  "summary_fg_mean": 49627.6640625,
  "summary_fg_median": 48748.859375,
  "summary_fg_n": 146640.0,
  "summary_fg_p05": 23925.1478515625,
  "summary_fg_p95": 78482.419140625,
  "summary_fg_stdv": 17340.078125,
  "tsnr": 22.239227294921875
}