{
  "aor": 0.0014697500000000001,
  "aqi": 0.005848160583333333,
  "bids_meta": {
    "AcquisitionMatrixPE": 124,
    "AcquisitionNumber": 22,
    "AcquisitionTime": "18:02:0.200000",
    "ConversionSoftware": "dcm2niix",
    "ConversionSoftwareVersion": "v1.0.20180622 (JP2:OpenJPEG) GCC6.1.0",
    "DeviceSerialNumber": "00076",
    "EPIFactor": 55,
    "EchoTime": 0.025995,
    "EchoTrainLength": 55,
    "EffectiveEchoSpacing": 0.0008602736372914211,
    "FlipAngle": 62,
    "ImageOrientationPatientDICOM": [
      0.999237,
      0.0216851,
      -0.0324851,
      -0.0296229,
      -0.121308,
      -0.992173
    ],
    "ImageType": [
      "ORIGINAL",
      "PRIMARY",
      "M",
      "FFE",
      "M",
      "FFE"
    ],
    "InPlanePhaseEncodingDirectionDICOM": "COL",
    "InstitutionAddress": "Amsterdam",
    "InstitutionName": "Spinoza_Centre",
    "InstitutionalDepartmentName": "Spinoza_Centre",
    "MRAcquisitionType": "2D",
    "MagneticFieldStrength": 7,
    "Manufacturer": "Philips",
    "ManufacturersModelName": "Achieva",
    "Modality": "MR",
    "MultibandAccelerationFactor": 2,
    "ParallelAcquisitionTechnique": "SENSE",
    "ParallelReductionFactorInPlane": 2.2,
    "PatientPosition": "HFS",
    "PercentPhaseFOV": 96.7742,
    "PhaseEncodingAxis": "j",
    "PhaseEncodingDirection": "j",
    "PhaseEncodingLines": 110,
    "PhaseEncodingSteps": 124,
    "PhilipsRescaleIntercept": 0,
    "PhilipsRescaleSlope": 6.51282,
    "PhilipsScaleSlope": 0.00290527,
    "PixelBandwidth": 1573,
    "ProcedureStepDescription": "wz_cer_prf",
    "ProtocolName": "MB2",
    "ReconMatrixPE": 128,
    "RepetitionTime": 1.5,
    "SAR": 0.60772,
    "ScanOptions": "OTHER",
    "ScanningSequence": "GR",
    "SequenceVariant": "SK",
    "SeriesDescription": "MB2",
    "SeriesNumber": 2201,
    "SliceThickness": 1.6,
    "SliceTiming": [
      0,
      0.06,
      0.12,
      0.18,
      0.24,
      0.3,
      0.36,
      0.42,
      0.48,
      0.54,
      0.6,
      0.66,
      0.72,
      0.78,
      0.84,
      0.9,
      0.96,
      1.02,
      1.08,
      1.14,
      1.2,
      1.26,
      1.32,
      1.38,
      1.44,
      0,
      0.06,
      0.12,
      0.18,
      0.24,
      0.3,
      0.36,
      0.42,
      0.48,
      0.54,
      0.6,
      0.66,
      0.72,
      0.78,
      0.84,
      0.9,
      0.96,
      1.02,
      1.08,
      1.14,
      1.2,
      1.26,
      1.32,
      1.38,
      1.44
    ],
    "SoftwareVersions": "5.1.7_5.1.7.0",
    "SpacingBetweenSlices": 1.6,
    "StationName": "PHILIPSMR",
    "TaskName": "prf",
    "TotalReadoutTime": 0.01,
    "UsePhilipsFloatNotDisplayScaling": 1,
    "WaterFatShift": 47.938,
    "dataset": "ds002574",
    "modality": "bold",
    "run_id": 11,
    "session_id": "01",
    "subject_id": "03",
    "task_id": "prf"
  },
  "dummy_trs": 0,
  "dvars_nstd": 44.80912597991597,
  "dvars_std": 1.08413081092437,
  "dvars_vstd": 1.0062420787394961,
  "efc": 0.47527173185012633,
  "fber": 16566.37890625,
  "fd_mean": 0.12336310869722135,
  "fd_num": 5,
  "fd_perc": 4.166666666666667,
  "fwhm_avg": 2.454614686956703,
  "fwhm_x": 2.3993856,
  "fwhm_y": 2.338496,
  "fwhm_z": 2.62596246087011,
  "gcor": 0.0139126,
  "gsr_x": -0.029546746984124184,
  "gsr_y": 0.08652864396572113,
  "provenance": {
    "md5sum": "0ff1e5d48899038325b16ae5890131a6",
    "settings": {
      "fd_thres": 0.2,
      "testing": false
    },
    "software": "mriqc",
    "version": "22.0.6",
    "webapi_port": null,
    "webapi_url": "https://mriqc.nimh.nih.gov/api/v1"
  },
  "size_t": 120,
  "size_x": 128,
  "size_y": 128,
  "size_z": 50,
  "snr": 2.8522708067313536,
  "spacing_tr": 1.5,
  "spacing_x": 1.5625,
  "spacing_y": 1.5625,
  "spacing_z": 1.600000023841858,
  "summary_bg_k": 10.143629721101737,
  "summary_bg_mad": 600.2159137239614,
  "summary_bg_mean": 2567.114013671875,
  "summary_bg_median": 405.1317138671875,
  "summary_bg_n": 576932.0,
  "summary_bg_p05": 0.1808073878288269,
  "summary_bg_p95": 12368.509374999983,
  "summary_bg_stdv": 4519.49365234375,
  "summary_fg_k": 1.8119423461082755,
  "summary_fg_mad": 15751.084889594691,
  "summary_fg_mean": 49645.6640625,
  "summary_fg_median": 48926.12109375,
  "summary_fg_n": 146195.0,
  "summary_fg_p05": 24041.244335937503,
  "summary_fg_p95": 77935.59453125,
  "summary_fg_stdv": 17153.333984375,
  "tsnr": 35.29216384887695
}