{
  "aor": 0.00075225,
  "aqi": 0.006698281666666667,
  "bids_meta": {
    "AcquisitionMatrixPE": 124,
    "AcquisitionNumber": 7,
    "AcquisitionTime": "17:17:7.390000",
    "ConversionSoftware": "dcm2niix",
    "ConversionSoftwareVersion": "v1.0.20180622 (JP2:OpenJPEG) GCC6.1.0",
    "DeviceSerialNumber": "00076",
    "EPIFactor": 55,
    "EchoTime": 0.025995,
    "EchoTrainLength": 55,
    "EffectiveEchoSpacing": 0.0008602736372914211,
    "FlipAngle": 62,
    "ImageOrientationPatientDICOM": [
      0.999237,
      0.0216851,
      -0.0324851,
      -0.0296229,
      -0.121308,
      -0.992173
    ],
    "ImageType": [
      "ORIGINAL",
      "PRIMARY",
      "M",
      "FFE",
      "M",
      "FFE"
    ],
    "InPlanePhaseEncodingDirectionDICOM": "COL",
    "InstitutionAddress": "Amsterdam",
    "InstitutionName": "Spinoza_Centre",
    "InstitutionalDepartmentName": "Spinoza_Centre",
    "MRAcquisitionType": "2D",
    "MagneticFieldStrength": 7,
    "Manufacturer": "Philips",
    "ManufacturersModelName": "Achieva",
    "Modality": "MR",
    "MultibandAccelerationFactor": 2,
    "ParallelAcquisitionTechnique": "SENSE",
    "ParallelReductionFactorInPlane": 2.2,
    "PatientPosition": "HFS",
    "PercentPhaseFOV": 96.7742,
    "PhaseEncodingAxis": "j",
    "PhaseEncodingDirection": "j",
    "PhaseEncodingLines": 110,
    "PhaseEncodingSteps": 124,
    "PhilipsRescaleIntercept": 0,
    "PhilipsRescaleSlope": 7.39096,
    "PhilipsScaleSlope": 0.00288426,
    "PixelBandwidth": 1573,
    "ProcedureStepDescription": "wz_cer_prf",
    "ProtocolName": "MB2",
    "ReconMatrixPE": 128,
    "RepetitionTime": 1.5,
    "SAR": 0.60772,
    "ScanOptions": "OTHER",
    "ScanningSequence": "GR",
    "SequenceVariant": "SK",
    "SeriesDescription": "MB2",
    "SeriesNumber": 701,
    "SliceThickness": 1.6,
    "SliceTiming": [
      0,
      0.06,
      0.12,
      0.18,
      0.24,
      0.3,
      0.36,
      0.42,
      0.48,
      0.54,
      0.6,
      0.66,
      0.72,
      0.78,
      0.84,
      0.9,
      0.96,
      1.02,
      1.08,
      1.14,
      1.2,
      1.26,
      1.32,
      1.38,
      1.44,
      0,
      0.06,
      0.12,
      0.18,
      0.24,
      0.3,
      0.36,
      0.42,
      0.48,
      0.54,
      0.6,
      0.66,
      0.72,
      0.78,
      0.84,
      0.9,
      0.96,
      1.02,
      1.08,
      1.14,
      1.2,
      1.26,
      1.32,
      1.38,
      1.44
    ],
    "SoftwareVersions": "5.1.7_5.1.7.0",
    "SpacingBetweenSlices": 1.6,
    "StationName": "PHILIPSMR",
    "TaskName": "prf",
    "TotalReadoutTime": 0.01,
    "UsePhilipsFloatNotDisplayScaling": 1,
    "WaterFatShift": 47.938,
    "dataset": "ds002574",
    "modality": "bold",
    "run_id": 2,
    "session_id": "01",
    "subject_id": "03",
    "task_id": "prf"
  },
  "dummy_trs": 0,
  "dvars_nstd": 49.98806958260505,
  "dvars_std": 1.1257579528571429,
  "dvars_vstd": 0.9934164573949583,
  "efc": 0.47456137113462754,
  "fber": 14883.8837890625,
  "fd_mean": 0.10226551407160363,
  "fd_num": 6,
  "fd_perc": 5.0,
  "fwhm_avg": 2.46287858694174,
  "fwhm_x": 2.4057728,
  "fwhm_y": 2.353888,
  "fwhm_z": 2.62897496082522,
  "gcor": 0.00904415,
  "gsr_x": -0.03145540878176689,
  "gsr_y": 0.08760518580675125,
  "provenance": {
    "md5sum": "d22039a87615f33ba4fe16b8a35d8167",
    "settings": {
      "fd_thres": 0.2,
      "testing": false
    },
    "software": "mriqc",
    "version": "22.0.6",
    "webapi_port": null,
    "webapi_url": "https://mriqc.nimh.nih.gov/api/v1"
  },
  "size_t": 120,
  "size_x": 128,
  "size_y": 128,
  "size_z": 50,
  "snr": 2.809574027698223,
  "spacing_tr": 1.5,
  "spacing_x": 1.5625,
  "spacing_y": 1.5625,
  "spacing_z": 1.600000023841858,
  "summary_bg_k": 10.143514622976651,
  "summary_bg_mad": 628.1614450842885,
  "summary_bg_mean": 2548.584716796875,
  "summary_bg_median": 424.1014404296875,
  "summary_bg_n": 576511.0,
  "summary_bg_p05": 0.29702168703079224,
  "summary_bg_p95": 12223.41015625,
  "summary_bg_stdv": 4464.8466796875,
  "summary_fg_k": 1.7637907589287565,
  "summary_fg_mad": 15942.247913143256,
  "summary_fg_mean": 49613.55859375,
  "summary_fg_median": 48799.0703125,
  "summary_fg_n": 146824.0,
  "summary_fg_p05": 23907.42744140625,
  "summary_fg_p95": 78601.613671875,
  "summary_fg_stdv": 17368.791015625,
  "tsnr": 34.51070022583008
}