{
  "aor": 0.0013294166666666667,
  "aqi": 0.007329500166666667,
  "bids_meta": {
    "AcquisitionMatrixPE": 124,
    "AcquisitionNumber": 17,
    "AcquisitionTime": "17:45:25.020000",
    "ConversionSoftware": "dcm2niix",
    "ConversionSoftwareVersion": "v1.0.20180622 (JP2:OpenJPEG) GCC6.1.0",
    "DeviceSerialNumber": "00076",
    "EPIFactor": 55,
    "EchoTime": 0.025995,
    "EchoTrainLength": 55,
    "EffectiveEchoSpacing": 0.0008602736372914211,
    "FlipAngle": 62,
    "ImageOrientationPatientDICOM": [
      0.999237,
      0.0216851,
      -0.0324851,
      -0.0296229,
      -0.121308,
      -0.992173
    ],
    "ImageType": [
      "ORIGINAL",
      "PRIMARY",
      "M",
      "FFE",
      "M",
      "FFE"
    ],
    "InPlanePhaseEncodingDirectionDICOM": "COL",
    "InstitutionAddress": "Amsterdam",
    "InstitutionName": "Spinoza_Centre",
    "InstitutionalDepartmentName": "Spinoza_Centre",
    "MRAcquisitionType": "2D",
    "MagneticFieldStrength": 7,
    "Manufacturer": "Philips",
    "ManufacturersModelName": "Achieva",
    "Modality": "MR",
    "MultibandAccelerationFactor": 2,
    "ParallelAcquisitionTechnique": "SENSE",
    "ParallelReductionFactorInPlane": 2.2,
    "PatientPosition": "HFS",
    "PercentPhaseFOV": 96.7742,
    "PhaseEncodingAxis": "j",
    "PhaseEncodingDirection": "j",
    "PhaseEncodingLines": 110,
    "PhaseEncodingSteps": 124,
    "PhilipsRescaleIntercept": 0,
    "PhilipsRescaleSlope": 6.77338,
    "PhilipsScaleSlope": 0.00290285,
    "PixelBandwidth": 1573,
    "ProcedureStepDescription": "wz_cer_prf",
    "ProtocolName": "MB2",
    "ReconMatrixPE": 128,
    "RepetitionTime": 1.5,
    "SAR": 0.60772,
    "ScanOptions": "OTHER",
    "ScanningSequence": "GR",
    "SequenceVariant": "SK",
    "SeriesDescription": "MB2",
    "SeriesNumber": 1701,
    "SliceThickness": 1.6,
    "SliceTiming": [
      0,
      0.06,
      0.12,
      0.18,
      0.24,
      0.3,
      0.36,
      0.42,
      0.48,
      0.54,
      0.6,
      0.66,
      0.72,
      0.78,
      0.84,
      0.9,
      0.96,
      1.02,
      1.08,
      1.14,
      1.2,
      1.26,
      1.32,
      1.38,
      1.44,
      0,
      0.06,
      0.12,
      0.18,
      0.24,
      0.3,
      0.36,
      0.42,
      0.48,
      0.54,
      0.6,
      0.66,
      0.72,
      0.78,
      0.84,
      0.9,
      0.96,
      1.02,
      1.08,
      1.14,
      1.2,
      1.26,
      1.32,
      1.38,
      1.44
    ],
    "SoftwareVersions": "5.1.7_5.1.7.0",
    "SpacingBetweenSlices": 1.6,
    "StationName": "PHILIPSMR",
    "TaskName": "prf",
    "TotalReadoutTime": 0.01,
    "UsePhilipsFloatNotDisplayScaling": 1,
    "WaterFatShift": 47.938,
    "dataset": "ds002574",
    "modality": "bold",
    "run_id": 8,
    "session_id": "01",
    "subject_id": "03",
    "task_id": "prf"
  },
  "dummy_trs": 0,
  "dvars_nstd": 52.47379883184873,
  "dvars_std": 1.1561724768067225,
  "dvars_vstd": 1.001156676638656,
  "efc": 0.47616597254111903,
  "fber": 14192.2607421875,
  "fd_mean": 0.1082634304139047,
  "fd_num": 9,
  "fd_perc": 7.5,
  "fwhm_avg": 2.4736835201635627,
  "fwhm_x": 2.4171712,
  "fwhm_y": 2.3524544,
  "fwhm_z": 2.651424960490689,
  "gcor": 0.00911938,
  "gsr_x": -0.030057111755013466,
  "gsr_y": 0.08769895136356354,
  "provenance": {
    "md5sum": "5f291ed4a51aca0e466c15f0cc55fa27",
    "settings": {
      "fd_thres": 0.2,
      "testing": false
    },
    "software": "mriqc",
    "version": "22.0.6",
    "webapi_port": null,
    "webapi_url": "https://mriqc.nimh.nih.gov/api/v1"
  },
  "size_t": 120,
  "size_x": 128,
  "size_y": 128,
  "size_z": 50,
  "snr": 2.8361924291534635,
  "spacing_tr": 1.5,
  "spacing_x": 1.5625,
  "spacing_y": 1.5625,
  "spacing_z": 1.600000023841858,
  "summary_bg_k": 10.04124847295324,
  "summary_bg_mad": 646.6596156725625,
  "summary_bg_mean": 2571.561279296875,
  "summary_bg_median": 436.5093078613281,
  "summary_bg_n": 576579.0,
  "summary_bg_p05": 0.20580908954143526,
  "summary_bg_p95": 12281.976074218748,
  "summary_bg_stdv": 4475.11865234375,
  "summary_fg_k": 1.694028556598818,
  "summary_fg_mad": 15802.182543398889,
  "summary_fg_mean": 49350.765625,
  "summary_fg_median": 48646.8984375,
  "summary_fg_n": 146678.0,
  "summary_fg_p05": 23723.28642578125,
  "summary_fg_p95": 77697.280859375,
  "summary_fg_stdv": 17152.126953125,
  "tsnr": 34.53194046020508
}