{
  "aor": 0.0008299166666666666,
  "aqi": 0.00655191875,
  "bids_meta": {
    "AcquisitionMatrixPE": 124,
    "AcquisitionNumber": 14,
    "AcquisitionTime": "17:36:46.140000",
    "ConversionSoftware": "dcm2niix",
    "ConversionSoftwareVersion": "v1.0.20180622 (JP2:OpenJPEG) GCC6.1.0",
    "DeviceSerialNumber": "00076",
    "EPIFactor": 55,
    "EchoTime": 0.025995,
    "EchoTrainLength": 55,
    "EffectiveEchoSpacing": 0.0008602736372914211,
    "FlipAngle": 62,
    "ImageOrientationPatientDICOM": [
      0.999237,
      0.0216851,
      -0.0324851,
      -0.0296229,
      -0.121308,
      -0.992173
    ],
    "ImageType": [
      "ORIGINAL",
      "PRIMARY",
      "M",
      "FFE",
      "M",
      "FFE"
    ],
    "InPlanePhaseEncodingDirectionDICOM": "COL",
    "InstitutionAddress": "Amsterdam",
    "InstitutionName": "Spinoza_Centre",
    "InstitutionalDepartmentName": "Spinoza_Centre",
    "MRAcquisitionType": "2D",
    "MagneticFieldStrength": 7,
    "Manufacturer": "Philips",
    "ManufacturersModelName": "Achieva",
    "Modality": "MR",
    "MultibandAccelerationFactor": 2,
    "ParallelAcquisitionTechnique": "SENSE",
    "ParallelReductionFactorInPlane": 2.2,
    "PatientPosition": "HFS",
    "PercentPhaseFOV": 96.7742,
    "PhaseEncodingAxis": "j",
    "PhaseEncodingDirection": "j",
    "PhaseEncodingLines": 110,
    "PhaseEncodingSteps": 124,
    "PhilipsRescaleIntercept": 0,
    "PhilipsRescaleSlope": 6.8862,
    "PhilipsScaleSlope": 0.0029102,
    "PixelBandwidth": 1573,
    "ProcedureStepDescription": "wz_cer_prf",
    "ProtocolName": "MB2",
    "ReconMatrixPE": 128,
    "RepetitionTime": 1.5,
    "SAR": 0.60772,
    "ScanOptions": "OTHER",
    "ScanningSequence": "GR",
    "SequenceVariant": "SK",
    "SeriesDescription": "MB2",
    "SeriesNumber": 1401,
    "SliceThickness": 1.6,
    "SliceTiming": [
      0,
      0.06,
      0.12,
      0.18,
      0.24,
      0.3,
      0.36,
      0.42,
      0.48,
      0.54,
      0.6,
      0.66,
      0.72,
      0.78,
      0.84,
      0.9,
      0.96,
      1.02,
      1.08,
      1.14,
      1.2,
      1.26,
      1.32,
      1.38,
      1.44,
      0,
      0.06,
      0.12,
      0.18,
      0.24,
      0.3,
      0.36,
      0.42,
      0.48,
      0.54,
      0.6,
      0.66,
      0.72,
      0.78,
      0.84,
      0.9,
      0.96,
      1.02,
      1.08,
      1.14,
      1.2,
      1.26,
      1.32,
      1.38,
      1.44
    ],
    "SoftwareVersions": "5.1.7_5.1.7.0",
    "SpacingBetweenSlices": 1.6,
    "StationName": "PHILIPSMR",
    "TaskName": "prf",
    "TotalReadoutTime": 0.01,
    "UsePhilipsFloatNotDisplayScaling": 1,
    "WaterFatShift": 47.938,
    "dataset": "ds002574",
    "modality": "bold",
    "run_id": 6,
    "session_id": "01",
    "subject_id": "03",
    "task_id": "prf"
  },
  "dummy_trs": 0,
  "dvars_nstd": 50.54762569420169,
  "dvars_std": 1.1474342686554626,
  "dvars_vstd": 0.9941652817647062,
  "efc": 0.4760862951804816,
  "fber": 14541.70703125,
  "fd_mean": 0.09782521023677958,
  "fd_num": 6,
  "fd_perc": 5.0,
  "fwhm_avg": 2.451786670265357,
  "fwhm_x": 2.3921216000000003,
  "fwhm_y": 2.3323072,
  "fwhm_z": 2.63093121079607,
  "gcor": 0.00833701,
  "gsr_x": -0.030897317454218864,
  "gsr_y": 0.0883113220334053,
  "provenance": {
    "md5sum": "a2c92a83d39f1fe38d0ae4012ba5b7f7",
    "settings": {
      "fd_thres": 0.2,
      "testing": false
    },
    "software": "mriqc",
    "version": "22.0.6",
    "webapi_port": null,
    "webapi_url": "https://mriqc.nimh.nih.gov/api/v1"
  },
  "size_t": 120,
  "size_x": 128,
  "size_y": 128,
  "size_z": 50,
  "snr": 2.8309633334482616,
  "spacing_tr": 1.5,
  "spacing_x": 1.5625,
  "spacing_y": 1.5625,
  "spacing_z": 1.600000023841858,
  "summary_bg_k": 10.101969627192947,
  "summary_bg_mad": 648.3564876060545,
  "summary_bg_mean": 2617.762939453125,
  "summary_bg_median": 437.64129638671875,
  "summary_bg_n": 576235.0,
  "summary_bg_p05": 0.1789133191108704,
  "summary_bg_p95": 12532.883203124986,
  "summary_bg_stdv": 4577.73779296875,
  "summary_fg_k": 1.7593155619402232,
  "summary_fg_mad": 16095.28315659209,
  "summary_fg_mean": 50347.61328125,
  "summary_fg_median": 49614.1171875,
  "summary_fg_n": 146950.0,
  "summary_fg_p05": 24277.97138671875,
  "summary_fg_p95": 79464.59335937497,
  "summary_fg_stdv": 17525.46484375,
  "tsnr": 35.329559326171875
}