{
  "aor": 0.00085825,
  "aqi": 0.007419841583333334,
  "bids_meta": {
    "AcquisitionMatrixPE": 124,
    "AcquisitionNumber": 5,
    "AcquisitionTime": "17:12:38.620000",
    "ConversionSoftware": "dcm2niix",
    "ConversionSoftwareVersion": "v1.0.20180622 (JP2:OpenJPEG) GCC6.1.0",
    "DeviceSerialNumber": "00076",
    "EPIFactor": 55,
    "EchoTime": 0.025995,
    "EchoTrainLength": 55,
    "EffectiveEchoSpacing": 0.0008602736372914211,
    "FlipAngle": 62,
    "ImageOrientationPatientDICOM": [
      0.999237,
      0.0216851,
      -0.0324851,
      -0.0296229,
      -0.121308,
      -0.992173
    ],
    "ImageType": [
      "ORIGINAL",
      "PRIMARY",
      "M",
      "FFE",
      "M",
      "FFE"
    ],
    "InPlanePhaseEncodingDirectionDICOM": "COL",
    "InstitutionAddress": "Amsterdam",
    "InstitutionName": "Spinoza_Centre",
    "InstitutionalDepartmentName": "Spinoza_Centre",
    "MRAcquisitionType": "2D",
    "MagneticFieldStrength": 7,
    "Manufacturer": "Philips",
    "ManufacturersModelName": "Achieva",
    "Modality": "MR",
    "MultibandAccelerationFactor": 2,
    "ParallelAcquisitionTechnique": "SENSE",
    "ParallelReductionFactorInPlane": 2.2,
    "PatientPosition": "HFS",
    "PercentPhaseFOV": 96.7742,
    "PhaseEncodingAxis": "j",
    "PhaseEncodingDirection": "j",
    "PhaseEncodingLines": 110,
    "PhaseEncodingSteps": 124,
    "PhilipsRescaleIntercept": 0,
    "PhilipsRescaleSlope": 7.36386,
    "PhilipsScaleSlope": 0.00291242,
    "PixelBandwidth": 1573,
    "ProcedureStepDescription": "wz_cer_prf",
    "ProtocolName": "MB2",
    "ReconMatrixPE": 128,
    "RepetitionTime": 1.5,
    "SAR": 0.60772,
    "ScanOptions": "OTHER",
    "ScanningSequence": "GR",
    "SequenceVariant": "SK",
    "SeriesDescription": "MB2",
    "SeriesNumber": 501,
    "SliceThickness": 1.6,
    "SliceTiming": [
      0,
      0.06,
      0.12,
      0.18,
      0.24,
      0.3,
      0.36,
      0.42,
      0.48,
      0.54,
      0.6,
      0.66,
      0.72,
      0.78,
      0.84,
      0.9,
      0.96,
      1.02,
      1.08,
      1.14,
      1.2,
      1.26,
      1.32,
      1.38,
      1.44,
      0,
      0.06,
      0.12,
      0.18,
      0.24,
      0.3,
      0.36,
      0.42,
      0.48,
      0.54,
      0.6,
      0.66,
      0.72,
      0.78,
      0.84,
      0.9,
      0.96,
      1.02,
      1.08,
      1.14,
      1.2,
      1.26,
      1.32,
      1.38,
      1.44
    ],
    "SoftwareVersions": "5.1.7_5.1.7.0",
    "SpacingBetweenSlices": 1.6,
    "StationName": "PHILIPSMR",
    "TaskName": "prf",
    "TotalReadoutTime": 0.01,
    "UsePhilipsFloatNotDisplayScaling": 1,
    "WaterFatShift": 47.938,
    "dataset": "ds002574",
    "modality": "bold",
    "run_id": 1,
    "session_id": "01",
    "subject_id": "03",
    "task_id": "prf"
  },
  "dummy_trs": 0,
  "dvars_nstd": 55.513249405126075,
  "dvars_std": 1.1788571095798317,
  "dvars_vstd": 0.9959764719327726,
  "efc": 0.47254479300217495,
  "fber": 14529.08203125,
  "fd_mean": 0.10633555717869114,
  "fd_num": 10,
  "fd_perc": 8.333333333333334,
  "fwhm_avg": 2.4909250535153986,
  "fwhm_x": 2.4347904,
  "fwhm_y": 2.3902848,
  "fwhm_z": 2.647699960546196,
  "gcor": 0.0105529,
  "gsr_x": -0.030999446287751198,
  "gsr_y": 0.08656729012727737,
  "provenance": {
    "md5sum": "2b153df9b93e934d8ed719f0a8cf462e",
    "settings": {
      "fd_thres": 0.2,
      "testing": false
    },
    "software": "mriqc",
    "version": "22.0.6",
    "webapi_port": null,
    "webapi_url": "https://mriqc.nimh.nih.gov/api/v1"
  },
  "size_t": 120,
  "size_x": 128,
  "size_y": 128,
  "size_z": 50,
  "snr": 2.7483130021251436,
  "spacing_tr": 1.5,
  "spacing_x": 1.5625,
  "spacing_y": 1.5625,
  "spacing_z": 1.600000023841858,
  "summary_bg_k": 10.260926256546215,
  "summary_bg_mad": 614.6055474575472,
  "summary_bg_mean": 2438.909423828125,
  "summary_bg_median": 414.94818115234375,
  "summary_bg_n": 576931.0,
  "summary_bg_p05": 0.2371273636817932,
  "summary_bg_p95": 11665.98486328125,
  "summary_bg_stdv": 4269.54345703125,
  "summary_fg_k": 1.8730849236329394,
  "summary_fg_mad": 15834.313313353066,
  "summary_fg_mean": 48120.21875,
  "summary_fg_median": 47222.92578125,
  "summary_fg_n": 146581.0,
  "summary_fg_p05": 22936.5859375,
  "summary_fg_p95": 76741.96875,
  "summary_fg_stdv": 17182.455078125,
  "tsnr": 33.45774841308594
}