{
  "aor": 0.0007024166666666667,
  "aqi": 0.005762064083333333,
  "bids_meta": {
    "AcquisitionMatrixPE": 124,
    "AcquisitionNumber": 8,
    "AcquisitionTime": "17:22:8.640000",
    "ConversionSoftware": "dcm2niix",
    "ConversionSoftwareVersion": "v1.0.20180622 (JP2:OpenJPEG) GCC6.1.0",
    "DeviceSerialNumber": "00076",
    "EPIFactor": 55,
    "EchoTime": 0.025995,
    "EchoTrainLength": 55,
    "EffectiveEchoSpacing": 0.0008602736372914211,
    "FlipAngle": 62,
    "ImageOrientationPatientDICOM": [
      0.999237,
      0.0216851,
      -0.0324851,
      -0.0296229,
      -0.121308,
      -0.992173
    ],
    "ImageType": [
      "ORIGINAL",
      "PRIMARY",
      "M",
      "FFE",
      "M",
      "FFE"
    ],
    "InPlanePhaseEncodingDirectionDICOM": "COL",
    "InstitutionAddress": "Amsterdam",
    "InstitutionName": "Spinoza_Centre",
    "InstitutionalDepartmentName": "Spinoza_Centre",
    "MRAcquisitionType": "2D",
    "MagneticFieldStrength": 7,
    "Manufacturer": "Philips",
    "ManufacturersModelName": "Achieva",
    "Modality": "MR",
    "MultibandAccelerationFactor": 2,
    "ParallelAcquisitionTechnique": "SENSE",
    "ParallelReductionFactorInPlane": 2.2,
    "PatientPosition": "HFS",
    "PercentPhaseFOV": 96.7742,
    "PhaseEncodingAxis": "j",
    "PhaseEncodingDirection": "j",
    "PhaseEncodingLines": 110,
    "PhaseEncodingSteps": 124,
    "PhilipsRescaleIntercept": 0,
    "PhilipsRescaleSlope": 7.12479,
    "PhilipsScaleSlope": 0.00291489,
    "PixelBandwidth": 1573,
    "ProcedureStepDescription": "wz_cer_prf",
    "ProtocolName": "MB2",
    "ReconMatrixPE": 128,
    "RepetitionTime": 1.5,
    "SAR": 0.60772,
    "ScanOptions": "OTHER",
    "ScanningSequence": "GR",
    "SequenceVariant": "SK",
    "SeriesDescription": "MB2",
    "SeriesNumber": 801,
    "SliceThickness": 1.6,
    "SliceTiming": [
      0,
      0.06,
      0.12,
      0.18,
      0.24,
      0.3,
      0.36,
      0.42,
      0.48,
      0.54,
      0.6,
      0.66,
      0.72,
      0.78,
      0.84,
      0.9,
      0.96,
      1.02,
      1.08,
      1.14,
      1.2,
      1.26,
      1.32,
      1.38,
      1.44,
      0,
      0.06,
      0.12,
      0.18,
      0.24,
      0.3,
      0.36,
      0.42,
      0.48,
      0.54,
      0.6,
      0.66,
      0.72,
      0.78,
      0.84,
      0.9,
      0.96,
      1.02,
      1.08,
      1.14,
      1.2,
      1.26,
      1.32,
      1.38,
      1.44
    ],
    "SoftwareVersions": "5.1.7_5.1.7.0",
    "SpacingBetweenSlices": 1.6,
    "StationName": "PHILIPSMR",
    "TaskName": "prf",
    "TotalReadoutTime": 0.01,
    "UsePhilipsFloatNotDisplayScaling": 1,
    "WaterFatShift": 47.938,
    "dataset": "ds002574",
    "modality": "bold",
    "run_id": 3,
    "session_id": "01",
    "subject_id": "03",
    "task_id": "prf"
  },
  "dummy_trs": 0,
  "dvars_nstd": 46.87345693899161,
  "dvars_std": 1.1029090237815125,
  "dvars_vstd": 0.9936452621848739,
  "efc": 0.47438212678876795,
  "fber": 16605.138671875,
  "fd_mean": 0.09780949916836258,
  "fd_num": 0,
  "fd_perc": 0.0,
  "fwhm_avg": 2.4488556369890824,
  "fwhm_x": 2.3911104,
  "fwhm_y": 2.3360128000000002,
  "fwhm_z": 2.6194437109672473,
  "gcor": 0.00558981,
  "gsr_x": -0.030987022444605827,
  "gsr_y": 0.08690956234931946,
  "provenance": {
    "md5sum": "36c6ffe65a03953099b1d090b132b7aa",
    "settings": {
      "fd_thres": 0.2,
      "testing": false
    },
    "software": "mriqc",
    "version": "22.0.6",
    "webapi_port": null,
    "webapi_url": "https://mriqc.nimh.nih.gov/api/v1"
  },
  "size_t": 120,
  "size_x": 128,
  "size_y": 128,
  "size_z": 50,
  "snr": 2.8135340018473385,
  "spacing_tr": 1.5,
  "spacing_x": 1.5625,
  "spacing_y": 1.5625,
  "spacing_z": 1.600000023841858,
  "summary_bg_k": 10.091709655383301,
  "summary_bg_mad": 598.4644986908818,
  "summary_bg_mean": 2528.489990234375,
  "summary_bg_median": 403.94561767578125,
  "summary_bg_n": 576310.0,
  "summary_bg_p05": 0.19364163279533386,
  "summary_bg_p95": 12159.896923828097,
  "summary_bg_stdv": 4435.27197265625,
  "summary_fg_k": 1.8141650214076561,
  "summary_fg_mad": 15855.26375681183,
  "summary_fg_mean": 49565.09765625,
  "summary_fg_median": 48723.15625,
  "summary_fg_n": 146902.0,
  "summary_fg_p05": 23986.62333984375,
  "summary_fg_p95": 78418.99531249999,
  "summary_fg_stdv": 17317.36328125,
  "tsnr": 35.73739242553711
}