{
  "aor": 0.0007636666666666666,
  "aqi": 0.008655433416666667,
  "bids_meta": {
    "AcquisitionNumber": 16,
    "AcquisitionTime": "12:40:18.770000",
    "ConversionSoftware": "dcm2niix",
    "ConversionSoftwareVersion": "v1.0.20170818 (OpenJPEG build) GCC4.8.4",
    "DeviceSerialNumber": "00076",
    "EPIFactor": 55,
    "EchoTime": 0.025995,
    "EchoTrainLength": 55,
    "EffectiveEchoSpacing": 0.0008602736372914211,
    "FlipAngle": 62,
    "ImageType": [
      "ORIGINAL",
      "PRIMARY",
      "M",
      "FFE",
      "M",
      "FFE"
    ],
    "InstitutionAddress": "Amsterdam",
    "InstitutionName": "Spinoza_Centre",
    "MagneticFieldStrength": 7,
    "Manufacturer": "Philips",
    "ManufacturersModelName": "Achieva",
    "Modality": "MR",
    "MultibandAccelerationFactor": 2,
    "ParallelAcquisitionTechnique": "SENSE",
    "ParallelReductionFactorInPlane": 2.2,
    "PhaseEncodingDirection": "j",
    "PhaseEncodingLines": 110,
    "PhilipsRescaleIntercept": 0,
    "PhilipsRescaleSlope": 4.69109,
    "PhilipsScaleSlope": 0.0028668,
    "ProcedureStepDescription": "TK_CB_prf1",
    "ProtocolName": "MB2",
    "RepetitionTime": 1.5,
    "ScanningSequence": "GR",
    "SequenceVariant": "SK",
    "SeriesDescription": "MB2",
    "SliceTiming": [
      0,
      0.06,
      0.12,
      0.18,
      0.24,
      0.3,
      0.36,
      0.42,
      0.48,
      0.54,
      0.6,
      0.66,
      0.72,
      0.78,
      0.84,
      0.9,
      0.96,
      1.02,
      1.08,
      1.14,
      1.2,
      1.26,
      1.32,
      1.38,
      1.44,
      0,
      0.06,
      0.12,
      0.18,
      0.24,
      0.3,
      0.36,
      0.42,
      0.48,
      0.54,
      0.6,
      0.66,
      0.72,
      0.78,
      0.84,
      0.9,
      0.96,
      1.02,
      1.08,
      1.14,
      1.2,
      1.26,
      1.32,
      1.38,
      1.44
    ],
    "SoftwareVersions": "5.1.7_5.1.7.0",
    "TaskName": "prf",
    "TotalReadoutTime": 0.01,
    "UsePhilipsFloatNotDisplayScaling": 1,
    "WaterFatShift": 47.938,
    "dataset": "ds002574",
    "modality": "bold",
    "run_id": 8,
    "session_id": "01",
    "subject_id": "02",
    "task_id": "prf"
  },
  "dummy_trs": 0,
  "dvars_nstd": 56.01150112025207,
  "dvars_std": 1.1783234372268903,
  "dvars_vstd": 0.9901351553781517,
  "efc": 0.5281959229696043,
  "fber": 1886.6033935546875,
  "fd_mean": 0.08162442960867353,
  "fd_num": 0,
  "fd_perc": 0.0,
  "fwhm_avg": 2.3309144708602854,
  "fwhm_x": 2.2953536,
  "fwhm_y": 2.1862336,
  "fwhm_z": 2.5111562125808566,
  "gcor": 0.0124134,
  "gsr_x": -0.020338138565421104,
  "gsr_y": 0.06598746031522751,
  "provenance": {
    "md5sum": "9de92490558a1da3da5e79d03c026883",
    "settings": {
      "fd_thres": 0.2,
      "testing": false
    },
    "software": "mriqc",
    "version": "22.0.6",
    "webapi_port": null,
    "webapi_url": "https://mriqc.nimh.nih.gov/api/v1"
  },
  "size_t": 120,
  "size_x": 128,
  "size_y": 128,
  "size_z": 50,
  "snr": 2.5372408940861737,
  "spacing_tr": 1.5,
  "spacing_x": 1.5625,
  "spacing_y": 1.5625,
  "spacing_z": 1.600000023841858,
  "summary_bg_k": 10.310163629259346,
  "summary_bg_mad": 1942.7358627872331,
  "summary_bg_mean": 4449.53662109375,
  "summary_bg_median": 1362.1475830078125,
  "summary_bg_n": 541560.0,
  "summary_bg_p05": 15.226492881774906,
  "summary_bg_p95": 19627.31181640625,
  "summary_bg_stdv": 7084.24609375,
  "summary_fg_k": 2.4596578827281768,
  "summary_fg_mad": 19031.02377021795,
  "summary_fg_mean": 60611.65234375,
  "summary_fg_median": 58211.45703125,
  "summary_fg_n": 177911.0,
  "summary_fg_p05": 28939.2001953125,
  "summary_fg_p95": 102444.29296875,
  "summary_fg_stdv": 22942.75390625,
  "tsnr": 32.7523193359375
}