{
  "aor": 0.0007298333333333334,
  "aqi": 0.005982782916666666,
  "bids_meta": {
    "AcquisitionNumber": 25,
    "AcquisitionTime": "13:05:47.030000",
    "ConversionSoftware": "dcm2niix",
    "ConversionSoftwareVersion": "v1.0.20170818 (OpenJPEG build) GCC4.8.4",
    "DeviceSerialNumber": "00076",
    "EPIFactor": 55,
    "EchoTime": 0.025995,
    "EchoTrainLength": 55,
    "EffectiveEchoSpacing": 0.0008602736372914211,
    "FlipAngle": 62,
    "ImageType": [
      "ORIGINAL",
      "PRIMARY",
      "M",
      "FFE",
      "M",
      "FFE"
    ],
    "InstitutionAddress": "Amsterdam",
    "InstitutionName": "Spinoza_Centre",
    "MagneticFieldStrength": 7,
    "Manufacturer": "Philips",
    "ManufacturersModelName": "Achieva",
    "Modality": "MR",
    "MultibandAccelerationFactor": 2,
    "ParallelAcquisitionTechnique": "SENSE",
    "ParallelReductionFactorInPlane": 2.2,
    "PhaseEncodingDirection": "j",
    "PhaseEncodingLines": 110,
    "PhilipsRescaleIntercept": 0,
    "PhilipsRescaleSlope": 4.62222,
    "PhilipsScaleSlope": 0.00289974,
    "ProcedureStepDescription": "TK_CB_prf1",
    "ProtocolName": "MB2",
    "RepetitionTime": 1.5,
    "ScanningSequence": "GR",
    "SequenceVariant": "SK",
    "SeriesDescription": "MB2",
    "SliceTiming": [
      0,
      0.06,
      0.12,
      0.18,
      0.24,
      0.3,
      0.36,
      0.42,
      0.48,
      0.54,
      0.6,
      0.66,
      0.72,
      0.78,
      0.84,
      0.9,
      0.96,
      1.02,
      1.08,
      1.14,
      1.2,
      1.26,
      1.32,
      1.38,
      1.44,
      0,
      0.06,
      0.12,
      0.18,
      0.24,
      0.3,
      0.36,
      0.42,
      0.48,
      0.54,
      0.6,
      0.66,
      0.72,
      0.78,
      0.84,
      0.9,
      0.96,
      1.02,
      1.08,
      1.14,
      1.2,
      1.26,
      1.32,
      1.38,
      1.44
    ],
    "SoftwareVersions": "5.1.7_5.1.7.0",
    "TaskName": "prf",
    "TotalReadoutTime": 0.01,
    "UsePhilipsFloatNotDisplayScaling": 1,
    "WaterFatShift": 47.938,
    "dataset": "ds002574",
    "modality": "bold",
    "run_id": 13,
    "session_id": "01",
    "subject_id": "02",
    "task_id": "prf"
  },
  "dummy_trs": 0,
  "dvars_nstd": 49.25942618117648,
  "dvars_std": 1.1030548794117647,
  "dvars_vstd": 0.9954228042857141,
  "efc": 0.5277078743727214,
  "fber": 1981.455078125,
  "fd_mean": 0.0815081555327995,
  "fd_num": 0,
  "fd_perc": 0.0,
  "fwhm_avg": 2.339856404181077,
  "fwhm_x": 2.3040704,
  "fwhm_y": 2.2018176,
  "fwhm_z": 2.513681212543231,
  "gcor": 0.00836952,
  "gsr_x": -0.020093856379389763,
  "gsr_y": 0.06667062640190125,
  "provenance": {
    "md5sum": "da534de8533a796ab3e926663419bc20",
    "settings": {
      "fd_thres": 0.2,
      "testing": false
    },
    "software": "mriqc",
    "version": "22.0.6",
    "webapi_port": null,
    "webapi_url": "https://mriqc.nimh.nih.gov/api/v1"
  },
  "size_t": 120,
  "size_x": 128,
  "size_y": 128,
  "size_z": 50,
  "snr": 2.5182056569501086,
  "spacing_tr": 1.5,
  "spacing_x": 1.5625,
  "spacing_y": 1.5625,
  "spacing_z": 1.600000023841858,
  "summary_bg_k": 10.640494666270317,
  "summary_bg_mad": 1881.9507469350015,
  "summary_bg_mean": 4412.64111328125,
  "summary_bg_median": 1309.81005859375,
  "summary_bg_n": 541514.0,
  "summary_bg_p05": 11.017711639404297,
  "summary_bg_p95": 19679.97021484374,
  "summary_bg_stdv": 7096.5302734375,
  "summary_fg_k": 2.5513144441406475,
  "summary_fg_mad": 18914.546833426608,
  "summary_fg_mean": 59974.99609375,
  "summary_fg_median": 57431.93359375,
  "summary_fg_n": 177805.0,
  "summary_fg_p05": 28728.780468750003,
  "summary_fg_p95": 101786.44999999998,
  "summary_fg_stdv": 22806.625,
  "tsnr": 34.76654815673828
}